{
  "bids_meta": {
    "AcquisitionMatrixPE": 256,
    "AcquisitionNumber": 1,
    "AcquisitionTime": "15:48:0.460000",
    "BaseResolution": 256,
    "BodyPartExamined": "BRAIN",
    "ConsistencyInfo": "N4_VD13A_LATEST_20120616",
    "ConversionSoftware": "dcm2niix",
    "ConversionSoftwareVersion": "v1.0.20201102",
    "DeviceSerialNumber": "45250",
    "DwellTime": 8.5e-06,
    "EchoTime": 0.00207,
    "FlipAngle": 9,
    "ImageOrientationPatientDICOM": [
      -0.129467,
      0.973784,
      -0.187038,
      0.0262037,
      -0.1852,
      -0.982351
    ],
    "ImageType": [
      "ORIGINAL",
      "PRIMARY",
      "M",
      "ND",
      "NORM"
    ],
    "ImagingFrequency": 123.22,
    "InPlanePhaseEncodingDirectionDICOM": "ROW",
    "InstitutionAddress": "Kopernikusstr. 26,Graz,Graz,AT,8010",
    "InstitutionName": "KFU",
    "InstitutionalDepartmentName": "Department",
    "InversionTime": 0.9,
    "MRAcquisitionType": "3D",
    "MagneticFieldStrength": 3,
    "Manufacturer": "Siemens",
    "ManufacturersModelName": "Skyra",
    "Modality": "MR",
    "ParallelReductionFactorInPlane": 2,
    "PartialFourier": 1,
    "PatientPosition": "HFS",
    "PercentPhaseFOV": 100,
    "PercentSampling": 100,
    "PhaseEncodingSteps": 282,
    "PhaseOversampling": 0.1,
    "PhaseResolution": 1,
    "PixelBandwidth": 230,
    "ProcedureStepDescription": "KFU^AllgemeinePsy",
    "ProtocolName": "t1_mprage_sag_p0_iso_no_Pat",
    "PulseSequenceDetails": "%SiemensSeq%\\tfl",
    "ReceiveCoilActiveElements": "HE1-4;NE1,2",
    "ReceiveCoilName": "HeadNeck_20",
    "ReconMatrixPE": 256,
    "RefLinesPE": 24,
    "RepetitionTime": 1.56,
    "SAR": 0.0987928,
    "ScanOptions": "IR",
    "ScanningSequence": "GR\\IR",
    "SequenceName": "*tfl3d1_16ns",
    "SequenceVariant": "SK\\SP\\MP\\OSP",
    "SeriesDescription": "t1_mprage_sag_p0_iso_no_Pat",
    "SeriesNumber": 2,
    "ShimSetting": [
      -1650,
      -3634,
      -4857,
      -165,
      632,
      105,
      -266,
      -421
    ],
    "SliceThickness": 1,
    "SoftwareVersions": "syngo MR D13",
    "StationName": "FBMTMR1",
    "TxRefAmp": 372.33,
    "acq_id": "mprage",
    "dataset": "ds003470",
    "modality": "T1w",
    "run_id": 1,
    "session_id": "1",
    "subject_id": "04"
  },
  "cjv": 0.4588074598824234,
  "cnr": 3.0213054495953213,
  "efc": 0.6104695363975854,
  "fber": 16362.153628792386,
  "fwhm_avg": 3.915233333333333,
  "fwhm_x": 3.88489,
  "fwhm_y": 3.85045,
  "fwhm_z": 4.01036,
  "icvs_csf": 0.1757309165472086,
  "icvs_gm": 0.4332647881296396,
  "icvs_wm": 0.3910042953231518,
  "inu_med": 0.5135038495063782,
  "inu_range": 0.20320650637149817,
  "provenance": {
    "md5sum": "84c123cb6152eb96c442c4fa4f7ee6ea",
    "settings": {
      "testing": false
    },
    "software": "mriqc",
    "version": "22.0.6",
    "warnings": {
      "large_rot_frame": true,
      "small_air_mask": false
    },
    "webapi_port": null,
    "webapi_url": "https://mriqc.nimh.nih.gov/api/v1"
  },
  "qi_1": 0.0,
  "qi_2": 0.007657717870261391,
  "rpve_csf": 29.1942077020202,
  "rpve_gm": 12.377405962466606,
  "rpve_wm": 15.294466395234561,
  "size_x": 176,
  "size_y": 256,
  "size_z": 256,
  "snr_csf": 3.09434774182247,
  "snr_gm": 13.893805692444383,
  "snr_total": 11.739178464071358,
  "snr_wm": 18.229381957947222,
  "snrd_csf": 17.840497094323407,
  "snrd_gm": 39.82797515073192,
  "snrd_total": 36.633592200848206,
  "snrd_wm": 52.23230435748929,
  "spacing_x": 1.0,
  "spacing_y": 1.0,
  "spacing_z": 1.0,
  "summary_bg_k": 12.400886201040557,
  "summary_bg_mad": 0.0,
  "summary_bg_mean": 7.432377664695067,
  "summary_bg_median": 0.0,
  "summary_bg_n": 2415737.0,
  "summary_bg_p05": 0.0,
  "summary_bg_p95": 32.31995424628258,
  "summary_bg_stdv": 12.543206911910454,
  "summary_csf_k": 1.9488068747264533,
  "summary_csf_mad": 86.5908876464758,
  "summary_csf_mean": 343.00426366787985,
  "summary_csf_median": 341.5732150822878,
  "summary_csf_n": 26219.0,
  "summary_csf_p05": 143.03424500226976,
  "summary_csf_p95": 525.3136307694017,
  "summary_csf_stdv": 110.38407110959727,
  "summary_gm_k": -0.034585761768880285,
  "summary_gm_mad": 54.974000053511176,
  "summary_gm_mean": 762.9855555450769,
  "summary_gm_median": 762.5443086326122,
  "summary_gm_n": 28904.0,
  "summary_gm_p05": 673.0003258064389,
  "summary_gm_p95": 854.1175123304129,
  "summary_gm_stdv": 54.88281140644024,
  "summary_wm_k": 0.14022279957946715,
  "summary_wm_mad": 53.989391097328884,
  "summary_wm_mean": 1003.5735094358303,
  "summary_wm_median": 1000.0369404628873,
  "summary_wm_n": 206236.0,
  "summary_wm_p05": 919.569109171629,
  "summary_wm_p95": 1099.8008174970746,
  "summary_wm_stdv": 54.8583884121989,
  "tpm_overlap_csf": 0.1484433996986705,
  "tpm_overlap_gm": 0.45741575701208276,
  "tpm_overlap_wm": 0.5045136588224652,
  "wm2max": 0.5116677182078392
}