{
  "bids_meta": {
    "AcquisitionMatrixPE": 256,
    "AcquisitionNumber": 1,
    "AcquisitionTime": "13:02:14.445000",
    "BaseResolution": 256,
    "BodyPartExamined": "BRAIN",
    "ConsistencyInfo": "N4_VD13A_LATEST_20120616",
    "ConversionSoftware": "dcm2niix",
    "ConversionSoftwareVersion": "v1.0.20201102",
    "DeviceSerialNumber": "45250",
    "DwellTime": 8.5e-06,
    "EchoTime": 0.00207,
    "FlipAngle": 9,
    "ImageOrientationPatientDICOM": [
      -0.0168491,
      0.982261,
      -0.186763,
      -0.0520489,
      -0.187398,
      -0.980904
    ],
    "ImageType": [
      "ORIGINAL",
      "PRIMARY",
      "M",
      "ND",
      "NORM"
    ],
    "ImagingFrequency": 123.22,
    "InPlanePhaseEncodingDirectionDICOM": "ROW",
    "InstitutionAddress": "Kopernikusstr. 26,Graz,Graz,AT,8010",
    "InstitutionName": "KFU",
    "InstitutionalDepartmentName": "Department",
    "InversionTime": 0.9,
    "MRAcquisitionType": "3D",
    "MagneticFieldStrength": 3,
    "Manufacturer": "Siemens",
    "ManufacturersModelName": "Skyra",
    "Modality": "MR",
    "ParallelReductionFactorInPlane": 2,
    "PartialFourier": 1,
    "PatientPosition": "HFS",
    "PercentPhaseFOV": 100,
    "PercentSampling": 100,
    "PhaseEncodingSteps": 282,
    "PhaseOversampling": 0.1,
    "PhaseResolution": 1,
    "PixelBandwidth": 230,
    "ProcedureStepDescription": "KFU^AllgemeinePsy",
    "ProtocolName": "t1_mprage_sag_p0_iso_no_Pat",
    "PulseSequenceDetails": "%SiemensSeq%\\tfl",
    "ReceiveCoilActiveElements": "HE1-4;NE1,2",
    "ReceiveCoilName": "HeadNeck_20",
    "ReconMatrixPE": 256,
    "RefLinesPE": 24,
    "RepetitionTime": 1.56,
    "SAR": 0.0985487,
    "ScanOptions": "IR",
    "ScanningSequence": "GR\\IR",
    "SequenceName": "*tfl3d1_16ns",
    "SequenceVariant": "SK\\SP\\MP\\OSP",
    "SeriesDescription": "t1_mprage_sag_p0_iso_no_Pat",
    "SeriesNumber": 2,
    "ShimSetting": [
      -1661,
      -3542,
      -4866,
      -151,
      630,
      106,
      -188,
      -443
    ],
    "SliceThickness": 1,
    "SoftwareVersions": "syngo MR D13",
    "StationName": "FBMTMR1",
    "TxRefAmp": 353.264,
    "acq_id": "mprage",
    "dataset": "ds003470",
    "modality": "T1w",
    "run_id": 1,
    "session_id": "1",
    "subject_id": "20"
  },
  "cjv": 0.40178993124690987,
  "cnr": 3.4376426684164687,
  "efc": 0.5185096458927607,
  "fber": 21259.883136094675,
  "fwhm_avg": 3.7729433333333335,
  "fwhm_x": 3.77118,
  "fwhm_y": 3.66496,
  "fwhm_z": 3.88269,
  "icvs_csf": 0.18670912526463035,
  "icvs_gm": 0.4657085049959096,
  "icvs_wm": 0.34758236973946005,
  "inu_med": 0.46424299478530884,
  "inu_range": 0.16416008472442634,
  "provenance": {
    "md5sum": "a8419aa06069caccdc71d31fd9c1004f",
    "settings": {
      "testing": false
    },
    "software": "mriqc",
    "version": "22.0.6",
    "warnings": {
      "large_rot_frame": true,
      "small_air_mask": false
    },
    "webapi_port": null,
    "webapi_url": "https://mriqc.nimh.nih.gov/api/v1"
  },
  "qi_1": 9.500701794486966e-05,
  "qi_2": 0.013517583228664037,
  "rpve_csf": 31.347873008934183,
  "rpve_gm": 13.580157710739725,
  "rpve_wm": 19.525172389110256,
  "size_x": 176,
  "size_y": 256,
  "size_z": 256,
  "snr_csf": 2.8444844757559093,
  "snr_gm": 15.45193046692692,
  "snr_total": 13.569030985284115,
  "snr_wm": 22.410678013169516,
  "snrd_csf": 28.634257067433666,
  "snrd_gm": 64.61487226576608,
  "snrd_total": 59.1016579086188,
  "snrd_wm": 84.05584439265665,
  "spacing_x": 1.0,
  "spacing_y": 1.0,
  "spacing_z": 1.0,
  "summary_bg_k": 114.41569173229877,
  "summary_bg_mad": 0.0,
  "summary_bg_mean": 4.338847787908927,
  "summary_bg_median": 0.0,
  "summary_bg_n": 3359163.0,
  "summary_bg_p05": 0.0,
  "summary_bg_p95": 17.30004481971264,
  "summary_bg_stdv": 7.794380650978954,
  "summary_csf_k": 13.058927803523762,
  "summary_csf_mad": 76.33945627113766,
  "summary_csf_mean": 354.8657748208546,
  "summary_csf_median": 340.6714987009764,
  "summary_csf_n": 27836.0,
  "summary_csf_p05": 158.6623186338693,
  "summary_csf_p95": 556.368621494621,
  "summary_csf_stdv": 119.76348694765905,
  "summary_gm_k": 0.03888864696528094,
  "summary_gm_mad": 49.596334647490714,
  "summary_gm_mean": 767.9569607401494,
  "summary_gm_median": 768.7451195716858,
  "summary_gm_n": 28773.0,
  "summary_gm_p05": 684.4586452841759,
  "summary_gm_p95": 847.9235711470245,
  "summary_gm_stdv": 49.74988479968179,
  "summary_wm_k": 0.2518517220340213,
  "summary_wm_mad": 43.33601299468245,
  "summary_wm_mean": 1001.1566335341702,
  "summary_wm_median": 1000.0409794598818,
  "summary_wm_n": 149241.0,
  "summary_wm_p05": 929.7339252755046,
  "summary_wm_p95": 1076.5383340418339,
  "summary_wm_stdv": 44.62326523291844,
  "tpm_overlap_csf": 0.15031930558689333,
  "tpm_overlap_gm": 0.47571310096476954,
  "tpm_overlap_wm": 0.5000313795943544,
  "wm2max": 0.4696226448057974
}