{
  "aor": 0.0003707645259938838,
  "aqi": 0.00883670137614679,
  "bids_meta": {
    "AcquisitionMatrixPE": 96,
    "AcquisitionNumber": 1,
    "AcquisitionTime": "11:36:27.077500",
    "BandwidthPerPixelPhaseEncode": 15.783,
    "BaseResolution": 96,
    "BodyPartExamined": "BRAIN",
    "ConsistencyInfo": "N4_VD13A_LATEST_20120616",
    "ConversionSoftware": "dcm2niix",
    "ConversionSoftwareVersion": "v1.0.20201102",
    "DerivedVendorReportedEchoSpacing": 0.000659993,
    "DeviceSerialNumber": "45250",
    "DwellTime": 2.1e-06,
    "EchoTime": 0.04,
    "EchoTrainLength": 96,
    "EffectiveEchoSpacing": 0.000659993,
    "FlipAngle": 60,
    "ImageComments": "Unaliased MB4/PE3",
    "ImageOrientationPatientDICOM": [
      0.999868,
      -0.0162071,
      0.000877744,
      0.0162308,
      0.998405,
      -0.0540717
    ],
    "ImageType": [
      "ORIGINAL",
      "PRIMARY",
      "M",
      "MB",
      "ND",
      "NORM",
      "MOSAIC"
    ],
    "ImagingFrequency": 123.22,
    "InPlanePhaseEncodingDirectionDICOM": "COL",
    "InstitutionAddress": "Kopernikusstr. 26,Graz,Graz,AT,8010",
    "InstitutionName": "KFU",
    "InstitutionalDepartmentName": "Department",
    "MRAcquisitionType": "2D",
    "MagneticFieldStrength": 3,
    "Manufacturer": "Siemens",
    "ManufacturersModelName": "Skyra",
    "Modality": "MR",
    "MultibandAccelerationFactor": 4,
    "PartialFourier": 1,
    "PatientPosition": "HFS",
    "PercentPhaseFOV": 100,
    "PercentSampling": 100,
    "PhaseEncodingDirection": "j-",
    "PhaseEncodingSteps": 96,
    "PhaseResolution": 1,
    "PixelBandwidth": 2480,
    "ProcedureStepDescription": "KFU^AllgemeinePsy",
    "ProtocolName": "MB4_2_5mm_20K_TR1250_4",
    "PulseSequenceDetails": "%CustomerSeq%\\cmrr_mbep2d_bold",
    "ReceiveCoilActiveElements": "HE1-4",
    "ReceiveCoilName": "HeadNeck_20",
    "ReconMatrixPE": 96,
    "RepetitionTime": 1.25,
    "SAR": 0.073405,
    "ScanOptions": "FS",
    "ScanningSequence": "EP",
    "SequenceName": "epfid2d1_96",
    "SequenceVariant": "SK\\SS",
    "SeriesDescription": "MB4_2_5mm_20K_TR1250_4",
    "SeriesNumber": 8,
    "ShimSetting": [
      -1687,
      -3613,
      -4527,
      404,
      549,
      527,
      340,
      -427
    ],
    "SliceThickness": 2.5,
    "SliceTiming": [
      0,
      0.6625,
      0.095,
      0.7575,
      0.19,
      0.8525,
      0.285,
      0.9475,
      0.38,
      1.04,
      0.4725,
      1.135,
      0.5675,
      0,
      0.6625,
      0.095,
      0.7575,
      0.19,
      0.8525,
      0.285,
      0.9475,
      0.38,
      1.04,
      0.4725,
      1.135,
      0.5675,
      0,
      0.6625,
      0.095,
      0.7575,
      0.19,
      0.8525,
      0.285,
      0.9475,
      0.38,
      1.04,
      0.4725,
      1.135,
      0.5675,
      0,
      0.6625,
      0.095,
      0.7575,
      0.19,
      0.8525,
      0.285,
      0.9475,
      0.38,
      1.04,
      0.4725,
      1.135,
      0.5675
    ],
    "SoftwareVersions": "syngo MR D13",
    "SpacingBetweenSlices": 2.75,
    "StationName": "FBMTMR1",
    "TaskName": "multar",
    "TotalReadoutTime": 0.0626993,
    "TxRefAmp": 359.948,
    "WipMemBlock": "3050a4ec-5bc8-4965-b334-41cf61586bf0||Sequence: vd13a/master r/c0cb646; Dec 14 2015 19:21:42 by eja",
    "acq_id": "mb",
    "dataset": "ds003470",
    "modality": "bold",
    "run_id": 4,
    "session_id": "1",
    "subject_id": "09",
    "task_id": "multar"
  },
  "dummy_trs": 1,
  "dvars_nstd": 35.92721333536809,
  "dvars_std": 1.2113796918711652,
  "dvars_vstd": 1.0005075619631907,
  "efc": 0.3983534921097074,
  "fber": 6784.48388671875,
  "fd_mean": 0.18185963341867406,
  "fd_num": 151,
  "fd_perc": 46.17737003058104,
  "fwhm_avg": 1.8749098181818182,
  "fwhm_x": 1.8152519999999999,
  "fwhm_y": 2.080852,
  "fwhm_z": 1.7286254545454547,
  "gcor": 0.0171219,
  "gsr_x": -0.01528113055974245,
  "gsr_y": 0.021488677710294724,
  "provenance": {
    "md5sum": "522967ae601c656db2f92432d8cd71b7",
    "settings": {
      "fd_thres": 0.2,
      "testing": false
    },
    "software": "mriqc",
    "version": "22.0.6",
    "webapi_port": null,
    "webapi_url": "https://mriqc.nimh.nih.gov/api/v1"
  },
  "size_t": 327,
  "size_x": 96,
  "size_y": 96,
  "size_z": 52,
  "snr": 5.088194024399771,
  "spacing_tr": 1.25,
  "spacing_x": 2.5,
  "spacing_y": 2.5,
  "spacing_z": 2.75,
  "summary_bg_k": 62.29855310596962,
  "summary_bg_mad": 47.53356390149034,
  "summary_bg_mean": 239.1942138671875,
  "summary_bg_median": 103.45528411865234,
  "summary_bg_n": 360720.0,
  "summary_bg_p05": 60.48789329528809,
  "summary_bg_p95": 895.4558349609372,
  "summary_bg_stdv": 486.0337829589844,
  "summary_fg_k": 4.501594992219414,
  "summary_fg_mad": 1316.025199129344,
  "summary_fg_mean": 8695.3173828125,
  "summary_fg_median": 8559.869140625,
  "summary_fg_n": 55960.0,
  "summary_fg_p05": 6485.673046875,
  "summary_fg_p95": 11411.14643554687,
  "summary_fg_stdv": 1682.2850341796875,
  "tsnr": 51.56193923950195
}