{
  "aor": 0.0003656838905775076,
  "aqi": 0.008515813920972646,
  "bids_meta": {
    "AcquisitionMatrixPE": 96,
    "AcquisitionNumber": 1,
    "AcquisitionTime": "11:44:33.602500",
    "BandwidthPerPixelPhaseEncode": 15.783,
    "BaseResolution": 96,
    "BodyPartExamined": "BRAIN",
    "ConsistencyInfo": "N4_VD13A_LATEST_20120616",
    "ConversionSoftware": "dcm2niix",
    "ConversionSoftwareVersion": "v1.0.20201102",
    "DerivedVendorReportedEchoSpacing": 0.000659993,
    "DeviceSerialNumber": "45250",
    "DwellTime": 2.1e-06,
    "EchoTime": 0.04,
    "EchoTrainLength": 96,
    "EffectiveEchoSpacing": 0.000659993,
    "FlipAngle": 60,
    "ImageComments": "Unaliased MB4/PE3",
    "ImageOrientationPatientDICOM": [
      0.999868,
      -0.0162071,
      0.000877744,
      0.0162308,
      0.998405,
      -0.0540717
    ],
    "ImageType": [
      "ORIGINAL",
      "PRIMARY",
      "M",
      "MB",
      "ND",
      "NORM",
      "MOSAIC"
    ],
    "ImagingFrequency": 123.22,
    "InPlanePhaseEncodingDirectionDICOM": "COL",
    "InstitutionAddress": "Kopernikusstr. 26,Graz,Graz,AT,8010",
    "InstitutionName": "KFU",
    "InstitutionalDepartmentName": "Department",
    "MRAcquisitionType": "2D",
    "MagneticFieldStrength": 3,
    "Manufacturer": "Siemens",
    "ManufacturersModelName": "Skyra",
    "Modality": "MR",
    "MultibandAccelerationFactor": 4,
    "PartialFourier": 1,
    "PatientPosition": "HFS",
    "PercentPhaseFOV": 100,
    "PercentSampling": 100,
    "PhaseEncodingDirection": "j-",
    "PhaseEncodingSteps": 96,
    "PhaseResolution": 1,
    "PixelBandwidth": 2480,
    "ProcedureStepDescription": "KFU^AllgemeinePsy",
    "ProtocolName": "MB4_2_5mm_20K_TR1250_5",
    "PulseSequenceDetails": "%CustomerSeq%\\cmrr_mbep2d_bold",
    "ReceiveCoilActiveElements": "HE1-4",
    "ReceiveCoilName": "HeadNeck_20",
    "ReconMatrixPE": 96,
    "RepetitionTime": 1.25,
    "SAR": 0.073405,
    "ScanOptions": "FS",
    "ScanningSequence": "EP",
    "SequenceName": "epfid2d1_96",
    "SequenceVariant": "SK\\SS",
    "SeriesDescription": "MB4_2_5mm_20K_TR1250_5",
    "SeriesNumber": 9,
    "ShimSetting": [
      -1687,
      -3613,
      -4527,
      404,
      549,
      527,
      340,
      -427
    ],
    "SliceThickness": 2.5,
    "SliceTiming": [
      0,
      0.6625,
      0.095,
      0.7575,
      0.1875,
      0.85,
      0.2825,
      0.945,
      0.3775,
      1.04,
      0.4725,
      1.135,
      0.5675,
      0,
      0.6625,
      0.095,
      0.7575,
      0.1875,
      0.85,
      0.2825,
      0.945,
      0.3775,
      1.04,
      0.4725,
      1.135,
      0.5675,
      0,
      0.6625,
      0.095,
      0.7575,
      0.1875,
      0.85,
      0.2825,
      0.945,
      0.3775,
      1.04,
      0.4725,
      1.135,
      0.5675,
      0,
      0.6625,
      0.095,
      0.7575,
      0.1875,
      0.85,
      0.2825,
      0.945,
      0.3775,
      1.04,
      0.4725,
      1.135,
      0.5675
    ],
    "SoftwareVersions": "syngo MR D13",
    "SpacingBetweenSlices": 2.75,
    "StationName": "FBMTMR1",
    "TaskName": "multar",
    "TotalReadoutTime": 0.0626993,
    "TxRefAmp": 359.948,
    "WipMemBlock": "4475f5f5-51a2-4a63-a979-aed64108be7c||Sequence: vd13a/master r/c0cb646; Dec 14 2015 19:21:42 by eja",
    "acq_id": "mb",
    "dataset": "ds003470",
    "modality": "bold",
    "run_id": 5,
    "session_id": "1",
    "subject_id": "09",
    "task_id": "multar"
  },
  "dummy_trs": 1,
  "dvars_nstd": 36.090158066920715,
  "dvars_std": 1.2157739298780488,
  "dvars_vstd": 1.0032002901829264,
  "efc": 0.39887405857620195,
  "fber": 6778.5078125,
  "fd_mean": 0.18170574593883834,
  "fd_num": 148,
  "fd_perc": 44.984802431610944,
  "fwhm_avg": 1.8582153939393937,
  "fwhm_x": 1.7993960000000002,
  "fwhm_y": 2.060192,
  "fwhm_z": 1.7150581818181818,
  "gcor": 0.0102807,
  "gsr_x": -0.015379656106233597,
  "gsr_y": 0.02152552828192711,
  "provenance": {
    "md5sum": "473dee6850d3498c2e274dd249c9b568",
    "settings": {
      "fd_thres": 0.2,
      "testing": false
    },
    "software": "mriqc",
    "version": "22.0.6",
    "webapi_port": null,
    "webapi_url": "https://mriqc.nimh.nih.gov/api/v1"
  },
  "size_t": 329,
  "size_x": 96,
  "size_y": 96,
  "size_z": 52,
  "snr": 5.125436366600632,
  "spacing_tr": 1.25,
  "spacing_x": 2.5,
  "spacing_y": 2.5,
  "spacing_z": 2.75,
  "summary_bg_k": 59.612623939819755,
  "summary_bg_mad": 47.41188763146726,
  "summary_bg_mean": 239.04354858398438,
  "summary_bg_median": 103.2182846069336,
  "summary_bg_n": 360694.0,
  "summary_bg_p05": 60.29541664123535,
  "summary_bg_p95": 899.6007080078105,
  "summary_bg_stdv": 482.5719909667969,
  "summary_fg_k": 4.723097852958344,
  "summary_fg_mad": 1291.4171151876685,
  "summary_fg_mean": 8645.9248046875,
  "summary_fg_median": 8519.509765625,
  "summary_fg_n": 56044.0,
  "summary_fg_p05": 6450.056787109375,
  "summary_fg_p95": 11289.474853515625,
  "summary_fg_stdv": 1662.18701171875,
  "tsnr": 52.74823760986328
}