{
  "aor": 0.0003536627906976744,
  "aqi": 0.008259393139534884,
  "bids_meta": {
    "AcquisitionMatrixPE": 96,
    "AcquisitionNumber": 1,
    "AcquisitionTime": "11:07:24.425000",
    "BandwidthPerPixelPhaseEncode": 15.783,
    "BaseResolution": 96,
    "BodyPartExamined": "BRAIN",
    "ConsistencyInfo": "N4_VD13A_LATEST_20120616",
    "ConversionSoftware": "dcm2niix",
    "ConversionSoftwareVersion": "v1.0.20201102",
    "DerivedVendorReportedEchoSpacing": 0.000659993,
    "DeviceSerialNumber": "45250",
    "DwellTime": 2.1e-06,
    "EchoTime": 0.04,
    "EchoTrainLength": 96,
    "EffectiveEchoSpacing": 0.000659993,
    "FlipAngle": 60,
    "ImageComments": "Unaliased MB4/PE3",
    "ImageOrientationPatientDICOM": [
      0.999868,
      -0.0162071,
      0.000877744,
      0.0162308,
      0.998405,
      -0.0540717
    ],
    "ImageType": [
      "ORIGINAL",
      "PRIMARY",
      "M",
      "MB",
      "ND",
      "NORM",
      "MOSAIC"
    ],
    "ImagingFrequency": 123.22,
    "InPlanePhaseEncodingDirectionDICOM": "COL",
    "InstitutionAddress": "Kopernikusstr. 26,Graz,Graz,AT,8010",
    "InstitutionName": "KFU",
    "InstitutionalDepartmentName": "Department",
    "MRAcquisitionType": "2D",
    "MagneticFieldStrength": 3,
    "Manufacturer": "Siemens",
    "ManufacturersModelName": "Skyra",
    "Modality": "MR",
    "MultibandAccelerationFactor": 4,
    "PartialFourier": 1,
    "PatientPosition": "HFS",
    "PercentPhaseFOV": 100,
    "PercentSampling": 100,
    "PhaseEncodingDirection": "j-",
    "PhaseEncodingSteps": 96,
    "PhaseResolution": 1,
    "PixelBandwidth": 2480,
    "ProcedureStepDescription": "KFU^AllgemeinePsy",
    "ProtocolName": "MB4_2_5mm_20K_TR1250_1",
    "PulseSequenceDetails": "%CustomerSeq%\\cmrr_mbep2d_bold",
    "ReceiveCoilActiveElements": "HE1-4",
    "ReceiveCoilName": "HeadNeck_20",
    "ReconMatrixPE": 96,
    "RepetitionTime": 1.25,
    "SAR": 0.073405,
    "ScanOptions": "FS",
    "ScanningSequence": "EP",
    "SequenceName": "epfid2d1_96",
    "SequenceVariant": "SK\\SS",
    "SeriesDescription": "MB4_2_5mm_20K_TR1250_1",
    "SeriesNumber": 5,
    "ShimSetting": [
      -1687,
      -3613,
      -4527,
      404,
      549,
      527,
      340,
      -427
    ],
    "SliceThickness": 2.5,
    "SliceTiming": [
      0,
      0.6625,
      0.095,
      0.7575,
      0.19,
      0.8525,
      0.285,
      0.9475,
      0.38,
      1.0425,
      0.475,
      1.135,
      0.5675,
      0,
      0.6625,
      0.095,
      0.7575,
      0.19,
      0.8525,
      0.285,
      0.9475,
      0.38,
      1.0425,
      0.475,
      1.135,
      0.5675,
      0,
      0.6625,
      0.095,
      0.7575,
      0.19,
      0.8525,
      0.285,
      0.9475,
      0.38,
      1.0425,
      0.475,
      1.135,
      0.5675,
      0,
      0.6625,
      0.095,
      0.7575,
      0.19,
      0.8525,
      0.285,
      0.9475,
      0.38,
      1.0425,
      0.475,
      1.135,
      0.5675
    ],
    "SoftwareVersions": "syngo MR D13",
    "SpacingBetweenSlices": 2.75,
    "StationName": "FBMTMR1",
    "TaskName": "multar",
    "TotalReadoutTime": 0.0626993,
    "TxRefAmp": 359.948,
    "WipMemBlock": "63c26cb1-d119-4bf1-8fd9-c96b12e23c8f||Sequence: vd13a/master r/c0cb646; Dec 14 2015 19:21:42 by eja",
    "acq_id": "mb",
    "dataset": "ds003470",
    "modality": "bold",
    "run_id": 1,
    "session_id": "1",
    "subject_id": "09",
    "task_id": "multar"
  },
  "dummy_trs": 1,
  "dvars_nstd": 34.63327264396504,
  "dvars_std": 1.187574774139941,
  "dvars_vstd": 0.9982810852769672,
  "efc": 0.39587732996212033,
  "fber": 7069.9189453125,
  "fd_mean": 0.18367180072050396,
  "fd_num": 153,
  "fd_perc": 44.47674418604651,
  "fwhm_avg": 1.8626981818181818,
  "fwhm_x": 1.797728,
  "fwhm_y": 2.069592,
  "fwhm_z": 1.7207745454545453,
  "gcor": 0.0142117,
  "gsr_x": -0.014781645499169827,
  "gsr_y": 0.020673831924796104,
  "provenance": {
    "md5sum": "0df00bc6a4c01a98bd90184338cc84af",
    "settings": {
      "fd_thres": 0.2,
      "testing": false
    },
    "software": "mriqc",
    "version": "22.0.6",
    "webapi_port": null,
    "webapi_url": "https://mriqc.nimh.nih.gov/api/v1"
  },
  "size_t": 344,
  "size_x": 96,
  "size_y": 96,
  "size_z": 52,
  "snr": 5.123703264498175,
  "spacing_tr": 1.25,
  "spacing_x": 2.5,
  "spacing_y": 2.5,
  "spacing_z": 2.75,
  "summary_bg_k": 61.53993200578847,
  "summary_bg_mad": 47.23416924190999,
  "summary_bg_mean": 234.6509552001953,
  "summary_bg_median": 101.95268249511719,
  "summary_bg_n": 361267.0,
  "summary_bg_p05": 59.191005325317384,
  "summary_bg_p95": 859.7411560058603,
  "summary_bg_stdv": 484.58056640625,
  "summary_fg_k": 4.551471449049898,
  "summary_fg_mad": 1328.4057963661032,
  "summary_fg_mean": 8730.8154296875,
  "summary_fg_median": 8607.9140625,
  "summary_fg_n": 55487.0,
  "summary_fg_p05": 6552.13857421875,
  "summary_fg_p95": 11407.3578125,
  "summary_fg_stdv": 1680.0029296875,
  "tsnr": 52.63861846923828
}