{
  "aor": 0.0003159692307692308,
  "aqi": 0.020074493538461538,
  "bids_meta": {
    "AcquisitionMatrixPE": 96,
    "AcquisitionNumber": 1,
    "AcquisitionTime": "11:45:33.837500",
    "BandwidthPerPixelPhaseEncode": 15.783,
    "BaseResolution": 96,
    "BodyPartExamined": "BRAIN",
    "ConsistencyInfo": "N4_VD13A_LATEST_20120616",
    "ConversionSoftware": "dcm2niix",
    "ConversionSoftwareVersion": "v1.0.20201102",
    "DerivedVendorReportedEchoSpacing": 0.000659993,
    "DeviceSerialNumber": "45250",
    "DwellTime": 2.1e-06,
    "EchoTime": 0.04,
    "EchoTrainLength": 96,
    "EffectiveEchoSpacing": 0.000659993,
    "FlipAngle": 60,
    "ImageComments": "Unaliased MB4/PE3",
    "ImageOrientationPatientDICOM": [
      0.999868,
      -0.0161297,
      0.00180924,
      0.0162308,
      0.993637,
      -0.111454
    ],
    "ImageType": [
      "ORIGINAL",
      "PRIMARY",
      "M",
      "MB",
      "ND",
      "NORM",
      "MOSAIC"
    ],
    "ImagingFrequency": 123.22,
    "InPlanePhaseEncodingDirectionDICOM": "COL",
    "InstitutionAddress": "Kopernikusstr. 26,Graz,Graz,AT,8010",
    "InstitutionName": "KFU",
    "InstitutionalDepartmentName": "Department",
    "MRAcquisitionType": "2D",
    "MagneticFieldStrength": 3,
    "Manufacturer": "Siemens",
    "ManufacturersModelName": "Skyra",
    "Modality": "MR",
    "MultibandAccelerationFactor": 4,
    "PartialFourier": 1,
    "PatientPosition": "HFS",
    "PercentPhaseFOV": 100,
    "PercentSampling": 100,
    "PhaseEncodingDirection": "j-",
    "PhaseEncodingSteps": 96,
    "PhaseResolution": 1,
    "PixelBandwidth": 2480,
    "ProcedureStepDescription": "KFU^AllgemeinePsy",
    "ProtocolName": "MB4_2_5mm_20K_TR1250_6",
    "PulseSequenceDetails": "%CustomerSeq%\\cmrr_mbep2d_bold",
    "ReceiveCoilActiveElements": "HE1-4",
    "ReceiveCoilName": "HeadNeck_20",
    "ReconMatrixPE": 96,
    "RepetitionTime": 1.25,
    "SAR": 0.0690091,
    "ScanOptions": "FS",
    "ScanningSequence": "EP",
    "SequenceName": "epfid2d1_96",
    "SequenceVariant": "SK\\SS",
    "SeriesDescription": "MB4_2_5mm_20K_TR1250_6",
    "SeriesNumber": 10,
    "ShimSetting": [
      -1634,
      -3683,
      -4460,
      375,
      645,
      -94,
      161,
      -245
    ],
    "SliceThickness": 2.5,
    "SliceTiming": [
      0,
      0.6625,
      0.095,
      0.7575,
      0.19,
      0.8525,
      0.285,
      0.945,
      0.3775,
      1.04,
      0.4725,
      1.135,
      0.5675,
      0,
      0.6625,
      0.095,
      0.7575,
      0.19,
      0.8525,
      0.285,
      0.945,
      0.3775,
      1.04,
      0.4725,
      1.135,
      0.5675,
      0,
      0.6625,
      0.095,
      0.7575,
      0.19,
      0.8525,
      0.285,
      0.945,
      0.3775,
      1.04,
      0.4725,
      1.135,
      0.5675,
      0,
      0.6625,
      0.095,
      0.7575,
      0.19,
      0.8525,
      0.285,
      0.945,
      0.3775,
      1.04,
      0.4725,
      1.135,
      0.5675
    ],
    "SoftwareVersions": "syngo MR D13",
    "SpacingBetweenSlices": 2.75,
    "StationName": "FBMTMR1",
    "TaskName": "multar",
    "TotalReadoutTime": 0.0626993,
    "TxRefAmp": 356.542,
    "WipMemBlock": "995f3eda-0a2b-4817-b728-bfe846947b1d||Sequence: vd13a/master r/c0cb646; Dec 14 2015 19:21:42 by eja",
    "acq_id": "mb",
    "dataset": "ds003470",
    "modality": "bold",
    "run_id": 6,
    "session_id": "1",
    "subject_id": "13",
    "task_id": "multar"
  },
  "dummy_trs": 4,
  "dvars_nstd": 40.640744403518525,
  "dvars_std": 1.170981822469136,
  "dvars_vstd": 0.9508007395061729,
  "efc": 0.4356028039771718,
  "fber": 7229.5751953125,
  "fd_mean": 0.21467900714203475,
  "fd_num": 182,
  "fd_perc": 56.0,
  "fwhm_avg": 2.1778652121212123,
  "fwhm_x": 2.051876,
  "fwhm_y": 2.456236,
  "fwhm_z": 2.0254836363636364,
  "gcor": 0.00389963,
  "gsr_x": -0.012114647775888443,
  "gsr_y": 0.02963249199092388,
  "provenance": {
    "md5sum": "8c1cf05f20ea5297503442a6b4144768",
    "settings": {
      "fd_thres": 0.2,
      "testing": false
    },
    "software": "mriqc",
    "version": "22.0.6",
    "webapi_port": null,
    "webapi_url": "https://mriqc.nimh.nih.gov/api/v1"
  },
  "size_t": 325,
  "size_x": 96,
  "size_y": 96,
  "size_z": 52,
  "snr": 4.187660967516956,
  "spacing_tr": 1.25,
  "spacing_x": 2.5,
  "spacing_y": 2.5,
  "spacing_z": 2.75,
  "summary_bg_k": 47.19232437111707,
  "summary_bg_mad": 54.46403814907557,
  "summary_bg_mean": 263.2412109375,
  "summary_bg_median": 105.52625274658203,
  "summary_bg_n": 339891.0,
  "summary_bg_p05": 56.67335891723633,
  "summary_bg_p95": 1027.5892333984375,
  "summary_bg_stdv": 549.4658813476562,
  "summary_fg_k": 4.0876409092099255,
  "summary_fg_mad": 1660.2299814685239,
  "summary_fg_mean": 9351.3037109375,
  "summary_fg_median": 9025.5478515625,
  "summary_fg_n": 74126.0,
  "summary_fg_p05": 6827.4300537109375,
  "summary_fg_p95": 13029.813720703125,
  "summary_fg_stdv": 2155.25732421875,
  "tsnr": 37.5829963684082
}