{
  "aor": 0.0009042151162790696,
  "aqi": 0.01692085203488372,
  "bids_meta": {
    "AcquisitionMatrixPE": 96,
    "AcquisitionNumber": 1,
    "AcquisitionTime": "17:02:23.925000",
    "BandwidthPerPixelPhaseEncode": 15.783,
    "BaseResolution": 96,
    "BodyPartExamined": "BRAIN",
    "ConsistencyInfo": "N4_VD13A_LATEST_20120616",
    "ConversionSoftware": "dcm2niix",
    "ConversionSoftwareVersion": "v1.0.20201102",
    "DerivedVendorReportedEchoSpacing": 0.000659993,
    "DeviceSerialNumber": "45250",
    "DwellTime": 2.1e-06,
    "EchoTime": 0.04,
    "EchoTrainLength": 96,
    "EffectiveEchoSpacing": 0.000659993,
    "FlipAngle": 60,
    "ImageComments": "Unaliased MB4/PE3",
    "ImageOrientationPatientDICOM": [
      0.998316,
      -0.0199865,
      -0.0544499,
      0.0162057,
      0.997484,
      -0.0690139
    ],
    "ImageType": [
      "ORIGINAL",
      "PRIMARY",
      "M",
      "MB",
      "ND",
      "NORM",
      "MOSAIC"
    ],
    "ImagingFrequency": 123.22,
    "InPlanePhaseEncodingDirectionDICOM": "COL",
    "InstitutionAddress": "Kopernikusstr. 26,Graz,Graz,AT,8010",
    "InstitutionName": "KFU",
    "InstitutionalDepartmentName": "Department",
    "MRAcquisitionType": "2D",
    "MagneticFieldStrength": 3,
    "Manufacturer": "Siemens",
    "ManufacturersModelName": "Skyra",
    "Modality": "MR",
    "MultibandAccelerationFactor": 4,
    "PartialFourier": 1,
    "PatientPosition": "HFS",
    "PercentPhaseFOV": 100,
    "PercentSampling": 100,
    "PhaseEncodingDirection": "j-",
    "PhaseEncodingSteps": 96,
    "PhaseResolution": 1,
    "PixelBandwidth": 2480,
    "ProcedureStepDescription": "KFU^AllgemeinePsy",
    "ProtocolName": "MB4_2_5mm_20K_TR1250_6",
    "PulseSequenceDetails": "%CustomerSeq%\\cmrr_mbep2d_bold",
    "ReceiveCoilActiveElements": "HE1-4",
    "ReceiveCoilName": "HeadNeck_20",
    "ReconMatrixPE": 96,
    "RepetitionTime": 1.25,
    "SAR": 0.0708693,
    "ScanOptions": "FS",
    "ScanningSequence": "EP",
    "SequenceName": "epfid2d1_96",
    "SequenceVariant": "SK\\SS",
    "SeriesDescription": "MB4_2_5mm_20K_TR1250_6",
    "SeriesNumber": 10,
    "ShimSetting": [
      -1690,
      -3670,
      -4561,
      337,
      393,
      -375,
      454,
      -345
    ],
    "SliceThickness": 2.5,
    "SliceTiming": [
      0,
      0.6625,
      0.0925,
      0.755,
      0.1875,
      0.85,
      0.2825,
      0.945,
      0.3775,
      1.04,
      0.4725,
      1.135,
      0.5675,
      0,
      0.6625,
      0.0925,
      0.755,
      0.1875,
      0.85,
      0.2825,
      0.945,
      0.3775,
      1.04,
      0.4725,
      1.135,
      0.5675,
      0,
      0.6625,
      0.0925,
      0.755,
      0.1875,
      0.85,
      0.2825,
      0.945,
      0.3775,
      1.04,
      0.4725,
      1.135,
      0.5675,
      0,
      0.6625,
      0.0925,
      0.755,
      0.1875,
      0.85,
      0.2825,
      0.945,
      0.3775,
      1.04,
      0.4725,
      1.135,
      0.5675
    ],
    "SoftwareVersions": "syngo MR D13",
    "SpacingBetweenSlices": 2.75,
    "StationName": "FBMTMR1",
    "TaskName": "multar",
    "TotalReadoutTime": 0.0626993,
    "TxRefAmp": 355.007,
    "WipMemBlock": "82978163-2ef0-42c8-b557-448fb8a14595||Sequence: vd13a/master r/bd40f27; Jul 20 2016 19:26:27 by eja",
    "acq_id": "mb",
    "dataset": "ds003470",
    "modality": "bold",
    "run_id": 6,
    "session_id": "1",
    "subject_id": "19",
    "task_id": "multar"
  },
  "dummy_trs": 1,
  "dvars_nstd": 37.94221581679301,
  "dvars_std": 1.18589152431487,
  "dvars_vstd": 0.9938951242565599,
  "efc": 0.39742786685489,
  "fber": 8195.458984375,
  "fd_mean": 0.269691251739326,
  "fd_num": 200,
  "fd_perc": 58.13953488372093,
  "fwhm_avg": 2.0021157575757575,
  "fwhm_x": 1.949772,
  "fwhm_y": 2.271608,
  "fwhm_z": 1.7849672727272727,
  "gcor": 0.0140503,
  "gsr_x": -0.007107662968337536,
  "gsr_y": 0.019547851756215096,
  "provenance": {
    "md5sum": "ecdd1c1474dde3f1feb76a3a22177ffe",
    "settings": {
      "fd_thres": 0.2,
      "testing": false
    },
    "software": "mriqc",
    "version": "22.0.6",
    "webapi_port": null,
    "webapi_url": "https://mriqc.nimh.nih.gov/api/v1"
  },
  "size_t": 344,
  "size_x": 96,
  "size_y": 96,
  "size_z": 52,
  "snr": 4.935824969908248,
  "spacing_tr": 1.25,
  "spacing_x": 2.5,
  "spacing_y": 2.5,
  "spacing_z": 2.75,
  "summary_bg_k": 43.7017936462807,
  "summary_bg_mad": 42.57861819899485,
  "summary_bg_mean": 199.9465789794922,
  "summary_bg_median": 92.82593536376953,
  "summary_bg_n": 357203.0,
  "summary_bg_p05": 54.57516174316407,
  "summary_bg_p95": 749.8412109374992,
  "summary_bg_stdv": 359.9686279296875,
  "summary_fg_k": 4.136074686728091,
  "summary_fg_mad": 1336.717924624346,
  "summary_fg_mean": 8542.826171875,
  "summary_fg_median": 8445.09765625,
  "summary_fg_n": 59437.0,
  "summary_fg_p05": 6245.6119140625,
  "summary_fg_p95": 11140.7837890625,
  "summary_fg_stdv": 1710.965576171875,
  "tsnr": 39.55482864379883
}