{
  "aor": 0.001258422619047619,
  "aqi": 0.023670731250000004,
  "bids_meta": {
    "AcquisitionMatrixPE": 96,
    "AcquisitionNumber": 1,
    "AcquisitionTime": "16:08:38.447500",
    "BandwidthPerPixelPhaseEncode": 15.783,
    "BaseResolution": 96,
    "BodyPartExamined": "BRAIN",
    "ConsistencyInfo": "N4_VD13A_LATEST_20120616",
    "ConversionSoftware": "dcm2niix",
    "ConversionSoftwareVersion": "v1.0.20201102",
    "DerivedVendorReportedEchoSpacing": 0.000659993,
    "DeviceSerialNumber": "45250",
    "DwellTime": 2.1e-06,
    "EchoTime": 0.04,
    "EchoTrainLength": 96,
    "EffectiveEchoSpacing": 0.000659993,
    "FlipAngle": 60,
    "ImageComments": "Unaliased MB4/PE3",
    "ImageOrientationPatientDICOM": [
      0.998316,
      -0.0199865,
      -0.0544499,
      0.0162057,
      0.997484,
      -0.0690139
    ],
    "ImageType": [
      "ORIGINAL",
      "PRIMARY",
      "M",
      "MB",
      "ND",
      "NORM",
      "MOSAIC"
    ],
    "ImagingFrequency": 123.22,
    "InPlanePhaseEncodingDirectionDICOM": "COL",
    "InstitutionAddress": "Kopernikusstr. 26,Graz,Graz,AT,8010",
    "InstitutionName": "KFU",
    "InstitutionalDepartmentName": "Department",
    "MRAcquisitionType": "2D",
    "MagneticFieldStrength": 3,
    "Manufacturer": "Siemens",
    "ManufacturersModelName": "Skyra",
    "Modality": "MR",
    "MultibandAccelerationFactor": 4,
    "PartialFourier": 1,
    "PatientPosition": "HFS",
    "PercentPhaseFOV": 100,
    "PercentSampling": 100,
    "PhaseEncodingDirection": "j-",
    "PhaseEncodingSteps": 96,
    "PhaseResolution": 1,
    "PixelBandwidth": 2480,
    "ProcedureStepDescription": "KFU^AllgemeinePsy",
    "ProtocolName": "MB4_2_5mm_20K_TR1250_1",
    "PulseSequenceDetails": "%CustomerSeq%\\cmrr_mbep2d_bold",
    "ReceiveCoilActiveElements": "HE1-4",
    "ReceiveCoilName": "HeadNeck_20",
    "ReconMatrixPE": 96,
    "RepetitionTime": 1.25,
    "SAR": 0.0708693,
    "ScanOptions": "FS",
    "ScanningSequence": "EP",
    "SequenceName": "epfid2d1_96",
    "SequenceVariant": "SK\\SS",
    "SeriesDescription": "MB4_2_5mm_20K_TR1250_1",
    "SeriesNumber": 5,
    "ShimSetting": [
      -1690,
      -3670,
      -4561,
      337,
      393,
      -375,
      454,
      -345
    ],
    "SliceThickness": 2.5,
    "SliceTiming": [
      0,
      0.6625,
      0.095,
      0.7575,
      0.19,
      0.8525,
      0.285,
      0.9475,
      0.38,
      1.04,
      0.4725,
      1.135,
      0.5675,
      0,
      0.6625,
      0.095,
      0.7575,
      0.19,
      0.8525,
      0.285,
      0.9475,
      0.38,
      1.04,
      0.4725,
      1.135,
      0.5675,
      0,
      0.6625,
      0.095,
      0.7575,
      0.19,
      0.8525,
      0.285,
      0.9475,
      0.38,
      1.04,
      0.4725,
      1.135,
      0.5675,
      0,
      0.6625,
      0.095,
      0.7575,
      0.19,
      0.8525,
      0.285,
      0.9475,
      0.38,
      1.04,
      0.4725,
      1.135,
      0.5675
    ],
    "SoftwareVersions": "syngo MR D13",
    "SpacingBetweenSlices": 2.75,
    "StationName": "FBMTMR1",
    "TaskName": "multar",
    "TotalReadoutTime": 0.0626993,
    "TxRefAmp": 355.007,
    "WipMemBlock": "476fe37c-ffcf-481a-83f5-b2ce757457b0||Sequence: vd13a/master r/bd40f27; Jul 20 2016 19:26:27 by eja",
    "acq_id": "mb",
    "dataset": "ds003470",
    "modality": "bold",
    "run_id": 1,
    "session_id": "1",
    "subject_id": "19",
    "task_id": "multar"
  },
  "dummy_trs": 3,
  "dvars_nstd": 39.464485612925344,
  "dvars_std": 1.1756580452835819,
  "dvars_vstd": 0.96312855077612,
  "efc": 0.39985215300509086,
  "fber": 8193.47265625,
  "fd_mean": 0.2695982283309001,
  "fd_num": 242,
  "fd_perc": 72.02380952380952,
  "fwhm_avg": 2.0120409696969697,
  "fwhm_x": 1.958408,
  "fwhm_y": 2.288864,
  "fwhm_z": 1.788850909090909,
  "gcor": 0.00518635,
  "gsr_x": -0.007103041745722294,
  "gsr_y": 0.01899137906730175,
  "provenance": {
    "md5sum": "4afa7499e1d21d1c4780d209c0cdc89d",
    "settings": {
      "fd_thres": 0.2,
      "testing": false
    },
    "software": "mriqc",
    "version": "22.0.6",
    "webapi_port": null,
    "webapi_url": "https://mriqc.nimh.nih.gov/api/v1"
  },
  "size_t": 336,
  "size_x": 96,
  "size_y": 96,
  "size_z": 52,
  "snr": 4.939982159060913,
  "spacing_tr": 1.25,
  "spacing_x": 2.5,
  "spacing_y": 2.5,
  "spacing_z": 2.75,
  "summary_bg_k": 44.836809581422216,
  "summary_bg_mad": 43.11901829199034,
  "summary_bg_mean": 201.04689025878906,
  "summary_bg_median": 92.6339340209961,
  "summary_bg_n": 356025.0,
  "summary_bg_p05": 53.5476188659668,
  "summary_bg_p95": 748.9541748046869,
  "summary_bg_stdv": 367.9584655761719,
  "summary_fg_k": 4.262563766202373,
  "summary_fg_mad": 1325.278432311443,
  "summary_fg_mean": 8522.2578125,
  "summary_fg_median": 8404.1396484375,
  "summary_fg_n": 60223.0,
  "summary_fg_p05": 6257.915087890625,
  "summary_fg_p95": 11126.91669921875,
  "summary_fg_stdv": 1701.23486328125,
  "tsnr": 35.7929566076491
}