{
  "aor": 0.0033692792792792796,
  "aqi": 0.01394626036036036,
  "bids_meta": {
    "AcquisitionMatrixPE": 96,
    "AcquisitionNumber": 1,
    "AcquisitionTime": "16:25:15.857500",
    "BandwidthPerPixelPhaseEncode": 15.783,
    "BaseResolution": 96,
    "BodyPartExamined": "BRAIN",
    "ConsistencyInfo": "N4_VD13A_LATEST_20120616",
    "ConversionSoftware": "dcm2niix",
    "ConversionSoftwareVersion": "v1.0.20201102",
    "DerivedVendorReportedEchoSpacing": 0.000659993,
    "DeviceSerialNumber": "45250",
    "DwellTime": 2.1e-06,
    "EchoTime": 0.04,
    "EchoTrainLength": 96,
    "EffectiveEchoSpacing": 0.000659993,
    "FlipAngle": 60,
    "ImageComments": "Unaliased MB4/PE3",
    "ImageOrientationPatientDICOM": [
      0.998316,
      -0.0199865,
      -0.0544499,
      0.0162057,
      0.997484,
      -0.0690139
    ],
    "ImageType": [
      "ORIGINAL",
      "PRIMARY",
      "M",
      "MB",
      "ND",
      "NORM",
      "MOSAIC"
    ],
    "ImagingFrequency": 123.22,
    "InPlanePhaseEncodingDirectionDICOM": "COL",
    "InstitutionAddress": "Kopernikusstr. 26,Graz,Graz,AT,8010",
    "InstitutionName": "KFU",
    "InstitutionalDepartmentName": "Department",
    "MRAcquisitionType": "2D",
    "MagneticFieldStrength": 3,
    "Manufacturer": "Siemens",
    "ManufacturersModelName": "Skyra",
    "Modality": "MR",
    "MultibandAccelerationFactor": 4,
    "PartialFourier": 1,
    "PatientPosition": "HFS",
    "PercentPhaseFOV": 100,
    "PercentSampling": 100,
    "PhaseEncodingDirection": "j-",
    "PhaseEncodingSteps": 96,
    "PhaseResolution": 1,
    "PixelBandwidth": 2480,
    "ProcedureStepDescription": "KFU^AllgemeinePsy",
    "ProtocolName": "MB4_2_5mm_20K_TR1250_3",
    "PulseSequenceDetails": "%CustomerSeq%\\cmrr_mbep2d_bold",
    "ReceiveCoilActiveElements": "HE1-4",
    "ReceiveCoilName": "HeadNeck_20",
    "ReconMatrixPE": 96,
    "RepetitionTime": 1.25,
    "SAR": 0.0708693,
    "ScanOptions": "FS",
    "ScanningSequence": "EP",
    "SequenceName": "epfid2d1_96",
    "SequenceVariant": "SK\\SS",
    "SeriesDescription": "MB4_2_5mm_20K_TR1250_3",
    "SeriesNumber": 7,
    "ShimSetting": [
      -1690,
      -3670,
      -4561,
      337,
      393,
      -375,
      454,
      -345
    ],
    "SliceThickness": 2.5,
    "SliceTiming": [
      0,
      0.6625,
      0.095,
      0.7575,
      0.19,
      0.8525,
      0.285,
      0.9475,
      0.38,
      1.0425,
      0.475,
      1.1375,
      0.57,
      0,
      0.6625,
      0.095,
      0.7575,
      0.19,
      0.8525,
      0.285,
      0.9475,
      0.38,
      1.0425,
      0.475,
      1.1375,
      0.57,
      0,
      0.6625,
      0.095,
      0.7575,
      0.19,
      0.8525,
      0.285,
      0.9475,
      0.38,
      1.0425,
      0.475,
      1.1375,
      0.57,
      0,
      0.6625,
      0.095,
      0.7575,
      0.19,
      0.8525,
      0.285,
      0.9475,
      0.38,
      1.0425,
      0.475,
      1.1375,
      0.57
    ],
    "SoftwareVersions": "syngo MR D13",
    "SpacingBetweenSlices": 2.75,
    "StationName": "FBMTMR1",
    "TaskName": "multar",
    "TotalReadoutTime": 0.0626993,
    "TxRefAmp": 355.007,
    "WipMemBlock": "b0ad4c0d-4996-4dc9-88ab-81457271c9c8||Sequence: vd13a/master r/bd40f27; Jul 20 2016 19:26:27 by eja",
    "acq_id": "mb",
    "dataset": "ds003470",
    "modality": "bold",
    "run_id": 3,
    "session_id": "1",
    "subject_id": "19",
    "task_id": "multar"
  },
  "dummy_trs": 1,
  "dvars_nstd": 39.055798760361434,
  "dvars_std": 1.245705770391567,
  "dvars_vstd": 1.0290900573493973,
  "efc": 0.3990139134610472,
  "fber": 8066.25048828125,
  "fd_mean": 0.23829540046386144,
  "fd_num": 186,
  "fd_perc": 55.85585585585586,
  "fwhm_avg": 1.9886875151515155,
  "fwhm_x": 1.9398520000000001,
  "fwhm_y": 2.267516,
  "fwhm_z": 1.7586945454545455,
  "gcor": 0.0084011,
  "gsr_x": -0.007102916482836008,
  "gsr_y": 0.019894778728485107,
  "provenance": {
    "md5sum": "238b34123ef56920a1a6b6ce7290409b",
    "settings": {
      "fd_thres": 0.2,
      "testing": false
    },
    "software": "mriqc",
    "version": "22.0.6",
    "webapi_port": null,
    "webapi_url": "https://mriqc.nimh.nih.gov/api/v1"
  },
  "size_t": 333,
  "size_x": 96,
  "size_y": 96,
  "size_z": 52,
  "snr": 4.90724991659795,
  "spacing_tr": 1.25,
  "spacing_x": 2.5,
  "spacing_y": 2.5,
  "spacing_z": 2.75,
  "summary_bg_k": 44.73789563559083,
  "summary_bg_mad": 41.96131218800299,
  "summary_bg_mean": 199.11036682128906,
  "summary_bg_median": 93.16535186767578,
  "summary_bg_n": 356329.0,
  "summary_bg_p05": 54.95109939575195,
  "summary_bg_p95": 742.0865722656245,
  "summary_bg_stdv": 360.6316833496094,
  "summary_fg_k": 4.337531743782324,
  "summary_fg_mad": 1317.52553755603,
  "summary_fg_mean": 8521.1640625,
  "summary_fg_median": 8412.138671875,
  "summary_fg_n": 60084.0,
  "summary_fg_p05": 6232.708471679687,
  "summary_fg_p95": 11107.00771484375,
  "summary_fg_stdv": 1714.21240234375,
  "tsnr": 42.4911003112793
}