{
  "aor": 0.0002965352112676056,
  "aqi": 0.008400285436619718,
  "bids_meta": {
    "AcquisitionMatrixPE": 96,
    "AcquisitionNumber": 1,
    "AcquisitionTime": "11:25:24.870000",
    "BandwidthPerPixelPhaseEncode": 15.783,
    "BaseResolution": 96,
    "BodyPartExamined": "BRAIN",
    "ConsistencyInfo": "N4_VD13A_LATEST_20120616",
    "ConversionSoftware": "dcm2niix",
    "ConversionSoftwareVersion": "v1.0.20201102",
    "DerivedVendorReportedEchoSpacing": 0.000659993,
    "DeviceSerialNumber": "45250",
    "DwellTime": 2.1e-06,
    "EchoTime": 0.04,
    "EchoTrainLength": 96,
    "EffectiveEchoSpacing": 0.000659993,
    "FlipAngle": 60,
    "ImageComments": "Unaliased MB4/PE3",
    "ImageOrientationPatientDICOM": [
      0.999868,
      -0.0162071,
      0.000877744,
      0.0162308,
      0.998405,
      -0.0540717
    ],
    "ImageType": [
      "ORIGINAL",
      "PRIMARY",
      "M",
      "MB",
      "ND",
      "NORM",
      "MOSAIC"
    ],
    "ImagingFrequency": 123.22,
    "InPlanePhaseEncodingDirectionDICOM": "COL",
    "InstitutionAddress": "Kopernikusstr. 26,Graz,Graz,AT,8010",
    "InstitutionName": "KFU",
    "InstitutionalDepartmentName": "Department",
    "MRAcquisitionType": "2D",
    "MagneticFieldStrength": 3,
    "Manufacturer": "Siemens",
    "ManufacturersModelName": "Skyra",
    "Modality": "MR",
    "MultibandAccelerationFactor": 4,
    "PartialFourier": 1,
    "PatientPosition": "HFS",
    "PercentPhaseFOV": 100,
    "PercentSampling": 100,
    "PhaseEncodingDirection": "j-",
    "PhaseEncodingSteps": 96,
    "PhaseResolution": 1,
    "PixelBandwidth": 2480,
    "ProcedureStepDescription": "KFU^AllgemeinePsy",
    "ProtocolName": "MB4_2_5mm_20K_TR1250_3",
    "PulseSequenceDetails": "%CustomerSeq%\\cmrr_mbep2d_bold",
    "ReceiveCoilActiveElements": "HE1-4",
    "ReceiveCoilName": "HeadNeck_20",
    "ReconMatrixPE": 96,
    "RepetitionTime": 1.25,
    "SAR": 0.073405,
    "ScanOptions": "FS",
    "ScanningSequence": "EP",
    "SequenceName": "epfid2d1_96",
    "SequenceVariant": "SK\\SS",
    "SeriesDescription": "MB4_2_5mm_20K_TR1250_3",
    "SeriesNumber": 7,
    "ShimSetting": [
      -1687,
      -3613,
      -4527,
      404,
      549,
      527,
      340,
      -427
    ],
    "SliceThickness": 2.5,
    "SliceTiming": [
      0,
      0.6625,
      0.095,
      0.7575,
      0.19,
      0.8525,
      0.285,
      0.9475,
      0.38,
      1.04,
      0.4725,
      1.135,
      0.5675,
      0,
      0.6625,
      0.095,
      0.7575,
      0.19,
      0.8525,
      0.285,
      0.9475,
      0.38,
      1.04,
      0.4725,
      1.135,
      0.5675,
      0,
      0.6625,
      0.095,
      0.7575,
      0.19,
      0.8525,
      0.285,
      0.9475,
      0.38,
      1.04,
      0.4725,
      1.135,
      0.5675,
      0,
      0.6625,
      0.095,
      0.7575,
      0.19,
      0.8525,
      0.285,
      0.9475,
      0.38,
      1.04,
      0.4725,
      1.135,
      0.5675
    ],
    "SoftwareVersions": "syngo MR D13",
    "SpacingBetweenSlices": 2.75,
    "StationName": "FBMTMR1",
    "TaskName": "multar",
    "TotalReadoutTime": 0.0626993,
    "TxRefAmp": 359.948,
    "WipMemBlock": "4e11799a-766f-4965-ab6f-a88c40ebc531||Sequence: vd13a/master r/c0cb646; Dec 14 2015 19:21:42 by eja",
    "acq_id": "mb",
    "dataset": "ds003470",
    "modality": "bold",
    "run_id": 3,
    "session_id": "1",
    "subject_id": "09",
    "task_id": "multar"
  },
  "dummy_trs": 2,
  "dvars_nstd": 35.46963206785312,
  "dvars_std": 1.2057366114689263,
  "dvars_vstd": 1.0020226167514124,
  "efc": 0.3975556964305698,
  "fber": 6847.33349609375,
  "fd_mean": 0.18060789298444216,
  "fd_num": 167,
  "fd_perc": 47.04225352112676,
  "fwhm_avg": 1.8713927272727273,
  "fwhm_x": 1.814988,
  "fwhm_y": 2.072132,
  "fwhm_z": 1.7270581818181818,
  "gcor": 0.00956361,
  "gsr_x": -0.015079425647854805,
  "gsr_y": 0.021456098183989525,
  "provenance": {
    "md5sum": "3e87f9943a54d5442d225ab6749d7f52",
    "settings": {
      "fd_thres": 0.2,
      "testing": false
    },
    "software": "mriqc",
    "version": "22.0.6",
    "webapi_port": null,
    "webapi_url": "https://mriqc.nimh.nih.gov/api/v1"
  },
  "size_t": 355,
  "size_x": 96,
  "size_y": 96,
  "size_z": 52,
  "snr": 5.09451978579328,
  "spacing_tr": 1.25,
  "spacing_x": 2.5,
  "spacing_y": 2.5,
  "spacing_z": 2.75,
  "summary_bg_k": 62.020249473871345,
  "summary_bg_mad": 47.12615709145444,
  "summary_bg_mean": 237.80299377441406,
  "summary_bg_median": 102.98503112792969,
  "summary_bg_n": 360975.0,
  "summary_bg_p05": 60.118716430664065,
  "summary_bg_p95": 881.0419555664048,
  "summary_bg_stdv": 486.0768127441406,
  "summary_fg_k": 4.4388131942837274,
  "summary_fg_mad": 1320.8566870230484,
  "summary_fg_mean": 8706.3232421875,
  "summary_fg_median": 8568.5068359375,
  "summary_fg_n": 55789.0,
  "summary_fg_p05": 6503.90244140625,
  "summary_fg_p95": 11422.09765625,
  "summary_fg_stdv": 1681.8916015625,
  "tsnr": 52.323692321777344
}