{
  "aor": 0.00030986187845303864,
  "aqi": 0.008090724254143648,
  "bids_meta": {
    "AcquisitionMatrixPE": 96,
    "AcquisitionNumber": 1,
    "AcquisitionTime": "11:16:18.357500",
    "BandwidthPerPixelPhaseEncode": 15.783,
    "BaseResolution": 96,
    "BodyPartExamined": "BRAIN",
    "ConsistencyInfo": "N4_VD13A_LATEST_20120616",
    "ConversionSoftware": "dcm2niix",
    "ConversionSoftwareVersion": "v1.0.20201102",
    "DerivedVendorReportedEchoSpacing": 0.000659993,
    "DeviceSerialNumber": "45250",
    "DwellTime": 2.1e-06,
    "EchoTime": 0.04,
    "EchoTrainLength": 96,
    "EffectiveEchoSpacing": 0.000659993,
    "FlipAngle": 60,
    "ImageComments": "Unaliased MB4/PE3",
    "ImageOrientationPatientDICOM": [
      0.999868,
      -0.0162071,
      0.000877744,
      0.0162308,
      0.998405,
      -0.0540717
    ],
    "ImageType": [
      "ORIGINAL",
      "PRIMARY",
      "M",
      "MB",
      "ND",
      "NORM",
      "MOSAIC"
    ],
    "ImagingFrequency": 123.22,
    "InPlanePhaseEncodingDirectionDICOM": "COL",
    "InstitutionAddress": "Kopernikusstr. 26,Graz,Graz,AT,8010",
    "InstitutionName": "KFU",
    "InstitutionalDepartmentName": "Department",
    "MRAcquisitionType": "2D",
    "MagneticFieldStrength": 3,
    "Manufacturer": "Siemens",
    "ManufacturersModelName": "Skyra",
    "Modality": "MR",
    "MultibandAccelerationFactor": 4,
    "PartialFourier": 1,
    "PatientPosition": "HFS",
    "PercentPhaseFOV": 100,
    "PercentSampling": 100,
    "PhaseEncodingDirection": "j-",
    "PhaseEncodingSteps": 96,
    "PhaseResolution": 1,
    "PixelBandwidth": 2480,
    "ProcedureStepDescription": "KFU^AllgemeinePsy",
    "ProtocolName": "MB4_2_5mm_20K_TR1250_2",
    "PulseSequenceDetails": "%CustomerSeq%\\cmrr_mbep2d_bold",
    "ReceiveCoilActiveElements": "HE1-4",
    "ReceiveCoilName": "HeadNeck_20",
    "ReconMatrixPE": 96,
    "RepetitionTime": 1.25,
    "SAR": 0.073405,
    "ScanOptions": "FS",
    "ScanningSequence": "EP",
    "SequenceName": "epfid2d1_96",
    "SequenceVariant": "SK\\SS",
    "SeriesDescription": "MB4_2_5mm_20K_TR1250_2",
    "SeriesNumber": 6,
    "ShimSetting": [
      -1687,
      -3613,
      -4527,
      404,
      549,
      527,
      340,
      -427
    ],
    "SliceThickness": 2.5,
    "SliceTiming": [
      0,
      0.6625,
      0.095,
      0.7575,
      0.19,
      0.85,
      0.2825,
      0.945,
      0.3775,
      1.04,
      0.4725,
      1.135,
      0.5675,
      0,
      0.6625,
      0.095,
      0.7575,
      0.19,
      0.85,
      0.2825,
      0.945,
      0.3775,
      1.04,
      0.4725,
      1.135,
      0.5675,
      0,
      0.6625,
      0.095,
      0.7575,
      0.19,
      0.85,
      0.2825,
      0.945,
      0.3775,
      1.04,
      0.4725,
      1.135,
      0.5675,
      0,
      0.6625,
      0.095,
      0.7575,
      0.19,
      0.85,
      0.2825,
      0.945,
      0.3775,
      1.04,
      0.4725,
      1.135,
      0.5675
    ],
    "SoftwareVersions": "syngo MR D13",
    "SpacingBetweenSlices": 2.75,
    "StationName": "FBMTMR1",
    "TaskName": "multar",
    "TotalReadoutTime": 0.0626993,
    "TxRefAmp": 359.948,
    "WipMemBlock": "c9e6a232-a4c2-475c-9df7-359e5d1bbe85||Sequence: vd13a/master r/c0cb646; Dec 14 2015 19:21:42 by eja",
    "acq_id": "mb",
    "dataset": "ds003470",
    "modality": "bold",
    "run_id": 2,
    "session_id": "1",
    "subject_id": "09",
    "task_id": "multar"
  },
  "dummy_trs": 1,
  "dvars_nstd": 34.937519369639894,
  "dvars_std": 1.196380016232686,
  "dvars_vstd": 1.0027832464819944,
  "efc": 0.3966797901670103,
  "fber": 7000.9912109375,
  "fd_mean": 0.18447060593444448,
  "fd_num": 163,
  "fd_perc": 45.027624309392266,
  "fwhm_avg": 1.8657558787878787,
  "fwhm_x": 1.8062799999999999,
  "fwhm_y": 2.0665839999999998,
  "fwhm_z": 1.7244036363636364,
  "gcor": 0.0097732,
  "gsr_x": -0.014730007387697697,
  "gsr_y": 0.021416738629341125,
  "provenance": {
    "md5sum": "054d2e4680b8acf96576076beb71947b",
    "settings": {
      "fd_thres": 0.2,
      "testing": false
    },
    "software": "mriqc",
    "version": "22.0.6",
    "webapi_port": null,
    "webapi_url": "https://mriqc.nimh.nih.gov/api/v1"
  },
  "size_t": 362,
  "size_x": 96,
  "size_y": 96,
  "size_z": 52,
  "snr": 5.125747685065832,
  "spacing_tr": 1.25,
  "spacing_x": 2.5,
  "spacing_y": 2.5,
  "spacing_z": 2.75,
  "summary_bg_k": 61.85944606584063,
  "summary_bg_mad": 46.469657227564,
  "summary_bg_mean": 235.25953674316406,
  "summary_bg_median": 102.0787124633789,
  "summary_bg_n": 361070.0,
  "summary_bg_p05": 59.84863357543945,
  "summary_bg_p95": 870.4579711914057,
  "summary_bg_stdv": 481.82061767578125,
  "summary_fg_k": 4.563782735009985,
  "summary_fg_mad": 1313.8787559760876,
  "summary_fg_mean": 8704.08984375,
  "summary_fg_median": 8584.2734375,
  "summary_fg_n": 55710.0,
  "summary_fg_p05": 6520.04384765625,
  "summary_fg_p95": 11365.090136718745,
  "summary_fg_stdv": 1674.7208251953125,
  "tsnr": 52.97463607788086
}