{
  "aor": 0.0012950602409638554,
  "aqi": 0.015394580753012048,
  "bids_meta": {
    "AcquisitionMatrixPE": 96,
    "AcquisitionNumber": 1,
    "AcquisitionTime": "17:19:24.767500",
    "BandwidthPerPixelPhaseEncode": 15.783,
    "BaseResolution": 96,
    "BodyPartExamined": "BRAIN",
    "ConsistencyInfo": "N4_VD13A_LATEST_20120616",
    "ConversionSoftware": "dcm2niix",
    "ConversionSoftwareVersion": "v1.0.20201102",
    "DerivedVendorReportedEchoSpacing": 0.000659993,
    "DeviceSerialNumber": "45250",
    "DwellTime": 2.1e-06,
    "EchoTime": 0.04,
    "EchoTrainLength": 96,
    "EffectiveEchoSpacing": 0.000659993,
    "FlipAngle": 60,
    "ImageComments": "Unaliased MB4/PE3",
    "ImageOrientationPatientDICOM": [
      0.999868,
      -0.016031,
      0.00253906,
      0.0162309,
      0.987558,
      -0.156414
    ],
    "ImageType": [
      "ORIGINAL",
      "PRIMARY",
      "M",
      "MB",
      "ND",
      "NORM",
      "MOSAIC"
    ],
    "ImagingFrequency": 123.22,
    "InPlanePhaseEncodingDirectionDICOM": "COL",
    "InstitutionAddress": "Kopernikusstr. 26,Graz,Graz,AT,8010",
    "InstitutionName": "TUG",
    "InstitutionalDepartmentName": "Department",
    "MRAcquisitionType": "2D",
    "MagneticFieldStrength": 3,
    "Manufacturer": "Siemens",
    "ManufacturersModelName": "Skyra",
    "Modality": "MR",
    "MultibandAccelerationFactor": 4,
    "PartialFourier": 1,
    "PatientPosition": "HFS",
    "PercentPhaseFOV": 100,
    "PercentSampling": 100,
    "PhaseEncodingDirection": "j-",
    "PhaseEncodingSteps": 96,
    "PhaseResolution": 1,
    "PixelBandwidth": 2480,
    "ProcedureStepDescription": "KFU^AllgemeinePsy",
    "ProtocolName": "MB4_2_5mm_20K_TR1250_5",
    "PulseSequenceDetails": "%CustomerSeq%\\cmrr_mbep2d_bold",
    "ReceiveCoilActiveElements": "HE1-4",
    "ReceiveCoilName": "HeadNeck_20",
    "ReconMatrixPE": 96,
    "RepetitionTime": 1.25,
    "SAR": 0.0694331,
    "ScanOptions": "FS",
    "ScanningSequence": "EP",
    "SequenceName": "epfid2d1_96",
    "SequenceVariant": "SK\\SS",
    "SeriesDescription": "MB4_2_5mm_20K_TR1250_5",
    "SeriesNumber": 9,
    "ShimSetting": [
      -1663,
      -3609,
      -4364,
      305,
      597,
      230,
      -21,
      -460
    ],
    "SliceThickness": 2.5,
    "SliceTiming": [
      0,
      0.6625,
      0.095,
      0.7575,
      0.19,
      0.8525,
      0.285,
      0.9475,
      0.3775,
      1.04,
      0.4725,
      1.135,
      0.5675,
      0,
      0.6625,
      0.095,
      0.7575,
      0.19,
      0.8525,
      0.285,
      0.9475,
      0.3775,
      1.04,
      0.4725,
      1.135,
      0.5675,
      0,
      0.6625,
      0.095,
      0.7575,
      0.19,
      0.8525,
      0.285,
      0.9475,
      0.3775,
      1.04,
      0.4725,
      1.135,
      0.5675,
      0,
      0.6625,
      0.095,
      0.7575,
      0.19,
      0.8525,
      0.285,
      0.9475,
      0.3775,
      1.04,
      0.4725,
      1.135,
      0.5675
    ],
    "SoftwareVersions": "syngo MR D13",
    "SpacingBetweenSlices": 2.75,
    "StationName": "FBMTMR1",
    "TaskName": "multar",
    "TotalReadoutTime": 0.0626993,
    "TxRefAmp": 371.055,
    "WipMemBlock": "cb68c2bc-2ebf-4abe-820d-063c1cf8ef2f||Sequence: vd13a/master r/c0cb646; Dec 14 2015 19:21:42 by eja",
    "acq_id": "mb",
    "dataset": "ds003470",
    "modality": "bold",
    "run_id": 5,
    "session_id": "1",
    "subject_id": "02",
    "task_id": "multar"
  },
  "dummy_trs": 1,
  "dvars_nstd": 41.60862639734141,
  "dvars_std": 1.2120524780966762,
  "dvars_vstd": 1.0052642626586112,
  "efc": 0.4621017321139485,
  "fber": 5842.12060546875,
  "fd_mean": 0.2499667677667456,
  "fd_num": 189,
  "fd_perc": 56.9277108433735,
  "fwhm_avg": 1.9661901818181817,
  "fwhm_x": 1.8842919999999999,
  "fwhm_y": 2.245304,
  "fwhm_z": 1.7689745454545454,
  "gcor": 0.00757611,
  "gsr_x": -0.007025289814919233,
  "gsr_y": 0.040663424879312515,
  "provenance": {
    "md5sum": "40e1a15c60f9053fa0c3f42198740e0a",
    "settings": {
      "fd_thres": 0.2,
      "testing": false
    },
    "software": "mriqc",
    "version": "22.0.6",
    "webapi_port": null,
    "webapi_url": "https://mriqc.nimh.nih.gov/api/v1"
  },
  "size_t": 332,
  "size_x": 96,
  "size_y": 96,
  "size_z": 52,
  "snr": 4.631829206328217,
  "spacing_tr": 1.25,
  "spacing_x": 2.5,
  "spacing_y": 2.5,
  "spacing_z": 2.75,
  "summary_bg_k": 25.485274059660476,
  "summary_bg_mad": 65.0610379506968,
  "summary_bg_mean": 347.5208435058594,
  "summary_bg_median": 120.6275634765625,
  "summary_bg_n": 333496.0,
  "summary_bg_p05": 63.126455307006836,
  "summary_bg_p95": 1570.6627807617188,
  "summary_bg_stdv": 701.2978515625,
  "summary_fg_k": 4.767704570010326,
  "summary_fg_mad": 1531.8328649262432,
  "summary_fg_mean": 9507.5234375,
  "summary_fg_median": 9353.05859375,
  "summary_fg_n": 78776.0,
  "summary_fg_p05": 6883.055908203125,
  "summary_fg_p95": 12736.813720703125,
  "summary_fg_stdv": 2019.2884521484375,
  "tsnr": 38.682861328125
}