{
  "aor": 0.004777976878612717,
  "aqi": 0.016975207658959535,
  "bids_meta": {
    "AcquisitionMatrixPE": 96,
    "AcquisitionNumber": 1,
    "AcquisitionTime": "11:59:41.395000",
    "BandwidthPerPixelPhaseEncode": 15.783,
    "BaseResolution": 96,
    "BodyPartExamined": "BRAIN",
    "ConsistencyInfo": "N4_VD13A_LATEST_20120616",
    "ConversionSoftware": "dcm2niix",
    "ConversionSoftwareVersion": "v1.0.20201102",
    "DerivedVendorReportedEchoSpacing": 0.000659993,
    "DeviceSerialNumber": "45250",
    "DwellTime": 2.1e-06,
    "EchoTime": 0.04,
    "EchoTrainLength": 96,
    "EffectiveEchoSpacing": 0.000659993,
    "FlipAngle": 60,
    "ImageComments": "Unaliased MB4/PE3",
    "ImageOrientationPatientDICOM": [
      0.997054,
      -0.0251198,
      -0.072476,
      0.0161851,
      0.99248,
      -0.121329
    ],
    "ImageType": [
      "ORIGINAL",
      "PRIMARY",
      "M",
      "MB",
      "ND",
      "NORM",
      "MOSAIC"
    ],
    "ImagingFrequency": 123.22,
    "InPlanePhaseEncodingDirectionDICOM": "COL",
    "InstitutionAddress": "Kopernikusstr. 26,Graz,Graz,AT,8010",
    "InstitutionName": "KFU",
    "InstitutionalDepartmentName": "Department",
    "MRAcquisitionType": "2D",
    "MagneticFieldStrength": 3,
    "Manufacturer": "Siemens",
    "ManufacturersModelName": "Skyra",
    "Modality": "MR",
    "MultibandAccelerationFactor": 4,
    "PartialFourier": 1,
    "PatientPosition": "HFS",
    "PercentPhaseFOV": 100,
    "PercentSampling": 100,
    "PhaseEncodingDirection": "j-",
    "PhaseEncodingSteps": 96,
    "PhaseResolution": 1,
    "PixelBandwidth": 2480,
    "ProcedureStepDescription": "KFU^AllgemeinePsy",
    "ProtocolName": "MB4_2_5mm_20K_TR1250_6",
    "PulseSequenceDetails": "%CustomerSeq%\\cmrr_mbep2d_bold",
    "ReceiveCoilActiveElements": "HE1-4",
    "ReceiveCoilName": "HeadNeck_20",
    "ReconMatrixPE": 96,
    "RepetitionTime": 1.25,
    "SAR": 0.0706914,
    "ScanOptions": "FS",
    "ScanningSequence": "EP",
    "SequenceName": "epfid2d1_96",
    "SequenceVariant": "SK\\SS",
    "SeriesDescription": "MB4_2_5mm_20K_TR1250_6",
    "SeriesNumber": 10,
    "ShimSetting": [
      -1690,
      -3655,
      -4407,
      279,
      533,
      292,
      365,
      -336
    ],
    "SliceThickness": 2.5,
    "SliceTiming": [
      0,
      0.6625,
      0.095,
      0.7575,
      0.19,
      0.85,
      0.2825,
      0.945,
      0.3775,
      1.04,
      0.4725,
      1.135,
      0.5675,
      0,
      0.6625,
      0.095,
      0.7575,
      0.19,
      0.85,
      0.2825,
      0.945,
      0.3775,
      1.04,
      0.4725,
      1.135,
      0.5675,
      0,
      0.6625,
      0.095,
      0.7575,
      0.19,
      0.85,
      0.2825,
      0.945,
      0.3775,
      1.04,
      0.4725,
      1.135,
      0.5675,
      0,
      0.6625,
      0.095,
      0.7575,
      0.19,
      0.85,
      0.2825,
      0.945,
      0.3775,
      1.04,
      0.4725,
      1.135,
      0.5675
    ],
    "SoftwareVersions": "syngo MR D13",
    "SpacingBetweenSlices": 2.75,
    "StationName": "FBMTMR1",
    "TaskName": "multar",
    "TotalReadoutTime": 0.0626993,
    "TxRefAmp": 346.878,
    "WipMemBlock": "5ce2c59f-746f-4928-a560-e8da4aa1ecd3||Sequence: vd13a/master r/bd40f27; Jul 20 2016 19:26:27 by eja",
    "acq_id": "mb",
    "dataset": "ds003470",
    "modality": "bold",
    "run_id": 6,
    "session_id": "1",
    "subject_id": "17",
    "task_id": "multar"
  },
  "dummy_trs": 4,
  "dvars_nstd": 41.08252478356521,
  "dvars_std": 1.2847677473913044,
  "dvars_vstd": 1.062499199130435,
  "efc": 0.4051273811176752,
  "fber": 8588.240234375,
  "fd_mean": 0.31844252072069096,
  "fd_num": 242,
  "fd_perc": 69.94219653179191,
  "fwhm_avg": 1.9654911515151514,
  "fwhm_x": 1.8740919999999999,
  "fwhm_y": 2.2141159999999998,
  "fwhm_z": 1.8082654545454546,
  "gcor": 0.00752102,
  "gsr_x": -0.01368712168186903,
  "gsr_y": 0.025509871542453766,
  "provenance": {
    "md5sum": "c25ffa57c2d40a281f862544ff034bce",
    "settings": {
      "fd_thres": 0.2,
      "testing": false
    },
    "software": "mriqc",
    "version": "22.0.6",
    "webapi_port": null,
    "webapi_url": "https://mriqc.nimh.nih.gov/api/v1"
  },
  "size_t": 346,
  "size_x": 96,
  "size_y": 96,
  "size_z": 52,
  "snr": 4.919861045749593,
  "spacing_tr": 1.25,
  "spacing_x": 2.5,
  "spacing_y": 2.5,
  "spacing_z": 2.75,
  "summary_bg_k": 74.51235602453373,
  "summary_bg_mad": 47.218587847287246,
  "summary_bg_mean": 215.05972290039062,
  "summary_bg_median": 95.27918243408203,
  "summary_bg_n": 352835.0,
  "summary_bg_p05": 51.45396766662598,
  "summary_bg_p95": 723.1534179687492,
  "summary_bg_stdv": 476.0506286621094,
  "summary_fg_k": 5.111776225817335,
  "summary_fg_mad": 1336.5658999828001,
  "summary_fg_mean": 9003.8896484375,
  "summary_fg_median": 8820.728515625,
  "summary_fg_n": 63115.0,
  "summary_fg_p05": 6768.11845703125,
  "summary_fg_p95": 11884.847949218749,
  "summary_fg_stdv": 1792.867431640625,
  "tsnr": 41.16345977783203
}