{
  "aor": 0.0059927728613569315,
  "aqi": 0.019954003598820057,
  "bids_meta": {
    "AcquisitionMatrixPE": 96,
    "AcquisitionNumber": 1,
    "AcquisitionTime": "11:31:3.470000",
    "BandwidthPerPixelPhaseEncode": 15.783,
    "BaseResolution": 96,
    "BodyPartExamined": "BRAIN",
    "ConsistencyInfo": "N4_VD13A_LATEST_20120616",
    "ConversionSoftware": "dcm2niix",
    "ConversionSoftwareVersion": "v1.0.20201102",
    "DerivedVendorReportedEchoSpacing": 0.000659993,
    "DeviceSerialNumber": "45250",
    "DwellTime": 2.1e-06,
    "EchoTime": 0.04,
    "EchoTrainLength": 96,
    "EffectiveEchoSpacing": 0.000659993,
    "FlipAngle": 60,
    "ImageComments": "Unaliased MB4/PE3",
    "ImageOrientationPatientDICOM": [
      0.997054,
      -0.0251198,
      -0.072476,
      0.0161851,
      0.99248,
      -0.121329
    ],
    "ImageType": [
      "ORIGINAL",
      "PRIMARY",
      "M",
      "MB",
      "ND",
      "NORM",
      "MOSAIC"
    ],
    "ImagingFrequency": 123.22,
    "InPlanePhaseEncodingDirectionDICOM": "COL",
    "InstitutionAddress": "Kopernikusstr. 26,Graz,Graz,AT,8010",
    "InstitutionName": "KFU",
    "InstitutionalDepartmentName": "Department",
    "MRAcquisitionType": "2D",
    "MagneticFieldStrength": 3,
    "Manufacturer": "Siemens",
    "ManufacturersModelName": "Skyra",
    "Modality": "MR",
    "MultibandAccelerationFactor": 4,
    "PartialFourier": 1,
    "PatientPosition": "HFS",
    "PercentPhaseFOV": 100,
    "PercentSampling": 100,
    "PhaseEncodingDirection": "j-",
    "PhaseEncodingSteps": 96,
    "PhaseResolution": 1,
    "PixelBandwidth": 2480,
    "ProcedureStepDescription": "KFU^AllgemeinePsy",
    "ProtocolName": "MB4_2_5mm_20K_TR1250_3",
    "PulseSequenceDetails": "%CustomerSeq%\\cmrr_mbep2d_bold",
    "ReceiveCoilActiveElements": "HE1-4",
    "ReceiveCoilName": "HeadNeck_20",
    "ReconMatrixPE": 96,
    "RepetitionTime": 1.25,
    "SAR": 0.0706914,
    "ScanOptions": "FS",
    "ScanningSequence": "EP",
    "SequenceName": "epfid2d1_96",
    "SequenceVariant": "SK\\SS",
    "SeriesDescription": "MB4_2_5mm_20K_TR1250_3",
    "SeriesNumber": 7,
    "ShimSetting": [
      -1690,
      -3655,
      -4407,
      279,
      533,
      292,
      365,
      -336
    ],
    "SliceThickness": 2.5,
    "SliceTiming": [
      0,
      0.6625,
      0.095,
      0.7575,
      0.19,
      0.8525,
      0.285,
      0.9475,
      0.38,
      1.0425,
      0.475,
      1.1375,
      0.5675,
      0,
      0.6625,
      0.095,
      0.7575,
      0.19,
      0.8525,
      0.285,
      0.9475,
      0.38,
      1.0425,
      0.475,
      1.1375,
      0.5675,
      0,
      0.6625,
      0.095,
      0.7575,
      0.19,
      0.8525,
      0.285,
      0.9475,
      0.38,
      1.0425,
      0.475,
      1.1375,
      0.5675,
      0,
      0.6625,
      0.095,
      0.7575,
      0.19,
      0.8525,
      0.285,
      0.9475,
      0.38,
      1.0425,
      0.475,
      1.1375,
      0.5675
    ],
    "SoftwareVersions": "syngo MR D13",
    "SpacingBetweenSlices": 2.75,
    "StationName": "FBMTMR1",
    "TaskName": "multar",
    "TotalReadoutTime": 0.0626993,
    "TxRefAmp": 346.878,
    "WipMemBlock": "316b0ce1-8c03-49da-9f05-e7e361347779||Sequence: vd13a/master r/bd40f27; Jul 20 2016 19:26:27 by eja",
    "acq_id": "mb",
    "dataset": "ds003470",
    "modality": "bold",
    "run_id": 3,
    "session_id": "1",
    "subject_id": "17",
    "task_id": "multar"
  },
  "dummy_trs": 2,
  "dvars_nstd": 42.531604179881676,
  "dvars_std": 1.2056417593786979,
  "dvars_vstd": 1.0161971688757396,
  "efc": 0.4041383129201085,
  "fber": 8450.6328125,
  "fd_mean": 0.3505624073089836,
  "fd_num": 228,
  "fd_perc": 67.2566371681416,
  "fwhm_avg": 1.959472121212121,
  "fwhm_x": 1.863516,
  "fwhm_y": 2.221984,
  "fwhm_z": 1.7929163636363634,
  "gcor": 0.00858723,
  "gsr_x": -0.013696178793907166,
  "gsr_y": 0.023532120510935783,
  "provenance": {
    "md5sum": "c0741151869979e9f22bb65367e6d003",
    "settings": {
      "fd_thres": 0.2,
      "testing": false
    },
    "software": "mriqc",
    "version": "22.0.6",
    "webapi_port": null,
    "webapi_url": "https://mriqc.nimh.nih.gov/api/v1"
  },
  "size_t": 339,
  "size_x": 96,
  "size_y": 96,
  "size_z": 52,
  "snr": 4.916768546142531,
  "spacing_tr": 1.25,
  "spacing_x": 2.5,
  "spacing_y": 2.5,
  "spacing_z": 2.75,
  "summary_bg_k": 71.39070390448994,
  "summary_bg_mad": 47.61850653881843,
  "summary_bg_mean": 212.46142578125,
  "summary_bg_median": 96.06591033935547,
  "summary_bg_n": 353114.0,
  "summary_bg_p05": 51.13787612915039,
  "summary_bg_p95": 708.2376373291015,
  "summary_bg_stdv": 459.45556640625,
  "summary_fg_k": 5.087165397076049,
  "summary_fg_mad": 1363.1159177385096,
  "summary_fg_mean": 9019.330078125,
  "summary_fg_median": 8842.8505859375,
  "summary_fg_n": 62658.0,
  "summary_fg_p05": 6777.6737060546875,
  "summary_fg_p95": 11889.919091796875,
  "summary_fg_stdv": 1798.4942626953125,
  "tsnr": 37.52257537841797
}