{
  "aor": 0.0004181570996978852,
  "aqi": 0.01740656716012085,
  "bids_meta": {
    "AcquisitionMatrixPE": 96,
    "AcquisitionNumber": 1,
    "AcquisitionTime": "11:16:36.015000",
    "BandwidthPerPixelPhaseEncode": 15.783,
    "BaseResolution": 96,
    "BodyPartExamined": "BRAIN",
    "ConsistencyInfo": "N4_VD13A_LATEST_20120616",
    "ConversionSoftware": "dcm2niix",
    "ConversionSoftwareVersion": "v1.0.20201102",
    "DerivedVendorReportedEchoSpacing": 0.000659993,
    "DeviceSerialNumber": "45250",
    "DwellTime": 2.1e-06,
    "EchoTime": 0.04,
    "EchoTrainLength": 96,
    "EffectiveEchoSpacing": 0.000659993,
    "FlipAngle": 60,
    "ImageComments": "Unaliased MB4/PE3",
    "ImageOrientationPatientDICOM": [
      0.998447,
      -0.0249912,
      -0.0497959,
      0.0162078,
      0.985387,
      -0.16956
    ],
    "ImageType": [
      "ORIGINAL",
      "PRIMARY",
      "M",
      "MB",
      "ND",
      "NORM",
      "MOSAIC"
    ],
    "ImagingFrequency": 123.22,
    "InPlanePhaseEncodingDirectionDICOM": "COL",
    "InstitutionAddress": "Kopernikusstr. 26,Graz,Graz,AT,8010",
    "InstitutionName": "KFU",
    "InstitutionalDepartmentName": "Department",
    "MRAcquisitionType": "2D",
    "MagneticFieldStrength": 3,
    "Manufacturer": "Siemens",
    "ManufacturersModelName": "Skyra",
    "Modality": "MR",
    "MultibandAccelerationFactor": 4,
    "PartialFourier": 1,
    "PatientPosition": "HFS",
    "PercentPhaseFOV": 100,
    "PercentSampling": 100,
    "PhaseEncodingDirection": "j-",
    "PhaseEncodingSteps": 96,
    "PhaseResolution": 1,
    "PixelBandwidth": 2480,
    "ProcedureStepDescription": "KFU^AllgemeinePsy",
    "ProtocolName": "MB4_2_5mm_20K_TR1250_2",
    "PulseSequenceDetails": "%CustomerSeq%\\cmrr_mbep2d_bold",
    "ReceiveCoilActiveElements": "HE1-4",
    "ReceiveCoilName": "HeadNeck_20",
    "ReconMatrixPE": 96,
    "RepetitionTime": 1.25,
    "SAR": 0.0708979,
    "ScanOptions": "FS",
    "ScanningSequence": "EP",
    "SequenceName": "epfid2d1_96",
    "SequenceVariant": "SK\\SS",
    "SeriesDescription": "MB4_2_5mm_20K_TR1250_2",
    "SeriesNumber": 6,
    "ShimSetting": [
      -1724,
      -3673,
      -4295,
      506,
      372,
      282,
      8,
      -315
    ],
    "SliceThickness": 2.5,
    "SliceTiming": [
      0,
      0.6625,
      0.095,
      0.7575,
      0.19,
      0.8525,
      0.285,
      0.9475,
      0.38,
      1.0425,
      0.4725,
      1.135,
      0.5675,
      0,
      0.6625,
      0.095,
      0.7575,
      0.19,
      0.8525,
      0.285,
      0.9475,
      0.38,
      1.0425,
      0.4725,
      1.135,
      0.5675,
      0,
      0.6625,
      0.095,
      0.7575,
      0.19,
      0.8525,
      0.285,
      0.9475,
      0.38,
      1.0425,
      0.4725,
      1.135,
      0.5675,
      0,
      0.6625,
      0.095,
      0.7575,
      0.19,
      0.8525,
      0.285,
      0.9475,
      0.38,
      1.0425,
      0.4725,
      1.135,
      0.5675
    ],
    "SoftwareVersions": "syngo MR D13",
    "SpacingBetweenSlices": 2.75,
    "StationName": "FBMTMR1",
    "TaskName": "multar",
    "TotalReadoutTime": 0.0626993,
    "TxRefAmp": 336.399,
    "WipMemBlock": "ddaac47f-0dd2-4c63-a348-fe07e90072da||Sequence: vd13a/master r/bd40f27; Jul 20 2016 19:26:27 by eja",
    "acq_id": "mb",
    "dataset": "ds003470",
    "modality": "bold",
    "run_id": 2,
    "session_id": "1",
    "subject_id": "15",
    "task_id": "multar"
  },
  "dummy_trs": 1,
  "dvars_nstd": 38.218378298212144,
  "dvars_std": 1.1827016116969689,
  "dvars_vstd": 0.9734864994545457,
  "efc": 0.4125769253327642,
  "fber": 7626.70166015625,
  "fd_mean": 0.2764845980581646,
  "fd_num": 229,
  "fd_perc": 69.18429003021149,
  "fwhm_avg": 2.063109622109449,
  "fwhm_x": 1.96956,
  "fwhm_y": 2.3548997754192564,
  "fwhm_z": 1.8648690909090908,
  "gcor": 0.00543877,
  "gsr_x": -0.008695734664797783,
  "gsr_y": 0.021464401856064796,
  "provenance": {
    "md5sum": "baccee3254e49ffed95b3d45ec61145d",
    "settings": {
      "fd_thres": 0.2,
      "testing": false
    },
    "software": "mriqc",
    "version": "22.0.6",
    "webapi_port": null,
    "webapi_url": "https://mriqc.nimh.nih.gov/api/v1"
  },
  "size_t": 331,
  "size_x": 96,
  "size_y": 96,
  "size_z": 52,
  "snr": 5.11699039286841,
  "spacing_tr": 1.25,
  "spacing_x": 2.5,
  "spacing_y": 2.500000238418579,
  "spacing_z": 2.75,
  "summary_bg_k": 64.32667670076245,
  "summary_bg_mad": 46.46431826693828,
  "summary_bg_mean": 218.53562927246094,
  "summary_bg_median": 96.28314208984375,
  "summary_bg_n": 351020.0,
  "summary_bg_p05": 54.84660472869873,
  "summary_bg_p95": 765.2646209716793,
  "summary_bg_stdv": 457.8487854003906,
  "summary_fg_k": 5.208520988767949,
  "summary_fg_mad": 1268.9931185962034,
  "summary_fg_mean": 8645.970703125,
  "summary_fg_median": 8508.0546875,
  "summary_fg_n": 64219.0,
  "summary_fg_p05": 6520.287255859375,
  "summary_fg_p95": 11276.16943359375,
  "summary_fg_stdv": 1662.69384765625,
  "tsnr": 41.85411071777344
}