{
  "aor": 0.0017603058103975535,
  "aqi": 0.018898481773700307,
  "bids_meta": {
    "AcquisitionMatrixPE": 96,
    "AcquisitionNumber": 1,
    "AcquisitionTime": "11:25:36.047500",
    "BandwidthPerPixelPhaseEncode": 15.783,
    "BaseResolution": 96,
    "BodyPartExamined": "BRAIN",
    "ConsistencyInfo": "N4_VD13A_LATEST_20120616",
    "ConversionSoftware": "dcm2niix",
    "ConversionSoftwareVersion": "v1.0.20201102",
    "DerivedVendorReportedEchoSpacing": 0.000659993,
    "DeviceSerialNumber": "45250",
    "DwellTime": 2.1e-06,
    "EchoTime": 0.04,
    "EchoTrainLength": 96,
    "EffectiveEchoSpacing": 0.000659993,
    "FlipAngle": 60,
    "ImageComments": "Unaliased MB4/PE3",
    "ImageOrientationPatientDICOM": [
      0.998447,
      -0.0249912,
      -0.0497959,
      0.0162078,
      0.985387,
      -0.16956
    ],
    "ImageType": [
      "ORIGINAL",
      "PRIMARY",
      "M",
      "MB",
      "ND",
      "NORM",
      "MOSAIC"
    ],
    "ImagingFrequency": 123.22,
    "InPlanePhaseEncodingDirectionDICOM": "COL",
    "InstitutionAddress": "Kopernikusstr. 26,Graz,Graz,AT,8010",
    "InstitutionName": "KFU",
    "InstitutionalDepartmentName": "Department",
    "MRAcquisitionType": "2D",
    "MagneticFieldStrength": 3,
    "Manufacturer": "Siemens",
    "ManufacturersModelName": "Skyra",
    "Modality": "MR",
    "MultibandAccelerationFactor": 4,
    "PartialFourier": 1,
    "PatientPosition": "HFS",
    "PercentPhaseFOV": 100,
    "PercentSampling": 100,
    "PhaseEncodingDirection": "j-",
    "PhaseEncodingSteps": 96,
    "PhaseResolution": 1,
    "PixelBandwidth": 2480,
    "ProcedureStepDescription": "KFU^AllgemeinePsy",
    "ProtocolName": "MB4_2_5mm_20K_TR1250_3",
    "PulseSequenceDetails": "%CustomerSeq%\\cmrr_mbep2d_bold",
    "ReceiveCoilActiveElements": "HE1-4",
    "ReceiveCoilName": "HeadNeck_20",
    "ReconMatrixPE": 96,
    "RepetitionTime": 1.25,
    "SAR": 0.0708979,
    "ScanOptions": "FS",
    "ScanningSequence": "EP",
    "SequenceName": "epfid2d1_96",
    "SequenceVariant": "SK\\SS",
    "SeriesDescription": "MB4_2_5mm_20K_TR1250_3",
    "SeriesNumber": 7,
    "ShimSetting": [
      -1724,
      -3673,
      -4295,
      506,
      372,
      282,
      8,
      -315
    ],
    "SliceThickness": 2.5,
    "SliceTiming": [
      0,
      0.6625,
      0.095,
      0.7575,
      0.19,
      0.85,
      0.2825,
      0.945,
      0.3775,
      1.04,
      0.4725,
      1.135,
      0.5675,
      0,
      0.6625,
      0.095,
      0.7575,
      0.19,
      0.85,
      0.2825,
      0.945,
      0.3775,
      1.04,
      0.4725,
      1.135,
      0.5675,
      0,
      0.6625,
      0.095,
      0.7575,
      0.19,
      0.85,
      0.2825,
      0.945,
      0.3775,
      1.04,
      0.4725,
      1.135,
      0.5675,
      0,
      0.6625,
      0.095,
      0.7575,
      0.19,
      0.85,
      0.2825,
      0.945,
      0.3775,
      1.04,
      0.4725,
      1.135,
      0.5675
    ],
    "SoftwareVersions": "syngo MR D13",
    "SpacingBetweenSlices": 2.75,
    "StationName": "FBMTMR1",
    "TaskName": "multar",
    "TotalReadoutTime": 0.0626993,
    "TxRefAmp": 336.399,
    "WipMemBlock": "c95a3f82-a2c1-4841-91bd-ec102b6c62f0||Sequence: vd13a/master r/bd40f27; Jul 20 2016 19:26:27 by eja",
    "acq_id": "mb",
    "dataset": "ds003470",
    "modality": "bold",
    "run_id": 3,
    "session_id": "1",
    "subject_id": "15",
    "task_id": "multar"
  },
  "dummy_trs": 1,
  "dvars_nstd": 38.36856471082822,
  "dvars_std": 1.2093264522699387,
  "dvars_vstd": 1.0048706230368099,
  "efc": 0.41240150680937815,
  "fber": 7884.9931640625,
  "fd_mean": 0.28670154145598337,
  "fd_num": 242,
  "fd_perc": 74.00611620795107,
  "fwhm_avg": 2.073737136880766,
  "fwhm_x": 1.980708,
  "fwhm_y": 2.3668597742786623,
  "fwhm_z": 1.8736436363636364,
  "gcor": 0.00704299,
  "gsr_x": -0.008199944160878658,
  "gsr_y": 0.021600455045700073,
  "provenance": {
    "md5sum": "041791af0b3a15563f2b9720cf6db817",
    "settings": {
      "fd_thres": 0.2,
      "testing": false
    },
    "software": "mriqc",
    "version": "22.0.6",
    "webapi_port": null,
    "webapi_url": "https://mriqc.nimh.nih.gov/api/v1"
  },
  "size_t": 327,
  "size_x": 96,
  "size_y": 96,
  "size_z": 52,
  "snr": 5.168217590808442,
  "spacing_tr": 1.25,
  "spacing_x": 2.5,
  "spacing_y": 2.500000238418579,
  "spacing_z": 2.75,
  "summary_bg_k": 64.14534888071852,
  "summary_bg_mad": 46.170211666876,
  "summary_bg_mean": 216.30734252929688,
  "summary_bg_median": 94.82440948486328,
  "summary_bg_n": 350834.0,
  "summary_bg_p05": 53.088484382629396,
  "summary_bg_p95": 758.9506622314432,
  "summary_bg_stdv": 456.2730407714844,
  "summary_fg_k": 5.2157533419513005,
  "summary_fg_mad": 1266.7417060475939,
  "summary_fg_mean": 8658.22265625,
  "summary_fg_median": 8515.162109375,
  "summary_fg_n": 64279.0,
  "summary_fg_p05": 6546.676318359375,
  "summary_fg_p95": 11281.7873046875,
  "summary_fg_stdv": 1647.5885009765625,
  "tsnr": 40.51700210571289
}