{
  "aor": 0.0003604154302670623,
  "aqi": 0.020291689317507418,
  "bids_meta": {
    "AcquisitionMatrixPE": 96,
    "AcquisitionNumber": 1,
    "AcquisitionTime": "11:37:50.905000",
    "BandwidthPerPixelPhaseEncode": 15.783,
    "BaseResolution": 96,
    "BodyPartExamined": "BRAIN",
    "ConsistencyInfo": "N4_VD13A_LATEST_20120616",
    "ConversionSoftware": "dcm2niix",
    "ConversionSoftwareVersion": "v1.0.20201102",
    "DerivedVendorReportedEchoSpacing": 0.000659993,
    "DeviceSerialNumber": "45250",
    "DwellTime": 2.1e-06,
    "EchoTime": 0.04,
    "EchoTrainLength": 96,
    "EffectiveEchoSpacing": 0.000659993,
    "FlipAngle": 60,
    "ImageComments": "Unaliased MB4/PE3",
    "ImageOrientationPatientDICOM": [
      0.998447,
      -0.0249912,
      -0.0497959,
      0.0162078,
      0.985387,
      -0.16956
    ],
    "ImageType": [
      "ORIGINAL",
      "PRIMARY",
      "M",
      "MB",
      "ND",
      "NORM",
      "MOSAIC"
    ],
    "ImagingFrequency": 123.22,
    "InPlanePhaseEncodingDirectionDICOM": "COL",
    "InstitutionAddress": "Kopernikusstr. 26,Graz,Graz,AT,8010",
    "InstitutionName": "KFU",
    "InstitutionalDepartmentName": "Department",
    "MRAcquisitionType": "2D",
    "MagneticFieldStrength": 3,
    "Manufacturer": "Siemens",
    "ManufacturersModelName": "Skyra",
    "Modality": "MR",
    "MultibandAccelerationFactor": 4,
    "PartialFourier": 1,
    "PatientPosition": "HFS",
    "PercentPhaseFOV": 100,
    "PercentSampling": 100,
    "PhaseEncodingDirection": "j-",
    "PhaseEncodingSteps": 96,
    "PhaseResolution": 1,
    "PixelBandwidth": 2480,
    "ProcedureStepDescription": "KFU^AllgemeinePsy",
    "ProtocolName": "MB4_2_5mm_20K_TR1250_4",
    "PulseSequenceDetails": "%CustomerSeq%\\cmrr_mbep2d_bold",
    "ReceiveCoilActiveElements": "HE1-4",
    "ReceiveCoilName": "HeadNeck_20",
    "ReconMatrixPE": 96,
    "RepetitionTime": 1.25,
    "SAR": 0.0708979,
    "ScanOptions": "FS",
    "ScanningSequence": "EP",
    "SequenceName": "epfid2d1_96",
    "SequenceVariant": "SK\\SS",
    "SeriesDescription": "MB4_2_5mm_20K_TR1250_4",
    "SeriesNumber": 8,
    "ShimSetting": [
      -1724,
      -3673,
      -4295,
      506,
      372,
      282,
      8,
      -315
    ],
    "SliceThickness": 2.5,
    "SliceTiming": [
      0,
      0.66,
      0.0925,
      0.755,
      0.1875,
      0.85,
      0.2825,
      0.945,
      0.3775,
      1.04,
      0.4725,
      1.135,
      0.5675,
      0,
      0.66,
      0.0925,
      0.755,
      0.1875,
      0.85,
      0.2825,
      0.945,
      0.3775,
      1.04,
      0.4725,
      1.135,
      0.5675,
      0,
      0.66,
      0.0925,
      0.755,
      0.1875,
      0.85,
      0.2825,
      0.945,
      0.3775,
      1.04,
      0.4725,
      1.135,
      0.5675,
      0,
      0.66,
      0.0925,
      0.755,
      0.1875,
      0.85,
      0.2825,
      0.945,
      0.3775,
      1.04,
      0.4725,
      1.135,
      0.5675
    ],
    "SoftwareVersions": "syngo MR D13",
    "SpacingBetweenSlices": 2.75,
    "StationName": "FBMTMR1",
    "TaskName": "multar",
    "TotalReadoutTime": 0.0626993,
    "TxRefAmp": 336.399,
    "WipMemBlock": "ee874aa1-86a2-4aa5-a8ac-8812ccfd721e||Sequence: vd13a/master r/bd40f27; Jul 20 2016 19:26:27 by eja",
    "acq_id": "mb",
    "dataset": "ds003470",
    "modality": "bold",
    "run_id": 4,
    "session_id": "1",
    "subject_id": "15",
    "task_id": "multar"
  },
  "dummy_trs": 1,
  "dvars_nstd": 39.02659647836309,
  "dvars_std": 1.1741731305654752,
  "dvars_vstd": 0.961399564464286,
  "efc": 0.4137890279639997,
  "fber": 7699.46484375,
  "fd_mean": 0.276017442589241,
  "fd_num": 230,
  "fd_perc": 68.24925816023739,
  "fwhm_avg": 2.057551925543347,
  "fwhm_x": 1.9637319999999998,
  "fwhm_y": 2.342203776630041,
  "fwhm_z": 1.86672,
  "gcor": 0.00714955,
  "gsr_x": -0.009034953080117702,
  "gsr_y": 0.020161587744951248,
  "provenance": {
    "md5sum": "296c3994850e6d8c890fa7455a6b0ae4",
    "settings": {
      "fd_thres": 0.2,
      "testing": false
    },
    "software": "mriqc",
    "version": "22.0.6",
    "webapi_port": null,
    "webapi_url": "https://mriqc.nimh.nih.gov/api/v1"
  },
  "size_t": 337,
  "size_x": 96,
  "size_y": 96,
  "size_z": 52,
  "snr": 5.206084670510304,
  "spacing_tr": 1.25,
  "spacing_x": 2.5,
  "spacing_y": 2.500000238418579,
  "spacing_z": 2.75,
  "summary_bg_k": 63.50497737168777,
  "summary_bg_mad": 47.41272467190434,
  "summary_bg_mean": 220.84201049804688,
  "summary_bg_median": 96.00485229492188,
  "summary_bg_n": 350674.0,
  "summary_bg_p05": 53.59083728790283,
  "summary_bg_p95": 779.6876434326158,
  "summary_bg_stdv": 465.55633544921875,
  "summary_fg_k": 5.444849765029957,
  "summary_fg_mad": 1246.9271038392362,
  "summary_fg_mean": 8641.9375,
  "summary_fg_median": 8505.953125,
  "summary_fg_n": 64276.0,
  "summary_fg_p05": 6560.8231201171875,
  "summary_fg_p95": 11203.255615234375,
  "summary_fg_stdv": 1633.835693359375,
  "tsnr": 40.72569274902344
}