{
  "aor": 0.0009455692307692308,
  "aqi": 0.024285972923076923,
  "bids_meta": {
    "AcquisitionMatrixPE": 96,
    "AcquisitionNumber": 1,
    "AcquisitionTime": "11:08:34.472500",
    "BandwidthPerPixelPhaseEncode": 15.783,
    "BaseResolution": 96,
    "BodyPartExamined": "BRAIN",
    "ConsistencyInfo": "N4_VD13A_LATEST_20120616",
    "ConversionSoftware": "dcm2niix",
    "ConversionSoftwareVersion": "v1.0.20201102",
    "DerivedVendorReportedEchoSpacing": 0.000659993,
    "DeviceSerialNumber": "45250",
    "DwellTime": 2.1e-06,
    "EchoTime": 0.04,
    "EchoTrainLength": 96,
    "EffectiveEchoSpacing": 0.000659993,
    "FlipAngle": 60,
    "ImageComments": "Unaliased MB4/PE3",
    "ImageOrientationPatientDICOM": [
      0.998447,
      -0.0249912,
      -0.0497959,
      0.0162078,
      0.985387,
      -0.16956
    ],
    "ImageType": [
      "ORIGINAL",
      "PRIMARY",
      "M",
      "MB",
      "ND",
      "NORM",
      "MOSAIC"
    ],
    "ImagingFrequency": 123.22,
    "InPlanePhaseEncodingDirectionDICOM": "COL",
    "InstitutionAddress": "Kopernikusstr. 26,Graz,Graz,AT,8010",
    "InstitutionName": "KFU",
    "InstitutionalDepartmentName": "Department",
    "MRAcquisitionType": "2D",
    "MagneticFieldStrength": 3,
    "Manufacturer": "Siemens",
    "ManufacturersModelName": "Skyra",
    "Modality": "MR",
    "MultibandAccelerationFactor": 4,
    "PartialFourier": 1,
    "PatientPosition": "HFS",
    "PercentPhaseFOV": 100,
    "PercentSampling": 100,
    "PhaseEncodingDirection": "j-",
    "PhaseEncodingSteps": 96,
    "PhaseResolution": 1,
    "PixelBandwidth": 2480,
    "ProcedureStepDescription": "KFU^AllgemeinePsy",
    "ProtocolName": "MB4_2_5mm_20K_TR1250_1",
    "PulseSequenceDetails": "%CustomerSeq%\\cmrr_mbep2d_bold",
    "ReceiveCoilActiveElements": "HE1-4",
    "ReceiveCoilName": "HeadNeck_20",
    "ReconMatrixPE": 96,
    "RepetitionTime": 1.25,
    "SAR": 0.0708979,
    "ScanOptions": "FS",
    "ScanningSequence": "EP",
    "SequenceName": "epfid2d1_96",
    "SequenceVariant": "SK\\SS",
    "SeriesDescription": "MB4_2_5mm_20K_TR1250_1",
    "SeriesNumber": 5,
    "ShimSetting": [
      -1724,
      -3673,
      -4295,
      506,
      372,
      282,
      8,
      -315
    ],
    "SliceThickness": 2.5,
    "SliceTiming": [
      0,
      0.6625,
      0.095,
      0.7575,
      0.1875,
      0.85,
      0.2825,
      0.945,
      0.3775,
      1.04,
      0.4725,
      1.135,
      0.5675,
      0,
      0.6625,
      0.095,
      0.7575,
      0.1875,
      0.85,
      0.2825,
      0.945,
      0.3775,
      1.04,
      0.4725,
      1.135,
      0.5675,
      0,
      0.6625,
      0.095,
      0.7575,
      0.1875,
      0.85,
      0.2825,
      0.945,
      0.3775,
      1.04,
      0.4725,
      1.135,
      0.5675,
      0,
      0.6625,
      0.095,
      0.7575,
      0.1875,
      0.85,
      0.2825,
      0.945,
      0.3775,
      1.04,
      0.4725,
      1.135,
      0.5675
    ],
    "SoftwareVersions": "syngo MR D13",
    "SpacingBetweenSlices": 2.75,
    "StationName": "FBMTMR1",
    "TaskName": "multar",
    "TotalReadoutTime": 0.0626993,
    "TxRefAmp": 336.399,
    "WipMemBlock": "8ff4c239-a5d2-4fbc-9fbd-9b0a9bca7920||Sequence: vd13a/master r/bd40f27; Jul 20 2016 19:26:27 by eja",
    "acq_id": "mb",
    "dataset": "ds003470",
    "modality": "bold",
    "run_id": 1,
    "session_id": "1",
    "subject_id": "15",
    "task_id": "multar"
  },
  "dummy_trs": 0,
  "dvars_nstd": 37.557683532777794,
  "dvars_std": 1.1263827665123456,
  "dvars_vstd": 0.9657516244444451,
  "efc": 0.4112276640743438,
  "fber": 7987.9150390625,
  "fd_mean": 0.30601953759586953,
  "fd_num": 257,
  "fd_perc": 79.07692307692308,
  "fwhm_avg": 2.0662524098448043,
  "fwhm_x": 1.96412,
  "fwhm_y": 2.359411774988959,
  "fwhm_z": 1.8752254545454543,
  "gcor": 0.0111962,
  "gsr_x": -0.008455594070255756,
  "gsr_y": 0.020794527605175972,
  "provenance": {
    "md5sum": "1fcb89af88e9c5758330decead61e169",
    "settings": {
      "fd_thres": 0.2,
      "testing": false
    },
    "software": "mriqc",
    "version": "22.0.6",
    "webapi_port": null,
    "webapi_url": "https://mriqc.nimh.nih.gov/api/v1"
  },
  "size_t": 325,
  "size_x": 96,
  "size_y": 96,
  "size_z": 52,
  "snr": 5.154288360947993,
  "spacing_tr": 1.25,
  "spacing_x": 2.5,
  "spacing_y": 2.500000238418579,
  "spacing_z": 2.75,
  "summary_bg_k": 63.805200903856715,
  "summary_bg_mad": 46.723823425148694,
  "summary_bg_mean": 219.5020294189453,
  "summary_bg_median": 95.5734634399414,
  "summary_bg_n": 351407.0,
  "summary_bg_p05": 53.63254623413086,
  "summary_bg_p95": 759.8749267578128,
  "summary_bg_stdv": 473.3086242675781,
  "summary_fg_k": 5.404595941695911,
  "summary_fg_mad": 1277.3327560752975,
  "summary_fg_mean": 8744.3125,
  "summary_fg_median": 8588.90625,
  "summary_fg_n": 63713.0,
  "summary_fg_p05": 6646.7400390625,
  "summary_fg_p95": 11384.809960937499,
  "summary_fg_stdv": 1666.34814453125,
  "tsnr": 36.83891296386719
}