{
  "aor": 0.0011744654088050315,
  "aqi": 0.021033041226415097,
  "bids_meta": {
    "AcquisitionMatrixPE": 96,
    "AcquisitionNumber": 1,
    "AcquisitionTime": "11:54:10.325000",
    "BandwidthPerPixelPhaseEncode": 15.783,
    "BaseResolution": 96,
    "BodyPartExamined": "BRAIN",
    "ConsistencyInfo": "N4_VD13A_LATEST_20120616",
    "ConversionSoftware": "dcm2niix",
    "ConversionSoftwareVersion": "v1.0.20201102",
    "DerivedVendorReportedEchoSpacing": 0.000659993,
    "DeviceSerialNumber": "45250",
    "DwellTime": 2.1e-06,
    "EchoTime": 0.04,
    "EchoTrainLength": 96,
    "EffectiveEchoSpacing": 0.000659993,
    "FlipAngle": 60,
    "ImageComments": "Unaliased MB4/PE3",
    "ImageOrientationPatientDICOM": [
      0.998447,
      -0.0249912,
      -0.0497959,
      0.0162078,
      0.985387,
      -0.16956
    ],
    "ImageType": [
      "ORIGINAL",
      "PRIMARY",
      "M",
      "MB",
      "ND",
      "NORM",
      "MOSAIC"
    ],
    "ImagingFrequency": 123.22,
    "InPlanePhaseEncodingDirectionDICOM": "COL",
    "InstitutionAddress": "Kopernikusstr. 26,Graz,Graz,AT,8010",
    "InstitutionName": "KFU",
    "InstitutionalDepartmentName": "Department",
    "MRAcquisitionType": "2D",
    "MagneticFieldStrength": 3,
    "Manufacturer": "Siemens",
    "ManufacturersModelName": "Skyra",
    "Modality": "MR",
    "MultibandAccelerationFactor": 4,
    "PartialFourier": 1,
    "PatientPosition": "HFS",
    "PercentPhaseFOV": 100,
    "PercentSampling": 100,
    "PhaseEncodingDirection": "j-",
    "PhaseEncodingSteps": 96,
    "PhaseResolution": 1,
    "PixelBandwidth": 2480,
    "ProcedureStepDescription": "KFU^AllgemeinePsy",
    "ProtocolName": "MB4_2_5mm_20K_TR1250_6",
    "PulseSequenceDetails": "%CustomerSeq%\\cmrr_mbep2d_bold",
    "ReceiveCoilActiveElements": "HE1-4",
    "ReceiveCoilName": "HeadNeck_20",
    "ReconMatrixPE": 96,
    "RepetitionTime": 1.25,
    "SAR": 0.0708979,
    "ScanOptions": "FS",
    "ScanningSequence": "EP",
    "SequenceName": "epfid2d1_96",
    "SequenceVariant": "SK\\SS",
    "SeriesDescription": "MB4_2_5mm_20K_TR1250_6",
    "SeriesNumber": 10,
    "ShimSetting": [
      -1724,
      -3673,
      -4295,
      506,
      372,
      282,
      8,
      -315
    ],
    "SliceThickness": 2.5,
    "SliceTiming": [
      0,
      0.6625,
      0.095,
      0.7575,
      0.19,
      0.8525,
      0.2825,
      0.945,
      0.3775,
      1.04,
      0.4725,
      1.135,
      0.5675,
      0,
      0.6625,
      0.095,
      0.7575,
      0.19,
      0.8525,
      0.2825,
      0.945,
      0.3775,
      1.04,
      0.4725,
      1.135,
      0.5675,
      0,
      0.6625,
      0.095,
      0.7575,
      0.19,
      0.8525,
      0.2825,
      0.945,
      0.3775,
      1.04,
      0.4725,
      1.135,
      0.5675,
      0,
      0.6625,
      0.095,
      0.7575,
      0.19,
      0.8525,
      0.2825,
      0.945,
      0.3775,
      1.04,
      0.4725,
      1.135,
      0.5675
    ],
    "SoftwareVersions": "syngo MR D13",
    "SpacingBetweenSlices": 2.75,
    "StationName": "FBMTMR1",
    "TaskName": "multar",
    "TotalReadoutTime": 0.0626993,
    "TxRefAmp": 336.399,
    "WipMemBlock": "02459cc4-1fa3-43cc-8cac-69d74ea710d4||Sequence: vd13a/master r/bd40f27; Jul 20 2016 19:26:27 by eja",
    "acq_id": "mb",
    "dataset": "ds003470",
    "modality": "bold",
    "run_id": 6,
    "session_id": "1",
    "subject_id": "15",
    "task_id": "multar"
  },
  "dummy_trs": 1,
  "dvars_nstd": 40.07696120444796,
  "dvars_std": 1.2010101675078866,
  "dvars_vstd": 0.9839582749211361,
  "efc": 0.4146259733043663,
  "fber": 7584.7119140625,
  "fd_mean": 0.3107769849499162,
  "fd_num": 242,
  "fd_perc": 76.1006289308176,
  "fwhm_avg": 2.079056167108393,
  "fwhm_x": 1.974504,
  "fwhm_y": 2.3692317740524507,
  "fwhm_z": 1.8934327272727274,
  "gcor": 0.0109802,
  "gsr_x": -0.008850560523569584,
  "gsr_y": 0.019952870905399323,
  "provenance": {
    "md5sum": "7d11b9028943c5475805a93119487c5b",
    "settings": {
      "fd_thres": 0.2,
      "testing": false
    },
    "software": "mriqc",
    "version": "22.0.6",
    "webapi_port": null,
    "webapi_url": "https://mriqc.nimh.nih.gov/api/v1"
  },
  "size_t": 318,
  "size_x": 96,
  "size_y": 96,
  "size_z": 52,
  "snr": 5.159341044236407,
  "spacing_tr": 1.25,
  "spacing_x": 2.5,
  "spacing_y": 2.500000238418579,
  "spacing_z": 2.75,
  "summary_bg_k": 61.79260679804261,
  "summary_bg_mad": 48.121748823221765,
  "summary_bg_mean": 222.2665252685547,
  "summary_bg_median": 96.07603454589844,
  "summary_bg_n": 350407.0,
  "summary_bg_p05": 53.18399353027344,
  "summary_bg_p95": 784.6464050292974,
  "summary_bg_stdv": 471.9217834472656,
  "summary_fg_k": 5.329709689129119,
  "summary_fg_mad": 1250.4634865723415,
  "summary_fg_mean": 8589.025390625,
  "summary_fg_median": 8454.6767578125,
  "summary_fg_n": 64569.0,
  "summary_fg_p05": 6471.03173828125,
  "summary_fg_p95": 11149.185351562499,
  "summary_fg_stdv": 1638.6998291015625,
  "tsnr": 38.80326843261719
}