{
  "aor": 0.0010068562874251496,
  "aqi": 0.02463282005988024,
  "bids_meta": {
    "AcquisitionMatrixPE": 96,
    "AcquisitionNumber": 1,
    "AcquisitionTime": "11:23:10.335000",
    "BandwidthPerPixelPhaseEncode": 15.783,
    "BaseResolution": 96,
    "BodyPartExamined": "BRAIN",
    "ConsistencyInfo": "N4_VD13A_LATEST_20120616",
    "ConversionSoftware": "dcm2niix",
    "ConversionSoftwareVersion": "v1.0.20201102",
    "DerivedVendorReportedEchoSpacing": 0.000659993,
    "DeviceSerialNumber": "45250",
    "DwellTime": 2.1e-06,
    "EchoTime": 0.04,
    "EchoTrainLength": 96,
    "EffectiveEchoSpacing": 0.000659993,
    "FlipAngle": 60,
    "ImageComments": "Unaliased MB4/PE3",
    "ImageOrientationPatientDICOM": [
      0.999844,
      -0.0151174,
      0.00914493,
      0.0162305,
      0.990395,
      -0.137314
    ],
    "ImageType": [
      "ORIGINAL",
      "PRIMARY",
      "M",
      "MB",
      "ND",
      "NORM",
      "MOSAIC"
    ],
    "ImagingFrequency": 123.22,
    "InPlanePhaseEncodingDirectionDICOM": "COL",
    "InstitutionAddress": "Kopernikusstr. 26,Graz,Graz,AT,8010",
    "InstitutionName": "KFU",
    "InstitutionalDepartmentName": "Department",
    "MRAcquisitionType": "2D",
    "MagneticFieldStrength": 3,
    "Manufacturer": "Siemens",
    "ManufacturersModelName": "Skyra",
    "Modality": "MR",
    "MultibandAccelerationFactor": 4,
    "PartialFourier": 1,
    "PatientPosition": "HFS",
    "PercentPhaseFOV": 100,
    "PercentSampling": 100,
    "PhaseEncodingDirection": "j-",
    "PhaseEncodingSteps": 96,
    "PhaseResolution": 1,
    "PixelBandwidth": 2480,
    "ProcedureStepDescription": "KFU^AllgemeinePsy",
    "ProtocolName": "MB4_2_5mm_20K_TR1250_2",
    "PulseSequenceDetails": "%CustomerSeq%\\cmrr_mbep2d_bold",
    "ReceiveCoilActiveElements": "HE1-4",
    "ReceiveCoilName": "HeadNeck_20",
    "ReconMatrixPE": 96,
    "RepetitionTime": 1.25,
    "SAR": 0.070748,
    "ScanOptions": "FS",
    "ScanningSequence": "EP",
    "SequenceName": "epfid2d1_96",
    "SequenceVariant": "SK\\SS",
    "SeriesDescription": "MB4_2_5mm_20K_TR1250_2",
    "SeriesNumber": 6,
    "ShimSetting": [
      -1659,
      -3631,
      -4434,
      448,
      558,
      179,
      -113,
      -389
    ],
    "SliceThickness": 2.5,
    "SliceTiming": [
      0,
      0.6625,
      0.095,
      0.7575,
      0.19,
      0.8525,
      0.285,
      0.945,
      0.3775,
      1.04,
      0.4725,
      1.135,
      0.5675,
      0,
      0.6625,
      0.095,
      0.7575,
      0.19,
      0.8525,
      0.285,
      0.945,
      0.3775,
      1.04,
      0.4725,
      1.135,
      0.5675,
      0,
      0.6625,
      0.095,
      0.7575,
      0.19,
      0.8525,
      0.285,
      0.945,
      0.3775,
      1.04,
      0.4725,
      1.135,
      0.5675,
      0,
      0.6625,
      0.095,
      0.7575,
      0.19,
      0.8525,
      0.285,
      0.945,
      0.3775,
      1.04,
      0.4725,
      1.135,
      0.5675
    ],
    "SoftwareVersions": "syngo MR D13",
    "SpacingBetweenSlices": 2.75,
    "StationName": "FBMTMR1",
    "TaskName": "multar",
    "TotalReadoutTime": 0.0626993,
    "TxRefAmp": 373.643,
    "WipMemBlock": "e2dbe729-9e06-4a12-8a41-59872a63f9c3||Sequence: vd13a/master r/c0cb646; Dec 14 2015 19:21:42 by eja",
    "acq_id": "mb",
    "dataset": "ds003470",
    "modality": "bold",
    "run_id": 2,
    "session_id": "1",
    "subject_id": "10",
    "task_id": "multar"
  },
  "dummy_trs": 1,
  "dvars_nstd": 36.677131389249254,
  "dvars_std": 1.0942871058858854,
  "dvars_vstd": 0.9288218082582581,
  "efc": 0.40321929349655905,
  "fber": 7299.93212890625,
  "fd_mean": 0.1865541502111654,
  "fd_num": 129,
  "fd_perc": 38.622754491017965,
  "fwhm_avg": 2.015770787878788,
  "fwhm_x": 1.9399719999999998,
  "fwhm_y": 2.244864,
  "fwhm_z": 1.8624763636363637,
  "gcor": 0.00471101,
  "gsr_x": -0.015308374539017677,
  "gsr_y": 0.030031420290470123,
  "provenance": {
    "md5sum": "eac2103d238022dcbf9a42b3f1eee7d8",
    "settings": {
      "fd_thres": 0.2,
      "testing": false
    },
    "software": "mriqc",
    "version": "22.0.6",
    "webapi_port": null,
    "webapi_url": "https://mriqc.nimh.nih.gov/api/v1"
  },
  "size_t": 334,
  "size_x": 96,
  "size_y": 96,
  "size_z": 52,
  "snr": 4.073070315999816,
  "spacing_tr": 1.25,
  "spacing_x": 2.5,
  "spacing_y": 2.5,
  "spacing_z": 2.75,
  "summary_bg_k": 81.17918021805305,
  "summary_bg_mad": 53.776663935549735,
  "summary_bg_mean": 223.0738983154297,
  "summary_bg_median": 104.79637145996094,
  "summary_bg_n": 352574.0,
  "summary_bg_p05": 51.95802955627441,
  "summary_bg_p95": 727.5721832275365,
  "summary_bg_stdv": 461.93328857421875,
  "summary_fg_k": 3.005965677235819,
  "summary_fg_mad": 1705.890220593428,
  "summary_fg_mean": 9206.890625,
  "summary_fg_median": 8890.66796875,
  "summary_fg_n": 64124.0,
  "summary_fg_p05": 6553.604418945312,
  "summary_fg_p95": 13317.196435546874,
  "summary_fg_stdv": 2182.775634765625,
  "tsnr": 33.61471176147461
}