{
  "aor": 0.0008297872340425533,
  "aqi": 0.019257404680851065,
  "bids_meta": {
    "AcquisitionMatrixPE": 96,
    "AcquisitionNumber": 1,
    "AcquisitionTime": "11:14:17.650000",
    "BandwidthPerPixelPhaseEncode": 15.783,
    "BaseResolution": 96,
    "BodyPartExamined": "BRAIN",
    "ConsistencyInfo": "N4_VD13A_LATEST_20120616",
    "ConversionSoftware": "dcm2niix",
    "ConversionSoftwareVersion": "v1.0.20201102",
    "DerivedVendorReportedEchoSpacing": 0.000659993,
    "DeviceSerialNumber": "45250",
    "DwellTime": 2.1e-06,
    "EchoTime": 0.04,
    "EchoTrainLength": 96,
    "EffectiveEchoSpacing": 0.000659993,
    "FlipAngle": 60,
    "ImageComments": "Unaliased MB4/PE3",
    "ImageOrientationPatientDICOM": [
      0.999844,
      -0.0151174,
      0.00914493,
      0.0162305,
      0.990395,
      -0.137314
    ],
    "ImageType": [
      "ORIGINAL",
      "PRIMARY",
      "M",
      "MB",
      "ND",
      "NORM",
      "MOSAIC"
    ],
    "ImagingFrequency": 123.22,
    "InPlanePhaseEncodingDirectionDICOM": "COL",
    "InstitutionAddress": "Kopernikusstr. 26,Graz,Graz,AT,8010",
    "InstitutionName": "KFU",
    "InstitutionalDepartmentName": "Department",
    "MRAcquisitionType": "2D",
    "MagneticFieldStrength": 3,
    "Manufacturer": "Siemens",
    "ManufacturersModelName": "Skyra",
    "Modality": "MR",
    "MultibandAccelerationFactor": 4,
    "PartialFourier": 1,
    "PatientPosition": "HFS",
    "PercentPhaseFOV": 100,
    "PercentSampling": 100,
    "PhaseEncodingDirection": "j-",
    "PhaseEncodingSteps": 96,
    "PhaseResolution": 1,
    "PixelBandwidth": 2480,
    "ProcedureStepDescription": "KFU^AllgemeinePsy",
    "ProtocolName": "MB4_2_5mm_20K_TR1250_1",
    "PulseSequenceDetails": "%CustomerSeq%\\cmrr_mbep2d_bold",
    "ReceiveCoilActiveElements": "HE1-4",
    "ReceiveCoilName": "HeadNeck_20",
    "ReconMatrixPE": 96,
    "RepetitionTime": 1.25,
    "SAR": 0.070748,
    "ScanOptions": "FS",
    "ScanningSequence": "EP",
    "SequenceName": "epfid2d1_96",
    "SequenceVariant": "SK\\SS",
    "SeriesDescription": "MB4_2_5mm_20K_TR1250_1",
    "SeriesNumber": 5,
    "ShimSetting": [
      -1659,
      -3631,
      -4434,
      448,
      558,
      179,
      -113,
      -389
    ],
    "SliceThickness": 2.5,
    "SliceTiming": [
      0,
      0.66,
      0.0925,
      0.755,
      0.1875,
      0.85,
      0.2825,
      0.945,
      0.3775,
      1.04,
      0.4725,
      1.135,
      0.5675,
      0,
      0.66,
      0.0925,
      0.755,
      0.1875,
      0.85,
      0.2825,
      0.945,
      0.3775,
      1.04,
      0.4725,
      1.135,
      0.5675,
      0,
      0.66,
      0.0925,
      0.755,
      0.1875,
      0.85,
      0.2825,
      0.945,
      0.3775,
      1.04,
      0.4725,
      1.135,
      0.5675,
      0,
      0.66,
      0.0925,
      0.755,
      0.1875,
      0.85,
      0.2825,
      0.945,
      0.3775,
      1.04,
      0.4725,
      1.135,
      0.5675
    ],
    "SoftwareVersions": "syngo MR D13",
    "SpacingBetweenSlices": 2.75,
    "StationName": "FBMTMR1",
    "TaskName": "multar",
    "TotalReadoutTime": 0.0626993,
    "TxRefAmp": 373.643,
    "WipMemBlock": "84ed7b6a-5898-44a1-84f4-0ba78a8c10b3||Sequence: vd13a/master r/c0cb646; Dec 14 2015 19:21:42 by eja",
    "acq_id": "mb",
    "dataset": "ds003470",
    "modality": "bold",
    "run_id": 1,
    "session_id": "1",
    "subject_id": "10",
    "task_id": "multar"
  },
  "dummy_trs": 2,
  "dvars_nstd": 35.52410369381097,
  "dvars_std": 1.1125201597560983,
  "dvars_vstd": 0.9591802692682934,
  "efc": 0.4037349527741117,
  "fber": 7206.03564453125,
  "fd_mean": 0.211414253791986,
  "fd_num": 186,
  "fd_perc": 56.53495440729483,
  "fwhm_avg": 1.9759504242424242,
  "fwhm_x": 1.9076119999999999,
  "fwhm_y": 2.190992,
  "fwhm_z": 1.8292472727272726,
  "gcor": 0.0038881,
  "gsr_x": -0.015641966834664345,
  "gsr_y": 0.028575830161571503,
  "provenance": {
    "md5sum": "cc4eb1a99a1dfbc07552c455308452b9",
    "settings": {
      "fd_thres": 0.2,
      "testing": false
    },
    "software": "mriqc",
    "version": "22.0.6",
    "webapi_port": null,
    "webapi_url": "https://mriqc.nimh.nih.gov/api/v1"
  },
  "size_t": 329,
  "size_x": 96,
  "size_y": 96,
  "size_z": 52,
  "snr": 4.090890564984354,
  "spacing_tr": 1.25,
  "spacing_x": 2.5,
  "spacing_y": 2.5,
  "spacing_z": 2.75,
  "summary_bg_k": 83.40466952279009,
  "summary_bg_mad": 53.279852157747506,
  "summary_bg_mean": 224.99447631835938,
  "summary_bg_median": 105.2847671508789,
  "summary_bg_n": 352613.0,
  "summary_bg_p05": 53.168374633789064,
  "summary_bg_p95": 727.5956787109371,
  "summary_bg_stdv": 471.1099548339844,
  "summary_fg_k": 2.9772145798018324,
  "summary_fg_mad": 1727.7108241433284,
  "summary_fg_mean": 9227.8076171875,
  "summary_fg_median": 8911.392578125,
  "summary_fg_n": 63991.0,
  "summary_fg_p05": 6566.617919921875,
  "summary_fg_p95": 13293.61083984375,
  "summary_fg_stdv": 2178.333251953125,
  "tsnr": 36.001121520996094
}