{
  "bids_meta": {
    "AcquisitionMatrixPE": 256,
    "AcquisitionNumber": 1,
    "AcquisitionTime": "12:14:40.472500",
    "BaseResolution": 256,
    "BodyPartExamined": "BRAIN",
    "ConsistencyInfo": "N4_VD13A_LATEST_20120616",
    "ConversionSoftware": "dcm2niix",
    "ConversionSoftwareVersion": "v1.0.20201102",
    "DeviceSerialNumber": "45250",
    "DwellTime": 8.5e-06,
    "EchoTime": 0.00207,
    "FlipAngle": 9,
    "ImageOrientationPatientDICOM": [
      0.00560303,
      0.982337,
      -0.187038,
      0.000500274,
      -0.187044,
      -0.982351
    ],
    "ImageType": [
      "ORIGINAL",
      "PRIMARY",
      "M",
      "ND",
      "NORM"
    ],
    "ImagingFrequency": 123.22,
    "InPlanePhaseEncodingDirectionDICOM": "ROW",
    "InstitutionAddress": "Kopernikusstr. 26,Graz,Graz,AT,8010",
    "InstitutionName": "KFU",
    "InstitutionalDepartmentName": "Department",
    "InversionTime": 0.9,
    "MRAcquisitionType": "3D",
    "MagneticFieldStrength": 3,
    "Manufacturer": "Siemens",
    "ManufacturersModelName": "Skyra",
    "Modality": "MR",
    "ParallelReductionFactorInPlane": 2,
    "PartialFourier": 1,
    "PatientPosition": "HFS",
    "PercentPhaseFOV": 100,
    "PercentSampling": 100,
    "PhaseEncodingSteps": 282,
    "PhaseOversampling": 0.1,
    "PhaseResolution": 1,
    "PixelBandwidth": 230,
    "ProcedureStepDescription": "KFU^AllgemeinePsy",
    "ProtocolName": "t1_mprage_sag_p0_iso_no_Pat",
    "PulseSequenceDetails": "%SiemensSeq%\\tfl",
    "ReceiveCoilActiveElements": "HE1-4;NE1,2",
    "ReceiveCoilName": "HeadNeck_20",
    "ReconMatrixPE": 256,
    "RefLinesPE": 24,
    "RepetitionTime": 1.56,
    "SAR": 0.0900011,
    "ScanOptions": "IR",
    "ScanningSequence": "GR\\IR",
    "SequenceName": "*tfl3d1_16ns",
    "SequenceVariant": "SK\\SP\\MP\\OSP",
    "SeriesDescription": "t1_mprage_sag_p0_iso_no_Pat",
    "SeriesNumber": 2,
    "ShimSetting": [
      -1661,
      -3542,
      -4866,
      -151,
      630,
      106,
      -188,
      -443
    ],
    "SliceThickness": 1,
    "SoftwareVersions": "syngo MR D13",
    "StationName": "FBMTMR1",
    "TxRefAmp": 346.345,
    "acq_id": "mprage",
    "dataset": "ds003470",
    "modality": "T1w",
    "run_id": 1,
    "session_id": "1",
    "subject_id": "16"
  },
  "cjv": 0.3925668642241928,
  "cnr": 3.519509571076849,
  "efc": 0.5550292686686727,
  "fber": 31386.431701972237,
  "fwhm_avg": 3.81842,
  "fwhm_x": 3.78342,
  "fwhm_y": 3.75279,
  "fwhm_z": 3.91905,
  "icvs_csf": 0.16066059454416884,
  "icvs_gm": 0.4629753702875657,
  "icvs_wm": 0.37636403516826544,
  "inu_med": 0.4588581323623657,
  "inu_range": 0.15395899415016173,
  "provenance": {
    "md5sum": "bc2c7f86b51c67419ff7688d2350d761",
    "settings": {
      "testing": false
    },
    "software": "mriqc",
    "version": "22.0.6",
    "warnings": {
      "large_rot_frame": true,
      "small_air_mask": false
    },
    "webapi_port": null,
    "webapi_url": "https://mriqc.nimh.nih.gov/api/v1"
  },
  "qi_1": 0.0,
  "qi_2": 0.011101793528399498,
  "rpve_csf": 32.18217207539973,
  "rpve_gm": 12.326022062611752,
  "rpve_wm": 16.319971483567407,
  "size_x": 176,
  "size_y": 256,
  "size_z": 256,
  "snr_csf": 2.3222997602732,
  "snr_gm": 14.409364742019026,
  "snr_total": 13.074925140911608,
  "snr_wm": 22.493110920442593,
  "snrd_csf": 25.855950585247278,
  "snrd_gm": 58.73051634185586,
  "snrd_total": 54.08631211915763,
  "snrd_wm": 77.67246943036976,
  "spacing_x": 1.0,
  "spacing_y": 1.0,
  "spacing_z": 1.0,
  "summary_bg_k": 17.044397120488558,
  "summary_bg_mad": 0.0,
  "summary_bg_mean": 4.4960104965091245,
  "summary_bg_median": 0.0,
  "summary_bg_n": 2816548.0,
  "summary_bg_p05": 0.0,
  "summary_bg_p95": 20.600587278604507,
  "summary_bg_stdv": 8.434936977943975,
  "summary_csf_k": 7.2225929220410325,
  "summary_csf_mad": 111.89118758728038,
  "summary_csf_mean": 339.310001342608,
  "summary_csf_median": 332.8975671194494,
  "summary_csf_n": 24974.0,
  "summary_csf_p05": 102.59290547315031,
  "summary_csf_p95": 570.0836172470821,
  "summary_csf_stdv": 143.34536301667936,
  "summary_gm_k": -0.018036621826828192,
  "summary_gm_mad": 52.50956519844024,
  "summary_gm_mean": 756.3215975005031,
  "summary_gm_median": 756.1604026667774,
  "summary_gm_n": 48679.0,
  "summary_gm_p05": 669.5587030686438,
  "summary_gm_p95": 842.2510492343455,
  "summary_gm_stdv": 52.476472721862464,
  "summary_wm_k": 0.28948571133853296,
  "summary_wm_mad": 43.22935121482329,
  "summary_wm_mean": 1001.1019081618384,
  "summary_wm_median": 1000.0396628342569,
  "summary_wm_n": 199010.0,
  "summary_wm_p05": 929.9976660870016,
  "summary_wm_p95": 1075.9052871391177,
  "summary_wm_stdv": 44.45970830055427,
  "tpm_overlap_csf": 0.12554027695096284,
  "tpm_overlap_gm": 0.46147888180410035,
  "tpm_overlap_wm": 0.4933240503927461,
  "wm2max": 0.45864675315236747
}