{
  "aor": 0.0007874269005847952,
  "aqi": 0.01625871970760234,
  "bids_meta": {
    "AcquisitionMatrixPE": 96,
    "AcquisitionNumber": 1,
    "AcquisitionTime": "11:09:22.177500",
    "BandwidthPerPixelPhaseEncode": 15.783,
    "BaseResolution": 96,
    "BodyPartExamined": "BRAIN",
    "ConsistencyInfo": "N4_VD13A_LATEST_20120616",
    "ConversionSoftware": "dcm2niix",
    "ConversionSoftwareVersion": "v1.0.20201102",
    "DerivedVendorReportedEchoSpacing": 0.000659993,
    "DeviceSerialNumber": "45250",
    "DwellTime": 2.1e-06,
    "EchoTime": 0.04,
    "EchoTrainLength": 96,
    "EffectiveEchoSpacing": 0.000659993,
    "FlipAngle": 60,
    "ImageComments": "Unaliased MB4/PE3",
    "ImageOrientationPatientDICOM": [
      0.999868,
      -0.0161297,
      0.00180924,
      0.0162308,
      0.993637,
      -0.111454
    ],
    "ImageType": [
      "ORIGINAL",
      "PRIMARY",
      "M",
      "MB",
      "ND",
      "NORM",
      "MOSAIC"
    ],
    "ImagingFrequency": 123.22,
    "InPlanePhaseEncodingDirectionDICOM": "COL",
    "InstitutionAddress": "Kopernikusstr. 26,Graz,Graz,AT,8010",
    "InstitutionName": "KFU",
    "InstitutionalDepartmentName": "Department",
    "MRAcquisitionType": "2D",
    "MagneticFieldStrength": 3,
    "Manufacturer": "Siemens",
    "ManufacturersModelName": "Skyra",
    "Modality": "MR",
    "MultibandAccelerationFactor": 4,
    "PartialFourier": 1,
    "PatientPosition": "HFS",
    "PercentPhaseFOV": 100,
    "PercentSampling": 100,
    "PhaseEncodingDirection": "j-",
    "PhaseEncodingSteps": 96,
    "PhaseResolution": 1,
    "PixelBandwidth": 2480,
    "ProcedureStepDescription": "KFU^AllgemeinePsy",
    "ProtocolName": "MB4_2_5mm_20K_TR1250_2",
    "PulseSequenceDetails": "%CustomerSeq%\\cmrr_mbep2d_bold",
    "ReceiveCoilActiveElements": "HE1-4",
    "ReceiveCoilName": "HeadNeck_20",
    "ReconMatrixPE": 96,
    "RepetitionTime": 1.25,
    "SAR": 0.0690091,
    "ScanOptions": "FS",
    "ScanningSequence": "EP",
    "SequenceName": "epfid2d1_96",
    "SequenceVariant": "SK\\SS",
    "SeriesDescription": "MB4_2_5mm_20K_TR1250_2",
    "SeriesNumber": 6,
    "ShimSetting": [
      -1634,
      -3683,
      -4460,
      375,
      645,
      -94,
      161,
      -245
    ],
    "SliceThickness": 2.5,
    "SliceTiming": [
      0,
      0.6625,
      0.095,
      0.7575,
      0.19,
      0.8525,
      0.285,
      0.9475,
      0.38,
      1.04,
      0.4725,
      1.135,
      0.5675,
      0,
      0.6625,
      0.095,
      0.7575,
      0.19,
      0.8525,
      0.285,
      0.9475,
      0.38,
      1.04,
      0.4725,
      1.135,
      0.5675,
      0,
      0.6625,
      0.095,
      0.7575,
      0.19,
      0.8525,
      0.285,
      0.9475,
      0.38,
      1.04,
      0.4725,
      1.135,
      0.5675,
      0,
      0.6625,
      0.095,
      0.7575,
      0.19,
      0.8525,
      0.285,
      0.9475,
      0.38,
      1.04,
      0.4725,
      1.135,
      0.5675
    ],
    "SoftwareVersions": "syngo MR D13",
    "SpacingBetweenSlices": 2.75,
    "StationName": "FBMTMR1",
    "TaskName": "multar",
    "TotalReadoutTime": 0.0626993,
    "TxRefAmp": 356.542,
    "WipMemBlock": "5a8477c9-ccc8-4786-b12a-7ae1e944b466||Sequence: vd13a/master r/c0cb646; Dec 14 2015 19:21:42 by eja",
    "acq_id": "mb",
    "dataset": "ds003470",
    "modality": "bold",
    "run_id": 2,
    "session_id": "1",
    "subject_id": "13",
    "task_id": "multar"
  },
  "dummy_trs": 2,
  "dvars_nstd": 44.74997607146626,
  "dvars_std": 1.2296773763636366,
  "dvars_vstd": 0.9750768899999994,
  "efc": 0.43363936218628757,
  "fber": 7288.88134765625,
  "fd_mean": 0.28088992039366645,
  "fd_num": 247,
  "fd_perc": 72.22222222222223,
  "fwhm_avg": 2.1552480000000003,
  "fwhm_x": 2.0427720000000003,
  "fwhm_y": 2.433252,
  "fwhm_z": 1.98972,
  "gcor": 0.00410013,
  "gsr_x": -0.011400880292057991,
  "gsr_y": 0.027253413572907448,
  "provenance": {
    "md5sum": "42d5427e1992e7a83c72bbc3ff526408",
    "settings": {
      "fd_thres": 0.2,
      "testing": false
    },
    "software": "mriqc",
    "version": "22.0.6",
    "webapi_port": null,
    "webapi_url": "https://mriqc.nimh.nih.gov/api/v1"
  },
  "size_t": 342,
  "size_x": 96,
  "size_y": 96,
  "size_z": 52,
  "snr": 4.138556355651629,
  "spacing_tr": 1.25,
  "spacing_x": 2.5,
  "spacing_y": 2.5,
  "spacing_z": 2.75,
  "summary_bg_k": 53.5262010918878,
  "summary_bg_mad": 53.699475233621925,
  "summary_bg_mean": 255.54568481445312,
  "summary_bg_median": 105.57255554199219,
  "summary_bg_n": 340076.0,
  "summary_bg_p05": 57.0637788772583,
  "summary_bg_p95": 970.3576965332031,
  "summary_bg_stdv": 536.2181396484375,
  "summary_fg_k": 4.06803223398766,
  "summary_fg_mad": 1682.4856650639913,
  "summary_fg_mean": 9380.9794921875,
  "summary_fg_median": 9043.236328125,
  "summary_fg_n": 73792.0,
  "summary_fg_p05": 6833.711889648437,
  "summary_fg_p95": 13114.882177734375,
  "summary_fg_stdv": 2185.103759765625,
  "tsnr": 39.77452087402344
}