{
  "aor": 0.0006220183486238532,
  "aqi": 0.01488628645259939,
  "bids_meta": {
    "AcquisitionMatrixPE": 96,
    "AcquisitionNumber": 1,
    "AcquisitionTime": "11:28:45.277500",
    "BandwidthPerPixelPhaseEncode": 15.783,
    "BaseResolution": 96,
    "BodyPartExamined": "BRAIN",
    "ConsistencyInfo": "N4_VD13A_LATEST_20120616",
    "ConversionSoftware": "dcm2niix",
    "ConversionSoftwareVersion": "v1.0.20201102",
    "DerivedVendorReportedEchoSpacing": 0.000659993,
    "DeviceSerialNumber": "45250",
    "DwellTime": 2.1e-06,
    "EchoTime": 0.04,
    "EchoTrainLength": 96,
    "EffectiveEchoSpacing": 0.000659993,
    "FlipAngle": 60,
    "ImageComments": "Unaliased MB4/PE3",
    "ImageOrientationPatientDICOM": [
      0.999868,
      -0.0161297,
      0.00180924,
      0.0162308,
      0.993637,
      -0.111454
    ],
    "ImageType": [
      "ORIGINAL",
      "PRIMARY",
      "M",
      "MB",
      "ND",
      "NORM",
      "MOSAIC"
    ],
    "ImagingFrequency": 123.22,
    "InPlanePhaseEncodingDirectionDICOM": "COL",
    "InstitutionAddress": "Kopernikusstr. 26,Graz,Graz,AT,8010",
    "InstitutionName": "KFU",
    "InstitutionalDepartmentName": "Department",
    "MRAcquisitionType": "2D",
    "MagneticFieldStrength": 3,
    "Manufacturer": "Siemens",
    "ManufacturersModelName": "Skyra",
    "Modality": "MR",
    "MultibandAccelerationFactor": 4,
    "PartialFourier": 1,
    "PatientPosition": "HFS",
    "PercentPhaseFOV": 100,
    "PercentSampling": 100,
    "PhaseEncodingDirection": "j-",
    "PhaseEncodingSteps": 96,
    "PhaseResolution": 1,
    "PixelBandwidth": 2480,
    "ProcedureStepDescription": "KFU^AllgemeinePsy",
    "ProtocolName": "MB4_2_5mm_20K_TR1250_4",
    "PulseSequenceDetails": "%CustomerSeq%\\cmrr_mbep2d_bold",
    "ReceiveCoilActiveElements": "HE1-4",
    "ReceiveCoilName": "HeadNeck_20",
    "ReconMatrixPE": 96,
    "RepetitionTime": 1.25,
    "SAR": 0.0690091,
    "ScanOptions": "FS",
    "ScanningSequence": "EP",
    "SequenceName": "epfid2d1_96",
    "SequenceVariant": "SK\\SS",
    "SeriesDescription": "MB4_2_5mm_20K_TR1250_4",
    "SeriesNumber": 8,
    "ShimSetting": [
      -1634,
      -3683,
      -4460,
      375,
      645,
      -94,
      161,
      -245
    ],
    "SliceThickness": 2.5,
    "SliceTiming": [
      0,
      0.6625,
      0.095,
      0.7575,
      0.1875,
      0.85,
      0.2825,
      0.945,
      0.3775,
      1.04,
      0.4725,
      1.135,
      0.5675,
      0,
      0.6625,
      0.095,
      0.7575,
      0.1875,
      0.85,
      0.2825,
      0.945,
      0.3775,
      1.04,
      0.4725,
      1.135,
      0.5675,
      0,
      0.6625,
      0.095,
      0.7575,
      0.1875,
      0.85,
      0.2825,
      0.945,
      0.3775,
      1.04,
      0.4725,
      1.135,
      0.5675,
      0,
      0.6625,
      0.095,
      0.7575,
      0.1875,
      0.85,
      0.2825,
      0.945,
      0.3775,
      1.04,
      0.4725,
      1.135,
      0.5675
    ],
    "SoftwareVersions": "syngo MR D13",
    "SpacingBetweenSlices": 2.75,
    "StationName": "FBMTMR1",
    "TaskName": "multar",
    "TotalReadoutTime": 0.0626993,
    "TxRefAmp": 356.542,
    "WipMemBlock": "0865b03d-64f1-47fe-8fd0-248759ad7127||Sequence: vd13a/master r/c0cb646; Dec 14 2015 19:21:42 by eja",
    "acq_id": "mb",
    "dataset": "ds003470",
    "modality": "bold",
    "run_id": 4,
    "session_id": "1",
    "subject_id": "13",
    "task_id": "multar"
  },
  "dummy_trs": 1,
  "dvars_nstd": 46.48650211487728,
  "dvars_std": 1.2848707662883443,
  "dvars_vstd": 0.9800955311349697,
  "efc": 0.4355724710784923,
  "fber": 7169.78369140625,
  "fd_mean": 0.2596021649707243,
  "fd_num": 230,
  "fd_perc": 70.33639143730886,
  "fwhm_avg": 2.136652848484849,
  "fwhm_x": 2.017944,
  "fwhm_y": 2.4212800000000003,
  "fwhm_z": 1.9707345454545455,
  "gcor": 0.00477129,
  "gsr_x": -0.012419547885656357,
  "gsr_y": 0.029218679293990135,
  "provenance": {
    "md5sum": "0071aa5ffe7fa1b9ba5a9ffbec8ca1a6",
    "settings": {
      "fd_thres": 0.2,
      "testing": false
    },
    "software": "mriqc",
    "version": "22.0.6",
    "webapi_port": null,
    "webapi_url": "https://mriqc.nimh.nih.gov/api/v1"
  },
  "size_t": 327,
  "size_x": 96,
  "size_y": 96,
  "size_z": 52,
  "snr": 4.183944503622826,
  "spacing_tr": 1.25,
  "spacing_x": 2.5,
  "spacing_y": 2.5,
  "spacing_z": 2.75,
  "summary_bg_k": 48.26541874605889,
  "summary_bg_mad": 55.05188938576789,
  "summary_bg_mean": 261.3323059082031,
  "summary_bg_median": 106.12500762939453,
  "summary_bg_n": 339768.0,
  "summary_bg_p05": 56.80776176452637,
  "summary_bg_p95": 1006.6738647460913,
  "summary_bg_stdv": 542.7872924804688,
  "summary_fg_k": 4.032827126476568,
  "summary_fg_mad": 1658.6395141472071,
  "summary_fg_mean": 9341.1650390625,
  "summary_fg_median": 9017.7646484375,
  "summary_fg_n": 74103.0,
  "summary_fg_p05": 6812.119287109375,
  "summary_fg_p95": 12991.446191406247,
  "summary_fg_stdv": 2155.3115234375,
  "tsnr": 41.16010284423828
}