{
  "aor": 0.0004494894894894895,
  "aqi": 0.013305022972972974,
  "bids_meta": {
    "AcquisitionMatrixPE": 96,
    "AcquisitionNumber": 1,
    "AcquisitionTime": "11:01:11.020000",
    "BandwidthPerPixelPhaseEncode": 15.783,
    "BaseResolution": 96,
    "BodyPartExamined": "BRAIN",
    "ConsistencyInfo": "N4_VD13A_LATEST_20120616",
    "ConversionSoftware": "dcm2niix",
    "ConversionSoftwareVersion": "v1.0.20201102",
    "DerivedVendorReportedEchoSpacing": 0.000659993,
    "DeviceSerialNumber": "45250",
    "DwellTime": 2.1e-06,
    "EchoTime": 0.04,
    "EchoTrainLength": 96,
    "EffectiveEchoSpacing": 0.000659993,
    "FlipAngle": 60,
    "ImageComments": "Unaliased MB4/PE3",
    "ImageOrientationPatientDICOM": [
      0.999868,
      -0.0161297,
      0.00180924,
      0.0162308,
      0.993637,
      -0.111454
    ],
    "ImageType": [
      "ORIGINAL",
      "PRIMARY",
      "M",
      "MB",
      "ND",
      "NORM",
      "MOSAIC"
    ],
    "ImagingFrequency": 123.22,
    "InPlanePhaseEncodingDirectionDICOM": "COL",
    "InstitutionAddress": "Kopernikusstr. 26,Graz,Graz,AT,8010",
    "InstitutionName": "KFU",
    "InstitutionalDepartmentName": "Department",
    "MRAcquisitionType": "2D",
    "MagneticFieldStrength": 3,
    "Manufacturer": "Siemens",
    "ManufacturersModelName": "Skyra",
    "Modality": "MR",
    "MultibandAccelerationFactor": 4,
    "PartialFourier": 1,
    "PatientPosition": "HFS",
    "PercentPhaseFOV": 100,
    "PercentSampling": 100,
    "PhaseEncodingDirection": "j-",
    "PhaseEncodingSteps": 96,
    "PhaseResolution": 1,
    "PixelBandwidth": 2480,
    "ProcedureStepDescription": "KFU^AllgemeinePsy",
    "ProtocolName": "MB4_2_5mm_20K_TR1250_1",
    "PulseSequenceDetails": "%CustomerSeq%\\cmrr_mbep2d_bold",
    "ReceiveCoilActiveElements": "HE1-4",
    "ReceiveCoilName": "HeadNeck_20",
    "ReconMatrixPE": 96,
    "RepetitionTime": 1.25,
    "SAR": 0.0690091,
    "ScanOptions": "FS",
    "ScanningSequence": "EP",
    "SequenceName": "epfid2d1_96",
    "SequenceVariant": "SK\\SS",
    "SeriesDescription": "MB4_2_5mm_20K_TR1250_1",
    "SeriesNumber": 5,
    "ShimSetting": [
      -1634,
      -3683,
      -4460,
      375,
      645,
      -94,
      161,
      -245
    ],
    "SliceThickness": 2.5,
    "SliceTiming": [
      0,
      0.6625,
      0.095,
      0.7575,
      0.19,
      0.8525,
      0.285,
      0.9475,
      0.38,
      1.04,
      0.4725,
      1.135,
      0.5675,
      0,
      0.6625,
      0.095,
      0.7575,
      0.19,
      0.8525,
      0.285,
      0.9475,
      0.38,
      1.04,
      0.4725,
      1.135,
      0.5675,
      0,
      0.6625,
      0.095,
      0.7575,
      0.19,
      0.8525,
      0.285,
      0.9475,
      0.38,
      1.04,
      0.4725,
      1.135,
      0.5675,
      0,
      0.6625,
      0.095,
      0.7575,
      0.19,
      0.8525,
      0.285,
      0.9475,
      0.38,
      1.04,
      0.4725,
      1.135,
      0.5675
    ],
    "SoftwareVersions": "syngo MR D13",
    "SpacingBetweenSlices": 2.75,
    "StationName": "FBMTMR1",
    "TaskName": "multar",
    "TotalReadoutTime": 0.0626993,
    "TxRefAmp": 356.542,
    "WipMemBlock": "d778d99d-0999-4403-afe2-81a01a796787||Sequence: vd13a/master r/c0cb646; Dec 14 2015 19:21:42 by eja",
    "acq_id": "mb",
    "dataset": "ds003470",
    "modality": "bold",
    "run_id": 1,
    "session_id": "1",
    "subject_id": "13",
    "task_id": "multar"
  },
  "dummy_trs": 2,
  "dvars_nstd": 40.47577909707833,
  "dvars_std": 1.1863557862349394,
  "dvars_vstd": 0.9838086887650584,
  "efc": 0.4334136854201116,
  "fber": 7382.0673828125,
  "fd_mean": 0.2878026754506311,
  "fd_num": 243,
  "fd_perc": 72.97297297297297,
  "fwhm_avg": 2.14516096969697,
  "fwhm_x": 2.028684,
  "fwhm_y": 2.426788,
  "fwhm_z": 1.980010909090909,
  "gcor": 0.0094324,
  "gsr_x": -0.011489457450807095,
  "gsr_y": 0.02747826837003231,
  "provenance": {
    "md5sum": "622b16591bf15deb471a77b2fe86fcd5",
    "settings": {
      "fd_thres": 0.2,
      "testing": false
    },
    "software": "mriqc",
    "version": "22.0.6",
    "webapi_port": null,
    "webapi_url": "https://mriqc.nimh.nih.gov/api/v1"
  },
  "size_t": 333,
  "size_x": 96,
  "size_y": 96,
  "size_z": 52,
  "snr": 4.137920622931608,
  "spacing_tr": 1.25,
  "spacing_x": 2.5,
  "spacing_y": 2.5,
  "spacing_z": 2.75,
  "summary_bg_k": 53.509876853303226,
  "summary_bg_mad": 53.69188531290189,
  "summary_bg_mean": 255.44854736328125,
  "summary_bg_median": 105.03849792480469,
  "summary_bg_n": 339942.0,
  "summary_bg_p05": 56.40113830566406,
  "summary_bg_p95": 964.4457824707033,
  "summary_bg_stdv": 541.077392578125,
  "summary_fg_k": 4.029100360918121,
  "summary_fg_mad": 1691.1170450694808,
  "summary_fg_mean": 9403.30078125,
  "summary_fg_median": 9062.076171875,
  "summary_fg_n": 73886.0,
  "summary_fg_p05": 6838.1007080078125,
  "summary_fg_p95": 13126.64697265625,
  "summary_fg_stdv": 2189.992431640625,
  "tsnr": 42.86725616455078
}