{
  "aor": 0.000312625,
  "aqi": 0.010087958,
  "bids_meta": {
    "AcquisitionMatrixPE": 96,
    "AcquisitionNumber": 1,
    "AcquisitionTime": "11:17:50.690000",
    "BandwidthPerPixelPhaseEncode": 15.783,
    "BaseResolution": 96,
    "BodyPartExamined": "BRAIN",
    "ConsistencyInfo": "N4_VD13A_LATEST_20120616",
    "ConversionSoftware": "dcm2niix",
    "ConversionSoftwareVersion": "v1.0.20201102",
    "DerivedVendorReportedEchoSpacing": 0.000659993,
    "DeviceSerialNumber": "45250",
    "DwellTime": 2.1e-06,
    "EchoTime": 0.04,
    "EchoTrainLength": 96,
    "EffectiveEchoSpacing": 0.000659993,
    "FlipAngle": 60,
    "ImageComments": "Unaliased MB4/PE3",
    "ImageOrientationPatientDICOM": [
      0.999868,
      -0.0161297,
      0.00180924,
      0.0162308,
      0.993637,
      -0.111454
    ],
    "ImageType": [
      "ORIGINAL",
      "PRIMARY",
      "M",
      "MB",
      "ND",
      "NORM",
      "MOSAIC"
    ],
    "ImagingFrequency": 123.22,
    "InPlanePhaseEncodingDirectionDICOM": "COL",
    "InstitutionAddress": "Kopernikusstr. 26,Graz,Graz,AT,8010",
    "InstitutionName": "KFU",
    "InstitutionalDepartmentName": "Department",
    "MRAcquisitionType": "2D",
    "MagneticFieldStrength": 3,
    "Manufacturer": "Siemens",
    "ManufacturersModelName": "Skyra",
    "Modality": "MR",
    "MultibandAccelerationFactor": 4,
    "PartialFourier": 1,
    "PatientPosition": "HFS",
    "PercentPhaseFOV": 100,
    "PercentSampling": 100,
    "PhaseEncodingDirection": "j-",
    "PhaseEncodingSteps": 96,
    "PhaseResolution": 1,
    "PixelBandwidth": 2480,
    "ProcedureStepDescription": "KFU^AllgemeinePsy",
    "ProtocolName": "MB4_2_5mm_20K_TR1250_3",
    "PulseSequenceDetails": "%CustomerSeq%\\cmrr_mbep2d_bold",
    "ReceiveCoilActiveElements": "HE1-4",
    "ReceiveCoilName": "HeadNeck_20",
    "ReconMatrixPE": 96,
    "RepetitionTime": 1.25,
    "SAR": 0.0690091,
    "ScanOptions": "FS",
    "ScanningSequence": "EP",
    "SequenceName": "epfid2d1_96",
    "SequenceVariant": "SK\\SS",
    "SeriesDescription": "MB4_2_5mm_20K_TR1250_3",
    "SeriesNumber": 7,
    "ShimSetting": [
      -1634,
      -3683,
      -4460,
      375,
      645,
      -94,
      161,
      -245
    ],
    "SliceThickness": 2.5,
    "SliceTiming": [
      0,
      0.6625,
      0.095,
      0.7575,
      0.19,
      0.8525,
      0.285,
      0.9475,
      0.38,
      1.0425,
      0.475,
      1.1375,
      0.5675,
      0,
      0.6625,
      0.095,
      0.7575,
      0.19,
      0.8525,
      0.285,
      0.9475,
      0.38,
      1.0425,
      0.475,
      1.1375,
      0.5675,
      0,
      0.6625,
      0.095,
      0.7575,
      0.19,
      0.8525,
      0.285,
      0.9475,
      0.38,
      1.0425,
      0.475,
      1.1375,
      0.5675,
      0,
      0.6625,
      0.095,
      0.7575,
      0.19,
      0.8525,
      0.285,
      0.9475,
      0.38,
      1.0425,
      0.475,
      1.1375,
      0.5675
    ],
    "SoftwareVersions": "syngo MR D13",
    "SpacingBetweenSlices": 2.75,
    "StationName": "FBMTMR1",
    "TaskName": "multar",
    "TotalReadoutTime": 0.0626993,
    "TxRefAmp": 356.542,
    "WipMemBlock": "f8d7080d-9e62-42ed-9e35-b93eb8c671ea||Sequence: vd13a/master r/c0cb646; Dec 14 2015 19:21:42 by eja",
    "acq_id": "mb",
    "dataset": "ds003470",
    "modality": "bold",
    "run_id": 3,
    "session_id": "1",
    "subject_id": "13",
    "task_id": "multar"
  },
  "dummy_trs": 2,
  "dvars_nstd": 45.764167163542325,
  "dvars_std": 1.2911516970532908,
  "dvars_vstd": 0.9871870427899683,
  "efc": 0.4340835975984161,
  "fber": 7219.2080078125,
  "fd_mean": 0.23411469483222355,
  "fd_num": 195,
  "fd_perc": 60.9375,
  "fwhm_avg": 2.1299912727272727,
  "fwhm_x": 2.017592,
  "fwhm_y": 2.40676,
  "fwhm_z": 1.9656218181818181,
  "gcor": 0.00470454,
  "gsr_x": -0.011664949357509613,
  "gsr_y": 0.028026768937706947,
  "provenance": {
    "md5sum": "481ad2f32588062e765ec4715a108312",
    "settings": {
      "fd_thres": 0.2,
      "testing": false
    },
    "software": "mriqc",
    "version": "22.0.6",
    "webapi_port": null,
    "webapi_url": "https://mriqc.nimh.nih.gov/api/v1"
  },
  "size_t": 320,
  "size_x": 96,
  "size_y": 96,
  "size_z": 52,
  "snr": 4.150056136477865,
  "spacing_tr": 1.25,
  "spacing_x": 2.5,
  "spacing_y": 2.5,
  "spacing_z": 2.75,
  "summary_bg_k": 50.84372522478419,
  "summary_bg_mad": 53.191906355067445,
  "summary_bg_mean": 256.5263671875,
  "summary_bg_median": 105.53311157226562,
  "summary_bg_n": 340050.0,
  "summary_bg_p05": 57.59077758789063,
  "summary_bg_p95": 982.9654785156242,
  "summary_bg_stdv": 536.8658447265625,
  "summary_fg_k": 4.108051535941138,
  "summary_fg_mad": 1659.1560359650312,
  "summary_fg_mean": 9335.7470703125,
  "summary_fg_median": 9013.564453125,
  "summary_fg_n": 73912.0,
  "summary_fg_p05": 6808.911962890625,
  "summary_fg_p95": 13021.124218749997,
  "summary_fg_stdv": 2171.899169921875,
  "tsnr": 46.750545501708984
}