{
  "aor": 0.00031842565597667635,
  "aqi": 0.011216798833819241,
  "bids_meta": {
    "AcquisitionMatrixPE": 96,
    "AcquisitionNumber": 1,
    "AcquisitionTime": "14:24:17.387500",
    "BandwidthPerPixelPhaseEncode": 15.783,
    "BaseResolution": 96,
    "BodyPartExamined": "BRAIN",
    "ConsistencyInfo": "N4_VD13A_LATEST_20120616",
    "ConversionSoftware": "dcm2niix",
    "ConversionSoftwareVersion": "v1.0.20201102",
    "DerivedVendorReportedEchoSpacing": 0.000659993,
    "DeviceSerialNumber": "45250",
    "DwellTime": 2.1e-06,
    "EchoTime": 0.04,
    "EchoTrainLength": 96,
    "EffectiveEchoSpacing": 0.000659993,
    "FlipAngle": 60,
    "ImageComments": "Unaliased MB4/PE3",
    "ImageOrientationPatientDICOM": [
      0.999868,
      -0.0159218,
      0.0031526,
      0.0162309,
      0.980826,
      -0.194209
    ],
    "ImageType": [
      "ORIGINAL",
      "PRIMARY",
      "M",
      "MB",
      "ND",
      "NORM",
      "MOSAIC"
    ],
    "ImagingFrequency": 123.22,
    "InPlanePhaseEncodingDirectionDICOM": "COL",
    "InstitutionAddress": "Kopernikusstr. 26,Graz,Graz,AT,8010",
    "InstitutionName": "KFU",
    "InstitutionalDepartmentName": "Department",
    "MRAcquisitionType": "2D",
    "MagneticFieldStrength": 3,
    "Manufacturer": "Siemens",
    "ManufacturersModelName": "Skyra",
    "Modality": "MR",
    "MultibandAccelerationFactor": 4,
    "PartialFourier": 1,
    "PatientPosition": "HFS",
    "PercentPhaseFOV": 100,
    "PercentSampling": 100,
    "PhaseEncodingDirection": "j-",
    "PhaseEncodingSteps": 96,
    "PhaseResolution": 1,
    "PixelBandwidth": 2480,
    "ProcedureStepDescription": "KFU^AllgemeinePsy",
    "ProtocolName": "MB4_2_5mm_20K_TR1250_5",
    "PulseSequenceDetails": "%CustomerSeq%\\cmrr_mbep2d_bold",
    "ReceiveCoilActiveElements": "HE1-4",
    "ReceiveCoilName": "HeadNeck_20",
    "ReconMatrixPE": 96,
    "RepetitionTime": 1.25,
    "SAR": 0.0758094,
    "ScanOptions": "FS",
    "ScanningSequence": "EP",
    "SequenceName": "epfid2d1_96",
    "SequenceVariant": "SK\\SS",
    "SeriesDescription": "MB4_2_5mm_20K_TR1250_5",
    "SeriesNumber": 9,
    "ShimSetting": [
      -1642,
      -3590,
      -4395,
      201,
      662,
      353,
      85,
      -353
    ],
    "SliceThickness": 2.5,
    "SliceTiming": [
      0,
      0.6625,
      0.095,
      0.755,
      0.1875,
      0.85,
      0.2825,
      0.945,
      0.3775,
      1.04,
      0.4725,
      1.135,
      0.5675,
      0,
      0.6625,
      0.095,
      0.755,
      0.1875,
      0.85,
      0.2825,
      0.945,
      0.3775,
      1.04,
      0.4725,
      1.135,
      0.5675,
      0,
      0.6625,
      0.095,
      0.755,
      0.1875,
      0.85,
      0.2825,
      0.945,
      0.3775,
      1.04,
      0.4725,
      1.135,
      0.5675,
      0,
      0.6625,
      0.095,
      0.755,
      0.1875,
      0.85,
      0.2825,
      0.945,
      0.3775,
      1.04,
      0.4725,
      1.135,
      0.5675
    ],
    "SoftwareVersions": "syngo MR D13",
    "SpacingBetweenSlices": 2.75,
    "StationName": "FBMTMR1",
    "TaskName": "multar",
    "TotalReadoutTime": 0.0626993,
    "TxRefAmp": 400.639,
    "WipMemBlock": "69c02ba3-1646-458b-8405-8cae7cfc26d9||Sequence: vd13a/master r/c0cb646; Dec 14 2015 19:21:42 by eja",
    "acq_id": "mb",
    "dataset": "ds003470",
    "modality": "bold",
    "run_id": 5,
    "session_id": "1",
    "subject_id": "03",
    "task_id": "multar"
  },
  "dummy_trs": 2,
  "dvars_nstd": 40.64772221055555,
  "dvars_std": 1.2462882594444438,
  "dvars_vstd": 1.0000775166081879,
  "efc": 0.44129287829338626,
  "fber": 6313.8681640625,
  "fd_mean": 0.1391409164527127,
  "fd_num": 38,
  "fd_perc": 11.078717201166182,
  "fwhm_avg": 1.9446589090909088,
  "fwhm_x": 1.8608959999999999,
  "fwhm_y": 2.173488,
  "fwhm_z": 1.7995927272727272,
  "gcor": 0.0184165,
  "gsr_x": -0.005086939781904221,
  "gsr_y": 0.038369178771972656,
  "provenance": {
    "md5sum": "5082462c983db2f1bd401e9768a255d1",
    "settings": {
      "fd_thres": 0.2,
      "testing": false
    },
    "software": "mriqc",
    "version": "22.0.6",
    "webapi_port": null,
    "webapi_url": "https://mriqc.nimh.nih.gov/api/v1"
  },
  "size_t": 343,
  "size_x": 96,
  "size_y": 96,
  "size_z": 52,
  "snr": 4.974825445396815,
  "spacing_tr": 1.25,
  "spacing_x": 2.5,
  "spacing_y": 2.5,
  "spacing_z": 2.75,
  "summary_bg_k": 56.79980763443498,
  "summary_bg_mad": 57.821158492357995,
  "summary_bg_mean": 290.3048095703125,
  "summary_bg_median": 110.82735443115234,
  "summary_bg_n": 342588.0,
  "summary_bg_p05": 61.25409107208252,
  "summary_bg_p95": 1136.6422546386705,
  "summary_bg_stdv": 602.927734375,
  "summary_fg_k": 4.4564050212347475,
  "summary_fg_mad": 1415.7157197865558,
  "summary_fg_mean": 8967.65625,
  "summary_fg_median": 8839.0224609375,
  "summary_fg_n": 72613.0,
  "summary_fg_p05": 6731.32939453125,
  "summary_fg_p95": 11751.9005859375,
  "summary_fg_stdv": 1776.738037109375,
  "tsnr": 45.77842330932617
}