{
  "aor": 0.0006620520231213873,
  "aqi": 0.013625137832369943,
  "bids_meta": {
    "AcquisitionMatrixPE": 96,
    "AcquisitionNumber": 1,
    "AcquisitionTime": "14:32:44.795000",
    "BandwidthPerPixelPhaseEncode": 15.783,
    "BaseResolution": 96,
    "BodyPartExamined": "BRAIN",
    "ConsistencyInfo": "N4_VD13A_LATEST_20120616",
    "ConversionSoftware": "dcm2niix",
    "ConversionSoftwareVersion": "v1.0.20201102",
    "DerivedVendorReportedEchoSpacing": 0.000659993,
    "DeviceSerialNumber": "45250",
    "DwellTime": 2.1e-06,
    "EchoTime": 0.04,
    "EchoTrainLength": 96,
    "EffectiveEchoSpacing": 0.000659993,
    "FlipAngle": 60,
    "ImageComments": "Unaliased MB4/PE3",
    "ImageOrientationPatientDICOM": [
      0.999868,
      -0.0159218,
      0.0031526,
      0.0162309,
      0.980826,
      -0.194209
    ],
    "ImageType": [
      "ORIGINAL",
      "PRIMARY",
      "M",
      "MB",
      "ND",
      "NORM",
      "MOSAIC"
    ],
    "ImagingFrequency": 123.22,
    "InPlanePhaseEncodingDirectionDICOM": "COL",
    "InstitutionAddress": "Kopernikusstr. 26,Graz,Graz,AT,8010",
    "InstitutionName": "KFU",
    "InstitutionalDepartmentName": "Department",
    "MRAcquisitionType": "2D",
    "MagneticFieldStrength": 3,
    "Manufacturer": "Siemens",
    "ManufacturersModelName": "Skyra",
    "Modality": "MR",
    "MultibandAccelerationFactor": 4,
    "PartialFourier": 1,
    "PatientPosition": "HFS",
    "PercentPhaseFOV": 100,
    "PercentSampling": 100,
    "PhaseEncodingDirection": "j-",
    "PhaseEncodingSteps": 96,
    "PhaseResolution": 1,
    "PixelBandwidth": 2480,
    "ProcedureStepDescription": "KFU^AllgemeinePsy",
    "ProtocolName": "MB4_2_5mm_20K_TR1250_6",
    "PulseSequenceDetails": "%CustomerSeq%\\cmrr_mbep2d_bold",
    "ReceiveCoilActiveElements": "HE1-4",
    "ReceiveCoilName": "HeadNeck_20",
    "ReconMatrixPE": 96,
    "RepetitionTime": 1.25,
    "SAR": 0.0758094,
    "ScanOptions": "FS",
    "ScanningSequence": "EP",
    "SequenceName": "epfid2d1_96",
    "SequenceVariant": "SK\\SS",
    "SeriesDescription": "MB4_2_5mm_20K_TR1250_6",
    "SeriesNumber": 10,
    "ShimSetting": [
      -1642,
      -3590,
      -4395,
      201,
      662,
      353,
      85,
      -353
    ],
    "SliceThickness": 2.5,
    "SliceTiming": [
      0,
      0.6625,
      0.095,
      0.7575,
      0.19,
      0.8525,
      0.2825,
      0.945,
      0.3775,
      1.04,
      0.4725,
      1.135,
      0.5675,
      0,
      0.6625,
      0.095,
      0.7575,
      0.19,
      0.8525,
      0.2825,
      0.945,
      0.3775,
      1.04,
      0.4725,
      1.135,
      0.5675,
      0,
      0.6625,
      0.095,
      0.7575,
      0.19,
      0.8525,
      0.2825,
      0.945,
      0.3775,
      1.04,
      0.4725,
      1.135,
      0.5675,
      0,
      0.6625,
      0.095,
      0.7575,
      0.19,
      0.8525,
      0.2825,
      0.945,
      0.3775,
      1.04,
      0.4725,
      1.135,
      0.5675
    ],
    "SoftwareVersions": "syngo MR D13",
    "SpacingBetweenSlices": 2.75,
    "StationName": "FBMTMR1",
    "TaskName": "multar",
    "TotalReadoutTime": 0.0626993,
    "TxRefAmp": 400.639,
    "WipMemBlock": "8f823b43-d0a0-470e-97b5-c7dc096a6267||Sequence: vd13a/master r/c0cb646; Dec 14 2015 19:21:42 by eja",
    "acq_id": "mb",
    "dataset": "ds003470",
    "modality": "bold",
    "run_id": 6,
    "session_id": "1",
    "subject_id": "03",
    "task_id": "multar"
  },
  "dummy_trs": 2,
  "dvars_nstd": 41.22504621895654,
  "dvars_std": 1.243356860927536,
  "dvars_vstd": 1.007501617710145,
  "efc": 0.4415259158429751,
  "fber": 6329.51416015625,
  "fd_mean": 0.1583024304102623,
  "fd_num": 66,
  "fd_perc": 19.07514450867052,
  "fwhm_avg": 1.9619900606060607,
  "fwhm_x": 1.8790400000000003,
  "fwhm_y": 2.191792,
  "fwhm_z": 1.8151381818181818,
  "gcor": 0.0221803,
  "gsr_x": -0.0050492603331804276,
  "gsr_y": 0.038122132420539856,
  "provenance": {
    "md5sum": "046e9788bad6034351500ca3b948e4c0",
    "settings": {
      "fd_thres": 0.2,
      "testing": false
    },
    "software": "mriqc",
    "version": "22.0.6",
    "webapi_port": null,
    "webapi_url": "https://mriqc.nimh.nih.gov/api/v1"
  },
  "size_t": 346,
  "size_x": 96,
  "size_y": 96,
  "size_z": 52,
  "snr": 4.893074997758752,
  "spacing_tr": 1.25,
  "spacing_x": 2.5,
  "spacing_y": 2.5,
  "spacing_z": 2.75,
  "summary_bg_k": 56.17542419766729,
  "summary_bg_mad": 57.531847907773056,
  "summary_bg_mean": 292.3504333496094,
  "summary_bg_median": 110.8770980834961,
  "summary_bg_n": 342558.0,
  "summary_bg_p05": 61.39869842529297,
  "summary_bg_p95": 1143.3693420410154,
  "summary_bg_stdv": 608.4141845703125,
  "summary_fg_k": 4.600205693762166,
  "summary_fg_mad": 1426.0617205706244,
  "summary_fg_mean": 8977.015625,
  "summary_fg_median": 8850.8193359375,
  "summary_fg_n": 72806.0,
  "summary_fg_p05": 6703.2679443359375,
  "summary_fg_p95": 11805.4931640625,
  "summary_fg_stdv": 1808.8336181640625,
  "tsnr": 42.20904541015625
}