{
  "aor": 0.0003729268292682927,
  "aqi": 0.010986398482384824,
  "bids_meta": {
    "AcquisitionMatrixPE": 96,
    "AcquisitionNumber": 1,
    "AcquisitionTime": "13:54:26.047500",
    "BandwidthPerPixelPhaseEncode": 15.783,
    "BaseResolution": 96,
    "BodyPartExamined": "BRAIN",
    "ConsistencyInfo": "N4_VD13A_LATEST_20120616",
    "ConversionSoftware": "dcm2niix",
    "ConversionSoftwareVersion": "v1.0.20201102",
    "DerivedVendorReportedEchoSpacing": 0.000659993,
    "DeviceSerialNumber": "45250",
    "DwellTime": 2.1e-06,
    "EchoTime": 0.04,
    "EchoTrainLength": 96,
    "EffectiveEchoSpacing": 0.000659993,
    "FlipAngle": 60,
    "ImageComments": "Unaliased MB4/PE3",
    "ImageOrientationPatientDICOM": [
      0.999868,
      -0.0159218,
      0.0031526,
      0.0162309,
      0.980826,
      -0.194209
    ],
    "ImageType": [
      "ORIGINAL",
      "PRIMARY",
      "M",
      "MB",
      "ND",
      "NORM",
      "MOSAIC"
    ],
    "ImagingFrequency": 123.22,
    "InPlanePhaseEncodingDirectionDICOM": "COL",
    "InstitutionAddress": "Kopernikusstr. 26,Graz,Graz,AT,8010",
    "InstitutionName": "KFU",
    "InstitutionalDepartmentName": "Department",
    "MRAcquisitionType": "2D",
    "MagneticFieldStrength": 3,
    "Manufacturer": "Siemens",
    "ManufacturersModelName": "Skyra",
    "Modality": "MR",
    "MultibandAccelerationFactor": 4,
    "PartialFourier": 1,
    "PatientPosition": "HFS",
    "PercentPhaseFOV": 100,
    "PercentSampling": 100,
    "PhaseEncodingDirection": "j-",
    "PhaseEncodingSteps": 96,
    "PhaseResolution": 1,
    "PixelBandwidth": 2480,
    "ProcedureStepDescription": "KFU^AllgemeinePsy",
    "ProtocolName": "MB4_2_5mm_20K_TR1250_2",
    "PulseSequenceDetails": "%CustomerSeq%\\cmrr_mbep2d_bold",
    "ReceiveCoilActiveElements": "HE1-4",
    "ReceiveCoilName": "HeadNeck_20",
    "ReconMatrixPE": 96,
    "RepetitionTime": 1.25,
    "SAR": 0.0758094,
    "ScanOptions": "FS",
    "ScanningSequence": "EP",
    "SequenceName": "epfid2d1_96",
    "SequenceVariant": "SK\\SS",
    "SeriesDescription": "MB4_2_5mm_20K_TR1250_2",
    "SeriesNumber": 6,
    "ShimSetting": [
      -1642,
      -3590,
      -4395,
      201,
      662,
      353,
      85,
      -353
    ],
    "SliceThickness": 2.5,
    "SliceTiming": [
      0,
      0.6625,
      0.095,
      0.7575,
      0.19,
      0.8525,
      0.285,
      0.945,
      0.3775,
      1.04,
      0.4725,
      1.135,
      0.5675,
      0,
      0.6625,
      0.095,
      0.7575,
      0.19,
      0.8525,
      0.285,
      0.945,
      0.3775,
      1.04,
      0.4725,
      1.135,
      0.5675,
      0,
      0.6625,
      0.095,
      0.7575,
      0.19,
      0.8525,
      0.285,
      0.945,
      0.3775,
      1.04,
      0.4725,
      1.135,
      0.5675,
      0,
      0.6625,
      0.095,
      0.7575,
      0.19,
      0.8525,
      0.285,
      0.945,
      0.3775,
      1.04,
      0.4725,
      1.135,
      0.5675
    ],
    "SoftwareVersions": "syngo MR D13",
    "SpacingBetweenSlices": 2.75,
    "StationName": "FBMTMR1",
    "TaskName": "multar",
    "TotalReadoutTime": 0.0626993,
    "TxRefAmp": 400.639,
    "WipMemBlock": "67fe19d1-3753-4094-a34f-0e05ab3da2ce||Sequence: vd13a/master r/c0cb646; Dec 14 2015 19:21:42 by eja",
    "acq_id": "mb",
    "dataset": "ds003470",
    "modality": "bold",
    "run_id": 2,
    "session_id": "1",
    "subject_id": "03",
    "task_id": "multar"
  },
  "dummy_trs": 1,
  "dvars_nstd": 41.758421659755435,
  "dvars_std": 1.2527843892119568,
  "dvars_vstd": 0.9989615662771744,
  "efc": 0.441417175771531,
  "fber": 6423.47705078125,
  "fd_mean": 0.15692234146377962,
  "fd_num": 84,
  "fd_perc": 22.764227642276424,
  "fwhm_avg": 1.9383315151515152,
  "fwhm_x": 1.856416,
  "fwhm_y": 2.1587240000000003,
  "fwhm_z": 1.7998545454545456,
  "gcor": 0.0231912,
  "gsr_x": -0.005539389327168465,
  "gsr_y": 0.037322062999010086,
  "provenance": {
    "md5sum": "457a08a6e623747d0361b727b768cf2e",
    "settings": {
      "fd_thres": 0.2,
      "testing": false
    },
    "software": "mriqc",
    "version": "22.0.6",
    "webapi_port": null,
    "webapi_url": "https://mriqc.nimh.nih.gov/api/v1"
  },
  "size_t": 369,
  "size_x": 96,
  "size_y": 96,
  "size_z": 52,
  "snr": 5.042065000019601,
  "spacing_tr": 1.25,
  "spacing_x": 2.5,
  "spacing_y": 2.5,
  "spacing_z": 2.75,
  "summary_bg_k": 52.67706021104674,
  "summary_bg_mad": 56.883718448253454,
  "summary_bg_mean": 291.7816467285156,
  "summary_bg_median": 110.41758728027344,
  "summary_bg_n": 342403.0,
  "summary_bg_p05": 61.51351737976074,
  "summary_bg_p95": 1131.5520629882808,
  "summary_bg_stdv": 610.2953491210938,
  "summary_fg_k": 4.361778382046775,
  "summary_fg_mad": 1436.3288133264623,
  "summary_fg_mean": 9028.083984375,
  "summary_fg_median": 8891.8759765625,
  "summary_fg_n": 72405.0,
  "summary_fg_p05": 6797.20830078125,
  "summary_fg_p95": 11804.1646484375,
  "summary_fg_stdv": 1763.5263671875,
  "tsnr": 45.951045989990234
}