{
  "aor": 0.0007687538940809969,
  "aqi": 0.016360187289719625,
  "bids_meta": {
    "AcquisitionMatrixPE": 96,
    "AcquisitionNumber": 1,
    "AcquisitionTime": "13:19:1.027500",
    "BandwidthPerPixelPhaseEncode": 15.783,
    "BaseResolution": 96,
    "BodyPartExamined": "BRAIN",
    "ConsistencyInfo": "N4_VD13A_LATEST_20120616",
    "ConversionSoftware": "dcm2niix",
    "ConversionSoftwareVersion": "v1.0.20201102",
    "DerivedVendorReportedEchoSpacing": 0.000659993,
    "DeviceSerialNumber": "45250",
    "DwellTime": 2.1e-06,
    "EchoTime": 0.04,
    "EchoTrainLength": 96,
    "EffectiveEchoSpacing": 0.000659993,
    "FlipAngle": 60,
    "ImageComments": "Unaliased MB4/PE3",
    "ImageOrientationPatientDICOM": [
      0.999844,
      -0.0150004,
      0.00927579,
      0.0162305,
      0.98838,
      -0.151134
    ],
    "ImageType": [
      "ORIGINAL",
      "PRIMARY",
      "M",
      "MB",
      "ND",
      "NORM",
      "MOSAIC"
    ],
    "ImagingFrequency": 123.22,
    "InPlanePhaseEncodingDirectionDICOM": "COL",
    "InstitutionAddress": "Kopernikusstr. 26,Graz,Graz,AT,8010",
    "InstitutionName": "KFU",
    "InstitutionalDepartmentName": "Department",
    "MRAcquisitionType": "2D",
    "MagneticFieldStrength": 3,
    "Manufacturer": "Siemens",
    "ManufacturersModelName": "Skyra",
    "Modality": "MR",
    "MultibandAccelerationFactor": 4,
    "PartialFourier": 1,
    "PatientPosition": "HFS",
    "PercentPhaseFOV": 100,
    "PercentSampling": 100,
    "PhaseEncodingDirection": "j-",
    "PhaseEncodingSteps": 96,
    "PhaseResolution": 1,
    "PixelBandwidth": 2480,
    "ProcedureStepDescription": "KFU^AllgemeinePsy",
    "ProtocolName": "MB4_2_5mm_20K_TR1250_3",
    "PulseSequenceDetails": "%CustomerSeq%\\cmrr_mbep2d_bold",
    "ReceiveCoilActiveElements": "HE1-4",
    "ReceiveCoilName": "HeadNeck_20",
    "ReconMatrixPE": 96,
    "RepetitionTime": 1.25,
    "SAR": 0.0682742,
    "ScanOptions": "FS",
    "ScanningSequence": "EP",
    "SequenceName": "epfid2d1_96",
    "SequenceVariant": "SK\\SS",
    "SeriesDescription": "MB4_2_5mm_20K_TR1250_3",
    "SeriesNumber": 7,
    "ShimSetting": [
      -1637,
      -3647,
      -4480,
      337,
      687,
      -242,
      144,
      -498
    ],
    "SliceThickness": 2.5,
    "SliceTiming": [
      0,
      0.6625,
      0.095,
      0.7575,
      0.19,
      0.8525,
      0.285,
      0.9475,
      0.38,
      1.04,
      0.4725,
      1.135,
      0.5675,
      0,
      0.6625,
      0.095,
      0.7575,
      0.19,
      0.8525,
      0.285,
      0.9475,
      0.38,
      1.04,
      0.4725,
      1.135,
      0.5675,
      0,
      0.6625,
      0.095,
      0.7575,
      0.19,
      0.8525,
      0.285,
      0.9475,
      0.38,
      1.04,
      0.4725,
      1.135,
      0.5675,
      0,
      0.6625,
      0.095,
      0.7575,
      0.19,
      0.8525,
      0.285,
      0.9475,
      0.38,
      1.04,
      0.4725,
      1.135,
      0.5675
    ],
    "SoftwareVersions": "syngo MR D13",
    "SpacingBetweenSlices": 2.75,
    "StationName": "FBMTMR1",
    "TaskName": "multar",
    "TotalReadoutTime": 0.0626993,
    "TxRefAmp": 369.502,
    "WipMemBlock": "584ad8c1-4e04-4aec-9e39-61f4e9056c98||Sequence: vd13a/master r/bd40f27; Jul 20 2016 19:26:27 by eja",
    "acq_id": "mb",
    "dataset": "ds003470",
    "modality": "bold",
    "run_id": 3,
    "session_id": "1",
    "subject_id": "18",
    "task_id": "multar"
  },
  "dummy_trs": 0,
  "dvars_nstd": 34.96224412896875,
  "dvars_std": 1.117889603281249,
  "dvars_vstd": 0.9836428004374997,
  "efc": 0.43702715601143455,
  "fber": 7168.693359375,
  "fd_mean": 0.18667553163840012,
  "fd_num": 148,
  "fd_perc": 46.10591900311527,
  "fwhm_avg": 1.9260149090909093,
  "fwhm_x": 1.866224,
  "fwhm_y": 2.222908,
  "fwhm_z": 1.6889127272727273,
  "gcor": 0.00670502,
  "gsr_x": -0.007825545966625214,
  "gsr_y": 0.03827004134654999,
  "provenance": {
    "md5sum": "9d007f8495820f560112ec55896dc446",
    "settings": {
      "fd_thres": 0.2,
      "testing": false
    },
    "software": "mriqc",
    "version": "22.0.6",
    "webapi_port": null,
    "webapi_url": "https://mriqc.nimh.nih.gov/api/v1"
  },
  "size_t": 321,
  "size_x": 96,
  "size_y": 96,
  "size_z": 52,
  "snr": 5.004286064275567,
  "spacing_tr": 1.25,
  "spacing_x": 2.5,
  "spacing_y": 2.5,
  "spacing_z": 2.75,
  "summary_bg_k": 46.594841297803484,
  "summary_bg_mad": 53.369053521083195,
  "summary_bg_mean": 289.096923828125,
  "summary_bg_median": 110.61058807373047,
  "summary_bg_n": 343762.0,
  "summary_bg_p05": 62.433021545410156,
  "summary_bg_p95": 1301.6641357421881,
  "summary_bg_stdv": 582.203857421875,
  "summary_fg_k": 4.175563677734968,
  "summary_fg_mad": 1581.9915855871795,
  "summary_fg_mean": 9534.3232421875,
  "summary_fg_median": 9417.912109375,
  "summary_fg_n": 71727.0,
  "summary_fg_p05": 7044.724658203125,
  "summary_fg_p95": 12359.40703125,
  "summary_fg_stdv": 1881.9560546875,
  "tsnr": 41.21443611255381
}