{
  "aor": 0.0025889028213166142,
  "aqi": 0.01712579354231975,
  "bids_meta": {
    "AcquisitionMatrixPE": 96,
    "AcquisitionNumber": 1,
    "AcquisitionTime": "16:04:54.045000",
    "BandwidthPerPixelPhaseEncode": 15.783,
    "BaseResolution": 96,
    "BodyPartExamined": "BRAIN",
    "ConsistencyInfo": "N4_VD13A_LATEST_20120616",
    "ConversionSoftware": "dcm2niix",
    "ConversionSoftwareVersion": "v1.0.20201102",
    "DerivedVendorReportedEchoSpacing": 0.000659993,
    "DeviceSerialNumber": "45250",
    "DwellTime": 2.1e-06,
    "EchoTime": 0.04,
    "EchoTrainLength": 96,
    "EffectiveEchoSpacing": 0.000659993,
    "FlipAngle": 60,
    "ImageComments": "Unaliased MB4/PE3",
    "ImageOrientationPatientDICOM": [
      0.999868,
      -0.0159487,
      0.00301353,
      0.0162309,
      0.982483,
      -0.185642
    ],
    "ImageType": [
      "ORIGINAL",
      "PRIMARY",
      "M",
      "MB",
      "ND",
      "NORM",
      "MOSAIC"
    ],
    "ImagingFrequency": 123.22,
    "InPlanePhaseEncodingDirectionDICOM": "COL",
    "InstitutionAddress": "Kopernikusstr. 26,Graz,Graz,AT,8010",
    "InstitutionName": "KFU",
    "InstitutionalDepartmentName": "Department",
    "MRAcquisitionType": "2D",
    "MagneticFieldStrength": 3,
    "Manufacturer": "Siemens",
    "ManufacturersModelName": "Skyra",
    "Modality": "MR",
    "MultibandAccelerationFactor": 4,
    "PartialFourier": 1,
    "PatientPosition": "HFS",
    "PercentPhaseFOV": 100,
    "PercentSampling": 100,
    "PhaseEncodingDirection": "j-",
    "PhaseEncodingSteps": 96,
    "PhaseResolution": 1,
    "PixelBandwidth": 2480,
    "ProcedureStepDescription": "KFU^AllgemeinePsy",
    "ProtocolName": "MB4_2_5mm_20K_TR1250_2",
    "PulseSequenceDetails": "%CustomerSeq%\\cmrr_mbep2d_bold",
    "ReceiveCoilActiveElements": "HE1-4",
    "ReceiveCoilName": "HeadNeck_20",
    "ReconMatrixPE": 96,
    "RepetitionTime": 1.25,
    "SAR": 0.0683852,
    "ScanOptions": "FS",
    "ScanningSequence": "EP",
    "SequenceName": "epfid2d1_96",
    "SequenceVariant": "SK\\SS",
    "SeriesDescription": "MB4_2_5mm_20K_TR1250_2",
    "SeriesNumber": 6,
    "ShimSetting": [
      -1655,
      -3583,
      -4460,
      51,
      576,
      -171,
      -34,
      -457
    ],
    "SliceThickness": 2.5,
    "SliceTiming": [
      0,
      0.6625,
      0.0925,
      0.755,
      0.1875,
      0.85,
      0.2825,
      0.945,
      0.3775,
      1.04,
      0.4725,
      1.135,
      0.5675,
      0,
      0.6625,
      0.0925,
      0.755,
      0.1875,
      0.85,
      0.2825,
      0.945,
      0.3775,
      1.04,
      0.4725,
      1.135,
      0.5675,
      0,
      0.6625,
      0.0925,
      0.755,
      0.1875,
      0.85,
      0.2825,
      0.945,
      0.3775,
      1.04,
      0.4725,
      1.135,
      0.5675,
      0,
      0.6625,
      0.0925,
      0.755,
      0.1875,
      0.85,
      0.2825,
      0.945,
      0.3775,
      1.04,
      0.4725,
      1.135,
      0.5675
    ],
    "SoftwareVersions": "syngo MR D13",
    "SpacingBetweenSlices": 2.75,
    "StationName": "FBMTMR1",
    "TaskName": "multar",
    "TotalReadoutTime": 0.0626993,
    "TxRefAmp": 372.33,
    "WipMemBlock": "2105281e-7fc5-415a-a46f-a920ad056f60||Sequence: vd13a/master r/c0cb646; Dec 14 2015 19:21:42 by eja",
    "acq_id": "mb",
    "dataset": "ds003470",
    "modality": "bold",
    "run_id": 2,
    "session_id": "1",
    "subject_id": "04",
    "task_id": "multar"
  },
  "dummy_trs": 0,
  "dvars_nstd": 47.19317956830187,
  "dvars_std": 1.1783416429874207,
  "dvars_vstd": 1.0172376901886788,
  "efc": 0.4310433513856955,
  "fber": 5366.744140625,
  "fd_mean": 0.3307839870863697,
  "fd_num": 224,
  "fd_perc": 70.21943573667711,
  "fwhm_avg": 1.8767390303030302,
  "fwhm_x": 1.800176,
  "fwhm_y": 2.116492,
  "fwhm_z": 1.7135490909090907,
  "gcor": 0.0210909,
  "gsr_x": -0.009504100307822227,
  "gsr_y": 0.021599067375063896,
  "provenance": {
    "md5sum": "b546ca9979f6ba29bebefa8c82667cf2",
    "settings": {
      "fd_thres": 0.2,
      "testing": false
    },
    "software": "mriqc",
    "version": "22.0.6",
    "webapi_port": null,
    "webapi_url": "https://mriqc.nimh.nih.gov/api/v1"
  },
  "size_t": 319,
  "size_x": 96,
  "size_y": 96,
  "size_z": 52,
  "snr": 4.797026427711259,
  "spacing_tr": 1.25,
  "spacing_x": 2.5,
  "spacing_y": 2.5,
  "spacing_z": 2.75,
  "summary_bg_k": 62.49416687942828,
  "summary_bg_mad": 49.89484931882439,
  "summary_bg_mean": 251.62364196777344,
  "summary_bg_median": 104.82830047607422,
  "summary_bg_n": 347088.0,
  "summary_bg_p05": 61.14816036224365,
  "summary_bg_p95": 942.1098724365216,
  "summary_bg_stdv": 498.4270935058594,
  "summary_fg_k": 3.7092942409012846,
  "summary_fg_mad": 1320.75244155456,
  "summary_fg_mean": 7822.7685546875,
  "summary_fg_median": 7693.748046875,
  "summary_fg_n": 67904.0,
  "summary_fg_p05": 5729.416796875,
  "summary_fg_p95": 10387.30634765625,
  "summary_fg_stdv": 1603.845947265625,
  "tsnr": 35.85863494873047
}