{
  "aor": 0.0014043444730077119,
  "aqi": 0.01576736100257069,
  "bids_meta": {
    "AcquisitionMatrixPE": 96,
    "AcquisitionNumber": 1,
    "AcquisitionTime": "15:30:43.895000",
    "BandwidthPerPixelPhaseEncode": 15.783,
    "BaseResolution": 96,
    "BodyPartExamined": "BRAIN",
    "ConsistencyInfo": "N4_VD13A_LATEST_20120616",
    "ConversionSoftware": "dcm2niix",
    "ConversionSoftwareVersion": "v1.0.20201102",
    "DerivedVendorReportedEchoSpacing": 0.000659993,
    "DeviceSerialNumber": "45250",
    "DwellTime": 2.1e-06,
    "EchoTime": 0.04,
    "EchoTrainLength": 96,
    "EffectiveEchoSpacing": 0.000659993,
    "FlipAngle": 60,
    "ImageComments": "Unaliased MB4/PE3",
    "ImageOrientationPatientDICOM": [
      0.993245,
      -0.0186495,
      -0.114529,
      0.0161234,
      0.999607,
      -0.022944
    ],
    "ImageType": [
      "ORIGINAL",
      "PRIMARY",
      "M",
      "MB",
      "ND",
      "NORM",
      "MOSAIC"
    ],
    "ImagingFrequency": 123.22,
    "InPlanePhaseEncodingDirectionDICOM": "COL",
    "InstitutionAddress": "Kopernikusstr. 26,Graz,Graz,AT,8010",
    "InstitutionName": "KFU",
    "InstitutionalDepartmentName": "Department",
    "MRAcquisitionType": "2D",
    "MagneticFieldStrength": 3,
    "Manufacturer": "Siemens",
    "ManufacturersModelName": "Skyra",
    "Modality": "MR",
    "MultibandAccelerationFactor": 4,
    "PartialFourier": 1,
    "PatientPosition": "HFS",
    "PercentPhaseFOV": 100,
    "PercentSampling": 100,
    "PhaseEncodingDirection": "j-",
    "PhaseEncodingSteps": 96,
    "PhaseResolution": 1,
    "PixelBandwidth": 2480,
    "ProcedureStepDescription": "KFU^AllgemeinePsy",
    "ProtocolName": "MB4_2_5mm_20K_TR1250_4",
    "PulseSequenceDetails": "%CustomerSeq%\\cmrr_mbep2d_bold",
    "ReceiveCoilActiveElements": "HE1-4",
    "ReceiveCoilName": "HeadNeck_20",
    "ReconMatrixPE": 96,
    "RepetitionTime": 1.25,
    "SAR": 0.0775507,
    "ScanOptions": "FS",
    "ScanningSequence": "EP",
    "SequenceName": "epfid2d1_96",
    "SequenceVariant": "SK\\SS",
    "SeriesDescription": "MB4_2_5mm_20K_TR1250_4",
    "SeriesNumber": 8,
    "ShimSetting": [
      -1695,
      -3634,
      -4436,
      363,
      522,
      177,
      198,
      -344
    ],
    "SliceThickness": 2.5,
    "SliceTiming": [
      0,
      0.66,
      0.0925,
      0.755,
      0.1875,
      0.85,
      0.2825,
      0.945,
      0.3775,
      1.04,
      0.4725,
      1.135,
      0.5675,
      0,
      0.66,
      0.0925,
      0.755,
      0.1875,
      0.85,
      0.2825,
      0.945,
      0.3775,
      1.04,
      0.4725,
      1.135,
      0.5675,
      0,
      0.66,
      0.0925,
      0.755,
      0.1875,
      0.85,
      0.2825,
      0.945,
      0.3775,
      1.04,
      0.4725,
      1.135,
      0.5675,
      0,
      0.66,
      0.0925,
      0.755,
      0.1875,
      0.85,
      0.2825,
      0.945,
      0.3775,
      1.04,
      0.4725,
      1.135,
      0.5675
    ],
    "SoftwareVersions": "syngo MR D13",
    "SpacingBetweenSlices": 2.75,
    "StationName": "FBMTMR1",
    "TaskName": "multar",
    "TotalReadoutTime": 0.0626993,
    "TxRefAmp": 358.875,
    "WipMemBlock": "6e5a8695-7aac-4f63-a3e8-71f914e0ab51||Sequence: vd13a/master r/c0cb646; Dec 14 2015 19:21:42 by eja",
    "acq_id": "mb",
    "dataset": "ds003470",
    "modality": "bold",
    "run_id": 4,
    "session_id": "1",
    "subject_id": "08",
    "task_id": "multar"
  },
  "dummy_trs": 0,
  "dvars_nstd": 43.740749929458744,
  "dvars_std": 1.2653139703865988,
  "dvars_vstd": 1.005392582113402,
  "efc": 0.409308791422586,
  "fber": 6120.283203125,
  "fd_mean": 0.20217602703383242,
  "fd_num": 195,
  "fd_perc": 50.12853470437018,
  "fwhm_avg": 2.041646735393287,
  "fwhm_x": 1.950364,
  "fwhm_y": 2.3584199999999997,
  "fwhm_z": 1.8161562061798613,
  "gcor": 0.0134386,
  "gsr_x": -0.01363055408000946,
  "gsr_y": 0.02646275795996189,
  "provenance": {
    "md5sum": "2878b8e719f49ba30d9321cdbd25ae70",
    "settings": {
      "fd_thres": 0.2,
      "testing": false
    },
    "software": "mriqc",
    "version": "22.0.6",
    "webapi_port": null,
    "webapi_url": "https://mriqc.nimh.nih.gov/api/v1"
  },
  "size_t": 389,
  "size_x": 96,
  "size_y": 96,
  "size_z": 52,
  "snr": 4.675074520418592,
  "spacing_tr": 1.25,
  "spacing_x": 2.5,
  "spacing_y": 2.5,
  "spacing_z": 2.750000238418579,
  "summary_bg_k": 40.637132156800035,
  "summary_bg_mad": 48.729202642042004,
  "summary_bg_mean": 248.85897827148438,
  "summary_bg_median": 99.99038696289062,
  "summary_bg_n": 357140.0,
  "summary_bg_p05": 57.63936367034912,
  "summary_bg_p95": 926.457873535156,
  "summary_bg_stdv": 521.300537109375,
  "summary_fg_k": 4.912280196259638,
  "summary_fg_mad": 1283.4347356162075,
  "summary_fg_mean": 8031.51025390625,
  "summary_fg_median": 7893.556640625,
  "summary_fg_n": 58312.0,
  "summary_fg_p05": 5824.923413085938,
  "summary_fg_p95": 10675.9841796875,
  "summary_fg_stdv": 1688.419921875,
  "tsnr": 38.079002380371094
}