{
  "aor": 0.0002356084656084656,
  "aqi": 0.012652848042328043,
  "bids_meta": {
    "AcquisitionMatrixPE": 96,
    "AcquisitionNumber": 1,
    "AcquisitionTime": "13:01:53.680000",
    "BandwidthPerPixelPhaseEncode": 15.783,
    "BaseResolution": 96,
    "BodyPartExamined": "BRAIN",
    "ConsistencyInfo": "N4_VD13A_LATEST_20120616",
    "ConversionSoftware": "dcm2niix",
    "ConversionSoftwareVersion": "v1.0.20201102",
    "DerivedVendorReportedEchoSpacing": 0.000659993,
    "DeviceSerialNumber": "45250",
    "DwellTime": 2.1e-06,
    "EchoTime": 0.04,
    "EchoTrainLength": 96,
    "EffectiveEchoSpacing": 0.000659993,
    "FlipAngle": 60,
    "ImageComments": "Unaliased MB4/PE3",
    "ImageOrientationPatientDICOM": [
      0.998003,
      -0.018878,
      -0.0602744,
      0.0162006,
      0.998873,
      -0.0446036
    ],
    "ImageType": [
      "ORIGINAL",
      "PRIMARY",
      "M",
      "MB",
      "ND",
      "NORM",
      "MOSAIC"
    ],
    "ImagingFrequency": 123.22,
    "InPlanePhaseEncodingDirectionDICOM": "COL",
    "InstitutionAddress": "Kopernikusstr. 26,Graz,Graz,AT,8010",
    "InstitutionName": "KFU",
    "InstitutionalDepartmentName": "Department",
    "MRAcquisitionType": "2D",
    "MagneticFieldStrength": 3,
    "Manufacturer": "Siemens",
    "ManufacturersModelName": "Skyra",
    "Modality": "MR",
    "MultibandAccelerationFactor": 4,
    "PartialFourier": 1,
    "PatientPosition": "HFS",
    "PercentPhaseFOV": 100,
    "PercentSampling": 100,
    "PhaseEncodingDirection": "j-",
    "PhaseEncodingSteps": 96,
    "PhaseResolution": 1,
    "PixelBandwidth": 2480,
    "ProcedureStepDescription": "KFU^AllgemeinePsy",
    "ProtocolName": "MB4_2_5mm_20K_TR1250_2",
    "PulseSequenceDetails": "%CustomerSeq%\\cmrr_mbep2d_bold",
    "ReceiveCoilActiveElements": "HE1-4",
    "ReceiveCoilName": "HeadNeck_20",
    "ReconMatrixPE": 96,
    "RepetitionTime": 1.25,
    "SAR": 0.0749629,
    "ScanOptions": "FS",
    "ScanningSequence": "EP",
    "SequenceName": "epfid2d1_96",
    "SequenceVariant": "SK\\SS",
    "SeriesDescription": "MB4_2_5mm_20K_TR1250_2",
    "SeriesNumber": 6,
    "ShimSetting": [
      -1674,
      -3735,
      -4518,
      412,
      655,
      -83,
      113,
      -376
    ],
    "SliceThickness": 2.5,
    "SliceTiming": [
      0,
      0.6625,
      0.095,
      0.7575,
      0.19,
      0.8525,
      0.285,
      0.9475,
      0.38,
      1.04,
      0.4725,
      1.135,
      0.5675,
      0,
      0.6625,
      0.095,
      0.7575,
      0.19,
      0.8525,
      0.285,
      0.9475,
      0.38,
      1.04,
      0.4725,
      1.135,
      0.5675,
      0,
      0.6625,
      0.095,
      0.7575,
      0.19,
      0.8525,
      0.285,
      0.9475,
      0.38,
      1.04,
      0.4725,
      1.135,
      0.5675,
      0,
      0.6625,
      0.095,
      0.7575,
      0.19,
      0.8525,
      0.285,
      0.9475,
      0.38,
      1.04,
      0.4725,
      1.135,
      0.5675
    ],
    "SoftwareVersions": "syngo MR D13",
    "SpacingBetweenSlices": 2.75,
    "StationName": "FBMTMR1",
    "TaskName": "multar",
    "TotalReadoutTime": 0.0626993,
    "TxRefAmp": 378.942,
    "WipMemBlock": "c3dfaa40-d7e9-4b8e-864b-0a09a38dea39||Sequence: vd13a/master r/c0cb646; Dec 14 2015 19:21:42 by eja",
    "acq_id": "mb",
    "dataset": "ds003470",
    "modality": "bold",
    "run_id": 2,
    "session_id": "1",
    "subject_id": "07",
    "task_id": "multar"
  },
  "dummy_trs": 1,
  "dvars_nstd": 46.5752338337931,
  "dvars_std": 1.2681757791777186,
  "dvars_vstd": 0.9906469717771879,
  "efc": 0.4228512308483541,
  "fber": 5849.744140625,
  "fd_mean": 0.2854330118235834,
  "fd_num": 271,
  "fd_perc": 71.6931216931217,
  "fwhm_avg": 1.9177288484848487,
  "fwhm_x": 1.838532,
  "fwhm_y": 2.14936,
  "fwhm_z": 1.7652945454545454,
  "gcor": 0.00901851,
  "gsr_x": -0.013312914408743382,
  "gsr_y": 0.016991503536701202,
  "provenance": {
    "md5sum": "7311ba371bcf2e543afeabac872bb345",
    "settings": {
      "fd_thres": 0.2,
      "testing": false
    },
    "software": "mriqc",
    "version": "22.0.6",
    "webapi_port": null,
    "webapi_url": "https://mriqc.nimh.nih.gov/api/v1"
  },
  "size_t": 378,
  "size_x": 96,
  "size_y": 96,
  "size_z": 52,
  "snr": 4.659872250662994,
  "spacing_tr": 1.25,
  "spacing_x": 2.5,
  "spacing_y": 2.5,
  "spacing_z": 2.75,
  "summary_bg_k": 34.12424380191698,
  "summary_bg_mad": 45.95536374711971,
  "summary_bg_mean": 243.39041137695312,
  "summary_bg_median": 100.83113098144531,
  "summary_bg_n": 349609.0,
  "summary_bg_p05": 58.83705596923828,
  "summary_bg_p95": 896.3385253906233,
  "summary_bg_stdv": 499.1544189453125,
  "summary_fg_k": 3.6274714236187124,
  "summary_fg_mad": 1427.1088807801304,
  "summary_fg_mean": 7904.86083984375,
  "summary_fg_median": 7739.55810546875,
  "summary_fg_n": 65346.0,
  "summary_fg_p05": 5860.1053466796875,
  "summary_fg_p95": 10546.235595703125,
  "summary_fg_stdv": 1660.8822021484375,
  "tsnr": 41.215824127197266
}