{
  "aor": 0.0011740173410404622,
  "aqi": 0.015374767341040462,
  "bids_meta": {
    "AcquisitionMatrixPE": 96,
    "AcquisitionNumber": 1,
    "AcquisitionTime": "13:32:34.952500",
    "BandwidthPerPixelPhaseEncode": 15.783,
    "BaseResolution": 96,
    "BodyPartExamined": "BRAIN",
    "ConsistencyInfo": "N4_VD13A_LATEST_20120616",
    "ConversionSoftware": "dcm2niix",
    "ConversionSoftwareVersion": "v1.0.20201102",
    "DerivedVendorReportedEchoSpacing": 0.000659993,
    "DeviceSerialNumber": "45250",
    "DwellTime": 2.1e-06,
    "EchoTime": 0.04,
    "EchoTrainLength": 96,
    "EffectiveEchoSpacing": 0.000659993,
    "FlipAngle": 60,
    "ImageComments": "Unaliased MB4/PE3",
    "ImageOrientationPatientDICOM": [
      0.998003,
      -0.018878,
      -0.0602744,
      0.0162006,
      0.998873,
      -0.0446036
    ],
    "ImageType": [
      "ORIGINAL",
      "PRIMARY",
      "M",
      "MB",
      "ND",
      "NORM",
      "MOSAIC"
    ],
    "ImagingFrequency": 123.22,
    "InPlanePhaseEncodingDirectionDICOM": "COL",
    "InstitutionAddress": "Kopernikusstr. 26,Graz,Graz,AT,8010",
    "InstitutionName": "KFU",
    "InstitutionalDepartmentName": "Department",
    "MRAcquisitionType": "2D",
    "MagneticFieldStrength": 3,
    "Manufacturer": "Siemens",
    "ManufacturersModelName": "Skyra",
    "Modality": "MR",
    "MultibandAccelerationFactor": 4,
    "PartialFourier": 1,
    "PatientPosition": "HFS",
    "PercentPhaseFOV": 100,
    "PercentSampling": 100,
    "PhaseEncodingDirection": "j-",
    "PhaseEncodingSteps": 96,
    "PhaseResolution": 1,
    "PixelBandwidth": 2480,
    "ProcedureStepDescription": "KFU^AllgemeinePsy",
    "ProtocolName": "MB4_2_5mm_20K_TR1250_5",
    "PulseSequenceDetails": "%CustomerSeq%\\cmrr_mbep2d_bold",
    "ReceiveCoilActiveElements": "HE1-4",
    "ReceiveCoilName": "HeadNeck_20",
    "ReconMatrixPE": 96,
    "RepetitionTime": 1.25,
    "SAR": 0.0749629,
    "ScanOptions": "FS",
    "ScanningSequence": "EP",
    "SequenceName": "epfid2d1_96",
    "SequenceVariant": "SK\\SS",
    "SeriesDescription": "MB4_2_5mm_20K_TR1250_5",
    "SeriesNumber": 9,
    "ShimSetting": [
      -1674,
      -3735,
      -4518,
      412,
      655,
      -83,
      113,
      -376
    ],
    "SliceThickness": 2.5,
    "SliceTiming": [
      0,
      0.6625,
      0.095,
      0.7575,
      0.19,
      0.8525,
      0.285,
      0.9475,
      0.38,
      1.0425,
      0.475,
      1.1375,
      0.57,
      0,
      0.6625,
      0.095,
      0.7575,
      0.19,
      0.8525,
      0.285,
      0.9475,
      0.38,
      1.0425,
      0.475,
      1.1375,
      0.57,
      0,
      0.6625,
      0.095,
      0.7575,
      0.19,
      0.8525,
      0.285,
      0.9475,
      0.38,
      1.0425,
      0.475,
      1.1375,
      0.57,
      0,
      0.6625,
      0.095,
      0.7575,
      0.19,
      0.8525,
      0.285,
      0.9475,
      0.38,
      1.0425,
      0.475,
      1.1375,
      0.57
    ],
    "SoftwareVersions": "syngo MR D13",
    "SpacingBetweenSlices": 2.75,
    "StationName": "FBMTMR1",
    "TaskName": "multar",
    "TotalReadoutTime": 0.0626993,
    "TxRefAmp": 378.942,
    "WipMemBlock": "82a20c8c-3c48-44a4-ada6-f5df81b76397||Sequence: vd13a/master r/c0cb646; Dec 14 2015 19:21:42 by eja",
    "acq_id": "mb",
    "dataset": "ds003470",
    "modality": "bold",
    "run_id": 5,
    "session_id": "1",
    "subject_id": "07",
    "task_id": "multar"
  },
  "dummy_trs": 1,
  "dvars_nstd": 46.60810321304348,
  "dvars_std": 1.2851714088985495,
  "dvars_vstd": 1.009935084753623,
  "efc": 0.42574385695416744,
  "fber": 5671.412109375,
  "fd_mean": 0.27272043133195195,
  "fd_num": 235,
  "fd_perc": 67.91907514450867,
  "fwhm_avg": 1.9210698181818182,
  "fwhm_x": 1.838928,
  "fwhm_y": 2.159336,
  "fwhm_z": 1.7649454545454546,
  "gcor": 0.00831817,
  "gsr_x": -0.013762378133833408,
  "gsr_y": 0.01706618256866932,
  "provenance": {
    "md5sum": "bc6772c47a46e5a6c181946e286dc413",
    "settings": {
      "fd_thres": 0.2,
      "testing": false
    },
    "software": "mriqc",
    "version": "22.0.6",
    "webapi_port": null,
    "webapi_url": "https://mriqc.nimh.nih.gov/api/v1"
  },
  "size_t": 346,
  "size_x": 96,
  "size_y": 96,
  "size_z": 52,
  "snr": 4.64386784620877,
  "spacing_tr": 1.25,
  "spacing_x": 2.5,
  "spacing_y": 2.5,
  "spacing_z": 2.75,
  "summary_bg_k": 33.62666349447399,
  "summary_bg_mad": 47.68343372947869,
  "summary_bg_mean": 251.00584411621094,
  "summary_bg_median": 102.0548095703125,
  "summary_bg_n": 349085.0,
  "summary_bg_p05": 58.1978256225586,
  "summary_bg_p95": 947.4406860351553,
  "summary_bg_stdv": 509.54608154296875,
  "summary_fg_k": 3.636981057222319,
  "summary_fg_mad": 1431.6298040489623,
  "summary_fg_mean": 7868.6962890625,
  "summary_fg_median": 7702.61181640625,
  "summary_fg_n": 65723.0,
  "summary_fg_p05": 5840.055615234375,
  "summary_fg_p95": 10516.751562499994,
  "summary_fg_stdv": 1658.650390625,
  "tsnr": 37.72982406616211
}