{
  "aor": 0.0007082386363636364,
  "aqi": 0.012603766193181818,
  "bids_meta": {
    "AcquisitionMatrixPE": 96,
    "AcquisitionNumber": 1,
    "AcquisitionTime": "13:40:58.460000",
    "BandwidthPerPixelPhaseEncode": 15.783,
    "BaseResolution": 96,
    "BodyPartExamined": "BRAIN",
    "ConsistencyInfo": "N4_VD13A_LATEST_20120616",
    "ConversionSoftware": "dcm2niix",
    "ConversionSoftwareVersion": "v1.0.20201102",
    "DerivedVendorReportedEchoSpacing": 0.000659993,
    "DeviceSerialNumber": "45250",
    "DwellTime": 2.1e-06,
    "EchoTime": 0.04,
    "EchoTrainLength": 96,
    "EffectiveEchoSpacing": 0.000659993,
    "FlipAngle": 60,
    "ImageComments": "Unaliased MB4/PE3",
    "ImageOrientationPatientDICOM": [
      0.998003,
      -0.018878,
      -0.0602744,
      0.0162006,
      0.998873,
      -0.0446036
    ],
    "ImageType": [
      "ORIGINAL",
      "PRIMARY",
      "M",
      "MB",
      "ND",
      "NORM",
      "MOSAIC"
    ],
    "ImagingFrequency": 123.22,
    "InPlanePhaseEncodingDirectionDICOM": "COL",
    "InstitutionAddress": "Kopernikusstr. 26,Graz,Graz,AT,8010",
    "InstitutionName": "KFU",
    "InstitutionalDepartmentName": "Department",
    "MRAcquisitionType": "2D",
    "MagneticFieldStrength": 3,
    "Manufacturer": "Siemens",
    "ManufacturersModelName": "Skyra",
    "Modality": "MR",
    "MultibandAccelerationFactor": 4,
    "PartialFourier": 1,
    "PatientPosition": "HFS",
    "PercentPhaseFOV": 100,
    "PercentSampling": 100,
    "PhaseEncodingDirection": "j-",
    "PhaseEncodingSteps": 96,
    "PhaseResolution": 1,
    "PixelBandwidth": 2480,
    "ProcedureStepDescription": "KFU^AllgemeinePsy",
    "ProtocolName": "MB4_2_5mm_20K_TR1250_6",
    "PulseSequenceDetails": "%CustomerSeq%\\cmrr_mbep2d_bold",
    "ReceiveCoilActiveElements": "HE1-4",
    "ReceiveCoilName": "HeadNeck_20",
    "ReconMatrixPE": 96,
    "RepetitionTime": 1.25,
    "SAR": 0.0749629,
    "ScanOptions": "FS",
    "ScanningSequence": "EP",
    "SequenceName": "epfid2d1_96",
    "SequenceVariant": "SK\\SS",
    "SeriesDescription": "MB4_2_5mm_20K_TR1250_6",
    "SeriesNumber": 10,
    "ShimSetting": [
      -1674,
      -3735,
      -4518,
      412,
      655,
      -83,
      113,
      -376
    ],
    "SliceThickness": 2.5,
    "SliceTiming": [
      0,
      0.6625,
      0.0925,
      0.755,
      0.1875,
      0.85,
      0.2825,
      0.945,
      0.3775,
      1.04,
      0.4725,
      1.135,
      0.5675,
      0,
      0.6625,
      0.0925,
      0.755,
      0.1875,
      0.85,
      0.2825,
      0.945,
      0.3775,
      1.04,
      0.4725,
      1.135,
      0.5675,
      0,
      0.6625,
      0.0925,
      0.755,
      0.1875,
      0.85,
      0.2825,
      0.945,
      0.3775,
      1.04,
      0.4725,
      1.135,
      0.5675,
      0,
      0.6625,
      0.0925,
      0.755,
      0.1875,
      0.85,
      0.2825,
      0.945,
      0.3775,
      1.04,
      0.4725,
      1.135,
      0.5675
    ],
    "SoftwareVersions": "syngo MR D13",
    "SpacingBetweenSlices": 2.75,
    "StationName": "FBMTMR1",
    "TaskName": "multar",
    "TotalReadoutTime": 0.0626993,
    "TxRefAmp": 378.942,
    "WipMemBlock": "cb796f69-7b16-4c56-a5ee-6b7b776153d1||Sequence: vd13a/master r/c0cb646; Dec 14 2015 19:21:42 by eja",
    "acq_id": "mb",
    "dataset": "ds003470",
    "modality": "bold",
    "run_id": 6,
    "session_id": "1",
    "subject_id": "07",
    "task_id": "multar"
  },
  "dummy_trs": 0,
  "dvars_nstd": 46.95238581809117,
  "dvars_std": 1.3025560898005701,
  "dvars_vstd": 0.9987468013105415,
  "efc": 0.4261240023217081,
  "fber": 5551.7587890625,
  "fd_mean": 0.245484171762738,
  "fd_num": 205,
  "fd_perc": 58.23863636363637,
  "fwhm_avg": 1.9239424242424243,
  "fwhm_x": 1.843816,
  "fwhm_y": 2.159124,
  "fwhm_z": 1.7688872727272729,
  "gcor": 0.00808004,
  "gsr_x": -0.013525537215173244,
  "gsr_y": 0.01702171005308628,
  "provenance": {
    "md5sum": "5903bf7f99ca5fd66eb542fe4d4967a3",
    "settings": {
      "fd_thres": 0.2,
      "testing": false
    },
    "software": "mriqc",
    "version": "22.0.6",
    "webapi_port": null,
    "webapi_url": "https://mriqc.nimh.nih.gov/api/v1"
  },
  "size_t": 352,
  "size_x": 96,
  "size_y": 96,
  "size_z": 52,
  "snr": 4.633175853570398,
  "spacing_tr": 1.25,
  "spacing_x": 2.5,
  "spacing_y": 2.5,
  "spacing_z": 2.75,
  "summary_bg_k": 33.335039470910196,
  "summary_bg_mad": 46.57341065201196,
  "summary_bg_mean": 248.47894287109375,
  "summary_bg_median": 102.5113525390625,
  "summary_bg_n": 348796.0,
  "summary_bg_p05": 59.984524726867676,
  "summary_bg_p95": 933.1333312988281,
  "summary_bg_stdv": 501.0815124511719,
  "summary_fg_k": 3.5300324887123242,
  "summary_fg_mad": 1405.415688358383,
  "summary_fg_mean": 7829.1171875,
  "summary_fg_median": 7665.7255859375,
  "summary_fg_n": 65985.0,
  "summary_fg_p05": 5802.78095703125,
  "summary_fg_p95": 10464.546289062497,
  "summary_fg_stdv": 1654.516845703125,
  "tsnr": 40.68769836425781
}