{
  "aor": 0.0017712868632707775,
  "aqi": 0.018779098605898124,
  "bids_meta": {
    "AcquisitionMatrixPE": 96,
    "AcquisitionNumber": 1,
    "AcquisitionTime": "13:23:14.705000",
    "BandwidthPerPixelPhaseEncode": 15.783,
    "BaseResolution": 96,
    "BodyPartExamined": "BRAIN",
    "ConsistencyInfo": "N4_VD13A_LATEST_20120616",
    "ConversionSoftware": "dcm2niix",
    "ConversionSoftwareVersion": "v1.0.20201102",
    "DerivedVendorReportedEchoSpacing": 0.000659993,
    "DeviceSerialNumber": "45250",
    "DwellTime": 2.1e-06,
    "EchoTime": 0.04,
    "EchoTrainLength": 96,
    "EffectiveEchoSpacing": 0.000659993,
    "FlipAngle": 60,
    "ImageComments": "Unaliased MB4/PE3",
    "ImageOrientationPatientDICOM": [
      0.998003,
      -0.018878,
      -0.0602744,
      0.0162006,
      0.998873,
      -0.0446036
    ],
    "ImageType": [
      "ORIGINAL",
      "PRIMARY",
      "M",
      "MB",
      "ND",
      "NORM",
      "MOSAIC"
    ],
    "ImagingFrequency": 123.22,
    "InPlanePhaseEncodingDirectionDICOM": "COL",
    "InstitutionAddress": "Kopernikusstr. 26,Graz,Graz,AT,8010",
    "InstitutionName": "KFU",
    "InstitutionalDepartmentName": "Department",
    "MRAcquisitionType": "2D",
    "MagneticFieldStrength": 3,
    "Manufacturer": "Siemens",
    "ManufacturersModelName": "Skyra",
    "Modality": "MR",
    "MultibandAccelerationFactor": 4,
    "PartialFourier": 1,
    "PatientPosition": "HFS",
    "PercentPhaseFOV": 100,
    "PercentSampling": 100,
    "PhaseEncodingDirection": "j-",
    "PhaseEncodingSteps": 96,
    "PhaseResolution": 1,
    "PixelBandwidth": 2480,
    "ProcedureStepDescription": "KFU^AllgemeinePsy",
    "ProtocolName": "MB4_2_5mm_20K_TR1250_4",
    "PulseSequenceDetails": "%CustomerSeq%\\cmrr_mbep2d_bold",
    "ReceiveCoilActiveElements": "HE1-4",
    "ReceiveCoilName": "HeadNeck_20",
    "ReconMatrixPE": 96,
    "RepetitionTime": 1.25,
    "SAR": 0.0749629,
    "ScanOptions": "FS",
    "ScanningSequence": "EP",
    "SequenceName": "epfid2d1_96",
    "SequenceVariant": "SK\\SS",
    "SeriesDescription": "MB4_2_5mm_20K_TR1250_4",
    "SeriesNumber": 8,
    "ShimSetting": [
      -1674,
      -3735,
      -4518,
      412,
      655,
      -83,
      113,
      -376
    ],
    "SliceThickness": 2.5,
    "SliceTiming": [
      0,
      0.6625,
      0.095,
      0.7575,
      0.19,
      0.85,
      0.2825,
      0.945,
      0.3775,
      1.04,
      0.4725,
      1.135,
      0.5675,
      0,
      0.6625,
      0.095,
      0.7575,
      0.19,
      0.85,
      0.2825,
      0.945,
      0.3775,
      1.04,
      0.4725,
      1.135,
      0.5675,
      0,
      0.6625,
      0.095,
      0.7575,
      0.19,
      0.85,
      0.2825,
      0.945,
      0.3775,
      1.04,
      0.4725,
      1.135,
      0.5675,
      0,
      0.6625,
      0.095,
      0.7575,
      0.19,
      0.85,
      0.2825,
      0.945,
      0.3775,
      1.04,
      0.4725,
      1.135,
      0.5675
    ],
    "SoftwareVersions": "syngo MR D13",
    "SpacingBetweenSlices": 2.75,
    "StationName": "FBMTMR1",
    "TaskName": "multar",
    "TotalReadoutTime": 0.0626993,
    "TxRefAmp": 378.942,
    "WipMemBlock": "35f9c354-00d1-4b25-b592-e6f17673e219||Sequence: vd13a/master r/c0cb646; Dec 14 2015 19:21:42 by eja",
    "acq_id": "mb",
    "dataset": "ds003470",
    "modality": "bold",
    "run_id": 4,
    "session_id": "1",
    "subject_id": "07",
    "task_id": "multar"
  },
  "dummy_trs": 1,
  "dvars_nstd": 46.33823893139784,
  "dvars_std": 1.2541627687365593,
  "dvars_vstd": 1.00676450155914,
  "efc": 0.42511287873647924,
  "fber": 5709.375,
  "fd_mean": 0.2913897778084491,
  "fd_num": 271,
  "fd_perc": 72.65415549597856,
  "fwhm_avg": 1.9291807272727273,
  "fwhm_x": 1.852796,
  "fwhm_y": 2.169368,
  "fwhm_z": 1.765378181818182,
  "gcor": 0.00834301,
  "gsr_x": -0.014002630487084389,
  "gsr_y": 0.01665874943137169,
  "provenance": {
    "md5sum": "42d173b83455f76df2c5b7d22e029db8",
    "settings": {
      "fd_thres": 0.2,
      "testing": false
    },
    "software": "mriqc",
    "version": "22.0.6",
    "webapi_port": null,
    "webapi_url": "https://mriqc.nimh.nih.gov/api/v1"
  },
  "size_t": 373,
  "size_x": 96,
  "size_y": 96,
  "size_z": 52,
  "snr": 4.63361735013111,
  "spacing_tr": 1.25,
  "spacing_x": 2.5,
  "spacing_y": 2.5,
  "spacing_z": 2.75,
  "summary_bg_k": 33.62393157603093,
  "summary_bg_mad": 48.377770083396754,
  "summary_bg_mean": 250.5711669921875,
  "summary_bg_median": 101.90789794921875,
  "summary_bg_n": 349339.0,
  "summary_bg_p05": 56.66335029602051,
  "summary_bg_p95": 946.0215942382792,
  "summary_bg_stdv": 507.6304626464844,
  "summary_fg_k": 3.754321987093306,
  "summary_fg_mad": 1427.8530775968413,
  "summary_fg_mean": 7875.455078125,
  "summary_fg_median": 7709.47265625,
  "summary_fg_n": 65611.0,
  "summary_fg_p05": 5828.514892578125,
  "summary_fg_p95": 10525.16259765625,
  "summary_fg_stdv": 1663.80029296875,
  "tsnr": 35.20884323120117
}