{
  "aor": 0.00265256338028169,
  "aqi": 0.011284096619718308,
  "bids_meta": {
    "AcquisitionMatrixPE": 96,
    "AcquisitionNumber": 1,
    "AcquisitionTime": "11:43:22.892500",
    "BandwidthPerPixelPhaseEncode": 15.783,
    "BaseResolution": 96,
    "BodyPartExamined": "BRAIN",
    "ConsistencyInfo": "N4_VD13A_LATEST_20120616",
    "ConversionSoftware": "dcm2niix",
    "ConversionSoftwareVersion": "v1.0.20201102",
    "DerivedVendorReportedEchoSpacing": 0.000659993,
    "DeviceSerialNumber": "45250",
    "DwellTime": 2.1e-06,
    "EchoTime": 0.04,
    "EchoTrainLength": 96,
    "EffectiveEchoSpacing": 0.000659993,
    "FlipAngle": 60,
    "ImageComments": "Unaliased MB4/PE3",
    "ImageOrientationPatientDICOM": [
      0.999844,
      -0.0151174,
      0.00914493,
      0.0162305,
      0.990395,
      -0.137314
    ],
    "ImageType": [
      "ORIGINAL",
      "PRIMARY",
      "M",
      "MB",
      "ND",
      "NORM",
      "MOSAIC"
    ],
    "ImagingFrequency": 123.22,
    "InPlanePhaseEncodingDirectionDICOM": "COL",
    "InstitutionAddress": "Kopernikusstr. 26,Graz,Graz,AT,8010",
    "InstitutionName": "KFU",
    "InstitutionalDepartmentName": "Department",
    "MRAcquisitionType": "2D",
    "MagneticFieldStrength": 3,
    "Manufacturer": "Siemens",
    "ManufacturersModelName": "Skyra",
    "Modality": "MR",
    "MultibandAccelerationFactor": 4,
    "PartialFourier": 1,
    "PatientPosition": "HFS",
    "PercentPhaseFOV": 100,
    "PercentSampling": 100,
    "PhaseEncodingDirection": "j-",
    "PhaseEncodingSteps": 96,
    "PhaseResolution": 1,
    "PixelBandwidth": 2480,
    "ProcedureStepDescription": "KFU^AllgemeinePsy",
    "ProtocolName": "MB4_2_5mm_20K_TR1250_4",
    "PulseSequenceDetails": "%CustomerSeq%\\cmrr_mbep2d_bold",
    "ReceiveCoilActiveElements": "HE1-4",
    "ReceiveCoilName": "HeadNeck_20",
    "ReconMatrixPE": 96,
    "RepetitionTime": 1.25,
    "SAR": 0.070748,
    "ScanOptions": "FS",
    "ScanningSequence": "EP",
    "SequenceName": "epfid2d1_96",
    "SequenceVariant": "SK\\SS",
    "SeriesDescription": "MB4_2_5mm_20K_TR1250_4",
    "SeriesNumber": 8,
    "ShimSetting": [
      -1659,
      -3631,
      -4434,
      448,
      558,
      179,
      -113,
      -389
    ],
    "SliceThickness": 2.5,
    "SliceTiming": [
      0,
      0.6625,
      0.095,
      0.7575,
      0.19,
      0.8525,
      0.285,
      0.9475,
      0.38,
      1.0425,
      0.475,
      1.135,
      0.5675,
      0,
      0.6625,
      0.095,
      0.7575,
      0.19,
      0.8525,
      0.285,
      0.9475,
      0.38,
      1.0425,
      0.475,
      1.135,
      0.5675,
      0,
      0.6625,
      0.095,
      0.7575,
      0.19,
      0.8525,
      0.285,
      0.9475,
      0.38,
      1.0425,
      0.475,
      1.135,
      0.5675,
      0,
      0.6625,
      0.095,
      0.7575,
      0.19,
      0.8525,
      0.285,
      0.9475,
      0.38,
      1.0425,
      0.475,
      1.135,
      0.5675
    ],
    "SoftwareVersions": "syngo MR D13",
    "SpacingBetweenSlices": 2.75,
    "StationName": "FBMTMR1",
    "TaskName": "multar",
    "TotalReadoutTime": 0.0626993,
    "TxRefAmp": 373.643,
    "WipMemBlock": "8c55103b-c660-4698-98d5-fefc2a5b0faa||Sequence: vd13a/master r/c0cb646; Dec 14 2015 19:21:42 by eja",
    "acq_id": "mb",
    "dataset": "ds003470",
    "modality": "bold",
    "run_id": 4,
    "session_id": "1",
    "subject_id": "10",
    "task_id": "multar"
  },
  "dummy_trs": 1,
  "dvars_nstd": 37.84151800350281,
  "dvars_std": 1.2684899461299435,
  "dvars_vstd": 1.034523661920903,
  "efc": 0.40430833892817364,
  "fber": 7338.591796875,
  "fd_mean": 0.17981054188710485,
  "fd_num": 118,
  "fd_perc": 33.23943661971831,
  "fwhm_avg": 1.9670173333333334,
  "fwhm_x": 1.897588,
  "fwhm_y": 2.182784,
  "fwhm_z": 1.82068,
  "gcor": 0.00912146,
  "gsr_x": -0.015904678031802177,
  "gsr_y": 0.030251171439886093,
  "provenance": {
    "md5sum": "e89f79bc657d456a6ad137357c4fc8b8",
    "settings": {
      "fd_thres": 0.2,
      "testing": false
    },
    "software": "mriqc",
    "version": "22.0.6",
    "webapi_port": null,
    "webapi_url": "https://mriqc.nimh.nih.gov/api/v1"
  },
  "size_t": 355,
  "size_x": 96,
  "size_y": 96,
  "size_z": 52,
  "snr": 4.101635688768185,
  "spacing_tr": 1.25,
  "spacing_x": 2.5,
  "spacing_y": 2.5,
  "spacing_z": 2.75,
  "summary_bg_k": 83.38286044812739,
  "summary_bg_mad": 52.127247475883465,
  "summary_bg_mean": 223.72732543945312,
  "summary_bg_median": 104.06059265136719,
  "summary_bg_n": 352415.0,
  "summary_bg_p05": 53.320486831665036,
  "summary_bg_p95": 739.5030456542969,
  "summary_bg_stdv": 463.0498352050781,
  "summary_fg_k": 3.011636636308303,
  "summary_fg_mad": 1705.025127990345,
  "summary_fg_mean": 9196.33984375,
  "summary_fg_median": 8887.435546875,
  "summary_fg_n": 64201.0,
  "summary_fg_p05": 6558.6611328125,
  "summary_fg_p95": 13243.296875,
  "summary_fg_stdv": 2166.785888671875,
  "tsnr": 43.844879150390625
}