{
  "aor": 0.000895,
  "aqi": 0.008874594393939393,
  "bids_meta": {
    "AcquisitionMatrixPE": 96,
    "AcquisitionNumber": 1,
    "AcquisitionTime": "11:31:53.465000",
    "BandwidthPerPixelPhaseEncode": 15.783,
    "BaseResolution": 96,
    "BodyPartExamined": "BRAIN",
    "ConsistencyInfo": "N4_VD13A_LATEST_20120616",
    "ConversionSoftware": "dcm2niix",
    "ConversionSoftwareVersion": "v1.0.20201102",
    "DerivedVendorReportedEchoSpacing": 0.000659993,
    "DeviceSerialNumber": "45250",
    "DwellTime": 2.1e-06,
    "EchoTime": 0.04,
    "EchoTrainLength": 96,
    "EffectiveEchoSpacing": 0.000659993,
    "FlipAngle": 60,
    "ImageComments": "Unaliased MB4/PE3",
    "ImageOrientationPatientDICOM": [
      0.999844,
      -0.0151174,
      0.00914493,
      0.0162305,
      0.990395,
      -0.137314
    ],
    "ImageType": [
      "ORIGINAL",
      "PRIMARY",
      "M",
      "MB",
      "ND",
      "NORM",
      "MOSAIC"
    ],
    "ImagingFrequency": 123.22,
    "InPlanePhaseEncodingDirectionDICOM": "COL",
    "InstitutionAddress": "Kopernikusstr. 26,Graz,Graz,AT,8010",
    "InstitutionName": "KFU",
    "InstitutionalDepartmentName": "Department",
    "MRAcquisitionType": "2D",
    "MagneticFieldStrength": 3,
    "Manufacturer": "Siemens",
    "ManufacturersModelName": "Skyra",
    "Modality": "MR",
    "MultibandAccelerationFactor": 4,
    "PartialFourier": 1,
    "PatientPosition": "HFS",
    "PercentPhaseFOV": 100,
    "PercentSampling": 100,
    "PhaseEncodingDirection": "j-",
    "PhaseEncodingSteps": 96,
    "PhaseResolution": 1,
    "PixelBandwidth": 2480,
    "ProcedureStepDescription": "KFU^AllgemeinePsy",
    "ProtocolName": "MB4_2_5mm_20K_TR1250_3",
    "PulseSequenceDetails": "%CustomerSeq%\\cmrr_mbep2d_bold",
    "ReceiveCoilActiveElements": "HE1-4",
    "ReceiveCoilName": "HeadNeck_20",
    "ReconMatrixPE": 96,
    "RepetitionTime": 1.25,
    "SAR": 0.070748,
    "ScanOptions": "FS",
    "ScanningSequence": "EP",
    "SequenceName": "epfid2d1_96",
    "SequenceVariant": "SK\\SS",
    "SeriesDescription": "MB4_2_5mm_20K_TR1250_3",
    "SeriesNumber": 7,
    "ShimSetting": [
      -1659,
      -3631,
      -4434,
      448,
      558,
      179,
      -113,
      -389
    ],
    "SliceThickness": 2.5,
    "SliceTiming": [
      0,
      0.6625,
      0.095,
      0.7575,
      0.19,
      0.85,
      0.2825,
      0.945,
      0.3775,
      1.04,
      0.4725,
      1.135,
      0.5675,
      0,
      0.6625,
      0.095,
      0.7575,
      0.19,
      0.85,
      0.2825,
      0.945,
      0.3775,
      1.04,
      0.4725,
      1.135,
      0.5675,
      0,
      0.6625,
      0.095,
      0.7575,
      0.19,
      0.85,
      0.2825,
      0.945,
      0.3775,
      1.04,
      0.4725,
      1.135,
      0.5675,
      0,
      0.6625,
      0.095,
      0.7575,
      0.19,
      0.85,
      0.2825,
      0.945,
      0.3775,
      1.04,
      0.4725,
      1.135,
      0.5675
    ],
    "SoftwareVersions": "syngo MR D13",
    "SpacingBetweenSlices": 2.75,
    "StationName": "FBMTMR1",
    "TaskName": "multar",
    "TotalReadoutTime": 0.0626993,
    "TxRefAmp": 373.643,
    "WipMemBlock": "454cc411-e314-459b-bbea-b320ce669ff1||Sequence: vd13a/master r/c0cb646; Dec 14 2015 19:21:42 by eja",
    "acq_id": "mb",
    "dataset": "ds003470",
    "modality": "bold",
    "run_id": 3,
    "session_id": "1",
    "subject_id": "10",
    "task_id": "multar"
  },
  "dummy_trs": 5,
  "dvars_nstd": 37.48405727848025,
  "dvars_std": 1.245217290425532,
  "dvars_vstd": 1.0035474395744668,
  "efc": 0.4023808921770558,
  "fber": 7515.0546875,
  "fd_mean": 0.16127831573187346,
  "fd_num": 78,
  "fd_perc": 23.636363636363637,
  "fwhm_avg": 1.9692865454545452,
  "fwhm_x": 1.895248,
  "fwhm_y": 2.176128,
  "fwhm_z": 1.8364836363636363,
  "gcor": 0.00947656,
  "gsr_x": -0.015113712288439274,
  "gsr_y": 0.03015274554491043,
  "provenance": {
    "md5sum": "3462d2f2cc0bca9cdcbe7b6082a303b9",
    "settings": {
      "fd_thres": 0.2,
      "testing": false
    },
    "software": "mriqc",
    "version": "22.0.6",
    "webapi_port": null,
    "webapi_url": "https://mriqc.nimh.nih.gov/api/v1"
  },
  "size_t": 330,
  "size_x": 96,
  "size_y": 96,
  "size_z": 52,
  "snr": 4.093987719798299,
  "spacing_tr": 1.25,
  "spacing_x": 2.5,
  "spacing_y": 2.5,
  "spacing_z": 2.75,
  "summary_bg_k": 86.54078817315207,
  "summary_bg_mad": 50.94504097207553,
  "summary_bg_mean": 218.68157958984375,
  "summary_bg_median": 102.96014404296875,
  "summary_bg_n": 352815.0,
  "summary_bg_p05": 53.3325698852539,
  "summary_bg_p95": 705.5210998535156,
  "summary_bg_stdv": 460.1114196777344,
  "summary_fg_k": 2.9185972518688006,
  "summary_fg_mad": 1706.9847980125592,
  "summary_fg_mean": 9208.142578125,
  "summary_fg_median": 8905.443359375,
  "summary_fg_n": 64035.0,
  "summary_fg_p05": 6555.8375,
  "summary_fg_p95": 13295.364355468742,
  "summary_fg_stdv": 2175.232177734375,
  "tsnr": 47.319271087646484
}