{
  "aor": 0.0008464094955489614,
  "aqi": 0.008699673887240356,
  "bids_meta": {
    "AcquisitionMatrixPE": 96,
    "AcquisitionNumber": 1,
    "AcquisitionTime": "11:52:8.680000",
    "BandwidthPerPixelPhaseEncode": 15.783,
    "BaseResolution": 96,
    "BodyPartExamined": "BRAIN",
    "ConsistencyInfo": "N4_VD13A_LATEST_20120616",
    "ConversionSoftware": "dcm2niix",
    "ConversionSoftwareVersion": "v1.0.20201102",
    "DerivedVendorReportedEchoSpacing": 0.000659993,
    "DeviceSerialNumber": "45250",
    "DwellTime": 2.1e-06,
    "EchoTime": 0.04,
    "EchoTrainLength": 96,
    "EffectiveEchoSpacing": 0.000659993,
    "FlipAngle": 60,
    "ImageComments": "Unaliased MB4/PE3",
    "ImageOrientationPatientDICOM": [
      0.999844,
      -0.0151174,
      0.00914493,
      0.0162305,
      0.990395,
      -0.137314
    ],
    "ImageType": [
      "ORIGINAL",
      "PRIMARY",
      "M",
      "MB",
      "ND",
      "NORM",
      "MOSAIC"
    ],
    "ImagingFrequency": 123.22,
    "InPlanePhaseEncodingDirectionDICOM": "COL",
    "InstitutionAddress": "Kopernikusstr. 26,Graz,Graz,AT,8010",
    "InstitutionName": "KFU",
    "InstitutionalDepartmentName": "Department",
    "MRAcquisitionType": "2D",
    "MagneticFieldStrength": 3,
    "Manufacturer": "Siemens",
    "ManufacturersModelName": "Skyra",
    "Modality": "MR",
    "MultibandAccelerationFactor": 4,
    "PartialFourier": 1,
    "PatientPosition": "HFS",
    "PercentPhaseFOV": 100,
    "PercentSampling": 100,
    "PhaseEncodingDirection": "j-",
    "PhaseEncodingSteps": 96,
    "PhaseResolution": 1,
    "PixelBandwidth": 2480,
    "ProcedureStepDescription": "KFU^AllgemeinePsy",
    "ProtocolName": "MB4_2_5mm_20K_TR1250_5",
    "PulseSequenceDetails": "%CustomerSeq%\\cmrr_mbep2d_bold",
    "ReceiveCoilActiveElements": "HE1-4",
    "ReceiveCoilName": "HeadNeck_20",
    "ReconMatrixPE": 96,
    "RepetitionTime": 1.25,
    "SAR": 0.070748,
    "ScanOptions": "FS",
    "ScanningSequence": "EP",
    "SequenceName": "epfid2d1_96",
    "SequenceVariant": "SK\\SS",
    "SeriesDescription": "MB4_2_5mm_20K_TR1250_5",
    "SeriesNumber": 9,
    "ShimSetting": [
      -1659,
      -3631,
      -4434,
      448,
      558,
      179,
      -113,
      -389
    ],
    "SliceThickness": 2.5,
    "SliceTiming": [
      0,
      0.6625,
      0.095,
      0.7575,
      0.19,
      0.8525,
      0.285,
      0.9475,
      0.38,
      1.04,
      0.4725,
      1.135,
      0.5675,
      0,
      0.6625,
      0.095,
      0.7575,
      0.19,
      0.8525,
      0.285,
      0.9475,
      0.38,
      1.04,
      0.4725,
      1.135,
      0.5675,
      0,
      0.6625,
      0.095,
      0.7575,
      0.19,
      0.8525,
      0.285,
      0.9475,
      0.38,
      1.04,
      0.4725,
      1.135,
      0.5675,
      0,
      0.6625,
      0.095,
      0.7575,
      0.19,
      0.8525,
      0.285,
      0.9475,
      0.38,
      1.04,
      0.4725,
      1.135,
      0.5675
    ],
    "SoftwareVersions": "syngo MR D13",
    "SpacingBetweenSlices": 2.75,
    "StationName": "FBMTMR1",
    "TaskName": "multar",
    "TotalReadoutTime": 0.0626993,
    "TxRefAmp": 373.643,
    "WipMemBlock": "c6f411e4-ae86-47f9-ab06-cf4f3e7bfffe||Sequence: vd13a/master r/c0cb646; Dec 14 2015 19:21:42 by eja",
    "acq_id": "mb",
    "dataset": "ds003470",
    "modality": "bold",
    "run_id": 5,
    "session_id": "1",
    "subject_id": "10",
    "task_id": "multar"
  },
  "dummy_trs": 3,
  "dvars_nstd": 38.24877357505951,
  "dvars_std": 1.265727840803571,
  "dvars_vstd": 1.0045916255357146,
  "efc": 0.40470943421773564,
  "fber": 7273.41162109375,
  "fd_mean": 0.16342314141852046,
  "fd_num": 85,
  "fd_perc": 25.222551928783382,
  "fwhm_avg": 1.960724606060606,
  "fwhm_x": 1.88398,
  "fwhm_y": 2.169812,
  "fwhm_z": 1.8283818181818183,
  "gcor": 0.00942716,
  "gsr_x": -0.015881409868597984,
  "gsr_y": 0.03068687580525875,
  "provenance": {
    "md5sum": "2beec7048e764808741289cc89bfa971",
    "settings": {
      "fd_thres": 0.2,
      "testing": false
    },
    "software": "mriqc",
    "version": "22.0.6",
    "webapi_port": null,
    "webapi_url": "https://mriqc.nimh.nih.gov/api/v1"
  },
  "size_t": 337,
  "size_x": 96,
  "size_y": 96,
  "size_z": 52,
  "snr": 4.104479746494502,
  "spacing_tr": 1.25,
  "spacing_x": 2.5,
  "spacing_y": 2.5,
  "spacing_z": 2.75,
  "summary_bg_k": 83.3141438474359,
  "summary_bg_mad": 50.641138736627916,
  "summary_bg_mean": 222.61813354492188,
  "summary_bg_median": 103.88921356201172,
  "summary_bg_n": 352293.0,
  "summary_bg_p05": 54.93696594238281,
  "summary_bg_p95": 728.8542724609371,
  "summary_bg_stdv": 461.13494873046875,
  "summary_fg_k": 2.9796486870750654,
  "summary_fg_mad": 1690.0079891130597,
  "summary_fg_mean": 9161.0400390625,
  "summary_fg_median": 8847.4453125,
  "summary_fg_n": 64236.0,
  "summary_fg_p05": 6546.6025390625,
  "summary_fg_p95": 13262.357177734375,
  "summary_fg_stdv": 2155.54150390625,
  "tsnr": 48.165931701660156
}