{
  "bids_meta": {
    "AcquisitionMatrixPE": 256,
    "AcquisitionNumber": 1,
    "AcquisitionTime": "11:06:15.435000",
    "BaseResolution": 256,
    "BodyPartExamined": "BRAIN",
    "ConsistencyInfo": "N4_VD13A_LATEST_20120616",
    "ConversionSoftware": "dcm2niix",
    "ConversionSoftwareVersion": "v1.0.20201102",
    "DeviceSerialNumber": "45250",
    "DwellTime": 8.5e-06,
    "EchoTime": 0.00207,
    "FlipAngle": 9,
    "ImageOrientationPatientDICOM": [
      0.00731754,
      0.982325,
      -0.187038,
      0.000173825,
      -0.187045,
      -0.982351
    ],
    "ImageType": [
      "ORIGINAL",
      "PRIMARY",
      "M",
      "ND",
      "NORM"
    ],
    "ImagingFrequency": 123.22,
    "InPlanePhaseEncodingDirectionDICOM": "ROW",
    "InstitutionAddress": "Kopernikusstr. 26,Graz,Graz,AT,8010",
    "InstitutionName": "KFU",
    "InstitutionalDepartmentName": "Department",
    "InversionTime": 0.9,
    "MRAcquisitionType": "3D",
    "MagneticFieldStrength": 3,
    "Manufacturer": "Siemens",
    "ManufacturersModelName": "Skyra",
    "Modality": "MR",
    "ParallelReductionFactorInPlane": 2,
    "PartialFourier": 1,
    "PatientPosition": "HFS",
    "PercentPhaseFOV": 100,
    "PercentSampling": 100,
    "PhaseEncodingSteps": 282,
    "PhaseOversampling": 0.1,
    "PhaseResolution": 1,
    "PixelBandwidth": 230,
    "ProcedureStepDescription": "KFU^AllgemeinePsy",
    "ProtocolName": "t1_mprage_sag_p0_iso_no_Pat",
    "PulseSequenceDetails": "%SiemensSeq%\\tfl",
    "ReceiveCoilActiveElements": "HE1-4;NE1,2",
    "ReceiveCoilName": "HeadNeck_20",
    "ReconMatrixPE": 256,
    "RefLinesPE": 24,
    "RepetitionTime": 1.56,
    "SAR": 0.102206,
    "ScanOptions": "IR",
    "ScanningSequence": "GR\\IR",
    "SequenceName": "*tfl3d1_16ns",
    "SequenceVariant": "SK\\SP\\MP\\OSP",
    "SeriesDescription": "t1_mprage_sag_p0_iso_no_Pat",
    "SeriesNumber": 2,
    "ShimSetting": [
      -1661,
      -3542,
      -4866,
      -151,
      630,
      106,
      -188,
      -443
    ],
    "SliceThickness": 1,
    "SoftwareVersions": "syngo MR D13",
    "StationName": "FBMTMR1",
    "TxRefAmp": 373.643,
    "acq_id": "mprage",
    "dataset": "ds003470",
    "modality": "T1w",
    "run_id": 1,
    "session_id": "1",
    "subject_id": "10"
  },
  "cjv": 0.38326720879956583,
  "cnr": 3.538428179567779,
  "efc": 0.5317391014127362,
  "fber": -1.0,
  "fwhm_avg": 3.84909,
  "fwhm_x": 3.74103,
  "fwhm_y": 3.86711,
  "fwhm_z": 3.93913,
  "icvs_csf": 0.24975472459154627,
  "icvs_gm": 0.42600322277124736,
  "icvs_wm": 0.32424205263720635,
  "inu_med": 0.4471018463373184,
  "inu_range": 0.13006873130798335,
  "provenance": {
    "md5sum": "4542c9a2940de7769a90b7e4285fd1dc",
    "settings": {
      "testing": false
    },
    "software": "mriqc",
    "version": "22.0.6",
    "warnings": {
      "large_rot_frame": true,
      "small_air_mask": false
    },
    "webapi_port": null,
    "webapi_url": "https://mriqc.nimh.nih.gov/api/v1"
  },
  "qi_1": 2.310114373762645e-06,
  "qi_2": 0.013225611415911876,
  "rpve_csf": 22.581876306987617,
  "rpve_gm": 13.369685649919408,
  "rpve_wm": 19.87143523309775,
  "size_x": 176,
  "size_y": 256,
  "size_z": 256,
  "snr_csf": 3.8280267413066795,
  "snr_gm": 13.839862525726083,
  "snr_total": 14.27130577117155,
  "snr_wm": 25.14602804648189,
  "snrd_csf": 34.148888143812705,
  "snrd_gm": 83.74618197151092,
  "snrd_total": 76.06223104015511,
  "snrd_wm": 110.29162300514172,
  "spacing_x": 1.0,
  "spacing_y": 1.0,
  "spacing_z": 1.0,
  "summary_bg_k": 24.891399501161956,
  "summary_bg_mad": 0.0,
  "summary_bg_mean": 3.2923324602430175,
  "summary_bg_median": 0.0,
  "summary_bg_n": 2817251.0,
  "summary_bg_p05": 0.0,
  "summary_bg_p95": 14.157889410853386,
  "summary_bg_stdv": 5.940037978802094,
  "summary_csf_k": 6.899890426099551,
  "summary_csf_mad": 50.097370223066505,
  "summary_csf_mean": 317.9777448829023,
  "summary_csf_median": 309.623602822423,
  "summary_csf_n": 62694.0,
  "summary_csf_p05": 222.52426716685295,
  "summary_csf_p95": 464.56754453480244,
  "summary_csf_stdv": 80.88269868847564,
  "summary_gm_k": 0.10127132194098509,
  "summary_gm_mad": 54.01560029637897,
  "summary_gm_mean": 757.6261017508725,
  "summary_gm_median": 759.3159248828888,
  "summary_gm_n": 25110.0,
  "summary_gm_p05": 664.4184237398207,
  "summary_gm_p95": 845.2278855465353,
  "summary_gm_stdv": 54.86331988699428,
  "summary_wm_k": 0.3488526499775162,
  "summary_wm_mad": 38.23073057246304,
  "summary_wm_mean": 1000.2400787787633,
  "summary_wm_median": 1000.0000448673964,
  "summary_wm_n": 165899.0,
  "summary_wm_p05": 935.5155778974295,
  "summary_wm_p95": 1065.956932336092,
  "summary_wm_stdv": 39.767593877343415,
  "tpm_overlap_csf": 0.1662535421539325,
  "tpm_overlap_gm": 0.4650632216711809,
  "tpm_overlap_wm": 0.5067746807073952,
  "wm2max": 0.4725517831974452
}