{
  "aor": 0.000443993993993994,
  "aqi": 0.015649251021021025,
  "bids_meta": {
    "AcquisitionMatrixPE": 96,
    "AcquisitionNumber": 1,
    "AcquisitionTime": "12:30:58.880000",
    "BandwidthPerPixelPhaseEncode": 15.783,
    "BaseResolution": 96,
    "BodyPartExamined": "BRAIN",
    "ConsistencyInfo": "N4_VD13A_LATEST_20120616",
    "ConversionSoftware": "dcm2niix",
    "ConversionSoftwareVersion": "v1.0.20201102",
    "DerivedVendorReportedEchoSpacing": 0.000659993,
    "DeviceSerialNumber": "45250",
    "DwellTime": 2.1e-06,
    "EchoTime": 0.04,
    "EchoTrainLength": 96,
    "EffectiveEchoSpacing": 0.000659993,
    "FlipAngle": 60,
    "ImageComments": "Unaliased MB4/PE3",
    "ImageOrientationPatientDICOM": [
      0.996648,
      -0.0234317,
      -0.0783873,
      0.0161786,
      0.995635,
      -0.091917
    ],
    "ImageType": [
      "ORIGINAL",
      "PRIMARY",
      "M",
      "MB",
      "ND",
      "NORM",
      "MOSAIC"
    ],
    "ImagingFrequency": 123.22,
    "InPlanePhaseEncodingDirectionDICOM": "COL",
    "InstitutionAddress": "Kopernikusstr. 26,Graz,Graz,AT,8010",
    "InstitutionName": "KFU",
    "InstitutionalDepartmentName": "Department",
    "MRAcquisitionType": "2D",
    "MagneticFieldStrength": 3,
    "Manufacturer": "Siemens",
    "ManufacturersModelName": "Skyra",
    "Modality": "MR",
    "MultibandAccelerationFactor": 4,
    "PartialFourier": 1,
    "PatientPosition": "HFS",
    "PercentPhaseFOV": 100,
    "PercentSampling": 100,
    "PhaseEncodingDirection": "j-",
    "PhaseEncodingSteps": 96,
    "PhaseResolution": 1,
    "PixelBandwidth": 2480,
    "ProcedureStepDescription": "KFU^AllgemeinePsy",
    "ProtocolName": "MB4_2_5mm_20K_TR1250_2",
    "PulseSequenceDetails": "%CustomerSeq%\\cmrr_mbep2d_bold",
    "ReceiveCoilActiveElements": "HE1-4",
    "ReceiveCoilName": "HeadNeck_20",
    "ReconMatrixPE": 96,
    "RepetitionTime": 1.25,
    "SAR": 0.0622995,
    "ScanOptions": "FS",
    "ScanningSequence": "EP",
    "SequenceName": "epfid2d1_96",
    "SequenceVariant": "SK\\SS",
    "SeriesDescription": "MB4_2_5mm_20K_TR1250_2",
    "SeriesNumber": 6,
    "ShimSetting": [
      -1697,
      -3744,
      -4495,
      396,
      454,
      -191,
      192,
      -368
    ],
    "SliceThickness": 2.5,
    "SliceTiming": [
      0,
      0.6625,
      0.095,
      0.7575,
      0.1875,
      0.85,
      0.2825,
      0.945,
      0.3775,
      1.04,
      0.4725,
      1.135,
      0.5675,
      0,
      0.6625,
      0.095,
      0.7575,
      0.1875,
      0.85,
      0.2825,
      0.945,
      0.3775,
      1.04,
      0.4725,
      1.135,
      0.5675,
      0,
      0.6625,
      0.095,
      0.7575,
      0.1875,
      0.85,
      0.2825,
      0.945,
      0.3775,
      1.04,
      0.4725,
      1.135,
      0.5675,
      0,
      0.6625,
      0.095,
      0.7575,
      0.1875,
      0.85,
      0.2825,
      0.945,
      0.3775,
      1.04,
      0.4725,
      1.135,
      0.5675
    ],
    "SoftwareVersions": "syngo MR D13",
    "SpacingBetweenSlices": 2.75,
    "StationName": "FBMTMR1",
    "TaskName": "multar",
    "TotalReadoutTime": 0.0626993,
    "TxRefAmp": 346.345,
    "WipMemBlock": "420ce2de-471f-42ba-a3f2-4abdc91c1b60||Sequence: vd13a/master r/bd40f27; Jul 20 2016 19:26:27 by eja",
    "acq_id": "mb",
    "dataset": "ds003470",
    "modality": "bold",
    "run_id": 2,
    "session_id": "1",
    "subject_id": "16",
    "task_id": "multar"
  },
  "dummy_trs": 0,
  "dvars_nstd": 36.940497415692775,
  "dvars_std": 1.1473057471084331,
  "dvars_vstd": 0.9889319875000007,
  "efc": 0.4057296172287035,
  "fber": 7291.673828125,
  "fd_mean": 0.23042272221933072,
  "fd_num": 187,
  "fd_perc": 56.15615615615616,
  "fwhm_avg": 1.9678629006120243,
  "fwhm_x": 1.8882798199196034,
  "fwhm_y": 2.231596,
  "fwhm_z": 1.7837128819164696,
  "gcor": 0.00808329,
  "gsr_x": -0.00786953791975975,
  "gsr_y": 0.01942894235253334,
  "provenance": {
    "md5sum": "9e72ad8edc322642c0406ab8c41e1b43",
    "settings": {
      "fd_thres": 0.2,
      "testing": false
    },
    "software": "mriqc",
    "version": "22.0.6",
    "webapi_port": null,
    "webapi_url": "https://mriqc.nimh.nih.gov/api/v1"
  },
  "size_t": 333,
  "size_x": 96,
  "size_y": 96,
  "size_z": 52,
  "snr": 5.15568557848341,
  "spacing_tr": 1.25,
  "spacing_x": 2.500000238418579,
  "spacing_y": 2.5,
  "spacing_z": 2.749999761581421,
  "summary_bg_k": 59.94285238870678,
  "summary_bg_mad": 38.24490920413834,
  "summary_bg_mean": 188.64353942871094,
  "summary_bg_median": 91.54054260253906,
  "summary_bg_n": 353877.0,
  "summary_bg_p05": 56.85886001586914,
  "summary_bg_p95": 624.5171264648445,
  "summary_bg_stdv": 368.69561767578125,
  "summary_fg_k": 4.510731742980189,
  "summary_fg_mad": 1173.7214475199285,
  "summary_fg_mean": 7989.74267578125,
  "summary_fg_median": 7879.6669921875,
  "summary_fg_n": 62365.0,
  "summary_fg_p05": 5963.68974609375,
  "summary_fg_p95": 10399.35859375,
  "summary_fg_stdv": 1528.3328857421875,
  "tsnr": 42.79094614950009
}