{
  "aor": 0.0006195894428152493,
  "aqi": 0.016734962873900295,
  "bids_meta": {
    "AcquisitionMatrixPE": 96,
    "AcquisitionNumber": 1,
    "AcquisitionTime": "12:58:24.307500",
    "BandwidthPerPixelPhaseEncode": 15.783,
    "BaseResolution": 96,
    "BodyPartExamined": "BRAIN",
    "ConsistencyInfo": "N4_VD13A_LATEST_20120616",
    "ConversionSoftware": "dcm2niix",
    "ConversionSoftwareVersion": "v1.0.20201102",
    "DerivedVendorReportedEchoSpacing": 0.000659993,
    "DeviceSerialNumber": "45250",
    "DwellTime": 2.1e-06,
    "EchoTime": 0.04,
    "EchoTrainLength": 96,
    "EffectiveEchoSpacing": 0.000659993,
    "FlipAngle": 60,
    "ImageComments": "Unaliased MB4/PE3",
    "ImageOrientationPatientDICOM": [
      0.996648,
      -0.0234317,
      -0.0783873,
      0.0161786,
      0.995635,
      -0.091917
    ],
    "ImageType": [
      "ORIGINAL",
      "PRIMARY",
      "M",
      "MB",
      "ND",
      "NORM",
      "MOSAIC"
    ],
    "ImagingFrequency": 123.22,
    "InPlanePhaseEncodingDirectionDICOM": "COL",
    "InstitutionAddress": "Kopernikusstr. 26,Graz,Graz,AT,8010",
    "InstitutionName": "KFU",
    "InstitutionalDepartmentName": "Department",
    "MRAcquisitionType": "2D",
    "MagneticFieldStrength": 3,
    "Manufacturer": "Siemens",
    "ManufacturersModelName": "Skyra",
    "Modality": "MR",
    "MultibandAccelerationFactor": 4,
    "PartialFourier": 1,
    "PatientPosition": "HFS",
    "PercentPhaseFOV": 100,
    "PercentSampling": 100,
    "PhaseEncodingDirection": "j-",
    "PhaseEncodingSteps": 96,
    "PhaseResolution": 1,
    "PixelBandwidth": 2480,
    "ProcedureStepDescription": "KFU^AllgemeinePsy",
    "ProtocolName": "MB4_2_5mm_20K_TR1250_5",
    "PulseSequenceDetails": "%CustomerSeq%\\cmrr_mbep2d_bold",
    "ReceiveCoilActiveElements": "HE1-4",
    "ReceiveCoilName": "HeadNeck_20",
    "ReconMatrixPE": 96,
    "RepetitionTime": 1.25,
    "SAR": 0.0622995,
    "ScanOptions": "FS",
    "ScanningSequence": "EP",
    "SequenceName": "epfid2d1_96",
    "SequenceVariant": "SK\\SS",
    "SeriesDescription": "MB4_2_5mm_20K_TR1250_5",
    "SeriesNumber": 9,
    "ShimSetting": [
      -1697,
      -3744,
      -4495,
      396,
      454,
      -191,
      192,
      -368
    ],
    "SliceThickness": 2.5,
    "SliceTiming": [
      0,
      0.6625,
      0.0925,
      0.755,
      0.1875,
      0.85,
      0.2825,
      0.945,
      0.3775,
      1.04,
      0.4725,
      1.135,
      0.5675,
      0,
      0.6625,
      0.0925,
      0.755,
      0.1875,
      0.85,
      0.2825,
      0.945,
      0.3775,
      1.04,
      0.4725,
      1.135,
      0.5675,
      0,
      0.6625,
      0.0925,
      0.755,
      0.1875,
      0.85,
      0.2825,
      0.945,
      0.3775,
      1.04,
      0.4725,
      1.135,
      0.5675,
      0,
      0.6625,
      0.0925,
      0.755,
      0.1875,
      0.85,
      0.2825,
      0.945,
      0.3775,
      1.04,
      0.4725,
      1.135,
      0.5675
    ],
    "SoftwareVersions": "syngo MR D13",
    "SpacingBetweenSlices": 2.75,
    "StationName": "FBMTMR1",
    "TaskName": "multar",
    "TotalReadoutTime": 0.0626993,
    "TxRefAmp": 346.345,
    "WipMemBlock": "f42f9348-d48b-447c-a1aa-b90a75789f1f||Sequence: vd13a/master r/bd40f27; Jul 20 2016 19:26:27 by eja",
    "acq_id": "mb",
    "dataset": "ds003470",
    "modality": "bold",
    "run_id": 5,
    "session_id": "1",
    "subject_id": "16",
    "task_id": "multar"
  },
  "dummy_trs": 4,
  "dvars_nstd": 36.69096304382354,
  "dvars_std": 1.1609145572058832,
  "dvars_vstd": 0.9929333245588242,
  "efc": 0.40770182185698406,
  "fber": 7153.1376953125,
  "fd_mean": 0.22344777633537818,
  "fd_num": 189,
  "fd_perc": 55.42521994134897,
  "fwhm_avg": 1.9602679910403495,
  "fwhm_x": 1.8887918198707754,
  "fwhm_y": 2.224372,
  "fwhm_z": 1.7676401532502741,
  "gcor": 0.00542006,
  "gsr_x": -0.00808816310018301,
  "gsr_y": 0.019976411014795303,
  "provenance": {
    "md5sum": "6bb7f5ac6f549d85dd14d45b7e5d8eee",
    "settings": {
      "fd_thres": 0.2,
      "testing": false
    },
    "software": "mriqc",
    "version": "22.0.6",
    "webapi_port": null,
    "webapi_url": "https://mriqc.nimh.nih.gov/api/v1"
  },
  "size_t": 341,
  "size_x": 96,
  "size_y": 96,
  "size_z": 52,
  "snr": 5.1583836854427245,
  "spacing_tr": 1.25,
  "spacing_x": 2.500000238418579,
  "spacing_y": 2.5,
  "spacing_z": 2.749999761581421,
  "summary_bg_k": 56.20358336874891,
  "summary_bg_mad": 39.03895517228466,
  "summary_bg_mean": 193.81394958496094,
  "summary_bg_median": 92.03812408447266,
  "summary_bg_n": 353606.0,
  "summary_bg_p05": 57.272727966308594,
  "summary_bg_p95": 657.4296264648438,
  "summary_bg_stdv": 376.17230224609375,
  "summary_fg_k": 4.542494245427263,
  "summary_fg_mad": 1150.5253829274693,
  "summary_fg_mean": 7936.86279296875,
  "summary_fg_median": 7837.8916015625,
  "summary_fg_n": 62619.0,
  "summary_fg_p05": 5901.247998046875,
  "summary_fg_p95": 10305.67568359375,
  "summary_fg_stdv": 1519.43505859375,
  "tsnr": 42.71498093055561
}