{
  "aor": 0.0023678834355828223,
  "aqi": 0.01654673282208589,
  "bids_meta": {
    "AcquisitionMatrixPE": 96,
    "AcquisitionNumber": 1,
    "AcquisitionTime": "12:22:38.717500",
    "BandwidthPerPixelPhaseEncode": 15.783,
    "BaseResolution": 96,
    "BodyPartExamined": "BRAIN",
    "ConsistencyInfo": "N4_VD13A_LATEST_20120616",
    "ConversionSoftware": "dcm2niix",
    "ConversionSoftwareVersion": "v1.0.20201102",
    "DerivedVendorReportedEchoSpacing": 0.000659993,
    "DeviceSerialNumber": "45250",
    "DwellTime": 2.1e-06,
    "EchoTime": 0.04,
    "EchoTrainLength": 96,
    "EffectiveEchoSpacing": 0.000659993,
    "FlipAngle": 60,
    "ImageComments": "Unaliased MB4/PE3",
    "ImageOrientationPatientDICOM": [
      0.996648,
      -0.0234317,
      -0.0783873,
      0.0161786,
      0.995635,
      -0.091917
    ],
    "ImageType": [
      "ORIGINAL",
      "PRIMARY",
      "M",
      "MB",
      "ND",
      "NORM",
      "MOSAIC"
    ],
    "ImagingFrequency": 123.22,
    "InPlanePhaseEncodingDirectionDICOM": "COL",
    "InstitutionAddress": "Kopernikusstr. 26,Graz,Graz,AT,8010",
    "InstitutionName": "KFU",
    "InstitutionalDepartmentName": "Department",
    "MRAcquisitionType": "2D",
    "MagneticFieldStrength": 3,
    "Manufacturer": "Siemens",
    "ManufacturersModelName": "Skyra",
    "Modality": "MR",
    "MultibandAccelerationFactor": 4,
    "PartialFourier": 1,
    "PatientPosition": "HFS",
    "PercentPhaseFOV": 100,
    "PercentSampling": 100,
    "PhaseEncodingDirection": "j-",
    "PhaseEncodingSteps": 96,
    "PhaseResolution": 1,
    "PixelBandwidth": 2480,
    "ProcedureStepDescription": "KFU^AllgemeinePsy",
    "ProtocolName": "MB4_2_5mm_20K_TR1250_1",
    "PulseSequenceDetails": "%CustomerSeq%\\cmrr_mbep2d_bold",
    "ReceiveCoilActiveElements": "HE1-4",
    "ReceiveCoilName": "HeadNeck_20",
    "ReconMatrixPE": 96,
    "RepetitionTime": 1.25,
    "SAR": 0.0622995,
    "ScanOptions": "FS",
    "ScanningSequence": "EP",
    "SequenceName": "epfid2d1_96",
    "SequenceVariant": "SK\\SS",
    "SeriesDescription": "MB4_2_5mm_20K_TR1250_1",
    "SeriesNumber": 5,
    "ShimSetting": [
      -1697,
      -3744,
      -4495,
      396,
      454,
      -191,
      192,
      -368
    ],
    "SliceThickness": 2.5,
    "SliceTiming": [
      0,
      0.6625,
      0.095,
      0.7575,
      0.1875,
      0.85,
      0.2825,
      0.945,
      0.3775,
      1.04,
      0.4725,
      1.135,
      0.5675,
      0,
      0.6625,
      0.095,
      0.7575,
      0.1875,
      0.85,
      0.2825,
      0.945,
      0.3775,
      1.04,
      0.4725,
      1.135,
      0.5675,
      0,
      0.6625,
      0.095,
      0.7575,
      0.1875,
      0.85,
      0.2825,
      0.945,
      0.3775,
      1.04,
      0.4725,
      1.135,
      0.5675,
      0,
      0.6625,
      0.095,
      0.7575,
      0.1875,
      0.85,
      0.2825,
      0.945,
      0.3775,
      1.04,
      0.4725,
      1.135,
      0.5675
    ],
    "SoftwareVersions": "syngo MR D13",
    "SpacingBetweenSlices": 2.75,
    "StationName": "FBMTMR1",
    "TaskName": "multar",
    "TotalReadoutTime": 0.0626993,
    "TxRefAmp": 346.345,
    "WipMemBlock": "dbdf1845-9763-4a0f-8f5f-87e7ed7fab9c||Sequence: vd13a/master r/bd40f27; Jul 20 2016 19:26:27 by eja",
    "acq_id": "mb",
    "dataset": "ds003470",
    "modality": "bold",
    "run_id": 1,
    "session_id": "1",
    "subject_id": "16",
    "task_id": "multar"
  },
  "dummy_trs": 0,
  "dvars_nstd": 37.673600915815385,
  "dvars_std": 1.178937882738461,
  "dvars_vstd": 1.0195215965846152,
  "efc": 0.4048971207134765,
  "fber": 7477.39013671875,
  "fd_mean": 0.24665645939292052,
  "fd_num": 204,
  "fd_perc": 62.576687116564415,
  "fwhm_avg": 1.9620404757245906,
  "fwhm_x": 1.8953998192405874,
  "fwhm_y": 2.221496,
  "fwhm_z": 1.769225607933184,
  "gcor": 0.00992233,
  "gsr_x": -0.007130803074687719,
  "gsr_y": 0.018459726125001907,
  "provenance": {
    "md5sum": "c71875bf9a927f18758dd187154fb3c3",
    "settings": {
      "fd_thres": 0.2,
      "testing": false
    },
    "software": "mriqc",
    "version": "22.0.6",
    "webapi_port": null,
    "webapi_url": "https://mriqc.nimh.nih.gov/api/v1"
  },
  "size_t": 326,
  "size_x": 96,
  "size_y": 96,
  "size_z": 52,
  "snr": 5.098110495404985,
  "spacing_tr": 1.25,
  "spacing_x": 2.500000238418579,
  "spacing_y": 2.5,
  "spacing_z": 2.749999761581421,
  "summary_bg_k": 61.26879204516172,
  "summary_bg_mad": 38.26569947877833,
  "summary_bg_mean": 185.49026489257812,
  "summary_bg_median": 90.2423324584961,
  "summary_bg_n": 353856.0,
  "summary_bg_p05": 55.5214729309082,
  "summary_bg_p95": 614.2660980224609,
  "summary_bg_stdv": 361.7695617675781,
  "summary_fg_k": 4.630854346845438,
  "summary_fg_mad": 1169.6913466652309,
  "summary_fg_mean": 7947.486328125,
  "summary_fg_median": 7846.55517578125,
  "summary_fg_n": 62501.0,
  "summary_fg_p05": 5903.763671875,
  "summary_fg_p95": 10336.2294921875,
  "summary_fg_stdv": 1539.09814453125,
  "tsnr": 41.50544248404913
}