{
  "aor": 0.0006058024691358025,
  "aqi": 0.013517767160493828,
  "bids_meta": {
    "AcquisitionMatrixPE": 96,
    "AcquisitionNumber": 1,
    "AcquisitionTime": "12:50:32.832500",
    "BandwidthPerPixelPhaseEncode": 15.783,
    "BaseResolution": 96,
    "BodyPartExamined": "BRAIN",
    "ConsistencyInfo": "N4_VD13A_LATEST_20120616",
    "ConversionSoftware": "dcm2niix",
    "ConversionSoftwareVersion": "v1.0.20201102",
    "DerivedVendorReportedEchoSpacing": 0.000659993,
    "DeviceSerialNumber": "45250",
    "DwellTime": 2.1e-06,
    "EchoTime": 0.04,
    "EchoTrainLength": 96,
    "EffectiveEchoSpacing": 0.000659993,
    "FlipAngle": 60,
    "ImageComments": "Unaliased MB4/PE3",
    "ImageOrientationPatientDICOM": [
      0.996648,
      -0.0234317,
      -0.0783873,
      0.0161786,
      0.995635,
      -0.091917
    ],
    "ImageType": [
      "ORIGINAL",
      "PRIMARY",
      "M",
      "MB",
      "ND",
      "NORM",
      "MOSAIC"
    ],
    "ImagingFrequency": 123.22,
    "InPlanePhaseEncodingDirectionDICOM": "COL",
    "InstitutionAddress": "Kopernikusstr. 26,Graz,Graz,AT,8010",
    "InstitutionName": "KFU",
    "InstitutionalDepartmentName": "Department",
    "MRAcquisitionType": "2D",
    "MagneticFieldStrength": 3,
    "Manufacturer": "Siemens",
    "ManufacturersModelName": "Skyra",
    "Modality": "MR",
    "MultibandAccelerationFactor": 4,
    "PartialFourier": 1,
    "PatientPosition": "HFS",
    "PercentPhaseFOV": 100,
    "PercentSampling": 100,
    "PhaseEncodingDirection": "j-",
    "PhaseEncodingSteps": 96,
    "PhaseResolution": 1,
    "PixelBandwidth": 2480,
    "ProcedureStepDescription": "KFU^AllgemeinePsy",
    "ProtocolName": "MB4_2_5mm_20K_TR1250_4",
    "PulseSequenceDetails": "%CustomerSeq%\\cmrr_mbep2d_bold",
    "ReceiveCoilActiveElements": "HE1-4",
    "ReceiveCoilName": "HeadNeck_20",
    "ReconMatrixPE": 96,
    "RepetitionTime": 1.25,
    "SAR": 0.0622995,
    "ScanOptions": "FS",
    "ScanningSequence": "EP",
    "SequenceName": "epfid2d1_96",
    "SequenceVariant": "SK\\SS",
    "SeriesDescription": "MB4_2_5mm_20K_TR1250_4",
    "SeriesNumber": 8,
    "ShimSetting": [
      -1697,
      -3744,
      -4495,
      396,
      454,
      -191,
      192,
      -368
    ],
    "SliceThickness": 2.5,
    "SliceTiming": [
      0,
      0.6625,
      0.095,
      0.7575,
      0.19,
      0.8525,
      0.285,
      0.9475,
      0.38,
      1.04,
      0.4725,
      1.135,
      0.5675,
      0,
      0.6625,
      0.095,
      0.7575,
      0.19,
      0.8525,
      0.285,
      0.9475,
      0.38,
      1.04,
      0.4725,
      1.135,
      0.5675,
      0,
      0.6625,
      0.095,
      0.7575,
      0.19,
      0.8525,
      0.285,
      0.9475,
      0.38,
      1.04,
      0.4725,
      1.135,
      0.5675,
      0,
      0.6625,
      0.095,
      0.7575,
      0.19,
      0.8525,
      0.285,
      0.9475,
      0.38,
      1.04,
      0.4725,
      1.135,
      0.5675
    ],
    "SoftwareVersions": "syngo MR D13",
    "SpacingBetweenSlices": 2.75,
    "StationName": "FBMTMR1",
    "TaskName": "multar",
    "TotalReadoutTime": 0.0626993,
    "TxRefAmp": 346.345,
    "WipMemBlock": "84002a93-7296-4920-8d4b-d9f4b15e7238||Sequence: vd13a/master r/bd40f27; Jul 20 2016 19:26:27 by eja",
    "acq_id": "mb",
    "dataset": "ds003470",
    "modality": "bold",
    "run_id": 4,
    "session_id": "1",
    "subject_id": "16",
    "task_id": "multar"
  },
  "dummy_trs": 0,
  "dvars_nstd": 36.60759062544891,
  "dvars_std": 1.1612626422291024,
  "dvars_vstd": 0.9953527234365327,
  "efc": 0.4061109759121913,
  "fber": 7179.9892578125,
  "fd_mean": 0.21388064166482956,
  "fd_num": 182,
  "fd_perc": 56.17283950617284,
  "fwhm_avg": 1.9674045968726122,
  "fwhm_x": 1.9005038187538321,
  "fwhm_y": 2.229088,
  "fwhm_z": 1.7726219718640044,
  "gcor": 0.00933124,
  "gsr_x": -0.007536039222031832,
  "gsr_y": 0.0195325780659914,
  "provenance": {
    "md5sum": "ebc3eaa10af8492e21c55c0fa538f5fa",
    "settings": {
      "fd_thres": 0.2,
      "testing": false
    },
    "software": "mriqc",
    "version": "22.0.6",
    "webapi_port": null,
    "webapi_url": "https://mriqc.nimh.nih.gov/api/v1"
  },
  "size_t": 324,
  "size_x": 96,
  "size_y": 96,
  "size_z": 52,
  "snr": 5.103465104443625,
  "spacing_tr": 1.25,
  "spacing_x": 2.500000238418579,
  "spacing_y": 2.5,
  "spacing_z": 2.749999761581421,
  "summary_bg_k": 61.53191652397781,
  "summary_bg_mad": 38.822206944509055,
  "summary_bg_mean": 189.80606079101562,
  "summary_bg_median": 92.09876251220703,
  "summary_bg_n": 353701.0,
  "summary_bg_p05": 57.23456954956055,
  "summary_bg_p95": 631.5802612304688,
  "summary_bg_stdv": 369.8655090332031,
  "summary_fg_k": 4.604156931847027,
  "summary_fg_mad": 1161.1026783447473,
  "summary_fg_mean": 7984.0361328125,
  "summary_fg_median": 7885.58935546875,
  "summary_fg_n": 62635.0,
  "summary_fg_p05": 5938.367041015625,
  "summary_fg_p95": 10403.3466796875,
  "summary_fg_stdv": 1545.1318359375,
  "tsnr": 44.82785709644668
}