{
  "aor": 0.0009237359550561797,
  "aqi": 0.018036954466292134,
  "bids_meta": {
    "AcquisitionMatrixPE": 96,
    "AcquisitionNumber": 1,
    "AcquisitionTime": "12:39:2.020000",
    "BandwidthPerPixelPhaseEncode": 15.783,
    "BaseResolution": 96,
    "BodyPartExamined": "BRAIN",
    "ConsistencyInfo": "N4_VD13A_LATEST_20120616",
    "ConversionSoftware": "dcm2niix",
    "ConversionSoftwareVersion": "v1.0.20201102",
    "DerivedVendorReportedEchoSpacing": 0.000659993,
    "DeviceSerialNumber": "45250",
    "DwellTime": 2.1e-06,
    "EchoTime": 0.04,
    "EchoTrainLength": 96,
    "EffectiveEchoSpacing": 0.000659993,
    "FlipAngle": 60,
    "ImageComments": "Unaliased MB4/PE3",
    "ImageOrientationPatientDICOM": [
      0.996648,
      -0.0234317,
      -0.0783873,
      0.0161786,
      0.995635,
      -0.091917
    ],
    "ImageType": [
      "ORIGINAL",
      "PRIMARY",
      "M",
      "MB",
      "ND",
      "NORM",
      "MOSAIC"
    ],
    "ImagingFrequency": 123.22,
    "InPlanePhaseEncodingDirectionDICOM": "COL",
    "InstitutionAddress": "Kopernikusstr. 26,Graz,Graz,AT,8010",
    "InstitutionName": "KFU",
    "InstitutionalDepartmentName": "Department",
    "MRAcquisitionType": "2D",
    "MagneticFieldStrength": 3,
    "Manufacturer": "Siemens",
    "ManufacturersModelName": "Skyra",
    "Modality": "MR",
    "MultibandAccelerationFactor": 4,
    "PartialFourier": 1,
    "PatientPosition": "HFS",
    "PercentPhaseFOV": 100,
    "PercentSampling": 100,
    "PhaseEncodingDirection": "j-",
    "PhaseEncodingSteps": 96,
    "PhaseResolution": 1,
    "PixelBandwidth": 2480,
    "ProcedureStepDescription": "KFU^AllgemeinePsy",
    "ProtocolName": "MB4_2_5mm_20K_TR1250_3",
    "PulseSequenceDetails": "%CustomerSeq%\\cmrr_mbep2d_bold",
    "ReceiveCoilActiveElements": "HE1-4",
    "ReceiveCoilName": "HeadNeck_20",
    "ReconMatrixPE": 96,
    "RepetitionTime": 1.25,
    "SAR": 0.0622995,
    "ScanOptions": "FS",
    "ScanningSequence": "EP",
    "SequenceName": "epfid2d1_96",
    "SequenceVariant": "SK\\SS",
    "SeriesDescription": "MB4_2_5mm_20K_TR1250_3",
    "SeriesNumber": 7,
    "ShimSetting": [
      -1697,
      -3744,
      -4495,
      396,
      454,
      -191,
      192,
      -368
    ],
    "SliceThickness": 2.5,
    "SliceTiming": [
      0,
      0.66,
      0.0925,
      0.755,
      0.1875,
      0.85,
      0.2825,
      0.945,
      0.3775,
      1.04,
      0.4725,
      1.135,
      0.5675,
      0,
      0.66,
      0.0925,
      0.755,
      0.1875,
      0.85,
      0.2825,
      0.945,
      0.3775,
      1.04,
      0.4725,
      1.135,
      0.5675,
      0,
      0.66,
      0.0925,
      0.755,
      0.1875,
      0.85,
      0.2825,
      0.945,
      0.3775,
      1.04,
      0.4725,
      1.135,
      0.5675,
      0,
      0.66,
      0.0925,
      0.755,
      0.1875,
      0.85,
      0.2825,
      0.945,
      0.3775,
      1.04,
      0.4725,
      1.135,
      0.5675
    ],
    "SoftwareVersions": "syngo MR D13",
    "SpacingBetweenSlices": 2.75,
    "StationName": "FBMTMR1",
    "TaskName": "multar",
    "TotalReadoutTime": 0.0626993,
    "TxRefAmp": 346.345,
    "WipMemBlock": "8cce5de3-b13b-4f01-96da-6ba42e0bfb0f||Sequence: vd13a/master r/bd40f27; Jul 20 2016 19:26:27 by eja",
    "acq_id": "mb",
    "dataset": "ds003470",
    "modality": "bold",
    "run_id": 3,
    "session_id": "1",
    "subject_id": "16",
    "task_id": "multar"
  },
  "dummy_trs": 0,
  "dvars_nstd": 36.96886524132394,
  "dvars_std": 1.1452064252957748,
  "dvars_vstd": 0.98572369971831,
  "efc": 0.40667109647856403,
  "fber": 7228.6953125,
  "fd_mean": 0.21834517236564369,
  "fd_num": 185,
  "fd_perc": 51.96629213483146,
  "fwhm_avg": 1.963064233153912,
  "fwhm_x": 1.8971038190780811,
  "fwhm_y": 2.2260560000000003,
  "fwhm_z": 1.7660328803836545,
  "gcor": 0.00905174,
  "gsr_x": -0.007868164218962193,
  "gsr_y": 0.01959363743662834,
  "provenance": {
    "md5sum": "addd2f7f42286a70247b8d1f89787766",
    "settings": {
      "fd_thres": 0.2,
      "testing": false
    },
    "software": "mriqc",
    "version": "22.0.6",
    "webapi_port": null,
    "webapi_url": "https://mriqc.nimh.nih.gov/api/v1"
  },
  "size_t": 356,
  "size_x": 96,
  "size_y": 96,
  "size_z": 52,
  "snr": 5.13108097642011,
  "spacing_tr": 1.25,
  "spacing_x": 2.500000238418579,
  "spacing_y": 2.5,
  "spacing_z": 2.749999761581421,
  "summary_bg_k": 58.33493795513631,
  "summary_bg_mad": 38.53933252220385,
  "summary_bg_mean": 191.13931274414062,
  "summary_bg_median": 91.52528381347656,
  "summary_bg_n": 353791.0,
  "summary_bg_p05": 57.25,
  "summary_bg_p95": 639.8946533203125,
  "summary_bg_stdv": 371.32275390625,
  "summary_fg_k": 4.6314618798092,
  "summary_fg_mad": 1154.4038211040531,
  "summary_fg_mean": 7940.00732421875,
  "summary_fg_median": 7844.126953125,
  "summary_fg_n": 62554.0,
  "summary_fg_p05": 5900.940478515625,
  "summary_fg_p95": 10308.064990234374,
  "summary_fg_stdv": 1528.7352294921875,
  "tsnr": 41.95116099889856
}