{
  "aor": 0.0002928405797101449,
  "aqi": 0.012780836434782608,
  "bids_meta": {
    "AcquisitionMatrixPE": 96,
    "AcquisitionNumber": 1,
    "AcquisitionTime": "16:40:26.435000",
    "BandwidthPerPixelPhaseEncode": 15.783,
    "BaseResolution": 96,
    "BodyPartExamined": "BRAIN",
    "ConsistencyInfo": "N4_VD13A_LATEST_20120616",
    "ConversionSoftware": "dcm2niix",
    "ConversionSoftwareVersion": "v1.0.20201102",
    "DerivedVendorReportedEchoSpacing": 0.000659993,
    "DeviceSerialNumber": "45250",
    "DwellTime": 2.1e-06,
    "EchoTime": 0.04,
    "EchoTrainLength": 96,
    "EffectiveEchoSpacing": 0.000659993,
    "FlipAngle": 60,
    "ImageComments": "Unaliased MB4/PE3",
    "ImageOrientationPatientDICOM": [
      0.999868,
      -0.0161872,
      0.00118872,
      0.0162308,
      0.997183,
      -0.0732286
    ],
    "ImageType": [
      "ORIGINAL",
      "PRIMARY",
      "M",
      "MB",
      "ND",
      "NORM",
      "MOSAIC"
    ],
    "ImagingFrequency": 123.22,
    "InPlanePhaseEncodingDirectionDICOM": "COL",
    "InstitutionAddress": "Kopernikusstr. 26,Graz,Graz,AT,8010",
    "InstitutionName": "KFU",
    "InstitutionalDepartmentName": "Department",
    "MRAcquisitionType": "2D",
    "MagneticFieldStrength": 3,
    "Manufacturer": "Siemens",
    "ManufacturersModelName": "Skyra",
    "Modality": "MR",
    "MultibandAccelerationFactor": 4,
    "PartialFourier": 1,
    "PatientPosition": "HFS",
    "PercentPhaseFOV": 100,
    "PercentSampling": 100,
    "PhaseEncodingDirection": "j-",
    "PhaseEncodingSteps": 96,
    "PhaseResolution": 1,
    "PixelBandwidth": 2480,
    "ProcedureStepDescription": "KFU^AllgemeinePsy",
    "ProtocolName": "MB4_2_5mm_20K_TR1250_5",
    "PulseSequenceDetails": "%CustomerSeq%\\cmrr_mbep2d_bold",
    "ReceiveCoilActiveElements": "HE1-4",
    "ReceiveCoilName": "HeadNeck_20",
    "ReconMatrixPE": 96,
    "RepetitionTime": 1.25,
    "SAR": 0.0690099,
    "ScanOptions": "FS",
    "ScanningSequence": "EP",
    "SequenceName": "epfid2d1_96",
    "SequenceVariant": "SK\\SS",
    "SeriesDescription": "MB4_2_5mm_20K_TR1250_5",
    "SeriesNumber": 9,
    "ShimSetting": [
      -1626,
      -3632,
      -4425,
      202,
      738,
      53,
      123,
      -427
    ],
    "SliceThickness": 2.5,
    "SliceTiming": [
      0,
      0.6625,
      0.095,
      0.7575,
      0.1875,
      0.85,
      0.2825,
      0.945,
      0.3775,
      1.04,
      0.4725,
      1.135,
      0.5675,
      0,
      0.6625,
      0.095,
      0.7575,
      0.1875,
      0.85,
      0.2825,
      0.945,
      0.3775,
      1.04,
      0.4725,
      1.135,
      0.5675,
      0,
      0.6625,
      0.095,
      0.7575,
      0.1875,
      0.85,
      0.2825,
      0.945,
      0.3775,
      1.04,
      0.4725,
      1.135,
      0.5675,
      0,
      0.6625,
      0.095,
      0.7575,
      0.1875,
      0.85,
      0.2825,
      0.945,
      0.3775,
      1.04,
      0.4725,
      1.135,
      0.5675
    ],
    "SoftwareVersions": "syngo MR D13",
    "SpacingBetweenSlices": 2.75,
    "StationName": "FBMTMR1",
    "TaskName": "multar",
    "TotalReadoutTime": 0.0626993,
    "TxRefAmp": 366.269,
    "WipMemBlock": "8c4c4b51-fc7f-4cfd-9fac-9773a42618c5||Sequence: vd13a/master r/c0cb646; Dec 14 2015 19:21:42 by eja",
    "acq_id": "mb",
    "dataset": "ds003470",
    "modality": "bold",
    "run_id": 5,
    "session_id": "1",
    "subject_id": "01",
    "task_id": "multar"
  },
  "dummy_trs": 2,
  "dvars_nstd": 36.25711183784884,
  "dvars_std": 1.1584799602325588,
  "dvars_vstd": 0.9919575361918613,
  "efc": 0.4076064282609589,
  "fber": 6213.650390625,
  "fd_mean": 0.16975823686691646,
  "fd_num": 121,
  "fd_perc": 35.072463768115945,
  "fwhm_avg": 1.8937145454545454,
  "fwhm_x": 1.7933119999999998,
  "fwhm_y": 2.163748,
  "fwhm_z": 1.7240836363636363,
  "gcor": 0.0173817,
  "gsr_x": -0.014906172640621662,
  "gsr_y": 0.022176317870616913,
  "provenance": {
    "md5sum": "d0098004a29a309107fb75dd2073281e",
    "settings": {
      "fd_thres": 0.2,
      "testing": false
    },
    "software": "mriqc",
    "version": "22.0.6",
    "webapi_port": null,
    "webapi_url": "https://mriqc.nimh.nih.gov/api/v1"
  },
  "size_t": 345,
  "size_x": 96,
  "size_y": 96,
  "size_z": 52,
  "snr": 5.414210342157962,
  "spacing_tr": 1.25,
  "spacing_x": 2.5,
  "spacing_y": 2.5,
  "spacing_z": 2.75,
  "summary_bg_k": 36.600338594331525,
  "summary_bg_mad": 43.98761176014476,
  "summary_bg_mean": 238.34498596191406,
  "summary_bg_median": 101.69915771484375,
  "summary_bg_n": 357676.0,
  "summary_bg_p05": 61.11961841583252,
  "summary_bg_p95": 890.2054595947266,
  "summary_bg_stdv": 470.1587219238281,
  "summary_fg_k": 5.115712083345244,
  "summary_fg_mad": 1209.4182812086547,
  "summary_fg_mean": 8173.89306640625,
  "summary_fg_median": 8073.931640625,
  "summary_fg_n": 57855.0,
  "summary_fg_p05": 6256.044580078125,
  "summary_fg_p95": 10470.126367187499,
  "summary_fg_stdv": 1491.2353515625,
  "tsnr": 46.13201904296875
}