{
  "aor": 0.0004006837606837607,
  "aqi": 0.011289381794871794,
  "bids_meta": {
    "AcquisitionMatrixPE": 96,
    "AcquisitionNumber": 1,
    "AcquisitionTime": "16:30:51.710000",
    "BandwidthPerPixelPhaseEncode": 15.783,
    "BaseResolution": 96,
    "BodyPartExamined": "BRAIN",
    "ConsistencyInfo": "N4_VD13A_LATEST_20120616",
    "ConversionSoftware": "dcm2niix",
    "ConversionSoftwareVersion": "v1.0.20201102",
    "DerivedVendorReportedEchoSpacing": 0.000659993,
    "DeviceSerialNumber": "45250",
    "DwellTime": 2.1e-06,
    "EchoTime": 0.04,
    "EchoTrainLength": 96,
    "EffectiveEchoSpacing": 0.000659993,
    "FlipAngle": 60,
    "ImageComments": "Unaliased MB4/PE3",
    "ImageOrientationPatientDICOM": [
      0.999868,
      -0.0161872,
      0.00118872,
      0.0162308,
      0.997183,
      -0.0732286
    ],
    "ImageType": [
      "ORIGINAL",
      "PRIMARY",
      "M",
      "MB",
      "ND",
      "NORM",
      "MOSAIC"
    ],
    "ImagingFrequency": 123.22,
    "InPlanePhaseEncodingDirectionDICOM": "COL",
    "InstitutionAddress": "Kopernikusstr. 26,Graz,Graz,AT,8010",
    "InstitutionName": "KFU",
    "InstitutionalDepartmentName": "Department",
    "MRAcquisitionType": "2D",
    "MagneticFieldStrength": 3,
    "Manufacturer": "Siemens",
    "ManufacturersModelName": "Skyra",
    "Modality": "MR",
    "MultibandAccelerationFactor": 4,
    "PartialFourier": 1,
    "PatientPosition": "HFS",
    "PercentPhaseFOV": 100,
    "PercentSampling": 100,
    "PhaseEncodingDirection": "j-",
    "PhaseEncodingSteps": 96,
    "PhaseResolution": 1,
    "PixelBandwidth": 2480,
    "ProcedureStepDescription": "KFU^AllgemeinePsy",
    "ProtocolName": "MB4_2_5mm_20K_TR1250_4",
    "PulseSequenceDetails": "%CustomerSeq%\\cmrr_mbep2d_bold",
    "ReceiveCoilActiveElements": "HE1-4",
    "ReceiveCoilName": "HeadNeck_20",
    "ReconMatrixPE": 96,
    "RepetitionTime": 1.25,
    "SAR": 0.0690099,
    "ScanOptions": "FS",
    "ScanningSequence": "EP",
    "SequenceName": "epfid2d1_96",
    "SequenceVariant": "SK\\SS",
    "SeriesDescription": "MB4_2_5mm_20K_TR1250_4",
    "SeriesNumber": 8,
    "ShimSetting": [
      -1626,
      -3632,
      -4425,
      202,
      738,
      53,
      123,
      -427
    ],
    "SliceThickness": 2.5,
    "SliceTiming": [
      0,
      0.66,
      0.0925,
      0.755,
      0.1875,
      0.85,
      0.2825,
      0.945,
      0.3775,
      1.04,
      0.4725,
      1.135,
      0.5675,
      0,
      0.66,
      0.0925,
      0.755,
      0.1875,
      0.85,
      0.2825,
      0.945,
      0.3775,
      1.04,
      0.4725,
      1.135,
      0.5675,
      0,
      0.66,
      0.0925,
      0.755,
      0.1875,
      0.85,
      0.2825,
      0.945,
      0.3775,
      1.04,
      0.4725,
      1.135,
      0.5675,
      0,
      0.66,
      0.0925,
      0.755,
      0.1875,
      0.85,
      0.2825,
      0.945,
      0.3775,
      1.04,
      0.4725,
      1.135,
      0.5675
    ],
    "SoftwareVersions": "syngo MR D13",
    "SpacingBetweenSlices": 2.75,
    "StationName": "FBMTMR1",
    "TaskName": "multar",
    "TotalReadoutTime": 0.0626993,
    "TxRefAmp": 366.269,
    "WipMemBlock": "c0152a78-6664-495a-8eda-ee59c1088a1a||Sequence: vd13a/master r/c0cb646; Dec 14 2015 19:21:42 by eja",
    "acq_id": "mb",
    "dataset": "ds003470",
    "modality": "bold",
    "run_id": 4,
    "session_id": "1",
    "subject_id": "01",
    "task_id": "multar"
  },
  "dummy_trs": 0,
  "dvars_nstd": 36.20115227857145,
  "dvars_std": 1.1769248810000001,
  "dvars_vstd": 0.999464369,
  "efc": 0.406531160705989,
  "fber": 6223.302734375,
  "fd_mean": 0.1529102804770081,
  "fd_num": 89,
  "fd_perc": 25.356125356125357,
  "fwhm_avg": 1.8969871515151517,
  "fwhm_x": 1.798884,
  "fwhm_y": 2.163692,
  "fwhm_z": 1.7283854545454544,
  "gcor": 0.0133947,
  "gsr_x": -0.014884702861309052,
  "gsr_y": 0.022362323477864265,
  "provenance": {
    "md5sum": "f3ec9870b9eefaccd8db86da982e9400",
    "settings": {
      "fd_thres": 0.2,
      "testing": false
    },
    "software": "mriqc",
    "version": "22.0.6",
    "webapi_port": null,
    "webapi_url": "https://mriqc.nimh.nih.gov/api/v1"
  },
  "size_t": 351,
  "size_x": 96,
  "size_y": 96,
  "size_z": 52,
  "snr": 5.409732320833875,
  "spacing_tr": 1.25,
  "spacing_x": 2.5,
  "spacing_y": 2.5,
  "spacing_z": 2.75,
  "summary_bg_k": 37.17651679818488,
  "summary_bg_mad": 43.868378743289384,
  "summary_bg_mean": 234.90724182128906,
  "summary_bg_median": 101.46957397460938,
  "summary_bg_n": 357900.0,
  "summary_bg_p05": 60.97116889953613,
  "summary_bg_p95": 873.7450378417965,
  "summary_bg_stdv": 460.79571533203125,
  "summary_fg_k": 5.247580171665346,
  "summary_fg_mad": 1209.481986772731,
  "summary_fg_mean": 8163.24365234375,
  "summary_fg_median": 8066.2734375,
  "summary_fg_n": 57613.0,
  "summary_fg_p05": 6255.2423828125,
  "summary_fg_p95": 10449.4478515625,
  "summary_fg_stdv": 1491.0540771484375,
  "tsnr": 47.958518981933594
}