{
  "aor": 0.00039646900269541777,
  "aqi": 0.015395427277628033,
  "bids_meta": {
    "AcquisitionMatrixPE": 96,
    "AcquisitionNumber": 1,
    "AcquisitionTime": "16:51:46.547500",
    "BandwidthPerPixelPhaseEncode": 15.783,
    "BaseResolution": 96,
    "BodyPartExamined": "BRAIN",
    "ConsistencyInfo": "N4_VD13A_LATEST_20120616",
    "ConversionSoftware": "dcm2niix",
    "ConversionSoftwareVersion": "v1.0.20201102",
    "DerivedVendorReportedEchoSpacing": 0.000659993,
    "DeviceSerialNumber": "45250",
    "DwellTime": 2.1e-06,
    "EchoTime": 0.04,
    "EchoTrainLength": 96,
    "EffectiveEchoSpacing": 0.000659993,
    "FlipAngle": 60,
    "ImageComments": "Unaliased MB4/PE3",
    "ImageOrientationPatientDICOM": [
      0.999868,
      -0.0161872,
      0.00118872,
      0.0162308,
      0.997183,
      -0.0732286
    ],
    "ImageType": [
      "ORIGINAL",
      "PRIMARY",
      "M",
      "MB",
      "ND",
      "NORM",
      "MOSAIC"
    ],
    "ImagingFrequency": 123.221,
    "InPlanePhaseEncodingDirectionDICOM": "COL",
    "InstitutionAddress": "Kopernikusstr. 26,Graz,Graz,AT,8010",
    "InstitutionName": "KFU",
    "InstitutionalDepartmentName": "Department",
    "MRAcquisitionType": "2D",
    "MagneticFieldStrength": 3,
    "Manufacturer": "Siemens",
    "ManufacturersModelName": "Skyra",
    "Modality": "MR",
    "MultibandAccelerationFactor": 4,
    "PartialFourier": 1,
    "PatientPosition": "HFS",
    "PercentPhaseFOV": 100,
    "PercentSampling": 100,
    "PhaseEncodingDirection": "j-",
    "PhaseEncodingSteps": 96,
    "PhaseResolution": 1,
    "PixelBandwidth": 2480,
    "ProcedureStepDescription": "KFU^AllgemeinePsy",
    "ProtocolName": "MB4_2_5mm_20K_TR1250_6",
    "PulseSequenceDetails": "%CustomerSeq%\\cmrr_mbep2d_bold",
    "ReceiveCoilActiveElements": "HE1-4",
    "ReceiveCoilName": "HeadNeck_20",
    "ReconMatrixPE": 96,
    "RepetitionTime": 1.25,
    "SAR": 0.0690099,
    "ScanOptions": "FS",
    "ScanningSequence": "EP",
    "SequenceName": "epfid2d1_96",
    "SequenceVariant": "SK\\SS",
    "SeriesDescription": "MB4_2_5mm_20K_TR1250_6",
    "SeriesNumber": 10,
    "ShimSetting": [
      -1626,
      -3632,
      -4425,
      202,
      738,
      53,
      123,
      -427
    ],
    "SliceThickness": 2.5,
    "SliceTiming": [
      0,
      0.6625,
      0.095,
      0.7575,
      0.1875,
      0.85,
      0.2825,
      0.945,
      0.3775,
      1.04,
      0.4725,
      1.135,
      0.5675,
      0,
      0.6625,
      0.095,
      0.7575,
      0.1875,
      0.85,
      0.2825,
      0.945,
      0.3775,
      1.04,
      0.4725,
      1.135,
      0.5675,
      0,
      0.6625,
      0.095,
      0.7575,
      0.1875,
      0.85,
      0.2825,
      0.945,
      0.3775,
      1.04,
      0.4725,
      1.135,
      0.5675,
      0,
      0.6625,
      0.095,
      0.7575,
      0.1875,
      0.85,
      0.2825,
      0.945,
      0.3775,
      1.04,
      0.4725,
      1.135,
      0.5675
    ],
    "SoftwareVersions": "syngo MR D13",
    "SpacingBetweenSlices": 2.75,
    "StationName": "FBMTMR1",
    "TaskName": "multar",
    "TotalReadoutTime": 0.0626993,
    "TxRefAmp": 366.269,
    "WipMemBlock": "164bba26-1967-4bac-bf99-1adc45ede5b9||Sequence: vd13a/master r/c0cb646; Dec 14 2015 19:21:42 by eja",
    "acq_id": "mb",
    "dataset": "ds003470",
    "modality": "bold",
    "run_id": 6,
    "session_id": "1",
    "subject_id": "01",
    "task_id": "multar"
  },
  "dummy_trs": 0,
  "dvars_nstd": 37.098117250864874,
  "dvars_std": 1.172222957189189,
  "dvars_vstd": 0.9888057698918917,
  "efc": 0.40760545760820116,
  "fber": 6307.1259765625,
  "fd_mean": 0.17527790110674943,
  "fd_num": 143,
  "fd_perc": 38.544474393531,
  "fwhm_avg": 1.8987144242424243,
  "fwhm_x": 1.8093039999999998,
  "fwhm_y": 2.1615919999999997,
  "fwhm_z": 1.725247272727273,
  "gcor": 0.0190473,
  "gsr_x": -0.01497703418135643,
  "gsr_y": 0.021751048043370247,
  "provenance": {
    "md5sum": "6979c5947884f2edec254a09e0f59634",
    "settings": {
      "fd_thres": 0.2,
      "testing": false
    },
    "software": "mriqc",
    "version": "22.0.6",
    "webapi_port": null,
    "webapi_url": "https://mriqc.nimh.nih.gov/api/v1"
  },
  "size_t": 371,
  "size_x": 96,
  "size_y": 96,
  "size_z": 52,
  "snr": 5.450966289347282,
  "spacing_tr": 1.25,
  "spacing_x": 2.5,
  "spacing_y": 2.5,
  "spacing_z": 2.75,
  "summary_bg_k": 35.950320583729344,
  "summary_bg_mad": 44.81067135965756,
  "summary_bg_mean": 237.19775390625,
  "summary_bg_median": 100.48904418945312,
  "summary_bg_n": 357812.0,
  "summary_bg_p05": 59.45450687408447,
  "summary_bg_p95": 901.7082244873051,
  "summary_bg_stdv": 463.39794921875,
  "summary_fg_k": 5.049161671310065,
  "summary_fg_mad": 1199.9355632105078,
  "summary_fg_mean": 8141.60693359375,
  "summary_fg_median": 8044.75439453125,
  "summary_fg_n": 57715.0,
  "summary_fg_p05": 6230.0923828125,
  "summary_fg_p95": 10401.83203125,
  "summary_fg_stdv": 1475.8272705078125,
  "tsnr": 43.580081939697266
}