{
  "aor": 0.0015029213483146067,
  "aqi": 0.008483125308988764,
  "bids_meta": {
    "AcquisitionMatrixPE": 96,
    "AcquisitionNumber": 1,
    "AcquisitionTime": "18:11:52.970000",
    "BandwidthPerPixelPhaseEncode": 15.783,
    "BaseResolution": 96,
    "BodyPartExamined": "BRAIN",
    "ConsistencyInfo": "N4_VD13A_LATEST_20120616",
    "ConversionSoftware": "dcm2niix",
    "ConversionSoftwareVersion": "v1.0.20201102",
    "DerivedVendorReportedEchoSpacing": 0.000659993,
    "DeviceSerialNumber": "45250",
    "DwellTime": 2.1e-06,
    "EchoTime": 0.04,
    "EchoTrainLength": 96,
    "EffectiveEchoSpacing": 0.000659993,
    "FlipAngle": 60,
    "ImageComments": "Unaliased MB4/PE3",
    "ImageOrientationPatientDICOM": [
      0.993602,
      -0.0392202,
      -0.105907,
      0.0161292,
      0.977429,
      -0.210646
    ],
    "ImageType": [
      "ORIGINAL",
      "PRIMARY",
      "M",
      "MB",
      "ND",
      "NORM",
      "MOSAIC"
    ],
    "ImagingFrequency": 123.22,
    "InPlanePhaseEncodingDirectionDICOM": "COL",
    "InstitutionAddress": "Kopernikusstr. 26,Graz,Graz,AT,8010",
    "InstitutionName": "KFU",
    "InstitutionalDepartmentName": "Department",
    "MRAcquisitionType": "2D",
    "MagneticFieldStrength": 3,
    "Manufacturer": "Siemens",
    "ManufacturersModelName": "Skyra",
    "Modality": "MR",
    "MultibandAccelerationFactor": 4,
    "PartialFourier": 1,
    "PatientPosition": "HFS",
    "PercentPhaseFOV": 100,
    "PercentSampling": 100,
    "PhaseEncodingDirection": "j-",
    "PhaseEncodingSteps": 96,
    "PhaseResolution": 1,
    "PixelBandwidth": 2480,
    "ProcedureStepDescription": "KFU^AllgemeinePsy",
    "ProtocolName": "MB4_2_5mm_20K_TR1250_1",
    "PulseSequenceDetails": "%CustomerSeq%\\cmrr_mbep2d_bold",
    "ReceiveCoilActiveElements": "HE1-4",
    "ReceiveCoilName": "HeadNeck_20",
    "ReconMatrixPE": 96,
    "RepetitionTime": 1.25,
    "SAR": 0.0672056,
    "ScanOptions": "FS",
    "ScanningSequence": "EP",
    "SequenceName": "epfid2d1_96",
    "SequenceVariant": "SK\\SS",
    "SeriesDescription": "MB4_2_5mm_20K_TR1250_1",
    "SeriesNumber": 5,
    "ShimSetting": [
      -1735,
      -3557,
      -4408,
      278,
      592,
      21,
      83,
      -200
    ],
    "SliceThickness": 2.5,
    "SliceTiming": [
      0,
      0.6625,
      0.095,
      0.7575,
      0.19,
      0.8525,
      0.285,
      0.9475,
      0.3775,
      1.04,
      0.4725,
      1.135,
      0.5675,
      0,
      0.6625,
      0.095,
      0.7575,
      0.19,
      0.8525,
      0.285,
      0.9475,
      0.3775,
      1.04,
      0.4725,
      1.135,
      0.5675,
      0,
      0.6625,
      0.095,
      0.7575,
      0.19,
      0.8525,
      0.285,
      0.9475,
      0.3775,
      1.04,
      0.4725,
      1.135,
      0.5675,
      0,
      0.6625,
      0.095,
      0.7575,
      0.19,
      0.8525,
      0.285,
      0.9475,
      0.3775,
      1.04,
      0.4725,
      1.135,
      0.5675
    ],
    "SoftwareVersions": "syngo MR D13",
    "SpacingBetweenSlices": 2.75,
    "StationName": "FBMTMR1",
    "TaskName": "multar",
    "TotalReadoutTime": 0.0626993,
    "TxRefAmp": 358.502,
    "WipMemBlock": "ded55683-14fa-4972-87cc-f249a85fc0e5||Sequence: vd13a/master r/bd40f27; Jul 20 2016 19:26:27 by eja",
    "acq_id": "mb",
    "dataset": "ds003470",
    "modality": "bold",
    "run_id": 1,
    "session_id": "1",
    "subject_id": "22",
    "task_id": "multar"
  },
  "dummy_trs": 1,
  "dvars_nstd": 40.37633851799998,
  "dvars_std": 1.2381481716056342,
  "dvars_vstd": 1.0117887983380287,
  "efc": 0.42478868071539205,
  "fber": 6434.3466796875,
  "fd_mean": 0.20491679338653923,
  "fd_num": 150,
  "fd_perc": 42.13483146067416,
  "fwhm_avg": 2.067918303030303,
  "fwhm_x": 1.9860440000000001,
  "fwhm_y": 2.34834,
  "fwhm_z": 1.869370909090909,
  "gcor": 0.0166451,
  "gsr_x": -0.00899077020585537,
  "gsr_y": 0.023745017126202583,
  "provenance": {
    "md5sum": "e5095827c6dd99b2b020bd390124f5c3",
    "settings": {
      "fd_thres": 0.2,
      "testing": false
    },
    "software": "mriqc",
    "version": "22.0.6",
    "webapi_port": null,
    "webapi_url": "https://mriqc.nimh.nih.gov/api/v1"
  },
  "size_t": 356,
  "size_x": 96,
  "size_y": 96,
  "size_z": 52,
  "snr": 4.178558025396015,
  "spacing_tr": 1.25,
  "spacing_x": 2.5,
  "spacing_y": 2.5,
  "spacing_z": 2.75,
  "summary_bg_k": 54.71609203606816,
  "summary_bg_mad": 66.12210547395142,
  "summary_bg_mean": 284.8166809082031,
  "summary_bg_median": 120.87959289550781,
  "summary_bg_n": 345836.0,
  "summary_bg_p05": 61.27079963684082,
  "summary_bg_p95": 1127.0918579101562,
  "summary_bg_stdv": 560.8175659179688,
  "summary_fg_k": 5.079243855171132,
  "summary_fg_mad": 1760.860883122727,
  "summary_fg_mean": 9990.9326171875,
  "summary_fg_median": 9733.1357421875,
  "summary_fg_n": 69209.0,
  "summary_fg_p05": 7199.76787109375,
  "summary_fg_p95": 13613.951953124997,
  "summary_fg_stdv": 2329.2880859375,
  "tsnr": 47.3851318359375
}