{
  "aor": 0.001186169590643275,
  "aqi": 0.010525876725146198,
  "bids_meta": {
    "AcquisitionMatrixPE": 96,
    "AcquisitionNumber": 1,
    "AcquisitionTime": "18:21:11.062500",
    "BandwidthPerPixelPhaseEncode": 15.783,
    "BaseResolution": 96,
    "BodyPartExamined": "BRAIN",
    "ConsistencyInfo": "N4_VD13A_LATEST_20120616",
    "ConversionSoftware": "dcm2niix",
    "ConversionSoftwareVersion": "v1.0.20201102",
    "DerivedVendorReportedEchoSpacing": 0.000659993,
    "DeviceSerialNumber": "45250",
    "DwellTime": 2.1e-06,
    "EchoTime": 0.04,
    "EchoTrainLength": 96,
    "EffectiveEchoSpacing": 0.000659993,
    "FlipAngle": 60,
    "ImageComments": "Unaliased MB4/PE3",
    "ImageOrientationPatientDICOM": [
      0.993602,
      -0.0392202,
      -0.105907,
      0.0161292,
      0.977429,
      -0.210646
    ],
    "ImageType": [
      "ORIGINAL",
      "PRIMARY",
      "M",
      "MB",
      "ND",
      "NORM",
      "MOSAIC"
    ],
    "ImagingFrequency": 123.22,
    "InPlanePhaseEncodingDirectionDICOM": "COL",
    "InstitutionAddress": "Kopernikusstr. 26,Graz,Graz,AT,8010",
    "InstitutionName": "KFU",
    "InstitutionalDepartmentName": "Department",
    "MRAcquisitionType": "2D",
    "MagneticFieldStrength": 3,
    "Manufacturer": "Siemens",
    "ManufacturersModelName": "Skyra",
    "Modality": "MR",
    "MultibandAccelerationFactor": 4,
    "PartialFourier": 1,
    "PatientPosition": "HFS",
    "PercentPhaseFOV": 100,
    "PercentSampling": 100,
    "PhaseEncodingDirection": "j-",
    "PhaseEncodingSteps": 96,
    "PhaseResolution": 1,
    "PixelBandwidth": 2480,
    "ProcedureStepDescription": "KFU^AllgemeinePsy",
    "ProtocolName": "MB4_2_5mm_20K_TR1250_2",
    "PulseSequenceDetails": "%CustomerSeq%\\cmrr_mbep2d_bold",
    "ReceiveCoilActiveElements": "HE1-4",
    "ReceiveCoilName": "HeadNeck_20",
    "ReconMatrixPE": 96,
    "RepetitionTime": 1.25,
    "SAR": 0.0672056,
    "ScanOptions": "FS",
    "ScanningSequence": "EP",
    "SequenceName": "epfid2d1_96",
    "SequenceVariant": "SK\\SS",
    "SeriesDescription": "MB4_2_5mm_20K_TR1250_2",
    "SeriesNumber": 6,
    "ShimSetting": [
      -1735,
      -3557,
      -4408,
      278,
      592,
      21,
      83,
      -200
    ],
    "SliceThickness": 2.5,
    "SliceTiming": [
      0,
      0.6625,
      0.095,
      0.7575,
      0.19,
      0.8525,
      0.285,
      0.9475,
      0.3775,
      1.04,
      0.4725,
      1.135,
      0.5675,
      0,
      0.6625,
      0.095,
      0.7575,
      0.19,
      0.8525,
      0.285,
      0.9475,
      0.3775,
      1.04,
      0.4725,
      1.135,
      0.5675,
      0,
      0.6625,
      0.095,
      0.7575,
      0.19,
      0.8525,
      0.285,
      0.9475,
      0.3775,
      1.04,
      0.4725,
      1.135,
      0.5675,
      0,
      0.6625,
      0.095,
      0.7575,
      0.19,
      0.8525,
      0.285,
      0.9475,
      0.3775,
      1.04,
      0.4725,
      1.135,
      0.5675
    ],
    "SoftwareVersions": "syngo MR D13",
    "SpacingBetweenSlices": 2.75,
    "StationName": "FBMTMR1",
    "TaskName": "multar",
    "TotalReadoutTime": 0.0626993,
    "TxRefAmp": 358.502,
    "WipMemBlock": "c659c6d9-8373-4078-8d21-e820824e777d||Sequence: vd13a/master r/bd40f27; Jul 20 2016 19:26:27 by eja",
    "acq_id": "mb",
    "dataset": "ds003470",
    "modality": "bold",
    "run_id": 2,
    "session_id": "1",
    "subject_id": "22",
    "task_id": "multar"
  },
  "dummy_trs": 1,
  "dvars_nstd": 40.11860462079181,
  "dvars_std": 1.2087434717595298,
  "dvars_vstd": 0.9941430448680345,
  "efc": 0.42483004130790264,
  "fber": 6521.791015625,
  "fd_mean": 0.2069319382392016,
  "fd_num": 161,
  "fd_perc": 47.07602339181287,
  "fwhm_avg": 2.0871264242424243,
  "fwhm_x": 2.0002839999999997,
  "fwhm_y": 2.3725680000000002,
  "fwhm_z": 1.8885272727272728,
  "gcor": 0.0132989,
  "gsr_x": -0.009097151458263397,
  "gsr_y": 0.0232310239225626,
  "provenance": {
    "md5sum": "3a08ea404cf4cebcaca9e3478443dd6d",
    "settings": {
      "fd_thres": 0.2,
      "testing": false
    },
    "software": "mriqc",
    "version": "22.0.6",
    "webapi_port": null,
    "webapi_url": "https://mriqc.nimh.nih.gov/api/v1"
  },
  "size_t": 342,
  "size_x": 96,
  "size_y": 96,
  "size_z": 52,
  "snr": 4.148323851968932,
  "spacing_tr": 1.25,
  "spacing_x": 2.5,
  "spacing_y": 2.5,
  "spacing_z": 2.75,
  "summary_bg_k": 54.8307643270191,
  "summary_bg_mad": 64.39736103062626,
  "summary_bg_mean": 284.7809753417969,
  "summary_bg_median": 119.30915832519531,
  "summary_bg_n": 345842.0,
  "summary_bg_p05": 61.31844158172608,
  "summary_bg_p95": 1138.0156494140633,
  "summary_bg_stdv": 558.2376708984375,
  "summary_fg_k": 5.125908299820191,
  "summary_fg_mad": 1737.3593213934469,
  "summary_fg_mean": 9952.55078125,
  "summary_fg_median": 9688.2080078125,
  "summary_fg_n": 69115.0,
  "summary_fg_p05": 7151.867822265625,
  "summary_fg_p95": 13554.19580078125,
  "summary_fg_stdv": 2335.434326171875,
  "tsnr": 44.0670051574707
}