{
  "aor": 0.004382219020172911,
  "aqi": 0.010065404063400576,
  "bids_meta": {
    "AcquisitionMatrixPE": 96,
    "AcquisitionNumber": 1,
    "AcquisitionTime": "18:50:36.860000",
    "BandwidthPerPixelPhaseEncode": 15.783,
    "BaseResolution": 96,
    "BodyPartExamined": "BRAIN",
    "ConsistencyInfo": "N4_VD13A_LATEST_20120616",
    "ConversionSoftware": "dcm2niix",
    "ConversionSoftwareVersion": "v1.0.20201102",
    "DerivedVendorReportedEchoSpacing": 0.000659993,
    "DeviceSerialNumber": "45250",
    "DwellTime": 2.1e-06,
    "EchoTime": 0.04,
    "EchoTrainLength": 96,
    "EffectiveEchoSpacing": 0.000659993,
    "FlipAngle": 60,
    "ImageComments": "Unaliased MB4/PE3",
    "ImageOrientationPatientDICOM": [
      0.993602,
      -0.0392202,
      -0.105907,
      0.0161292,
      0.977429,
      -0.210646
    ],
    "ImageType": [
      "ORIGINAL",
      "PRIMARY",
      "M",
      "MB",
      "ND",
      "NORM",
      "MOSAIC"
    ],
    "ImagingFrequency": 123.22,
    "InPlanePhaseEncodingDirectionDICOM": "COL",
    "InstitutionAddress": "Kopernikusstr. 26,Graz,Graz,AT,8010",
    "InstitutionName": "KFU",
    "InstitutionalDepartmentName": "Department",
    "MRAcquisitionType": "2D",
    "MagneticFieldStrength": 3,
    "Manufacturer": "Siemens",
    "ManufacturersModelName": "Skyra",
    "Modality": "MR",
    "MultibandAccelerationFactor": 4,
    "PartialFourier": 1,
    "PatientPosition": "HFS",
    "PercentPhaseFOV": 100,
    "PercentSampling": 100,
    "PhaseEncodingDirection": "j-",
    "PhaseEncodingSteps": 96,
    "PhaseResolution": 1,
    "PixelBandwidth": 2480,
    "ProcedureStepDescription": "KFU^AllgemeinePsy",
    "ProtocolName": "MB4_2_5mm_20K_TR1250_5",
    "PulseSequenceDetails": "%CustomerSeq%\\cmrr_mbep2d_bold",
    "ReceiveCoilActiveElements": "HE1-4",
    "ReceiveCoilName": "HeadNeck_20",
    "ReconMatrixPE": 96,
    "RepetitionTime": 1.25,
    "SAR": 0.0672056,
    "ScanOptions": "FS",
    "ScanningSequence": "EP",
    "SequenceName": "epfid2d1_96",
    "SequenceVariant": "SK\\SS",
    "SeriesDescription": "MB4_2_5mm_20K_TR1250_5",
    "SeriesNumber": 9,
    "ShimSetting": [
      -1735,
      -3557,
      -4408,
      278,
      592,
      21,
      83,
      -200
    ],
    "SliceThickness": 2.5,
    "SliceTiming": [
      0,
      0.6625,
      0.095,
      0.7575,
      0.19,
      0.8525,
      0.285,
      0.9475,
      0.3775,
      1.04,
      0.4725,
      1.135,
      0.5675,
      0,
      0.6625,
      0.095,
      0.7575,
      0.19,
      0.8525,
      0.285,
      0.9475,
      0.3775,
      1.04,
      0.4725,
      1.135,
      0.5675,
      0,
      0.6625,
      0.095,
      0.7575,
      0.19,
      0.8525,
      0.285,
      0.9475,
      0.3775,
      1.04,
      0.4725,
      1.135,
      0.5675,
      0,
      0.6625,
      0.095,
      0.7575,
      0.19,
      0.8525,
      0.285,
      0.9475,
      0.3775,
      1.04,
      0.4725,
      1.135,
      0.5675
    ],
    "SoftwareVersions": "syngo MR D13",
    "SpacingBetweenSlices": 2.75,
    "StationName": "FBMTMR1",
    "TaskName": "multar",
    "TotalReadoutTime": 0.0626993,
    "TxRefAmp": 358.502,
    "WipMemBlock": "2e7af248-81d4-45c9-9f17-2ac0cc4b614d||Sequence: vd13a/master r/bd40f27; Jul 20 2016 19:26:27 by eja",
    "acq_id": "mb",
    "dataset": "ds003470",
    "modality": "bold",
    "run_id": 5,
    "session_id": "1",
    "subject_id": "22",
    "task_id": "multar"
  },
  "dummy_trs": 2,
  "dvars_nstd": 41.28008577869944,
  "dvars_std": 1.251687378236994,
  "dvars_vstd": 1.033282923410404,
  "efc": 0.42617808925037587,
  "fber": 6403.02587890625,
  "fd_mean": 0.2220576398469487,
  "fd_num": 150,
  "fd_perc": 43.22766570605187,
  "fwhm_avg": 2.0645289696969695,
  "fwhm_x": 1.9798559999999998,
  "fwhm_y": 2.34964,
  "fwhm_z": 1.864090909090909,
  "gcor": 0.0108725,
  "gsr_x": -0.009759334847331047,
  "gsr_y": 0.023387594148516655,
  "provenance": {
    "md5sum": "58fe982f6a422fac15a543c3c341167a",
    "settings": {
      "fd_thres": 0.2,
      "testing": false
    },
    "software": "mriqc",
    "version": "22.0.6",
    "webapi_port": null,
    "webapi_url": "https://mriqc.nimh.nih.gov/api/v1"
  },
  "size_t": 347,
  "size_x": 96,
  "size_y": 96,
  "size_z": 52,
  "snr": 4.171279066307509,
  "spacing_tr": 1.25,
  "spacing_x": 2.5,
  "spacing_y": 2.5,
  "spacing_z": 2.75,
  "summary_bg_k": 54.95697438522146,
  "summary_bg_mad": 65.56802429435251,
  "summary_bg_mean": 291.91876220703125,
  "summary_bg_median": 120.77298736572266,
  "summary_bg_n": 345925.0,
  "summary_bg_p05": 61.96861343383789,
  "summary_bg_p95": 1193.8519775390623,
  "summary_bg_stdv": 569.9411010742188,
  "summary_fg_k": 5.196514274519295,
  "summary_fg_mad": 1730.8019918547634,
  "summary_fg_mean": 9970.0498046875,
  "summary_fg_median": 9708.3251953125,
  "summary_fg_n": 69014.0,
  "summary_fg_p05": 7190.849877929688,
  "summary_fg_p95": 13554.999658203113,
  "summary_fg_stdv": 2327.40478515625,
  "tsnr": 44.634395599365234
}