{
  "aor": 0.0009715497076023391,
  "aqi": 0.010685344678362572,
  "bids_meta": {
    "AcquisitionMatrixPE": 96,
    "AcquisitionNumber": 1,
    "AcquisitionTime": "11:53:25.812500",
    "BandwidthPerPixelPhaseEncode": 15.783,
    "BaseResolution": 96,
    "BodyPartExamined": "BRAIN",
    "ConsistencyInfo": "N4_VD13A_LATEST_20120616",
    "ConversionSoftware": "dcm2niix",
    "ConversionSoftwareVersion": "v1.0.20201102",
    "DerivedVendorReportedEchoSpacing": 0.000659993,
    "DeviceSerialNumber": "45250",
    "DwellTime": 2.1e-06,
    "EchoTime": 0.04,
    "EchoTrainLength": 96,
    "EffectiveEchoSpacing": 0.000659993,
    "FlipAngle": 60,
    "ImageComments": "Unaliased MB4/PE3",
    "ImageOrientationPatientDICOM": [
      0.999868,
      -0.0161691,
      0.00141461,
      0.0162308,
      0.996063,
      -0.0871443
    ],
    "ImageType": [
      "ORIGINAL",
      "PRIMARY",
      "M",
      "MB",
      "ND",
      "NORM",
      "MOSAIC"
    ],
    "ImagingFrequency": 123.22,
    "InPlanePhaseEncodingDirectionDICOM": "COL",
    "InstitutionAddress": "Kopernikusstr. 26,Graz,Graz,AT,8010",
    "InstitutionName": "KFU",
    "InstitutionalDepartmentName": "Department",
    "MRAcquisitionType": "2D",
    "MagneticFieldStrength": 3,
    "Manufacturer": "Siemens",
    "ManufacturersModelName": "Skyra",
    "Modality": "MR",
    "MultibandAccelerationFactor": 4,
    "PartialFourier": 1,
    "PatientPosition": "HFS",
    "PercentPhaseFOV": 100,
    "PercentSampling": 100,
    "PhaseEncodingDirection": "j-",
    "PhaseEncodingSteps": 96,
    "PhaseResolution": 1,
    "PixelBandwidth": 2480,
    "ProcedureStepDescription": "KFU^AllgemeinePsy",
    "ProtocolName": "MB4_2_5mm_20K_TR1250_6",
    "PulseSequenceDetails": "%CustomerSeq%\\cmrr_mbep2d_bold",
    "ReceiveCoilActiveElements": "HE1-4",
    "ReceiveCoilName": "HeadNeck_20",
    "ReconMatrixPE": 96,
    "RepetitionTime": 1.25,
    "SAR": 0.0669628,
    "ScanOptions": "FS",
    "ScanningSequence": "EP",
    "SequenceName": "epfid2d1_96",
    "SequenceVariant": "SK\\SS",
    "SeriesDescription": "MB4_2_5mm_20K_TR1250_6",
    "SeriesNumber": 10,
    "ShimSetting": [
      -1629,
      -3615,
      -4469,
      220,
      652,
      -241,
      37,
      -475
    ],
    "SliceThickness": 2.5,
    "SliceTiming": [
      0,
      0.6625,
      0.095,
      0.7575,
      0.1875,
      0.85,
      0.2825,
      0.945,
      0.3775,
      1.04,
      0.4725,
      1.135,
      0.5675,
      0,
      0.6625,
      0.095,
      0.7575,
      0.1875,
      0.85,
      0.2825,
      0.945,
      0.3775,
      1.04,
      0.4725,
      1.135,
      0.5675,
      0,
      0.6625,
      0.095,
      0.7575,
      0.1875,
      0.85,
      0.2825,
      0.945,
      0.3775,
      1.04,
      0.4725,
      1.135,
      0.5675,
      0,
      0.6625,
      0.095,
      0.7575,
      0.1875,
      0.85,
      0.2825,
      0.945,
      0.3775,
      1.04,
      0.4725,
      1.135,
      0.5675
    ],
    "SoftwareVersions": "syngo MR D13",
    "SpacingBetweenSlices": 2.75,
    "StationName": "FBMTMR1",
    "TaskName": "multar",
    "TotalReadoutTime": 0.0626993,
    "TxRefAmp": 350.001,
    "WipMemBlock": "f0698efa-4a8e-4717-a403-1673d60f8f11||Sequence: vd13a/master r/c0cb646; Dec 14 2015 19:21:42 by eja",
    "acq_id": "mb",
    "dataset": "ds003470",
    "modality": "bold",
    "run_id": 6,
    "session_id": "1",
    "subject_id": "14",
    "task_id": "multar"
  },
  "dummy_trs": 1,
  "dvars_nstd": 37.51394477680352,
  "dvars_std": 1.2612521501466278,
  "dvars_vstd": 1.0122608901173022,
  "efc": 0.3943902090495234,
  "fber": 6905.509765625,
  "fd_mean": 0.18233146186270074,
  "fd_num": 128,
  "fd_perc": 37.42690058479532,
  "fwhm_avg": 1.939402787878788,
  "fwhm_x": 1.861788,
  "fwhm_y": 2.199424,
  "fwhm_z": 1.7569963636363637,
  "gcor": 0.00966115,
  "gsr_x": -0.023752616718411446,
  "gsr_y": 0.01641678437590599,
  "provenance": {
    "md5sum": "9972bb4655cfdbeaf8c14a131f9b1414",
    "settings": {
      "fd_thres": 0.2,
      "testing": false
    },
    "software": "mriqc",
    "version": "22.0.6",
    "webapi_port": null,
    "webapi_url": "https://mriqc.nimh.nih.gov/api/v1"
  },
  "size_t": 342,
  "size_x": 96,
  "size_y": 96,
  "size_z": 52,
  "snr": 4.84523608089041,
  "spacing_tr": 1.25,
  "spacing_x": 2.5,
  "spacing_y": 2.5,
  "spacing_z": 2.75,
  "summary_bg_k": 35.01390961733492,
  "summary_bg_mad": 48.521854152147704,
  "summary_bg_mean": 273.8816223144531,
  "summary_bg_median": 103.42106628417969,
  "summary_bg_n": 365703.0,
  "summary_bg_p05": 59.865891265869145,
  "summary_bg_p95": 1154.0576660156225,
  "summary_bg_stdv": 555.5855712890625,
  "summary_fg_k": 5.038208789363351,
  "summary_fg_mad": 1366.90060738614,
  "summary_fg_mean": 8728.5009765625,
  "summary_fg_median": 8582.0087890625,
  "summary_fg_n": 52000.0,
  "summary_fg_p05": 6494.770043945313,
  "summary_fg_p95": 11424.765527343749,
  "summary_fg_stdv": 1771.2091064453125,
  "tsnr": 48.043052673339844
}