{
  "aor": 0.000467037037037037,
  "aqi": 0.010643308945868945,
  "bids_meta": {
    "AcquisitionMatrixPE": 96,
    "AcquisitionNumber": 1,
    "AcquisitionTime": "11:44:34.940000",
    "BandwidthPerPixelPhaseEncode": 15.783,
    "BaseResolution": 96,
    "BodyPartExamined": "BRAIN",
    "ConsistencyInfo": "N4_VD13A_LATEST_20120616",
    "ConversionSoftware": "dcm2niix",
    "ConversionSoftwareVersion": "v1.0.20201102",
    "DerivedVendorReportedEchoSpacing": 0.000659993,
    "DeviceSerialNumber": "45250",
    "DwellTime": 2.1e-06,
    "EchoTime": 0.04,
    "EchoTrainLength": 96,
    "EffectiveEchoSpacing": 0.000659993,
    "FlipAngle": 60,
    "ImageComments": "Unaliased MB4/PE3",
    "ImageOrientationPatientDICOM": [
      0.999868,
      -0.0161691,
      0.00141461,
      0.0162308,
      0.996063,
      -0.0871443
    ],
    "ImageType": [
      "ORIGINAL",
      "PRIMARY",
      "M",
      "MB",
      "ND",
      "NORM",
      "MOSAIC"
    ],
    "ImagingFrequency": 123.22,
    "InPlanePhaseEncodingDirectionDICOM": "COL",
    "InstitutionAddress": "Kopernikusstr. 26,Graz,Graz,AT,8010",
    "InstitutionName": "KFU",
    "InstitutionalDepartmentName": "Department",
    "MRAcquisitionType": "2D",
    "MagneticFieldStrength": 3,
    "Manufacturer": "Siemens",
    "ManufacturersModelName": "Skyra",
    "Modality": "MR",
    "MultibandAccelerationFactor": 4,
    "PartialFourier": 1,
    "PatientPosition": "HFS",
    "PercentPhaseFOV": 100,
    "PercentSampling": 100,
    "PhaseEncodingDirection": "j-",
    "PhaseEncodingSteps": 96,
    "PhaseResolution": 1,
    "PixelBandwidth": 2480,
    "ProcedureStepDescription": "KFU^AllgemeinePsy",
    "ProtocolName": "MB4_2_5mm_20K_TR1250_5",
    "PulseSequenceDetails": "%CustomerSeq%\\cmrr_mbep2d_bold",
    "ReceiveCoilActiveElements": "HE1-4",
    "ReceiveCoilName": "HeadNeck_20",
    "ReconMatrixPE": 96,
    "RepetitionTime": 1.25,
    "SAR": 0.0669628,
    "ScanOptions": "FS",
    "ScanningSequence": "EP",
    "SequenceName": "epfid2d1_96",
    "SequenceVariant": "SK\\SS",
    "SeriesDescription": "MB4_2_5mm_20K_TR1250_5",
    "SeriesNumber": 9,
    "ShimSetting": [
      -1629,
      -3615,
      -4469,
      220,
      652,
      -241,
      37,
      -475
    ],
    "SliceThickness": 2.5,
    "SliceTiming": [
      0,
      0.6625,
      0.095,
      0.7575,
      0.19,
      0.85,
      0.2825,
      0.945,
      0.3775,
      1.04,
      0.4725,
      1.135,
      0.5675,
      0,
      0.6625,
      0.095,
      0.7575,
      0.19,
      0.85,
      0.2825,
      0.945,
      0.3775,
      1.04,
      0.4725,
      1.135,
      0.5675,
      0,
      0.6625,
      0.095,
      0.7575,
      0.19,
      0.85,
      0.2825,
      0.945,
      0.3775,
      1.04,
      0.4725,
      1.135,
      0.5675,
      0,
      0.6625,
      0.095,
      0.7575,
      0.19,
      0.85,
      0.2825,
      0.945,
      0.3775,
      1.04,
      0.4725,
      1.135,
      0.5675
    ],
    "SoftwareVersions": "syngo MR D13",
    "SpacingBetweenSlices": 2.75,
    "StationName": "FBMTMR1",
    "TaskName": "multar",
    "TotalReadoutTime": 0.0626993,
    "TxRefAmp": 350.001,
    "WipMemBlock": "61cf36b1-138e-4a09-8601-65d175534ca4||Sequence: vd13a/master r/c0cb646; Dec 14 2015 19:21:42 by eja",
    "acq_id": "mb",
    "dataset": "ds003470",
    "modality": "bold",
    "run_id": 5,
    "session_id": "1",
    "subject_id": "14",
    "task_id": "multar"
  },
  "dummy_trs": 2,
  "dvars_nstd": 37.698347974685724,
  "dvars_std": 1.2542574909714286,
  "dvars_vstd": 0.9999114744000003,
  "efc": 0.3931420304907916,
  "fber": 7008.91015625,
  "fd_mean": 0.17542991336666264,
  "fd_num": 116,
  "fd_perc": 33.04843304843305,
  "fwhm_avg": 1.939338303030303,
  "fwhm_x": 1.870124,
  "fwhm_y": 2.1876,
  "fwhm_z": 1.760290909090909,
  "gcor": 0.0112474,
  "gsr_x": -0.023231305181980133,
  "gsr_y": 0.016535507515072823,
  "provenance": {
    "md5sum": "d4935dd728a08b2506f007d548e61200",
    "settings": {
      "fd_thres": 0.2,
      "testing": false
    },
    "software": "mriqc",
    "version": "22.0.6",
    "webapi_port": null,
    "webapi_url": "https://mriqc.nimh.nih.gov/api/v1"
  },
  "size_t": 351,
  "size_x": 96,
  "size_y": 96,
  "size_z": 52,
  "snr": 4.8394402735945965,
  "spacing_tr": 1.25,
  "spacing_x": 2.5,
  "spacing_y": 2.5,
  "spacing_z": 2.75,
  "summary_bg_k": 34.97655510142861,
  "summary_bg_mad": 48.771903015690526,
  "summary_bg_mean": 271.39117431640625,
  "summary_bg_median": 102.8566665649414,
  "summary_bg_n": 365933.0,
  "summary_bg_p05": 59.14601821899414,
  "summary_bg_p95": 1136.7545654296837,
  "summary_bg_stdv": 551.302734375,
  "summary_fg_k": 4.936834893550216,
  "summary_fg_mad": 1378.385707091507,
  "summary_fg_mean": 8753.40234375,
  "summary_fg_median": 8617.9365234375,
  "summary_fg_n": 51809.0,
  "summary_fg_p05": 6505.4478515625,
  "summary_fg_p95": 11459.688867187499,
  "summary_fg_stdv": 1780.754150390625,
  "tsnr": 47.99565124511719
}