{
  "bids_meta": {
    "AcquisitionMatrixPE": 256,
    "AcquisitionNumber": 1,
    "AcquisitionTime": "16:33:2.412500",
    "BaseResolution": 256,
    "BodyPartExamined": "BRAIN",
    "ConsistencyInfo": "N4_VD13A_LATEST_20120616",
    "ConversionSoftware": "dcm2niix",
    "ConversionSoftwareVersion": "v1.0.20201102",
    "DeviceSerialNumber": "45250",
    "DwellTime": 8.5e-06,
    "EchoTime": 0.00207,
    "FlipAngle": 9,
    "ImageOrientationPatientDICOM": [
      0.104846,
      0.976742,
      -0.187038,
      -0.0184042,
      -0.186137,
      -0.982351
    ],
    "ImageType": [
      "ORIGINAL",
      "PRIMARY",
      "M",
      "ND",
      "NORM"
    ],
    "ImagingFrequency": 123.22,
    "InPlanePhaseEncodingDirectionDICOM": "ROW",
    "InstitutionAddress": "Kopernikusstr. 26,Graz,Graz,AT,8010",
    "InstitutionName": "TUG",
    "InstitutionalDepartmentName": "Department",
    "InversionTime": 0.9,
    "MRAcquisitionType": "3D",
    "MagneticFieldStrength": 3,
    "Manufacturer": "Siemens",
    "ManufacturersModelName": "Skyra",
    "Modality": "MR",
    "ParallelReductionFactorInPlane": 2,
    "PartialFourier": 1,
    "PatientPosition": "HFS",
    "PercentPhaseFOV": 100,
    "PercentSampling": 100,
    "PhaseEncodingSteps": 282,
    "PhaseOversampling": 0.1,
    "PhaseResolution": 1,
    "PixelBandwidth": 230,
    "ProcedureStepDescription": "KFU^AllgemeinePsy",
    "ProtocolName": "t1_mprage_sag_p0_iso_no_Pat",
    "PulseSequenceDetails": "%SiemensSeq%\\tfl",
    "ReceiveCoilActiveElements": "HE1-4;NE1,2",
    "ReceiveCoilName": "HeadNeck_20",
    "ReconMatrixPE": 256,
    "RefLinesPE": 24,
    "RepetitionTime": 1.56,
    "SAR": 0.100307,
    "ScanOptions": "IR",
    "ScanningSequence": "GR\\IR",
    "SequenceName": "*tfl3d1_16ns",
    "SequenceVariant": "SK\\SP\\MP\\OSP",
    "SeriesDescription": "t1_mprage_sag_p0_iso_no_Pat",
    "SeriesNumber": 2,
    "ShimSetting": [
      -1650,
      -3634,
      -4857,
      -165,
      632,
      105,
      -266,
      -421
    ],
    "SliceThickness": 1,
    "SoftwareVersions": "syngo MR D13",
    "StationName": "FBMTMR1",
    "TxRefAmp": 371.055,
    "acq_id": "mprage",
    "dataset": "ds003470",
    "modality": "T1w",
    "run_id": 1,
    "session_id": "1",
    "subject_id": "02"
  },
  "cjv": 0.37771828949111147,
  "cnr": 3.6079632339666095,
  "efc": 0.5923192345262059,
  "fber": 36275.87406550373,
  "fwhm_avg": 3.951866666666667,
  "fwhm_x": 3.8831,
  "fwhm_y": 3.95495,
  "fwhm_z": 4.01755,
  "icvs_csf": 0.16638587771651997,
  "icvs_gm": 0.4661422422358118,
  "icvs_wm": 0.36747188004766823,
  "inu_med": 0.45202648639678955,
  "inu_range": 0.18177887797355652,
  "provenance": {
    "md5sum": "9abdd8b8e48d2651428b05dd55ea768a",
    "settings": {
      "testing": false
    },
    "software": "mriqc",
    "version": "22.0.6",
    "warnings": {
      "large_rot_frame": true,
      "small_air_mask": false
    },
    "webapi_port": null,
    "webapi_url": "https://mriqc.nimh.nih.gov/api/v1"
  },
  "qi_1": 0.0,
  "qi_2": 0.009725899761169238,
  "rpve_csf": 24.62166335475324,
  "rpve_gm": 9.966061461586946,
  "rpve_wm": 14.010142782944445,
  "size_x": 176,
  "size_y": 256,
  "size_z": 256,
  "snr_csf": 3.187749052610648,
  "snr_gm": 14.459405705799155,
  "snr_total": 13.934145576853174,
  "snr_wm": 24.155281972149716,
  "snrd_csf": 39.937796147606235,
  "snrd_gm": 85.52370617039199,
  "snrd_total": 79.42624587412568,
  "snrd_wm": 112.81723530437881,
  "spacing_x": 1.0,
  "spacing_y": 1.0,
  "spacing_z": 1.0,
  "summary_bg_k": 12.458069749431349,
  "summary_bg_mad": 0.0,
  "summary_bg_mean": 3.3051049150201015,
  "summary_bg_median": 0.0,
  "summary_bg_n": 2784099.0,
  "summary_bg_p05": 0.0,
  "summary_bg_p95": 14.974474802613258,
  "summary_bg_stdv": 5.807278904431885,
  "summary_csf_k": 4.7011838181422,
  "summary_csf_mad": 84.88030555265739,
  "summary_csf_mean": 361.7310626648655,
  "summary_csf_median": 354.0177603587508,
  "summary_csf_n": 27863.0,
  "summary_csf_p05": 187.33975521996618,
  "summary_csf_p95": 554.316486575827,
  "summary_csf_stdv": 111.05372525563783,
  "summary_gm_k": 0.09311212493744891,
  "summary_gm_mad": 51.354266767657975,
  "summary_gm_mean": 757.6804189309919,
  "summary_gm_median": 758.101694047451,
  "summary_gm_n": 52638.0,
  "summary_gm_p05": 670.4102620594203,
  "summary_gm_p95": 843.0326799228787,
  "summary_gm_stdv": 52.42915983895827,
  "summary_wm_k": 0.3396176884583455,
  "summary_wm_mad": 40.02941754596921,
  "summary_wm_mean": 1000.8686587998561,
  "summary_wm_median": 1000.0377793684602,
  "summary_wm_n": 256565.0,
  "summary_wm_p05": 934.5811736024916,
  "summary_wm_p95": 1070.1833620928228,
  "summary_wm_stdv": 41.40029628393744,
  "tpm_overlap_csf": 0.144313658525141,
  "tpm_overlap_gm": 0.4611047300236241,
  "tpm_overlap_wm": 0.5004827347002028,
  "wm2max": 0.48094129628282534
}