{
  "aor": 0.004204550561797754,
  "aqi": 0.033175286797752813,
  "bids_meta": {
    "AcquisitionMatrixPE": 96,
    "AcquisitionNumber": 1,
    "AcquisitionTime": "11:22:15.730000",
    "BandwidthPerPixelPhaseEncode": 15.783,
    "BaseResolution": 96,
    "BodyPartExamined": "BRAIN",
    "ConsistencyInfo": "N4_VD13A_LATEST_20120616",
    "ConversionSoftware": "dcm2niix",
    "ConversionSoftwareVersion": "v1.0.20201102",
    "DerivedVendorReportedEchoSpacing": 0.000659993,
    "DeviceSerialNumber": "45250",
    "DwellTime": 2.1e-06,
    "EchoTime": 0.04,
    "EchoTrainLength": 96,
    "EffectiveEchoSpacing": 0.000659993,
    "FlipAngle": 60,
    "ImageComments": "Unaliased MB4/PE3",
    "ImageOrientationPatientDICOM": [
      0.998674,
      -0.015033,
      0.0492273,
      0.0162115,
      0.999589,
      -0.0236274
    ],
    "ImageType": [
      "ORIGINAL",
      "PRIMARY",
      "M",
      "MB",
      "ND",
      "NORM",
      "MOSAIC"
    ],
    "ImagingFrequency": 123.22,
    "InPlanePhaseEncodingDirectionDICOM": "COL",
    "InstitutionAddress": "Kopernikusstr. 26,Graz,Graz,AT,8010",
    "InstitutionName": "KFU",
    "InstitutionalDepartmentName": "Department",
    "MRAcquisitionType": "2D",
    "MagneticFieldStrength": 3,
    "Manufacturer": "Siemens",
    "ManufacturersModelName": "Skyra",
    "Modality": "MR",
    "MultibandAccelerationFactor": 4,
    "PartialFourier": 1,
    "PatientPosition": "HFS",
    "PercentPhaseFOV": 100,
    "PercentSampling": 100,
    "PhaseEncodingDirection": "j-",
    "PhaseEncodingSteps": 96,
    "PhaseResolution": 1,
    "PixelBandwidth": 2480,
    "ProcedureStepDescription": "KFU^AllgemeinePsy",
    "ProtocolName": "MB4_2_5mm_20K_TR1250_2",
    "PulseSequenceDetails": "%CustomerSeq%\\cmrr_mbep2d_bold",
    "ReceiveCoilActiveElements": "HE1-4",
    "ReceiveCoilName": "HeadNeck_20",
    "ReconMatrixPE": 96,
    "RepetitionTime": 1.25,
    "SAR": 0.0703587,
    "ScanOptions": "FS",
    "ScanningSequence": "EP",
    "SequenceName": "epfid2d1_96",
    "SequenceVariant": "SK\\SS",
    "SeriesDescription": "MB4_2_5mm_20K_TR1250_2",
    "SeriesNumber": 9,
    "ShimSetting": [
      -1648,
      -3682,
      -4512,
      241,
      557,
      -139,
      80,
      -569
    ],
    "SliceThickness": 2.5,
    "SliceTiming": [
      0,
      0.6625,
      0.095,
      0.7575,
      0.19,
      0.8525,
      0.285,
      0.9475,
      0.38,
      1.0425,
      0.475,
      1.135,
      0.5675,
      0,
      0.6625,
      0.095,
      0.7575,
      0.19,
      0.8525,
      0.285,
      0.9475,
      0.38,
      1.0425,
      0.475,
      1.135,
      0.5675,
      0,
      0.6625,
      0.095,
      0.7575,
      0.19,
      0.8525,
      0.285,
      0.9475,
      0.38,
      1.0425,
      0.475,
      1.135,
      0.5675,
      0,
      0.6625,
      0.095,
      0.7575,
      0.19,
      0.8525,
      0.285,
      0.9475,
      0.38,
      1.0425,
      0.475,
      1.135,
      0.5675
    ],
    "SoftwareVersions": "syngo MR D13",
    "SpacingBetweenSlices": 2.75,
    "StationName": "FBMTMR1",
    "TaskName": "multar",
    "TotalReadoutTime": 0.0626993,
    "TxRefAmp": 375.704,
    "WipMemBlock": "625fe598-5c3a-4c85-8207-401319ded065||Sequence: vd13a/master r/c0cb646; Dec 14 2015 19:21:42 by eja",
    "acq_id": "mb",
    "dataset": "ds003470",
    "modality": "bold",
    "run_id": 2,
    "session_id": "1",
    "subject_id": "06",
    "task_id": "multar"
  },
  "dummy_trs": 6,
  "dvars_nstd": 40.39654943450706,
  "dvars_std": 0.9872360689577462,
  "dvars_vstd": 0.9401783074647875,
  "efc": 0.4061827233285347,
  "fber": 6371.39013671875,
  "fd_mean": 0.4401199386198212,
  "fd_num": 270,
  "fd_perc": 75.84269662921348,
  "fwhm_avg": 2.181170787878788,
  "fwhm_x": 2.097968,
  "fwhm_y": 2.5185880000000003,
  "fwhm_z": 1.9269563636363636,
  "gcor": 0.0123276,
  "gsr_x": -0.01108580268919468,
  "gsr_y": 0.023877037689089775,
  "provenance": {
    "md5sum": "51ad8c6bb82fedd1aab0d99e6c9f88f5",
    "settings": {
      "fd_thres": 0.2,
      "testing": false
    },
    "software": "mriqc",
    "version": "22.0.6",
    "webapi_port": null,
    "webapi_url": "https://mriqc.nimh.nih.gov/api/v1"
  },
  "size_t": 356,
  "size_x": 96,
  "size_y": 96,
  "size_z": 52,
  "snr": 4.624158549969058,
  "spacing_tr": 1.25,
  "spacing_x": 2.5,
  "spacing_y": 2.5,
  "spacing_z": 2.75,
  "summary_bg_k": 37.5358413342651,
  "summary_bg_mad": 44.14906441796519,
  "summary_bg_mean": 220.0950469970703,
  "summary_bg_median": 99.48595428466797,
  "summary_bg_n": 356645.0,
  "summary_bg_p05": 60.28370666503906,
  "summary_bg_p95": 785.1140502929685,
  "summary_bg_stdv": 402.6687927246094,
  "summary_fg_k": 5.087525540737678,
  "summary_fg_mad": 1274.596674490902,
  "summary_fg_mean": 8067.8291015625,
  "summary_fg_median": 7959.130859375,
  "summary_fg_n": 60224.0,
  "summary_fg_p05": 5876.491137695312,
  "summary_fg_p95": 10631.523974609376,
  "summary_fg_stdv": 1721.1920166015625,
  "tsnr": 26.450013866182417
}