{
  "aor": 0.004352515527950311,
  "aqi": 0.02458313208074534,
  "bids_meta": {
    "AcquisitionMatrixPE": 96,
    "AcquisitionNumber": 1,
    "AcquisitionTime": "12:01:37.765000",
    "BandwidthPerPixelPhaseEncode": 15.783,
    "BaseResolution": 96,
    "BodyPartExamined": "BRAIN",
    "ConsistencyInfo": "N4_VD13A_LATEST_20120616",
    "ConversionSoftware": "dcm2niix",
    "ConversionSoftwareVersion": "v1.0.20201102",
    "DerivedVendorReportedEchoSpacing": 0.000659993,
    "DeviceSerialNumber": "45250",
    "DwellTime": 2.1e-06,
    "EchoTime": 0.04,
    "EchoTrainLength": 96,
    "EffectiveEchoSpacing": 0.000659993,
    "FlipAngle": 60,
    "ImageComments": "Unaliased MB4/PE3",
    "ImageOrientationPatientDICOM": [
      0.998674,
      -0.015033,
      0.0492273,
      0.0162115,
      0.999589,
      -0.0236274
    ],
    "ImageType": [
      "ORIGINAL",
      "PRIMARY",
      "M",
      "MB",
      "ND",
      "NORM",
      "MOSAIC"
    ],
    "ImagingFrequency": 123.22,
    "InPlanePhaseEncodingDirectionDICOM": "COL",
    "InstitutionAddress": "Kopernikusstr. 26,Graz,Graz,AT,8010",
    "InstitutionName": "KFU",
    "InstitutionalDepartmentName": "Department",
    "MRAcquisitionType": "2D",
    "MagneticFieldStrength": 3,
    "Manufacturer": "Siemens",
    "ManufacturersModelName": "Skyra",
    "Modality": "MR",
    "MultibandAccelerationFactor": 4,
    "PartialFourier": 1,
    "PatientPosition": "HFS",
    "PercentPhaseFOV": 100,
    "PercentSampling": 100,
    "PhaseEncodingDirection": "j-",
    "PhaseEncodingSteps": 96,
    "PhaseResolution": 1,
    "PixelBandwidth": 2480,
    "ProcedureStepDescription": "KFU^AllgemeinePsy",
    "ProtocolName": "MB4_2_5mm_20K_TR1250_5",
    "PulseSequenceDetails": "%CustomerSeq%\\cmrr_mbep2d_bold",
    "ReceiveCoilActiveElements": "HE1-4",
    "ReceiveCoilName": "HeadNeck_20",
    "ReconMatrixPE": 96,
    "RepetitionTime": 1.25,
    "SAR": 0.0703587,
    "ScanOptions": "FS",
    "ScanningSequence": "EP",
    "SequenceName": "epfid2d1_96",
    "SequenceVariant": "SK\\SS",
    "SeriesDescription": "MB4_2_5mm_20K_TR1250_5",
    "SeriesNumber": 13,
    "ShimSetting": [
      -1648,
      -3682,
      -4512,
      241,
      557,
      -139,
      80,
      -569
    ],
    "SliceThickness": 2.5,
    "SliceTiming": [
      0,
      0.6625,
      0.095,
      0.7575,
      0.19,
      0.8525,
      0.285,
      0.945,
      0.3775,
      1.04,
      0.4725,
      1.135,
      0.5675,
      0,
      0.6625,
      0.095,
      0.7575,
      0.19,
      0.8525,
      0.285,
      0.945,
      0.3775,
      1.04,
      0.4725,
      1.135,
      0.5675,
      0,
      0.6625,
      0.095,
      0.7575,
      0.19,
      0.8525,
      0.285,
      0.945,
      0.3775,
      1.04,
      0.4725,
      1.135,
      0.5675,
      0,
      0.6625,
      0.095,
      0.7575,
      0.19,
      0.8525,
      0.285,
      0.945,
      0.3775,
      1.04,
      0.4725,
      1.135,
      0.5675
    ],
    "SoftwareVersions": "syngo MR D13",
    "SpacingBetweenSlices": 2.75,
    "StationName": "FBMTMR1",
    "TaskName": "multar",
    "TotalReadoutTime": 0.0626993,
    "TxRefAmp": 375.704,
    "WipMemBlock": "ada29047-de4c-4c16-90eb-164b1b14c958||Sequence: vd13a/master r/c0cb646; Dec 14 2015 19:21:42 by eja",
    "acq_id": "mb",
    "dataset": "ds003470",
    "modality": "bold",
    "run_id": 5,
    "session_id": "1",
    "subject_id": "06",
    "task_id": "multar"
  },
  "dummy_trs": 0,
  "dvars_nstd": 37.60911627224301,
  "dvars_std": 1.093995728317756,
  "dvars_vstd": 1.0281918596261694,
  "efc": 0.4013812816120369,
  "fber": 6786.44140625,
  "fd_mean": 0.3245861911249454,
  "fd_num": 223,
  "fd_perc": 69.25465838509317,
  "fwhm_avg": 2.1695030303030305,
  "fwhm_x": 2.060552,
  "fwhm_y": 2.509208,
  "fwhm_z": 1.9387490909090908,
  "gcor": 0.0133567,
  "gsr_x": -0.008915755897760391,
  "gsr_y": 0.02894207090139389,
  "provenance": {
    "md5sum": "d4889f1af77e04fbcdd57a4f4bc51bf4",
    "settings": {
      "fd_thres": 0.2,
      "testing": false
    },
    "software": "mriqc",
    "version": "22.0.6",
    "webapi_port": null,
    "webapi_url": "https://mriqc.nimh.nih.gov/api/v1"
  },
  "size_t": 322,
  "size_x": 96,
  "size_y": 96,
  "size_z": 52,
  "snr": 4.690285491570369,
  "spacing_tr": 1.25,
  "spacing_x": 2.5,
  "spacing_y": 2.5,
  "spacing_z": 2.75,
  "summary_bg_k": 43.37687460610706,
  "summary_bg_mad": 39.89672932722191,
  "summary_bg_mean": 209.43650817871094,
  "summary_bg_median": 94.82919311523438,
  "summary_bg_n": 358423.0,
  "summary_bg_p05": 58.00031051635743,
  "summary_bg_p95": 727.1108825683591,
  "summary_bg_stdv": 410.50518798828125,
  "summary_fg_k": 5.5409192847012765,
  "summary_fg_mad": 1249.9741120119363,
  "summary_fg_mean": 8014.32275390625,
  "summary_fg_median": 7888.35888671875,
  "summary_fg_n": 59336.0,
  "summary_fg_p05": 5909.4713134765625,
  "summary_fg_p95": 10504.471923828125,
  "summary_fg_stdv": 1681.8363037109375,
  "tsnr": 31.374941995367408
}