{
  "aor": 0.003407556270096463,
  "aqi": 0.02089215659163987,
  "bids_meta": {
    "AcquisitionMatrixPE": 96,
    "AcquisitionNumber": 1,
    "AcquisitionTime": "11:12:3.955000",
    "BandwidthPerPixelPhaseEncode": 15.783,
    "BaseResolution": 96,
    "BodyPartExamined": "BRAIN",
    "ConsistencyInfo": "N4_VD13A_LATEST_20120616",
    "ConversionSoftware": "dcm2niix",
    "ConversionSoftwareVersion": "v1.0.20201102",
    "DerivedVendorReportedEchoSpacing": 0.000659993,
    "DeviceSerialNumber": "45250",
    "DwellTime": 2.1e-06,
    "EchoTime": 0.04,
    "EchoTrainLength": 96,
    "EffectiveEchoSpacing": 0.000659993,
    "FlipAngle": 60,
    "ImageComments": "Unaliased MB4/PE3",
    "ImageOrientationPatientDICOM": [
      0.998674,
      -0.015033,
      0.0492273,
      0.0162115,
      0.999589,
      -0.0236274
    ],
    "ImageType": [
      "ORIGINAL",
      "PRIMARY",
      "M",
      "MB",
      "ND",
      "NORM",
      "MOSAIC"
    ],
    "ImagingFrequency": 123.22,
    "InPlanePhaseEncodingDirectionDICOM": "COL",
    "InstitutionAddress": "Kopernikusstr. 26,Graz,Graz,AT,8010",
    "InstitutionName": "KFU",
    "InstitutionalDepartmentName": "Department",
    "MRAcquisitionType": "2D",
    "MagneticFieldStrength": 3,
    "Manufacturer": "Siemens",
    "ManufacturersModelName": "Skyra",
    "Modality": "MR",
    "MultibandAccelerationFactor": 4,
    "PartialFourier": 1,
    "PatientPosition": "HFS",
    "PercentPhaseFOV": 100,
    "PercentSampling": 100,
    "PhaseEncodingDirection": "j-",
    "PhaseEncodingSteps": 96,
    "PhaseResolution": 1,
    "PixelBandwidth": 2480,
    "ProcedureStepDescription": "KFU^AllgemeinePsy",
    "ProtocolName": "MB4_2_5mm_20K_TR1250_1",
    "PulseSequenceDetails": "%CustomerSeq%\\cmrr_mbep2d_bold",
    "ReceiveCoilActiveElements": "HE1-4",
    "ReceiveCoilName": "HeadNeck_20",
    "ReconMatrixPE": 96,
    "RepetitionTime": 1.25,
    "SAR": 0.0703587,
    "ScanOptions": "FS",
    "ScanningSequence": "EP",
    "SequenceName": "epfid2d1_96",
    "SequenceVariant": "SK\\SS",
    "SeriesDescription": "MB4_2_5mm_20K_TR1250_1",
    "SeriesNumber": 8,
    "ShimSetting": [
      -1648,
      -3682,
      -4512,
      241,
      557,
      -139,
      80,
      -569
    ],
    "SliceThickness": 2.5,
    "SliceTiming": [
      0,
      0.6625,
      0.095,
      0.7575,
      0.19,
      0.8525,
      0.2825,
      0.945,
      0.3775,
      1.04,
      0.4725,
      1.135,
      0.5675,
      0,
      0.6625,
      0.095,
      0.7575,
      0.19,
      0.8525,
      0.2825,
      0.945,
      0.3775,
      1.04,
      0.4725,
      1.135,
      0.5675,
      0,
      0.6625,
      0.095,
      0.7575,
      0.19,
      0.8525,
      0.2825,
      0.945,
      0.3775,
      1.04,
      0.4725,
      1.135,
      0.5675,
      0,
      0.6625,
      0.095,
      0.7575,
      0.19,
      0.8525,
      0.2825,
      0.945,
      0.3775,
      1.04,
      0.4725,
      1.135,
      0.5675
    ],
    "SoftwareVersions": "syngo MR D13",
    "SpacingBetweenSlices": 2.75,
    "StationName": "FBMTMR1",
    "TaskName": "multar",
    "TotalReadoutTime": 0.0626993,
    "TxRefAmp": 375.704,
    "WipMemBlock": "95aef29f-23a4-488f-8d95-7cc585ee5a1e||Sequence: vd13a/master r/c0cb646; Dec 14 2015 19:21:42 by eja",
    "acq_id": "mb",
    "dataset": "ds003470",
    "modality": "bold",
    "run_id": 1,
    "session_id": "1",
    "subject_id": "06",
    "task_id": "multar"
  },
  "dummy_trs": 0,
  "dvars_nstd": 38.14844491406452,
  "dvars_std": 1.0640674703870967,
  "dvars_vstd": 0.9864246489677425,
  "efc": 0.40661789931492426,
  "fber": 6278.89697265625,
  "fd_mean": 0.32276958799631816,
  "fd_num": 207,
  "fd_perc": 66.55948553054662,
  "fwhm_avg": 2.0991938181818184,
  "fwhm_x": 2.02544,
  "fwhm_y": 2.402116,
  "fwhm_z": 1.8700254545454547,
  "gcor": 0.00585304,
  "gsr_x": -0.010772091336548328,
  "gsr_y": 0.021662643179297447,
  "provenance": {
    "md5sum": "18144eec49368f12946787284ccd9131",
    "settings": {
      "fd_thres": 0.2,
      "testing": false
    },
    "software": "mriqc",
    "version": "22.0.6",
    "webapi_port": null,
    "webapi_url": "https://mriqc.nimh.nih.gov/api/v1"
  },
  "size_t": 311,
  "size_x": 96,
  "size_y": 96,
  "size_z": 52,
  "snr": 4.686834236885678,
  "spacing_tr": 1.25,
  "spacing_x": 2.5,
  "spacing_y": 2.5,
  "spacing_z": 2.75,
  "summary_bg_k": 39.283142539183075,
  "summary_bg_mad": 44.28260630175179,
  "summary_bg_mean": 220.60374450683594,
  "summary_bg_median": 100.26366424560547,
  "summary_bg_n": 356385.0,
  "summary_bg_p05": 60.22186279296875,
  "summary_bg_p95": 780.249487304687,
  "summary_bg_stdv": 411.03369140625,
  "summary_fg_k": 5.361197443304997,
  "summary_fg_mad": 1261.971028010508,
  "summary_fg_mean": 8106.3603515625,
  "summary_fg_median": 7998.3212890625,
  "summary_fg_n": 60179.0,
  "summary_fg_p05": 5947.211865234375,
  "summary_fg_p95": 10603.648925781248,
  "summary_fg_stdv": 1706.5367431640625,
  "tsnr": 34.01730861561373
}