{
  "bids_meta": {
    "AcquisitionMatrixPE": 256,
    "AcquisitionNumber": 1,
    "AcquisitionTime": "14:53:3.477500",
    "BaseResolution": 256,
    "BodyPartExamined": "BRAIN",
    "ConsistencyInfo": "N4_VD13A_LATEST_20120616",
    "ConversionSoftware": "dcm2niix",
    "ConversionSoftwareVersion": "v1.0.20201102",
    "DeviceSerialNumber": "45250",
    "DwellTime": 8.5e-06,
    "EchoTime": 0.00207,
    "FlipAngle": 9,
    "ImageOrientationPatientDICOM": [
      -0.0184819,
      0.982249,
      -0.186667,
      -0.0606057,
      -0.187456,
      -0.980402
    ],
    "ImageType": [
      "ORIGINAL",
      "PRIMARY",
      "M",
      "ND",
      "NORM"
    ],
    "ImagingFrequency": 123.22,
    "InPlanePhaseEncodingDirectionDICOM": "ROW",
    "InstitutionAddress": "Kopernikusstr. 26,Graz,Graz,AT,8010",
    "InstitutionName": "KFU",
    "InstitutionalDepartmentName": "Department",
    "InversionTime": 0.9,
    "MRAcquisitionType": "3D",
    "MagneticFieldStrength": 3,
    "Manufacturer": "Siemens",
    "ManufacturersModelName": "Skyra",
    "Modality": "MR",
    "ParallelReductionFactorInPlane": 2,
    "PartialFourier": 1,
    "PatientPosition": "HFS",
    "PercentPhaseFOV": 100,
    "PercentSampling": 100,
    "PhaseEncodingSteps": 282,
    "PhaseOversampling": 0.1,
    "PhaseResolution": 1,
    "PixelBandwidth": 230,
    "ProcedureStepDescription": "KFU^AllgemeinePsy",
    "ProtocolName": "t1_mprage_sag_p0_iso_no_Pat",
    "PulseSequenceDetails": "%SiemensSeq%\\tfl",
    "ReceiveCoilActiveElements": "HE1-4;NE1,2",
    "ReceiveCoilName": "HeadNeck_20",
    "ReconMatrixPE": 256,
    "RefLinesPE": 24,
    "RepetitionTime": 1.56,
    "SAR": 0.112034,
    "ScanOptions": "IR",
    "ScanningSequence": "GR\\IR",
    "SequenceName": "*tfl3d1_16ns",
    "SequenceVariant": "SK\\SP\\MP\\OSP",
    "SeriesDescription": "t1_mprage_sag_p0_iso_no_Pat",
    "SeriesNumber": 2,
    "ShimSetting": [
      -1661,
      -3542,
      -4866,
      -151,
      630,
      106,
      -188,
      -443
    ],
    "SliceThickness": 1,
    "SoftwareVersions": "syngo MR D13",
    "StationName": "FBMTMR1",
    "TxRefAmp": 358.875,
    "acq_id": "mprage",
    "dataset": "ds003470",
    "modality": "T1w",
    "run_id": 1,
    "session_id": "1",
    "subject_id": "08"
  },
  "cjv": 0.3971166348383025,
  "cnr": 3.4763084917499,
  "efc": 0.5465779785726044,
  "fber": 18172.59168780084,
  "fwhm_avg": 3.6440633333333334,
  "fwhm_x": 3.63541,
  "fwhm_y": 3.59737,
  "fwhm_z": 3.69941,
  "icvs_csf": 0.18686844367275343,
  "icvs_gm": 0.46327948486762277,
  "icvs_wm": 0.3498520714596238,
  "inu_med": 0.4753742516040802,
  "inu_range": 0.16484624147415156,
  "provenance": {
    "md5sum": "43e9b346deaa93fc98bbcb63bed6ab7f",
    "settings": {
      "testing": false
    },
    "software": "mriqc",
    "version": "22.0.6",
    "warnings": {
      "large_rot_frame": true,
      "small_air_mask": false
    },
    "webapi_port": null,
    "webapi_url": "https://mriqc.nimh.nih.gov/api/v1"
  },
  "qi_1": 6.335615095700721e-05,
  "qi_2": 0.01011164330708662,
  "rpve_csf": 29.102041334291016,
  "rpve_gm": 12.838879475272629,
  "rpve_wm": 18.521317158833288,
  "size_x": 176,
  "size_y": 256,
  "size_z": 256,
  "snr_csf": 2.8408185430456596,
  "snr_gm": 14.227664554041738,
  "snr_total": 13.167017534370217,
  "snr_wm": 22.432569506023253,
  "snrd_csf": 29.784065606120265,
  "snrd_gm": 67.2319953209521,
  "snrd_total": 61.931945942884994,
  "snrd_wm": 88.77977690158262,
  "spacing_x": 1.0,
  "spacing_y": 1.0,
  "spacing_z": 1.0,
  "summary_bg_k": 14.760026826429971,
  "summary_bg_mad": 0.0,
  "summary_bg_mean": 4.861537318507696,
  "summary_bg_median": 0.0,
  "summary_bg_n": 2971057.0,
  "summary_bg_p05": 0.0,
  "summary_bg_p95": 17.988418221473694,
  "summary_bg_stdv": 7.379645701843721,
  "summary_csf_k": 2.2801017364558644,
  "summary_csf_mad": 94.25718548960796,
  "summary_csf_mean": 345.316175628334,
  "summary_csf_median": 335.49632066488266,
  "summary_csf_n": 26184.0,
  "summary_csf_p05": 149.95071504414082,
  "summary_csf_p95": 553.1643950343132,
  "summary_csf_stdv": 118.09621382227323,
  "summary_gm_k": 0.029703008368814565,
  "summary_gm_mad": 53.278447870417935,
  "summary_gm_mean": 756.26745730249,
  "summary_gm_median": 757.3206210136414,
  "summary_gm_n": 29993.0,
  "summary_gm_p05": 666.3517937064171,
  "summary_gm_p95": 840.4451837539673,
  "summary_gm_stdv": 53.227850085705086,
  "summary_wm_k": 0.32391956260433963,
  "summary_wm_mad": 43.10987553400674,
  "summary_wm_mean": 1001.3910955566237,
  "summary_wm_median": 1000.0410586595535,
  "summary_wm_n": 168658.0,
  "summary_wm_p05": 930.6336915493011,
  "summary_wm_p95": 1076.7998569607735,
  "summary_wm_stdv": 44.57973901231933,
  "tpm_overlap_csf": 0.1624277028054577,
  "tpm_overlap_gm": 0.4749773048227442,
  "tpm_overlap_wm": 0.5047297604910653,
  "wm2max": 0.41141486162268104
}