{
  "aor": 0.0003943076923076923,
  "aqi": 0.030748946461538466,
  "bids_meta": {
    "AcquisitionMatrixPE": 96,
    "AcquisitionNumber": 1,
    "AcquisitionTime": "13:10:24.910000",
    "BandwidthPerPixelPhaseEncode": 15.783,
    "BaseResolution": 96,
    "BodyPartExamined": "BRAIN",
    "ConsistencyInfo": "N4_VD13A_LATEST_20120616",
    "ConversionSoftware": "dcm2niix",
    "ConversionSoftwareVersion": "v1.0.20201102",
    "DerivedVendorReportedEchoSpacing": 0.000659993,
    "DeviceSerialNumber": "45250",
    "DwellTime": 2.1e-06,
    "EchoTime": 0.04,
    "EchoTrainLength": 96,
    "EffectiveEchoSpacing": 0.000659993,
    "FlipAngle": 60,
    "ImageComments": "Unaliased MB4/PE3",
    "ImageOrientationPatientDICOM": [
      0.999868,
      -0.016197,
      0.00104741,
      0.0162308,
      0.997784,
      -0.0645238
    ],
    "ImageType": [
      "ORIGINAL",
      "PRIMARY",
      "M",
      "MB",
      "ND",
      "NORM",
      "MOSAIC"
    ],
    "ImagingFrequency": 123.22,
    "InPlanePhaseEncodingDirectionDICOM": "COL",
    "InstitutionAddress": "Kopernikusstr. 26,Graz,Graz,AT,8010",
    "InstitutionName": "KFU",
    "InstitutionalDepartmentName": "Department",
    "MRAcquisitionType": "2D",
    "MagneticFieldStrength": 3,
    "Manufacturer": "Siemens",
    "ManufacturersModelName": "Skyra",
    "Modality": "MR",
    "MultibandAccelerationFactor": 4,
    "PartialFourier": 1,
    "PatientPosition": "HFS",
    "PercentPhaseFOV": 100,
    "PercentSampling": 100,
    "PhaseEncodingDirection": "j-",
    "PhaseEncodingSteps": 96,
    "PhaseResolution": 1,
    "PixelBandwidth": 2480,
    "ProcedureStepDescription": "KFU^AllgemeinePsy",
    "ProtocolName": "MB4_2_5mm_20K_TR1250_1",
    "PulseSequenceDetails": "%CustomerSeq%\\cmrr_mbep2d_bold",
    "ReceiveCoilActiveElements": "HE1-4",
    "ReceiveCoilName": "HeadNeck_20",
    "ReconMatrixPE": 96,
    "RepetitionTime": 1.25,
    "SAR": 0.0682162,
    "ScanOptions": "FS",
    "ScanningSequence": "EP",
    "SequenceName": "epfid2d1_96",
    "SequenceVariant": "SK\\SS",
    "SeriesDescription": "MB4_2_5mm_20K_TR1250_1",
    "SeriesNumber": 5,
    "ShimSetting": [
      -1633,
      -3609,
      -4492,
      275,
      603,
      104,
      -56,
      -471
    ],
    "SliceThickness": 2.5,
    "SliceTiming": [
      0,
      0.6625,
      0.095,
      0.7575,
      0.19,
      0.8525,
      0.285,
      0.945,
      0.3775,
      1.04,
      0.4725,
      1.135,
      0.5675,
      0,
      0.6625,
      0.095,
      0.7575,
      0.19,
      0.8525,
      0.285,
      0.945,
      0.3775,
      1.04,
      0.4725,
      1.135,
      0.5675,
      0,
      0.6625,
      0.095,
      0.7575,
      0.19,
      0.8525,
      0.285,
      0.945,
      0.3775,
      1.04,
      0.4725,
      1.135,
      0.5675,
      0,
      0.6625,
      0.095,
      0.7575,
      0.19,
      0.8525,
      0.285,
      0.945,
      0.3775,
      1.04,
      0.4725,
      1.135,
      0.5675
    ],
    "SoftwareVersions": "syngo MR D13",
    "SpacingBetweenSlices": 2.75,
    "StationName": "FBMTMR1",
    "TaskName": "multar",
    "TotalReadoutTime": 0.0626993,
    "TxRefAmp": 353.264,
    "WipMemBlock": "ce411d9b-4900-4e5f-97f9-47da0e6da07e||Sequence: vd13a/master r/bd40f27; Jul 20 2016 19:26:27 by eja",
    "acq_id": "mb",
    "dataset": "ds003470",
    "modality": "bold",
    "run_id": 1,
    "session_id": "1",
    "subject_id": "20",
    "task_id": "multar"
  },
  "dummy_trs": 1,
  "dvars_nstd": 36.193800119722205,
  "dvars_std": 1.0661890445061721,
  "dvars_vstd": 0.9397669098148153,
  "efc": 0.39143424785126707,
  "fber": 8526.138671875,
  "fd_mean": 0.2641457202056785,
  "fd_num": 228,
  "fd_perc": 70.15384615384616,
  "fwhm_avg": 2.0412992727272727,
  "fwhm_x": 1.9635120000000001,
  "fwhm_y": 2.308004,
  "fwhm_z": 1.8523818181818184,
  "gcor": 0.00601658,
  "gsr_x": -0.010724359191954136,
  "gsr_y": 0.02471691183745861,
  "provenance": {
    "md5sum": "d3c3d422103e588f4174805ed75b59e5",
    "settings": {
      "fd_thres": 0.2,
      "testing": false
    },
    "software": "mriqc",
    "version": "22.0.6",
    "webapi_port": null,
    "webapi_url": "https://mriqc.nimh.nih.gov/api/v1"
  },
  "size_t": 325,
  "size_x": 96,
  "size_y": 96,
  "size_z": 52,
  "snr": 5.1820959674419695,
  "spacing_tr": 1.25,
  "spacing_x": 2.5,
  "spacing_y": 2.5,
  "spacing_z": 2.75,
  "summary_bg_k": 63.15014922171338,
  "summary_bg_mad": 44.334061665917915,
  "summary_bg_mean": 230.78587341308594,
  "summary_bg_median": 93.61737823486328,
  "summary_bg_n": 362429.0,
  "summary_bg_p05": 53.38539428710938,
  "summary_bg_p95": 840.6491088867186,
  "summary_bg_stdv": 508.83465576171875,
  "summary_fg_k": 5.482359485575879,
  "summary_fg_mad": 1303.1400248680252,
  "summary_fg_mean": 8770.703125,
  "summary_fg_median": 8602.9267578125,
  "summary_fg_n": 55505.0,
  "summary_fg_p05": 6695.19521484375,
  "summary_fg_p95": 11393.856445312496,
  "summary_fg_stdv": 1660.1099853515625,
  "tsnr": 32.60838317871094
}