{
  "aor": 0.0004789124668435014,
  "aqi": 0.012414266923076924,
  "bids_meta": {
    "AcquisitionMatrixPE": 96,
    "AcquisitionNumber": 1,
    "AcquisitionTime": "13:49:30.940000",
    "BandwidthPerPixelPhaseEncode": 15.783,
    "BaseResolution": 96,
    "BodyPartExamined": "BRAIN",
    "ConsistencyInfo": "N4_VD13A_LATEST_20120616",
    "ConversionSoftware": "dcm2niix",
    "ConversionSoftwareVersion": "v1.0.20201102",
    "DerivedVendorReportedEchoSpacing": 0.000659993,
    "DeviceSerialNumber": "45250",
    "DwellTime": 2.1e-06,
    "EchoTime": 0.04,
    "EchoTrainLength": 96,
    "EffectiveEchoSpacing": 0.000659993,
    "FlipAngle": 60,
    "ImageComments": "Unaliased MB4/PE3",
    "ImageOrientationPatientDICOM": [
      0.999868,
      -0.016197,
      0.00104741,
      0.0162308,
      0.997784,
      -0.0645238
    ],
    "ImageType": [
      "ORIGINAL",
      "PRIMARY",
      "M",
      "MB",
      "ND",
      "NORM",
      "MOSAIC"
    ],
    "ImagingFrequency": 123.22,
    "InPlanePhaseEncodingDirectionDICOM": "COL",
    "InstitutionAddress": "Kopernikusstr. 26,Graz,Graz,AT,8010",
    "InstitutionName": "KFU",
    "InstitutionalDepartmentName": "Department",
    "MRAcquisitionType": "2D",
    "MagneticFieldStrength": 3,
    "Manufacturer": "Siemens",
    "ManufacturersModelName": "Skyra",
    "Modality": "MR",
    "MultibandAccelerationFactor": 4,
    "PartialFourier": 1,
    "PatientPosition": "HFS",
    "PercentPhaseFOV": 100,
    "PercentSampling": 100,
    "PhaseEncodingDirection": "j-",
    "PhaseEncodingSteps": 96,
    "PhaseResolution": 1,
    "PixelBandwidth": 2480,
    "ProcedureStepDescription": "KFU^AllgemeinePsy",
    "ProtocolName": "MB4_2_5mm_20K_TR1250_5",
    "PulseSequenceDetails": "%CustomerSeq%\\cmrr_mbep2d_bold",
    "ReceiveCoilActiveElements": "HE1-4",
    "ReceiveCoilName": "HeadNeck_20",
    "ReconMatrixPE": 96,
    "RepetitionTime": 1.25,
    "SAR": 0.0682162,
    "ScanOptions": "FS",
    "ScanningSequence": "EP",
    "SequenceName": "epfid2d1_96",
    "SequenceVariant": "SK\\SS",
    "SeriesDescription": "MB4_2_5mm_20K_TR1250_5",
    "SeriesNumber": 9,
    "ShimSetting": [
      -1633,
      -3609,
      -4492,
      275,
      603,
      104,
      -56,
      -471
    ],
    "SliceThickness": 2.5,
    "SliceTiming": [
      0,
      0.6625,
      0.095,
      0.7575,
      0.19,
      0.8525,
      0.285,
      0.9475,
      0.38,
      1.04,
      0.4725,
      1.135,
      0.5675,
      0,
      0.6625,
      0.095,
      0.7575,
      0.19,
      0.8525,
      0.285,
      0.9475,
      0.38,
      1.04,
      0.4725,
      1.135,
      0.5675,
      0,
      0.6625,
      0.095,
      0.7575,
      0.19,
      0.8525,
      0.285,
      0.9475,
      0.38,
      1.04,
      0.4725,
      1.135,
      0.5675,
      0,
      0.6625,
      0.095,
      0.7575,
      0.19,
      0.8525,
      0.285,
      0.9475,
      0.38,
      1.04,
      0.4725,
      1.135,
      0.5675
    ],
    "SoftwareVersions": "syngo MR D13",
    "SpacingBetweenSlices": 2.75,
    "StationName": "FBMTMR1",
    "TaskName": "multar",
    "TotalReadoutTime": 0.0626993,
    "TxRefAmp": 353.264,
    "WipMemBlock": "8d7c29ce-07ee-40b8-900d-13185aa93abf||Sequence: vd13a/master r/bd40f27; Jul 20 2016 19:26:27 by eja",
    "acq_id": "mb",
    "dataset": "ds003470",
    "modality": "bold",
    "run_id": 5,
    "session_id": "1",
    "subject_id": "20",
    "task_id": "multar"
  },
  "dummy_trs": 1,
  "dvars_nstd": 37.65593298460109,
  "dvars_std": 1.1879275353989365,
  "dvars_vstd": 0.998281706409574,
  "efc": 0.3832691977408362,
  "fber": 9088.2451171875,
  "fd_mean": 0.2219454579200535,
  "fd_num": 221,
  "fd_perc": 58.62068965517241,
  "fwhm_avg": 2.007639272727273,
  "fwhm_x": 1.930684,
  "fwhm_y": 2.2426120000000003,
  "fwhm_z": 1.849621818181818,
  "gcor": 0.0082898,
  "gsr_x": -0.008577925153076649,
  "gsr_y": 0.026736151427030563,
  "provenance": {
    "md5sum": "8579b371cd2a259481b0eb62075e3e0e",
    "settings": {
      "fd_thres": 0.2,
      "testing": false
    },
    "software": "mriqc",
    "version": "22.0.6",
    "webapi_port": null,
    "webapi_url": "https://mriqc.nimh.nih.gov/api/v1"
  },
  "size_t": 377,
  "size_x": 96,
  "size_y": 96,
  "size_z": 52,
  "snr": 5.123073960948849,
  "spacing_tr": 1.25,
  "spacing_x": 2.5,
  "spacing_y": 2.5,
  "spacing_z": 2.75,
  "summary_bg_k": 67.83453418449183,
  "summary_bg_mad": 39.093351489337834,
  "summary_bg_mean": 214.02549743652344,
  "summary_bg_median": 89.9373779296875,
  "summary_bg_n": 365078.0,
  "summary_bg_p05": 53.66954288482666,
  "summary_bg_p95": 754.737234497069,
  "summary_bg_stdv": 486.54632568359375,
  "summary_fg_k": 5.692639344455788,
  "summary_fg_mad": 1305.490615397072,
  "summary_fg_mean": 8781.138671875,
  "summary_fg_median": 8623.1533203125,
  "summary_fg_n": 53959.0,
  "summary_fg_p05": 6689.688818359375,
  "summary_fg_p95": 11397.334960937498,
  "summary_fg_stdv": 1683.1834716796875,
  "tsnr": 46.17789077758789
}