{
  "aor": 0.0017303191489361702,
  "aqi": 0.02911538510638298,
  "bids_meta": {
    "AcquisitionMatrixPE": 96,
    "AcquisitionNumber": 1,
    "AcquisitionTime": "13:26:58.050000",
    "BandwidthPerPixelPhaseEncode": 15.783,
    "BaseResolution": 96,
    "BodyPartExamined": "BRAIN",
    "ConsistencyInfo": "N4_VD13A_LATEST_20120616",
    "ConversionSoftware": "dcm2niix",
    "ConversionSoftwareVersion": "v1.0.20201102",
    "DerivedVendorReportedEchoSpacing": 0.000659993,
    "DeviceSerialNumber": "45250",
    "DwellTime": 2.1e-06,
    "EchoTime": 0.04,
    "EchoTrainLength": 96,
    "EffectiveEchoSpacing": 0.000659993,
    "FlipAngle": 60,
    "ImageComments": "Unaliased MB4/PE3",
    "ImageOrientationPatientDICOM": [
      0.999868,
      -0.016197,
      0.00104741,
      0.0162308,
      0.997784,
      -0.0645238
    ],
    "ImageType": [
      "ORIGINAL",
      "PRIMARY",
      "M",
      "MB",
      "ND",
      "NORM",
      "MOSAIC"
    ],
    "ImagingFrequency": 123.22,
    "InPlanePhaseEncodingDirectionDICOM": "COL",
    "InstitutionAddress": "Kopernikusstr. 26,Graz,Graz,AT,8010",
    "InstitutionName": "KFU",
    "InstitutionalDepartmentName": "Department",
    "MRAcquisitionType": "2D",
    "MagneticFieldStrength": 3,
    "Manufacturer": "Siemens",
    "ManufacturersModelName": "Skyra",
    "Modality": "MR",
    "MultibandAccelerationFactor": 4,
    "PartialFourier": 1,
    "PatientPosition": "HFS",
    "PercentPhaseFOV": 100,
    "PercentSampling": 100,
    "PhaseEncodingDirection": "j-",
    "PhaseEncodingSteps": 96,
    "PhaseResolution": 1,
    "PixelBandwidth": 2480,
    "ProcedureStepDescription": "KFU^AllgemeinePsy",
    "ProtocolName": "MB4_2_5mm_20K_TR1250_3",
    "PulseSequenceDetails": "%CustomerSeq%\\cmrr_mbep2d_bold",
    "ReceiveCoilActiveElements": "HE1-4",
    "ReceiveCoilName": "HeadNeck_20",
    "ReconMatrixPE": 96,
    "RepetitionTime": 1.25,
    "SAR": 0.0682162,
    "ScanOptions": "FS",
    "ScanningSequence": "EP",
    "SequenceName": "epfid2d1_96",
    "SequenceVariant": "SK\\SS",
    "SeriesDescription": "MB4_2_5mm_20K_TR1250_3",
    "SeriesNumber": 7,
    "ShimSetting": [
      -1633,
      -3609,
      -4492,
      275,
      603,
      104,
      -56,
      -471
    ],
    "SliceThickness": 2.5,
    "SliceTiming": [
      0,
      0.6625,
      0.095,
      0.7575,
      0.19,
      0.85,
      0.2825,
      0.945,
      0.3775,
      1.04,
      0.4725,
      1.135,
      0.5675,
      0,
      0.6625,
      0.095,
      0.7575,
      0.19,
      0.85,
      0.2825,
      0.945,
      0.3775,
      1.04,
      0.4725,
      1.135,
      0.5675,
      0,
      0.6625,
      0.095,
      0.7575,
      0.19,
      0.85,
      0.2825,
      0.945,
      0.3775,
      1.04,
      0.4725,
      1.135,
      0.5675,
      0,
      0.6625,
      0.095,
      0.7575,
      0.19,
      0.85,
      0.2825,
      0.945,
      0.3775,
      1.04,
      0.4725,
      1.135,
      0.5675
    ],
    "SoftwareVersions": "syngo MR D13",
    "SpacingBetweenSlices": 2.75,
    "StationName": "FBMTMR1",
    "TaskName": "multar",
    "TotalReadoutTime": 0.0626993,
    "TxRefAmp": 353.264,
    "WipMemBlock": "9da760c4-799a-4f3f-b8be-8e8d87729491||Sequence: vd13a/master r/bd40f27; Jul 20 2016 19:26:27 by eja",
    "acq_id": "mb",
    "dataset": "ds003470",
    "modality": "bold",
    "run_id": 3,
    "session_id": "1",
    "subject_id": "20",
    "task_id": "multar"
  },
  "dummy_trs": 2,
  "dvars_nstd": 40.985201049866696,
  "dvars_std": 1.1875304048000008,
  "dvars_vstd": 0.9573608259199996,
  "efc": 0.39073346352275096,
  "fber": 8567.4736328125,
  "fd_mean": 0.2455829233437011,
  "fd_num": 235,
  "fd_perc": 62.5,
  "fwhm_avg": 2.0372235151515152,
  "fwhm_x": 1.9457879999999999,
  "fwhm_y": 2.2719080000000003,
  "fwhm_z": 1.8939745454545454,
  "gcor": 0.0060068,
  "gsr_x": -0.010501611977815628,
  "gsr_y": 0.024957407265901566,
  "provenance": {
    "md5sum": "707341fce25f354d8984410961c1662b",
    "settings": {
      "fd_thres": 0.2,
      "testing": false
    },
    "software": "mriqc",
    "version": "22.0.6",
    "webapi_port": null,
    "webapi_url": "https://mriqc.nimh.nih.gov/api/v1"
  },
  "size_t": 376,
  "size_x": 96,
  "size_y": 96,
  "size_z": 52,
  "snr": 5.170642366575999,
  "spacing_tr": 1.25,
  "spacing_x": 2.5,
  "spacing_y": 2.5,
  "spacing_z": 2.75,
  "summary_bg_k": 65.17691573570832,
  "summary_bg_mad": 42.501565233354135,
  "summary_bg_mean": 225.8904571533203,
  "summary_bg_median": 92.42906951904297,
  "summary_bg_n": 362833.0,
  "summary_bg_p05": 53.9169319152832,
  "summary_bg_p95": 818.7393310546848,
  "summary_bg_stdv": 497.9372863769531,
  "summary_fg_k": 5.5647424221966,
  "summary_fg_mad": 1295.0646206944755,
  "summary_fg_mean": 8725.7080078125,
  "summary_fg_median": 8569.0146484375,
  "summary_fg_n": 55347.0,
  "summary_fg_p05": 6649.597802734375,
  "summary_fg_p95": 11331.651171874999,
  "summary_fg_stdv": 1657.228759765625,
  "tsnr": 34.56740188598633
}