{
  "aor": 0.0024691692307692308,
  "aqi": 0.020745964430769235,
  "bids_meta": {
    "AcquisitionMatrixPE": 96,
    "AcquisitionNumber": 1,
    "AcquisitionTime": "16:51:21.590000",
    "BandwidthPerPixelPhaseEncode": 15.783,
    "BaseResolution": 96,
    "BodyPartExamined": "BRAIN",
    "ConsistencyInfo": "N4_VD13A_LATEST_20120616",
    "ConversionSoftware": "dcm2niix",
    "ConversionSoftwareVersion": "v1.0.20201102",
    "DerivedVendorReportedEchoSpacing": 0.000659993,
    "DeviceSerialNumber": "45250",
    "DwellTime": 2.1e-06,
    "EchoTime": 0.04,
    "EchoTrainLength": 96,
    "EffectiveEchoSpacing": 0.000659993,
    "FlipAngle": 60,
    "ImageComments": "Unaliased MB4/PE3",
    "ImageOrientationPatientDICOM": [
      0.998316,
      -0.0199865,
      -0.0544499,
      0.0162057,
      0.997484,
      -0.0690139
    ],
    "ImageType": [
      "ORIGINAL",
      "PRIMARY",
      "M",
      "MB",
      "ND",
      "NORM",
      "MOSAIC"
    ],
    "ImagingFrequency": 123.22,
    "InPlanePhaseEncodingDirectionDICOM": "COL",
    "InstitutionAddress": "Kopernikusstr. 26,Graz,Graz,AT,8010",
    "InstitutionName": "KFU",
    "InstitutionalDepartmentName": "Department",
    "MRAcquisitionType": "2D",
    "MagneticFieldStrength": 3,
    "Manufacturer": "Siemens",
    "ManufacturersModelName": "Skyra",
    "Modality": "MR",
    "MultibandAccelerationFactor": 4,
    "PartialFourier": 1,
    "PatientPosition": "HFS",
    "PercentPhaseFOV": 100,
    "PercentSampling": 100,
    "PhaseEncodingDirection": "j-",
    "PhaseEncodingSteps": 96,
    "PhaseResolution": 1,
    "PixelBandwidth": 2480,
    "ProcedureStepDescription": "KFU^AllgemeinePsy",
    "ProtocolName": "MB4_2_5mm_20K_TR1250_5",
    "PulseSequenceDetails": "%CustomerSeq%\\cmrr_mbep2d_bold",
    "ReceiveCoilActiveElements": "HE1-4",
    "ReceiveCoilName": "HeadNeck_20",
    "ReconMatrixPE": 96,
    "RepetitionTime": 1.25,
    "SAR": 0.0708693,
    "ScanOptions": "FS",
    "ScanningSequence": "EP",
    "SequenceName": "epfid2d1_96",
    "SequenceVariant": "SK\\SS",
    "SeriesDescription": "MB4_2_5mm_20K_TR1250_5",
    "SeriesNumber": 9,
    "ShimSetting": [
      -1690,
      -3670,
      -4561,
      337,
      393,
      -375,
      454,
      -345
    ],
    "SliceThickness": 2.5,
    "SliceTiming": [
      0,
      0.6625,
      0.095,
      0.7575,
      0.19,
      0.8525,
      0.285,
      0.9475,
      0.38,
      1.04,
      0.4725,
      1.135,
      0.5675,
      0,
      0.6625,
      0.095,
      0.7575,
      0.19,
      0.8525,
      0.285,
      0.9475,
      0.38,
      1.04,
      0.4725,
      1.135,
      0.5675,
      0,
      0.6625,
      0.095,
      0.7575,
      0.19,
      0.8525,
      0.285,
      0.9475,
      0.38,
      1.04,
      0.4725,
      1.135,
      0.5675,
      0,
      0.6625,
      0.095,
      0.7575,
      0.19,
      0.8525,
      0.285,
      0.9475,
      0.38,
      1.04,
      0.4725,
      1.135,
      0.5675
    ],
    "SoftwareVersions": "syngo MR D13",
    "SpacingBetweenSlices": 2.75,
    "StationName": "FBMTMR1",
    "TaskName": "multar",
    "TotalReadoutTime": 0.0626993,
    "TxRefAmp": 355.007,
    "WipMemBlock": "a3d0ec00-5451-4869-aa2c-3b244ecd5b25||Sequence: vd13a/master r/bd40f27; Jul 20 2016 19:26:27 by eja",
    "acq_id": "mb",
    "dataset": "ds003470",
    "modality": "bold",
    "run_id": 5,
    "session_id": "1",
    "subject_id": "19",
    "task_id": "multar"
  },
  "dummy_trs": 1,
  "dvars_nstd": 38.83267173632719,
  "dvars_std": 1.2041622782407402,
  "dvars_vstd": 1.0140684543209884,
  "efc": 0.3982620350498664,
  "fber": 8260.5654296875,
  "fd_mean": 0.2940142821233986,
  "fd_num": 230,
  "fd_perc": 70.76923076923077,
  "fwhm_avg": 1.9979122424242426,
  "fwhm_x": 1.963344,
  "fwhm_y": 2.2604800000000003,
  "fwhm_z": 1.7699127272727273,
  "gcor": 0.00691073,
  "gsr_x": -0.007299421355128288,
  "gsr_y": 0.01949402689933777,
  "provenance": {
    "md5sum": "87474be8008912f1e0a0f95500264f0b",
    "settings": {
      "fd_thres": 0.2,
      "testing": false
    },
    "software": "mriqc",
    "version": "22.0.6",
    "webapi_port": null,
    "webapi_url": "https://mriqc.nimh.nih.gov/api/v1"
  },
  "size_t": 325,
  "size_x": 96,
  "size_y": 96,
  "size_z": 52,
  "snr": 4.9198083223821145,
  "spacing_tr": 1.25,
  "spacing_x": 2.5,
  "spacing_y": 2.5,
  "spacing_z": 2.75,
  "summary_bg_k": 45.206546686815805,
  "summary_bg_mad": 43.39978031832764,
  "summary_bg_mean": 202.65821838378906,
  "summary_bg_median": 92.95329284667969,
  "summary_bg_n": 356904.0,
  "summary_bg_p05": 53.63259925842285,
  "summary_bg_p95": 770.1044036865234,
  "summary_bg_stdv": 368.7846374511719,
  "summary_fg_k": 4.247839969566242,
  "summary_fg_mad": 1340.540258468931,
  "summary_fg_mean": 8590.525390625,
  "summary_fg_median": 8472.2861328125,
  "summary_fg_n": 59567.0,
  "summary_fg_p05": 6302.367333984375,
  "summary_fg_p95": 11218.803222656246,
  "summary_fg_stdv": 1722.06201171875,
  "tsnr": 36.96564483642578
}