{
  "aor": 0.00035390092879256964,
  "aqi": 0.010078663343653252,
  "bids_meta": {
    "AcquisitionMatrixPE": 96,
    "AcquisitionNumber": 1,
    "AcquisitionTime": "16:17:14.197500",
    "BandwidthPerPixelPhaseEncode": 15.783,
    "BaseResolution": 96,
    "BodyPartExamined": "BRAIN",
    "ConsistencyInfo": "N4_VD13A_LATEST_20120616",
    "ConversionSoftware": "dcm2niix",
    "ConversionSoftwareVersion": "v1.0.20201102",
    "DerivedVendorReportedEchoSpacing": 0.000659993,
    "DeviceSerialNumber": "45250",
    "DwellTime": 2.1e-06,
    "EchoTime": 0.04,
    "EchoTrainLength": 96,
    "EffectiveEchoSpacing": 0.000659993,
    "FlipAngle": 60,
    "ImageComments": "Unaliased MB4/PE3",
    "ImageOrientationPatientDICOM": [
      0.998316,
      -0.0199865,
      -0.0544499,
      0.0162057,
      0.997484,
      -0.0690139
    ],
    "ImageType": [
      "ORIGINAL",
      "PRIMARY",
      "M",
      "MB",
      "ND",
      "NORM",
      "MOSAIC"
    ],
    "ImagingFrequency": 123.22,
    "InPlanePhaseEncodingDirectionDICOM": "COL",
    "InstitutionAddress": "Kopernikusstr. 26,Graz,Graz,AT,8010",
    "InstitutionName": "KFU",
    "InstitutionalDepartmentName": "Department",
    "MRAcquisitionType": "2D",
    "MagneticFieldStrength": 3,
    "Manufacturer": "Siemens",
    "ManufacturersModelName": "Skyra",
    "Modality": "MR",
    "MultibandAccelerationFactor": 4,
    "PartialFourier": 1,
    "PatientPosition": "HFS",
    "PercentPhaseFOV": 100,
    "PercentSampling": 100,
    "PhaseEncodingDirection": "j-",
    "PhaseEncodingSteps": 96,
    "PhaseResolution": 1,
    "PixelBandwidth": 2480,
    "ProcedureStepDescription": "KFU^AllgemeinePsy",
    "ProtocolName": "MB4_2_5mm_20K_TR1250_2",
    "PulseSequenceDetails": "%CustomerSeq%\\cmrr_mbep2d_bold",
    "ReceiveCoilActiveElements": "HE1-4",
    "ReceiveCoilName": "HeadNeck_20",
    "ReconMatrixPE": 96,
    "RepetitionTime": 1.25,
    "SAR": 0.0708693,
    "ScanOptions": "FS",
    "ScanningSequence": "EP",
    "SequenceName": "epfid2d1_96",
    "SequenceVariant": "SK\\SS",
    "SeriesDescription": "MB4_2_5mm_20K_TR1250_2",
    "SeriesNumber": 6,
    "ShimSetting": [
      -1690,
      -3670,
      -4561,
      337,
      393,
      -375,
      454,
      -345
    ],
    "SliceThickness": 2.5,
    "SliceTiming": [
      0,
      0.66,
      0.0925,
      0.755,
      0.1875,
      0.85,
      0.2825,
      0.945,
      0.3775,
      1.04,
      0.4725,
      1.135,
      0.5675,
      0,
      0.66,
      0.0925,
      0.755,
      0.1875,
      0.85,
      0.2825,
      0.945,
      0.3775,
      1.04,
      0.4725,
      1.135,
      0.5675,
      0,
      0.66,
      0.0925,
      0.755,
      0.1875,
      0.85,
      0.2825,
      0.945,
      0.3775,
      1.04,
      0.4725,
      1.135,
      0.5675,
      0,
      0.66,
      0.0925,
      0.755,
      0.1875,
      0.85,
      0.2825,
      0.945,
      0.3775,
      1.04,
      0.4725,
      1.135,
      0.5675
    ],
    "SoftwareVersions": "syngo MR D13",
    "SpacingBetweenSlices": 2.75,
    "StationName": "FBMTMR1",
    "TaskName": "multar",
    "TotalReadoutTime": 0.0626993,
    "TxRefAmp": 355.007,
    "WipMemBlock": "acc4a839-c4cb-4044-aa97-1057f7850449||Sequence: vd13a/master r/bd40f27; Jul 20 2016 19:26:27 by eja",
    "acq_id": "mb",
    "dataset": "ds003470",
    "modality": "bold",
    "run_id": 2,
    "session_id": "1",
    "subject_id": "19",
    "task_id": "multar"
  },
  "dummy_trs": 2,
  "dvars_nstd": 38.30939873403725,
  "dvars_std": 1.2316004449378881,
  "dvars_vstd": 0.994026476086956,
  "efc": 0.3997238920281853,
  "fber": 7898.62109375,
  "fd_mean": 0.20551283862184613,
  "fd_num": 174,
  "fd_perc": 53.869969040247675,
  "fwhm_avg": 1.9810437575757576,
  "fwhm_x": 1.9329640000000001,
  "fwhm_y": 2.2542,
  "fwhm_z": 1.7559672727272726,
  "gcor": 0.00640819,
  "gsr_x": -0.007529634516686201,
  "gsr_y": 0.019137989729642868,
  "provenance": {
    "md5sum": "c1a7703c50220d2b00b94c685521c6b7",
    "settings": {
      "fd_thres": 0.2,
      "testing": false
    },
    "software": "mriqc",
    "version": "22.0.6",
    "webapi_port": null,
    "webapi_url": "https://mriqc.nimh.nih.gov/api/v1"
  },
  "size_t": 323,
  "size_x": 96,
  "size_y": 96,
  "size_z": 52,
  "snr": 4.866027044818405,
  "spacing_tr": 1.25,
  "spacing_x": 2.5,
  "spacing_y": 2.5,
  "spacing_z": 2.75,
  "summary_bg_k": 44.37286157369326,
  "summary_bg_mad": 42.46301612781926,
  "summary_bg_mean": 201.0014190673828,
  "summary_bg_median": 93.93807983398438,
  "summary_bg_n": 356133.0,
  "summary_bg_p05": 55.22909927368164,
  "summary_bg_p95": 751.4928466796872,
  "summary_bg_stdv": 363.0269775390625,
  "summary_fg_k": 4.289861486876146,
  "summary_fg_mad": 1328.939330465243,
  "summary_fg_mean": 8485.83203125,
  "summary_fg_median": 8386.015625,
  "summary_fg_n": 60220.0,
  "summary_fg_p05": 6169.855200195313,
  "summary_fg_p95": 11064.331982421874,
  "summary_fg_stdv": 1723.3660888671875,
  "tsnr": 48.51252150256187
}