{
  "aor": 0.0004642011834319526,
  "aqi": 0.013463926390532545,
  "bids_meta": {
    "AcquisitionMatrixPE": 96,
    "AcquisitionNumber": 1,
    "AcquisitionTime": "14:14:43.775000",
    "BandwidthPerPixelPhaseEncode": 15.783,
    "BaseResolution": 96,
    "BodyPartExamined": "BRAIN",
    "ConsistencyInfo": "N4_VD13A_LATEST_20120616",
    "ConversionSoftware": "dcm2niix",
    "ConversionSoftwareVersion": "v1.0.20201102",
    "DerivedVendorReportedEchoSpacing": 0.000659993,
    "DeviceSerialNumber": "45250",
    "DwellTime": 2.1e-06,
    "EchoTime": 0.04,
    "EchoTrainLength": 96,
    "EffectiveEchoSpacing": 0.000659993,
    "FlipAngle": 60,
    "ImageComments": "Unaliased MB4/PE3",
    "ImageOrientationPatientDICOM": [
      0.999868,
      -0.0159218,
      0.0031526,
      0.0162309,
      0.980826,
      -0.194209
    ],
    "ImageType": [
      "ORIGINAL",
      "PRIMARY",
      "M",
      "MB",
      "ND",
      "NORM",
      "MOSAIC"
    ],
    "ImagingFrequency": 123.22,
    "InPlanePhaseEncodingDirectionDICOM": "COL",
    "InstitutionAddress": "Kopernikusstr. 26,Graz,Graz,AT,8010",
    "InstitutionName": "KFU",
    "InstitutionalDepartmentName": "Department",
    "MRAcquisitionType": "2D",
    "MagneticFieldStrength": 3,
    "Manufacturer": "Siemens",
    "ManufacturersModelName": "Skyra",
    "Modality": "MR",
    "MultibandAccelerationFactor": 4,
    "PartialFourier": 1,
    "PatientPosition": "HFS",
    "PercentPhaseFOV": 100,
    "PercentSampling": 100,
    "PhaseEncodingDirection": "j-",
    "PhaseEncodingSteps": 96,
    "PhaseResolution": 1,
    "PixelBandwidth": 2480,
    "ProcedureStepDescription": "KFU^AllgemeinePsy",
    "ProtocolName": "MB4_2_5mm_20K_TR1250_4",
    "PulseSequenceDetails": "%CustomerSeq%\\cmrr_mbep2d_bold",
    "ReceiveCoilActiveElements": "HE1-4",
    "ReceiveCoilName": "HeadNeck_20",
    "ReconMatrixPE": 96,
    "RepetitionTime": 1.25,
    "SAR": 0.0758094,
    "ScanOptions": "FS",
    "ScanningSequence": "EP",
    "SequenceName": "epfid2d1_96",
    "SequenceVariant": "SK\\SS",
    "SeriesDescription": "MB4_2_5mm_20K_TR1250_4",
    "SeriesNumber": 8,
    "ShimSetting": [
      -1642,
      -3590,
      -4395,
      201,
      662,
      353,
      85,
      -353
    ],
    "SliceThickness": 2.5,
    "SliceTiming": [
      0,
      0.6625,
      0.0925,
      0.755,
      0.1875,
      0.85,
      0.2825,
      0.945,
      0.3775,
      1.04,
      0.4725,
      1.135,
      0.5675,
      0,
      0.6625,
      0.0925,
      0.755,
      0.1875,
      0.85,
      0.2825,
      0.945,
      0.3775,
      1.04,
      0.4725,
      1.135,
      0.5675,
      0,
      0.6625,
      0.0925,
      0.755,
      0.1875,
      0.85,
      0.2825,
      0.945,
      0.3775,
      1.04,
      0.4725,
      1.135,
      0.5675,
      0,
      0.6625,
      0.0925,
      0.755,
      0.1875,
      0.85,
      0.2825,
      0.945,
      0.3775,
      1.04,
      0.4725,
      1.135,
      0.5675
    ],
    "SoftwareVersions": "syngo MR D13",
    "SpacingBetweenSlices": 2.75,
    "StationName": "FBMTMR1",
    "TaskName": "multar",
    "TotalReadoutTime": 0.0626993,
    "TxRefAmp": 400.639,
    "WipMemBlock": "405b8c69-9591-4a1c-bdf3-5271779fc82f||Sequence: vd13a/master r/c0cb646; Dec 14 2015 19:21:42 by eja",
    "acq_id": "mb",
    "dataset": "ds003470",
    "modality": "bold",
    "run_id": 4,
    "session_id": "1",
    "subject_id": "03",
    "task_id": "multar"
  },
  "dummy_trs": 0,
  "dvars_nstd": 40.97548669881302,
  "dvars_std": 1.2388170612759641,
  "dvars_vstd": 0.9957178865875378,
  "efc": 0.4429063728025264,
  "fber": 6265.947265625,
  "fd_mean": 0.14853734913759475,
  "fd_num": 62,
  "fd_perc": 18.34319526627219,
  "fwhm_avg": 1.932822909090909,
  "fwhm_x": 1.852764,
  "fwhm_y": 2.1580719999999998,
  "fwhm_z": 1.7876327272727273,
  "gcor": 0.0199058,
  "gsr_x": -0.00599208427593112,
  "gsr_y": 0.03788412734866142,
  "provenance": {
    "md5sum": "af7939461946d0f58ed812ee6478ab32",
    "settings": {
      "fd_thres": 0.2,
      "testing": false
    },
    "software": "mriqc",
    "version": "22.0.6",
    "webapi_port": null,
    "webapi_url": "https://mriqc.nimh.nih.gov/api/v1"
  },
  "size_t": 338,
  "size_x": 96,
  "size_y": 96,
  "size_z": 52,
  "snr": 5.0206095216745785,
  "spacing_tr": 1.25,
  "spacing_x": 2.5,
  "spacing_y": 2.5,
  "spacing_z": 2.75,
  "summary_bg_k": 53.060357254199474,
  "summary_bg_mad": 58.77803144823159,
  "summary_bg_mean": 294.95037841796875,
  "summary_bg_median": 111.46257019042969,
  "summary_bg_n": 342024.0,
  "summary_bg_p05": 61.13556690216065,
  "summary_bg_p95": 1156.9625366210932,
  "summary_bg_stdv": 610.4317626953125,
  "summary_fg_k": 4.405886014215603,
  "summary_fg_mad": 1425.941910674549,
  "summary_fg_mean": 8984.8681640625,
  "summary_fg_median": 8852.9453125,
  "summary_fg_n": 72823.0,
  "summary_fg_p05": 6742.2166015625,
  "summary_fg_p95": 11739.09267578125,
  "summary_fg_stdv": 1763.3087158203125,
  "tsnr": 43.50237274169922
}