{
  "aor": 0.0003906611570247934,
  "aqi": 0.01249147041322314,
  "bids_meta": {
    "AcquisitionMatrixPE": 96,
    "AcquisitionNumber": 1,
    "AcquisitionTime": "14:03:35.952500",
    "BandwidthPerPixelPhaseEncode": 15.783,
    "BaseResolution": 96,
    "BodyPartExamined": "BRAIN",
    "ConsistencyInfo": "N4_VD13A_LATEST_20120616",
    "ConversionSoftware": "dcm2niix",
    "ConversionSoftwareVersion": "v1.0.20201102",
    "DerivedVendorReportedEchoSpacing": 0.000659993,
    "DeviceSerialNumber": "45250",
    "DwellTime": 2.1e-06,
    "EchoTime": 0.04,
    "EchoTrainLength": 96,
    "EffectiveEchoSpacing": 0.000659993,
    "FlipAngle": 60,
    "ImageComments": "Unaliased MB4/PE3",
    "ImageOrientationPatientDICOM": [
      0.999868,
      -0.0159218,
      0.0031526,
      0.0162309,
      0.980826,
      -0.194209
    ],
    "ImageType": [
      "ORIGINAL",
      "PRIMARY",
      "M",
      "MB",
      "ND",
      "NORM",
      "MOSAIC"
    ],
    "ImagingFrequency": 123.22,
    "InPlanePhaseEncodingDirectionDICOM": "COL",
    "InstitutionAddress": "Kopernikusstr. 26,Graz,Graz,AT,8010",
    "InstitutionName": "KFU",
    "InstitutionalDepartmentName": "Department",
    "MRAcquisitionType": "2D",
    "MagneticFieldStrength": 3,
    "Manufacturer": "Siemens",
    "ManufacturersModelName": "Skyra",
    "Modality": "MR",
    "MultibandAccelerationFactor": 4,
    "PartialFourier": 1,
    "PatientPosition": "HFS",
    "PercentPhaseFOV": 100,
    "PercentSampling": 100,
    "PhaseEncodingDirection": "j-",
    "PhaseEncodingSteps": 96,
    "PhaseResolution": 1,
    "PixelBandwidth": 2480,
    "ProcedureStepDescription": "KFU^AllgemeinePsy",
    "ProtocolName": "MB4_2_5mm_20K_TR1250_3",
    "PulseSequenceDetails": "%CustomerSeq%\\cmrr_mbep2d_bold",
    "ReceiveCoilActiveElements": "HE1-4",
    "ReceiveCoilName": "HeadNeck_20",
    "ReconMatrixPE": 96,
    "RepetitionTime": 1.25,
    "SAR": 0.0758094,
    "ScanOptions": "FS",
    "ScanningSequence": "EP",
    "SequenceName": "epfid2d1_96",
    "SequenceVariant": "SK\\SS",
    "SeriesDescription": "MB4_2_5mm_20K_TR1250_3",
    "SeriesNumber": 7,
    "ShimSetting": [
      -1642,
      -3590,
      -4395,
      201,
      662,
      353,
      85,
      -353
    ],
    "SliceThickness": 2.5,
    "SliceTiming": [
      0,
      0.66,
      0.0925,
      0.755,
      0.1875,
      0.85,
      0.2825,
      0.945,
      0.3775,
      1.04,
      0.4725,
      1.135,
      0.5675,
      0,
      0.66,
      0.0925,
      0.755,
      0.1875,
      0.85,
      0.2825,
      0.945,
      0.3775,
      1.04,
      0.4725,
      1.135,
      0.5675,
      0,
      0.66,
      0.0925,
      0.755,
      0.1875,
      0.85,
      0.2825,
      0.945,
      0.3775,
      1.04,
      0.4725,
      1.135,
      0.5675,
      0,
      0.66,
      0.0925,
      0.755,
      0.1875,
      0.85,
      0.2825,
      0.945,
      0.3775,
      1.04,
      0.4725,
      1.135,
      0.5675
    ],
    "SoftwareVersions": "syngo MR D13",
    "SpacingBetweenSlices": 2.75,
    "StationName": "FBMTMR1",
    "TaskName": "multar",
    "TotalReadoutTime": 0.0626993,
    "TxRefAmp": 400.639,
    "WipMemBlock": "a6cb9534-07ed-43c6-9ea2-bd02892e290a||Sequence: vd13a/master r/c0cb646; Dec 14 2015 19:21:42 by eja",
    "acq_id": "mb",
    "dataset": "ds003470",
    "modality": "bold",
    "run_id": 3,
    "session_id": "1",
    "subject_id": "03",
    "task_id": "multar"
  },
  "dummy_trs": 1,
  "dvars_nstd": 42.200748928673995,
  "dvars_std": 1.240220418591161,
  "dvars_vstd": 0.988705478812155,
  "efc": 0.4417873719483047,
  "fber": 6361.37548828125,
  "fd_mean": 0.15034334876325817,
  "fd_num": 62,
  "fd_perc": 17.079889807162534,
  "fwhm_avg": 1.9318940606060606,
  "fwhm_x": 1.8495080000000002,
  "fwhm_y": 2.154116,
  "fwhm_z": 1.7920581818181818,
  "gcor": 0.0183653,
  "gsr_x": -0.00558472890406847,
  "gsr_y": 0.037584200501441956,
  "provenance": {
    "md5sum": "74bcafcd1a41eddd64c60ea0d5e1c4d5",
    "settings": {
      "fd_thres": 0.2,
      "testing": false
    },
    "software": "mriqc",
    "version": "22.0.6",
    "webapi_port": null,
    "webapi_url": "https://mriqc.nimh.nih.gov/api/v1"
  },
  "size_t": 363,
  "size_x": 96,
  "size_y": 96,
  "size_z": 52,
  "snr": 5.019815875653403,
  "spacing_tr": 1.25,
  "spacing_x": 2.5,
  "spacing_y": 2.5,
  "spacing_z": 2.75,
  "summary_bg_k": 54.00035846551291,
  "summary_bg_mad": 57.41436815129265,
  "summary_bg_mean": 293.891357421875,
  "summary_bg_median": 110.74006652832031,
  "summary_bg_n": 342422.0,
  "summary_bg_p05": 61.35391635894776,
  "summary_bg_p95": 1142.428692626953,
  "summary_bg_stdv": 614.071533203125,
  "summary_fg_k": 4.5186480180915956,
  "summary_fg_mad": 1430.5345027029666,
  "summary_fg_mean": 9003.02734375,
  "summary_fg_median": 8861.3818359375,
  "summary_fg_n": 72431.0,
  "summary_fg_p05": 6767.15234375,
  "summary_fg_p95": 11771.10888671875,
  "summary_fg_stdv": 1765.26806640625,
  "tsnr": 44.065547943115234
}