{
  "aor": 0.0005368488745980708,
  "aqi": 0.011483584565916399,
  "bids_meta": {
    "AcquisitionMatrixPE": 96,
    "AcquisitionNumber": 1,
    "AcquisitionTime": "16:20:8.022500",
    "BandwidthPerPixelPhaseEncode": 15.783,
    "BaseResolution": 96,
    "BodyPartExamined": "BRAIN",
    "ConsistencyInfo": "N4_VD13A_LATEST_20120616",
    "ConversionSoftware": "dcm2niix",
    "ConversionSoftwareVersion": "v1.0.20201102",
    "DerivedVendorReportedEchoSpacing": 0.000659993,
    "DeviceSerialNumber": "45250",
    "DwellTime": 2.1e-06,
    "EchoTime": 0.04,
    "EchoTrainLength": 96,
    "EffectiveEchoSpacing": 0.000659993,
    "FlipAngle": 60,
    "ImageComments": "Unaliased MB4/PE3",
    "ImageOrientationPatientDICOM": [
      0.999868,
      -0.0161872,
      0.00118872,
      0.0162308,
      0.997183,
      -0.0732286
    ],
    "ImageType": [
      "ORIGINAL",
      "PRIMARY",
      "M",
      "MB",
      "ND",
      "NORM",
      "MOSAIC"
    ],
    "ImagingFrequency": 123.22,
    "InPlanePhaseEncodingDirectionDICOM": "COL",
    "InstitutionAddress": "Kopernikusstr. 26,Graz,Graz,AT,8010",
    "InstitutionName": "KFU",
    "InstitutionalDepartmentName": "Department",
    "MRAcquisitionType": "2D",
    "MagneticFieldStrength": 3,
    "Manufacturer": "Siemens",
    "ManufacturersModelName": "Skyra",
    "Modality": "MR",
    "MultibandAccelerationFactor": 4,
    "PartialFourier": 1,
    "PatientPosition": "HFS",
    "PercentPhaseFOV": 100,
    "PercentSampling": 100,
    "PhaseEncodingDirection": "j-",
    "PhaseEncodingSteps": 96,
    "PhaseResolution": 1,
    "PixelBandwidth": 2480,
    "ProcedureStepDescription": "KFU^AllgemeinePsy",
    "ProtocolName": "MB4_2_5mm_20K_TR1250_3",
    "PulseSequenceDetails": "%CustomerSeq%\\cmrr_mbep2d_bold",
    "ReceiveCoilActiveElements": "HE1-4",
    "ReceiveCoilName": "HeadNeck_20",
    "ReconMatrixPE": 96,
    "RepetitionTime": 1.25,
    "SAR": 0.0690099,
    "ScanOptions": "FS",
    "ScanningSequence": "EP",
    "SequenceName": "epfid2d1_96",
    "SequenceVariant": "SK\\SS",
    "SeriesDescription": "MB4_2_5mm_20K_TR1250_3",
    "SeriesNumber": 7,
    "ShimSetting": [
      -1626,
      -3632,
      -4425,
      202,
      738,
      53,
      123,
      -427
    ],
    "SliceThickness": 2.5,
    "SliceTiming": [
      0,
      0.66,
      0.0925,
      0.755,
      0.1875,
      0.85,
      0.2825,
      0.945,
      0.3775,
      1.04,
      0.4725,
      1.135,
      0.5675,
      0,
      0.66,
      0.0925,
      0.755,
      0.1875,
      0.85,
      0.2825,
      0.945,
      0.3775,
      1.04,
      0.4725,
      1.135,
      0.5675,
      0,
      0.66,
      0.0925,
      0.755,
      0.1875,
      0.85,
      0.2825,
      0.945,
      0.3775,
      1.04,
      0.4725,
      1.135,
      0.5675,
      0,
      0.66,
      0.0925,
      0.755,
      0.1875,
      0.85,
      0.2825,
      0.945,
      0.3775,
      1.04,
      0.4725,
      1.135,
      0.5675
    ],
    "SoftwareVersions": "syngo MR D13",
    "SpacingBetweenSlices": 2.75,
    "StationName": "FBMTMR1",
    "TaskName": "multar",
    "TotalReadoutTime": 0.0626993,
    "TxRefAmp": 366.269,
    "WipMemBlock": "475e2199-19d3-4612-8325-5ac010ec1e47||Sequence: vd13a/master r/c0cb646; Dec 14 2015 19:21:42 by eja",
    "acq_id": "mb",
    "dataset": "ds003470",
    "modality": "bold",
    "run_id": 3,
    "session_id": "1",
    "subject_id": "01",
    "task_id": "multar"
  },
  "dummy_trs": 0,
  "dvars_nstd": 36.59447434938709,
  "dvars_std": 1.1803553638064517,
  "dvars_vstd": 1.0008308931612897,
  "efc": 0.40673270596610434,
  "fber": 6311.76416015625,
  "fd_mean": 0.1838546157892312,
  "fd_num": 138,
  "fd_perc": 44.37299035369775,
  "fwhm_avg": 1.9018374545454544,
  "fwhm_x": 1.8056159999999999,
  "fwhm_y": 2.17502,
  "fwhm_z": 1.7248763636363635,
  "gcor": 0.0159238,
  "gsr_x": -0.014930724166333675,
  "gsr_y": 0.02318982593715191,
  "provenance": {
    "md5sum": "010b3946bfebed4daeecbc9130021727",
    "settings": {
      "fd_thres": 0.2,
      "testing": false
    },
    "software": "mriqc",
    "version": "22.0.6",
    "webapi_port": null,
    "webapi_url": "https://mriqc.nimh.nih.gov/api/v1"
  },
  "size_t": 311,
  "size_x": 96,
  "size_y": 96,
  "size_z": 52,
  "snr": 5.34731279739332,
  "spacing_tr": 1.25,
  "spacing_x": 2.5,
  "spacing_y": 2.5,
  "spacing_z": 2.75,
  "summary_bg_k": 37.342339339042475,
  "summary_bg_mad": 42.94172407833024,
  "summary_bg_mean": 233.41944885253906,
  "summary_bg_median": 100.58509826660156,
  "summary_bg_n": 357653.0,
  "summary_bg_p05": 61.12485275268555,
  "summary_bg_p95": 864.0560913085928,
  "summary_bg_stdv": 457.8293151855469,
  "summary_fg_k": 5.243591017916261,
  "summary_fg_mad": 1211.6798287333672,
  "summary_fg_mean": 8147.39111328125,
  "summary_fg_median": 8050.322265625,
  "summary_fg_n": 57931.0,
  "summary_fg_p05": 6211.30517578125,
  "summary_fg_p95": 10444.07373046875,
  "summary_fg_stdv": 1505.476318359375,
  "tsnr": 47.36357116699219
}