{
  "aor": 0.00033718181818181823,
  "aqi": 0.013217076303030303,
  "bids_meta": {
    "AcquisitionMatrixPE": 96,
    "AcquisitionNumber": 1,
    "AcquisitionTime": "16:11:5.202500",
    "BandwidthPerPixelPhaseEncode": 15.783,
    "BaseResolution": 96,
    "BodyPartExamined": "BRAIN",
    "ConsistencyInfo": "N4_VD13A_LATEST_20120616",
    "ConversionSoftware": "dcm2niix",
    "ConversionSoftwareVersion": "v1.0.20201102",
    "DerivedVendorReportedEchoSpacing": 0.000659993,
    "DeviceSerialNumber": "45250",
    "DwellTime": 2.1e-06,
    "EchoTime": 0.04,
    "EchoTrainLength": 96,
    "EffectiveEchoSpacing": 0.000659993,
    "FlipAngle": 60,
    "ImageComments": "Unaliased MB4/PE3",
    "ImageOrientationPatientDICOM": [
      0.999868,
      -0.0161872,
      0.00118872,
      0.0162308,
      0.997183,
      -0.0732286
    ],
    "ImageType": [
      "ORIGINAL",
      "PRIMARY",
      "M",
      "MB",
      "ND",
      "NORM",
      "MOSAIC"
    ],
    "ImagingFrequency": 123.22,
    "InPlanePhaseEncodingDirectionDICOM": "COL",
    "InstitutionAddress": "Kopernikusstr. 26,Graz,Graz,AT,8010",
    "InstitutionName": "KFU",
    "InstitutionalDepartmentName": "Department",
    "MRAcquisitionType": "2D",
    "MagneticFieldStrength": 3,
    "Manufacturer": "Siemens",
    "ManufacturersModelName": "Skyra",
    "Modality": "MR",
    "MultibandAccelerationFactor": 4,
    "PartialFourier": 1,
    "PatientPosition": "HFS",
    "PercentPhaseFOV": 100,
    "PercentSampling": 100,
    "PhaseEncodingDirection": "j-",
    "PhaseEncodingSteps": 96,
    "PhaseResolution": 1,
    "PixelBandwidth": 2480,
    "ProcedureStepDescription": "KFU^AllgemeinePsy",
    "ProtocolName": "MB4_2_5mm_20K_TR1250_2",
    "PulseSequenceDetails": "%CustomerSeq%\\cmrr_mbep2d_bold",
    "ReceiveCoilActiveElements": "HE1-4",
    "ReceiveCoilName": "HeadNeck_20",
    "ReconMatrixPE": 96,
    "RepetitionTime": 1.25,
    "SAR": 0.0690099,
    "ScanOptions": "FS",
    "ScanningSequence": "EP",
    "SequenceName": "epfid2d1_96",
    "SequenceVariant": "SK\\SS",
    "SeriesDescription": "MB4_2_5mm_20K_TR1250_2",
    "SeriesNumber": 6,
    "ShimSetting": [
      -1626,
      -3632,
      -4425,
      202,
      738,
      53,
      123,
      -427
    ],
    "SliceThickness": 2.5,
    "SliceTiming": [
      0,
      0.6625,
      0.095,
      0.7575,
      0.19,
      0.8525,
      0.285,
      0.9475,
      0.38,
      1.0425,
      0.475,
      1.1375,
      0.57,
      0,
      0.6625,
      0.095,
      0.7575,
      0.19,
      0.8525,
      0.285,
      0.9475,
      0.38,
      1.0425,
      0.475,
      1.1375,
      0.57,
      0,
      0.6625,
      0.095,
      0.7575,
      0.19,
      0.8525,
      0.285,
      0.9475,
      0.38,
      1.0425,
      0.475,
      1.1375,
      0.57,
      0,
      0.6625,
      0.095,
      0.7575,
      0.19,
      0.8525,
      0.285,
      0.9475,
      0.38,
      1.0425,
      0.475,
      1.1375,
      0.57
    ],
    "SoftwareVersions": "syngo MR D13",
    "SpacingBetweenSlices": 2.75,
    "StationName": "FBMTMR1",
    "TaskName": "multar",
    "TotalReadoutTime": 0.0626993,
    "TxRefAmp": 366.269,
    "WipMemBlock": "554e37a1-daf2-4958-bf49-8e7aa5e875bf||Sequence: vd13a/master r/c0cb646; Dec 14 2015 19:21:42 by eja",
    "acq_id": "mb",
    "dataset": "ds003470",
    "modality": "bold",
    "run_id": 2,
    "session_id": "1",
    "subject_id": "01",
    "task_id": "multar"
  },
  "dummy_trs": 0,
  "dvars_nstd": 36.42598108677813,
  "dvars_std": 1.167982263708206,
  "dvars_vstd": 0.9925181614589678,
  "efc": 0.40562511028178616,
  "fber": 6342.22509765625,
  "fd_mean": 0.17083171646348175,
  "fd_num": 108,
  "fd_perc": 32.72727272727273,
  "fwhm_avg": 1.9078521212121213,
  "fwhm_x": 1.8028600000000001,
  "fwhm_y": 2.18486,
  "fwhm_z": 1.7358363636363636,
  "gcor": 0.0100188,
  "gsr_x": -0.014432060532271862,
  "gsr_y": 0.02149735577404499,
  "provenance": {
    "md5sum": "170216c5e5641d50344cecef99c50de3",
    "settings": {
      "fd_thres": 0.2,
      "testing": false
    },
    "software": "mriqc",
    "version": "22.0.6",
    "webapi_port": null,
    "webapi_url": "https://mriqc.nimh.nih.gov/api/v1"
  },
  "size_t": 330,
  "size_x": 96,
  "size_y": 96,
  "size_z": 52,
  "snr": 5.360669977223187,
  "spacing_tr": 1.25,
  "spacing_x": 2.5,
  "spacing_y": 2.5,
  "spacing_z": 2.75,
  "summary_bg_k": 38.383742504067044,
  "summary_bg_mad": 42.849542172357104,
  "summary_bg_mean": 232.34439086914062,
  "summary_bg_median": 100.46701049804688,
  "summary_bg_n": 358042.0,
  "summary_bg_p05": 60.81546287536621,
  "summary_bg_p95": 857.7378234863287,
  "summary_bg_stdv": 457.7308044433594,
  "summary_fg_k": 5.171736379913769,
  "summary_fg_mad": 1209.6502997687285,
  "summary_fg_mean": 8153.9599609375,
  "summary_fg_median": 8064.041015625,
  "summary_fg_n": 57620.0,
  "summary_fg_p05": 6216.311987304687,
  "summary_fg_p95": 10451.547167968749,
  "summary_fg_stdv": 1504.2841796875,
  "tsnr": 45.7132682800293
}