{
  "bids_meta": {
    "AcquisitionMatrixPE": 256,
    "AcquisitionNumber": 1,
    "AcquisitionTime": "15:53:50.422500",
    "BaseResolution": 256,
    "BodyPartExamined": "BRAIN",
    "ConsistencyInfo": "N4_VD13A_LATEST_20120616",
    "ConversionSoftware": "dcm2niix",
    "ConversionSoftwareVersion": "v1.0.20201102",
    "DeviceSerialNumber": "45250",
    "DwellTime": 8.5e-06,
    "EchoTime": 0.00207,
    "FlipAngle": 9,
    "ImageOrientationPatientDICOM": [
      -0.00639853,
      0.982332,
      -0.187038,
      0.00278526,
      -0.187024,
      -0.982351
    ],
    "ImageType": [
      "ORIGINAL",
      "PRIMARY",
      "M",
      "ND",
      "NORM"
    ],
    "ImagingFrequency": 123.22,
    "InPlanePhaseEncodingDirectionDICOM": "ROW",
    "InstitutionAddress": "Kopernikusstr. 26,Graz,Graz,AT,8010",
    "InstitutionName": "KFU",
    "InstitutionalDepartmentName": "Department",
    "InversionTime": 0.9,
    "MRAcquisitionType": "3D",
    "MagneticFieldStrength": 3,
    "Manufacturer": "Siemens",
    "ManufacturersModelName": "Skyra",
    "Modality": "MR",
    "ParallelReductionFactorInPlane": 2,
    "PartialFourier": 1,
    "PatientPosition": "HFS",
    "PercentPhaseFOV": 100,
    "PercentSampling": 100,
    "PhaseEncodingSteps": 282,
    "PhaseOversampling": 0.1,
    "PhaseResolution": 1,
    "PixelBandwidth": 230,
    "ProcedureStepDescription": "KFU^AllgemeinePsy",
    "ProtocolName": "t1_mprage_sag_p0_iso_no_Pat",
    "PulseSequenceDetails": "%SiemensSeq%\\tfl",
    "ReceiveCoilActiveElements": "HE1-4;NE1,2",
    "ReceiveCoilName": "HeadNeck_20",
    "ReconMatrixPE": 256,
    "RefLinesPE": 24,
    "RepetitionTime": 1.56,
    "SAR": 0.0996952,
    "ScanOptions": "IR",
    "ScanningSequence": "GR\\IR",
    "SequenceName": "*tfl3d1_16ns",
    "SequenceVariant": "SK\\SP\\MP\\OSP",
    "SeriesDescription": "t1_mprage_sag_p0_iso_no_Pat",
    "SeriesNumber": 2,
    "ShimSetting": [
      -1650,
      -3634,
      -4857,
      -165,
      632,
      105,
      -266,
      -421
    ],
    "SliceThickness": 1,
    "SoftwareVersions": "syngo MR D13",
    "StationName": "FBMTMR1",
    "TxRefAmp": 366.269,
    "acq_id": "mprage",
    "dataset": "ds003470",
    "modality": "T1w",
    "run_id": 1,
    "session_id": "1",
    "subject_id": "01"
  },
  "cjv": 0.37394569864516114,
  "cnr": 3.696521595127099,
  "efc": 0.544345165444908,
  "fber": -1.0,
  "fwhm_avg": 3.8249433333333336,
  "fwhm_x": 3.78868,
  "fwhm_y": 3.80492,
  "fwhm_z": 3.88123,
  "icvs_csf": 0.1845164117714884,
  "icvs_gm": 0.462381922815295,
  "icvs_wm": 0.35310166541321664,
  "inu_med": 0.42753341794013977,
  "inu_range": 0.12218227982521057,
  "provenance": {
    "md5sum": "cd1233452e6a22981faaa660f63ac5fd",
    "settings": {
      "testing": false
    },
    "software": "mriqc",
    "version": "22.0.6",
    "warnings": {
      "large_rot_frame": true,
      "small_air_mask": false
    },
    "webapi_port": null,
    "webapi_url": "https://mriqc.nimh.nih.gov/api/v1"
  },
  "qi_1": 0.0,
  "qi_2": 0.0063793781823768825,
  "rpve_csf": 30.828007834434434,
  "rpve_gm": 13.322064520652802,
  "rpve_wm": 18.91496533509409,
  "size_x": 176,
  "size_y": 256,
  "size_z": 256,
  "snr_csf": 2.5921548187542887,
  "snr_gm": 14.051359933316016,
  "snr_total": 13.38611818567941,
  "snr_wm": 23.514839804967924,
  "snrd_csf": 34.11930388051861,
  "snrd_gm": 75.43433308061451,
  "snrd_total": 70.17113216019123,
  "snrd_wm": 100.95975951944061,
  "spacing_x": 1.0,
  "spacing_y": 1.0,
  "spacing_z": 1.0,
  "summary_bg_k": 13.20384028994707,
  "summary_bg_mad": 0.0,
  "summary_bg_mean": 3.7594875638714162,
  "summary_bg_median": 0.0,
  "summary_bg_n": 2932103.0,
  "summary_bg_p05": 0.0,
  "summary_bg_p95": 15.009245418012142,
  "summary_bg_stdv": 6.48931990797098,
  "summary_csf_k": 9.081281363082349,
  "summary_csf_mad": 93.31100870338639,
  "summary_csf_mean": 334.5261266202319,
  "summary_csf_median": 337.96180141717196,
  "summary_csf_n": 25857.0,
  "summary_csf_p05": 92.54976256787778,
  "summary_csf_p95": 533.0964935377239,
  "summary_csf_stdv": 130.37618883710581,
  "summary_gm_k": 0.010193729115757222,
  "summary_gm_mad": 53.15932465878407,
  "summary_gm_mean": 747.4943024593903,
  "summary_gm_median": 747.1993914619088,
  "summary_gm_n": 39062.0,
  "summary_gm_p05": 660.0080020166934,
  "summary_gm_p95": 835.1883736588061,
  "summary_gm_stdv": 53.17562361735981,
  "summary_wm_k": 0.24424728472122403,
  "summary_wm_mad": 41.38794740876009,
  "summary_wm_mean": 1000.2433378258695,
  "summary_wm_median": 1000.0362937450409,
  "summary_wm_n": 175017.0,
  "summary_wm_p05": 930.8632496446371,
  "summary_wm_p95": 1070.3694727569818,
  "summary_wm_stdv": 42.527758856374,
  "tpm_overlap_csf": 0.13799776020763424,
  "tpm_overlap_gm": 0.4670678385893997,
  "tpm_overlap_wm": 0.49814733791551785,
  "wm2max": 0.48141437112825025
}