{
  "aor": 0.0008989664804469275,
  "aqi": 0.026627524860335195,
  "bids_meta": {
    "AcquisitionMatrixPE": 96,
    "AcquisitionNumber": 1,
    "AcquisitionTime": "15:09:33.065000",
    "BandwidthPerPixelPhaseEncode": 15.783,
    "BaseResolution": 96,
    "BodyPartExamined": "BRAIN",
    "ConsistencyInfo": "N4_VD13A_LATEST_20120616",
    "ConversionSoftware": "dcm2niix",
    "ConversionSoftwareVersion": "v1.0.20201102",
    "DerivedVendorReportedEchoSpacing": 0.000659993,
    "DeviceSerialNumber": "45250",
    "DwellTime": 2.1e-06,
    "EchoTime": 0.04,
    "EchoTrainLength": 96,
    "EffectiveEchoSpacing": 0.000659993,
    "FlipAngle": 60,
    "ImageComments": "Unaliased MB4/PE3",
    "ImageOrientationPatientDICOM": [
      0.993245,
      -0.0186495,
      -0.114529,
      0.0161234,
      0.999607,
      -0.022944
    ],
    "ImageType": [
      "ORIGINAL",
      "PRIMARY",
      "M",
      "MB",
      "ND",
      "NORM",
      "MOSAIC"
    ],
    "ImagingFrequency": 123.22,
    "InPlanePhaseEncodingDirectionDICOM": "COL",
    "InstitutionAddress": "Kopernikusstr. 26,Graz,Graz,AT,8010",
    "InstitutionName": "KFU",
    "InstitutionalDepartmentName": "Department",
    "MRAcquisitionType": "2D",
    "MagneticFieldStrength": 3,
    "Manufacturer": "Siemens",
    "ManufacturersModelName": "Skyra",
    "Modality": "MR",
    "MultibandAccelerationFactor": 4,
    "PartialFourier": 1,
    "PatientPosition": "HFS",
    "PercentPhaseFOV": 100,
    "PercentSampling": 100,
    "PhaseEncodingDirection": "j-",
    "PhaseEncodingSteps": 96,
    "PhaseResolution": 1,
    "PixelBandwidth": 2480,
    "ProcedureStepDescription": "KFU^AllgemeinePsy",
    "ProtocolName": "MB4_2_5mm_20K_TR1250_2",
    "PulseSequenceDetails": "%CustomerSeq%\\cmrr_mbep2d_bold",
    "ReceiveCoilActiveElements": "HE1-4",
    "ReceiveCoilName": "HeadNeck_20",
    "ReconMatrixPE": 96,
    "RepetitionTime": 1.25,
    "SAR": 0.0775507,
    "ScanOptions": "FS",
    "ScanningSequence": "EP",
    "SequenceName": "epfid2d1_96",
    "SequenceVariant": "SK\\SS",
    "SeriesDescription": "MB4_2_5mm_20K_TR1250_2",
    "SeriesNumber": 6,
    "ShimSetting": [
      -1695,
      -3634,
      -4436,
      363,
      522,
      177,
      198,
      -344
    ],
    "SliceThickness": 2.5,
    "SliceTiming": [
      0,
      0.6625,
      0.0925,
      0.755,
      0.1875,
      0.85,
      0.2825,
      0.945,
      0.3775,
      1.04,
      0.4725,
      1.135,
      0.5675,
      0,
      0.6625,
      0.0925,
      0.755,
      0.1875,
      0.85,
      0.2825,
      0.945,
      0.3775,
      1.04,
      0.4725,
      1.135,
      0.5675,
      0,
      0.6625,
      0.0925,
      0.755,
      0.1875,
      0.85,
      0.2825,
      0.945,
      0.3775,
      1.04,
      0.4725,
      1.135,
      0.5675,
      0,
      0.6625,
      0.0925,
      0.755,
      0.1875,
      0.85,
      0.2825,
      0.945,
      0.3775,
      1.04,
      0.4725,
      1.135,
      0.5675
    ],
    "SoftwareVersions": "syngo MR D13",
    "SpacingBetweenSlices": 2.75,
    "StationName": "FBMTMR1",
    "TaskName": "multar",
    "TotalReadoutTime": 0.0626993,
    "TxRefAmp": 358.875,
    "WipMemBlock": "cd3456d4-efb2-460b-b7ca-2491f6cab551||Sequence: vd13a/master r/c0cb646; Dec 14 2015 19:21:42 by eja",
    "acq_id": "mb",
    "dataset": "ds003470",
    "modality": "bold",
    "run_id": 2,
    "session_id": "1",
    "subject_id": "08",
    "task_id": "multar"
  },
  "dummy_trs": 0,
  "dvars_nstd": 39.80853855980391,
  "dvars_std": 1.1083299746218485,
  "dvars_vstd": 0.9527202345378156,
  "efc": 0.4095776352739051,
  "fber": 6132.96337890625,
  "fd_mean": 0.20787349968041066,
  "fd_num": 177,
  "fd_perc": 49.44134078212291,
  "fwhm_avg": 2.1271638235336225,
  "fwhm_x": 2.019268,
  "fwhm_y": 2.45026,
  "fwhm_z": 1.9119634706008677,
  "gcor": 0.00747939,
  "gsr_x": -0.01278107799589634,
  "gsr_y": 0.02716967649757862,
  "provenance": {
    "md5sum": "8fb6a490f51a4e2528fbd6f22750cf29",
    "settings": {
      "fd_thres": 0.2,
      "testing": false
    },
    "software": "mriqc",
    "version": "22.0.6",
    "webapi_port": null,
    "webapi_url": "https://mriqc.nimh.nih.gov/api/v1"
  },
  "size_t": 358,
  "size_x": 96,
  "size_y": 96,
  "size_z": 52,
  "snr": 4.625496721255845,
  "spacing_tr": 1.25,
  "spacing_x": 2.5,
  "spacing_y": 2.5,
  "spacing_z": 2.750000238418579,
  "summary_bg_k": 41.74833077673494,
  "summary_bg_mad": 48.30563755816321,
  "summary_bg_mean": 245.2230224609375,
  "summary_bg_median": 99.92001342773438,
  "summary_bg_n": 356612.0,
  "summary_bg_p05": 58.00200004577637,
  "summary_bg_p95": 899.2121704101564,
  "summary_bg_stdv": 511.1509704589844,
  "summary_fg_k": 4.7539087452096105,
  "summary_fg_mad": 1308.1524944778557,
  "summary_fg_mean": 8035.11328125,
  "summary_fg_median": 7903.77783203125,
  "summary_fg_n": 58961.0,
  "summary_fg_p05": 5811.4462890625,
  "summary_fg_p95": 10703.7314453125,
  "summary_fg_stdv": 1708.7269287109375,
  "tsnr": 31.371265411376953
}