{
  "aor": 0.00028180473372781063,
  "aqi": 0.0169904074852071,
  "bids_meta": {
    "AcquisitionMatrixPE": 96,
    "AcquisitionNumber": 1,
    "AcquisitionTime": "15:01:7.920000",
    "BandwidthPerPixelPhaseEncode": 15.783,
    "BaseResolution": 96,
    "BodyPartExamined": "BRAIN",
    "ConsistencyInfo": "N4_VD13A_LATEST_20120616",
    "ConversionSoftware": "dcm2niix",
    "ConversionSoftwareVersion": "v1.0.20201102",
    "DerivedVendorReportedEchoSpacing": 0.000659993,
    "DeviceSerialNumber": "45250",
    "DwellTime": 2.1e-06,
    "EchoTime": 0.04,
    "EchoTrainLength": 96,
    "EffectiveEchoSpacing": 0.000659993,
    "FlipAngle": 60,
    "ImageComments": "Unaliased MB4/PE3",
    "ImageOrientationPatientDICOM": [
      0.993245,
      -0.0186495,
      -0.114529,
      0.0161234,
      0.999607,
      -0.022944
    ],
    "ImageType": [
      "ORIGINAL",
      "PRIMARY",
      "M",
      "MB",
      "ND",
      "NORM",
      "MOSAIC"
    ],
    "ImagingFrequency": 123.22,
    "InPlanePhaseEncodingDirectionDICOM": "COL",
    "InstitutionAddress": "Kopernikusstr. 26,Graz,Graz,AT,8010",
    "InstitutionName": "KFU",
    "InstitutionalDepartmentName": "Department",
    "MRAcquisitionType": "2D",
    "MagneticFieldStrength": 3,
    "Manufacturer": "Siemens",
    "ManufacturersModelName": "Skyra",
    "Modality": "MR",
    "MultibandAccelerationFactor": 4,
    "PartialFourier": 1,
    "PatientPosition": "HFS",
    "PercentPhaseFOV": 100,
    "PercentSampling": 100,
    "PhaseEncodingDirection": "j-",
    "PhaseEncodingSteps": 96,
    "PhaseResolution": 1,
    "PixelBandwidth": 2480,
    "ProcedureStepDescription": "KFU^AllgemeinePsy",
    "ProtocolName": "MB4_2_5mm_20K_TR1250_1",
    "PulseSequenceDetails": "%CustomerSeq%\\cmrr_mbep2d_bold",
    "ReceiveCoilActiveElements": "HE1-4",
    "ReceiveCoilName": "HeadNeck_20",
    "ReconMatrixPE": 96,
    "RepetitionTime": 1.25,
    "SAR": 0.0775507,
    "ScanOptions": "FS",
    "ScanningSequence": "EP",
    "SequenceName": "epfid2d1_96",
    "SequenceVariant": "SK\\SS",
    "SeriesDescription": "MB4_2_5mm_20K_TR1250_1",
    "SeriesNumber": 5,
    "ShimSetting": [
      -1695,
      -3634,
      -4436,
      363,
      522,
      177,
      198,
      -344
    ],
    "SliceThickness": 2.5,
    "SliceTiming": [
      0,
      0.66,
      0.0925,
      0.755,
      0.1875,
      0.85,
      0.2825,
      0.945,
      0.3775,
      1.04,
      0.4725,
      1.135,
      0.5675,
      0,
      0.66,
      0.0925,
      0.755,
      0.1875,
      0.85,
      0.2825,
      0.945,
      0.3775,
      1.04,
      0.4725,
      1.135,
      0.5675,
      0,
      0.66,
      0.0925,
      0.755,
      0.1875,
      0.85,
      0.2825,
      0.945,
      0.3775,
      1.04,
      0.4725,
      1.135,
      0.5675,
      0,
      0.66,
      0.0925,
      0.755,
      0.1875,
      0.85,
      0.2825,
      0.945,
      0.3775,
      1.04,
      0.4725,
      1.135,
      0.5675
    ],
    "SoftwareVersions": "syngo MR D13",
    "SpacingBetweenSlices": 2.75,
    "StationName": "FBMTMR1",
    "TaskName": "multar",
    "TotalReadoutTime": 0.0626993,
    "TxRefAmp": 358.875,
    "WipMemBlock": "0512f95a-d7d4-4ef2-856d-aad951d52bee||Sequence: vd13a/master r/c0cb646; Dec 14 2015 19:21:42 by eja",
    "acq_id": "mb",
    "dataset": "ds003470",
    "modality": "bold",
    "run_id": 1,
    "session_id": "1",
    "subject_id": "08",
    "task_id": "multar"
  },
  "dummy_trs": 0,
  "dvars_nstd": 36.89410732643917,
  "dvars_std": 1.0961941786943623,
  "dvars_vstd": 0.9654203749258159,
  "efc": 0.4089119562201275,
  "fber": 6060.5673828125,
  "fd_mean": 0.1653132113223604,
  "fd_num": 113,
  "fd_perc": 33.43195266272189,
  "fwhm_avg": 2.071606855503875,
  "fwhm_x": 1.9640879999999998,
  "fwhm_y": 2.3964600000000003,
  "fwhm_z": 1.854272566511625,
  "gcor": 0.00969428,
  "gsr_x": -0.013005330227315426,
  "gsr_y": 0.026097670197486877,
  "provenance": {
    "md5sum": "dab69401f57e622533e73b28439101df",
    "settings": {
      "fd_thres": 0.2,
      "testing": false
    },
    "software": "mriqc",
    "version": "22.0.6",
    "webapi_port": null,
    "webapi_url": "https://mriqc.nimh.nih.gov/api/v1"
  },
  "size_t": 338,
  "size_x": 96,
  "size_y": 96,
  "size_z": 52,
  "snr": 4.650903476414853,
  "spacing_tr": 1.25,
  "spacing_x": 2.5,
  "spacing_y": 2.5,
  "spacing_z": 2.750000238418579,
  "summary_bg_k": 40.778096194043194,
  "summary_bg_mad": 48.26603649640336,
  "summary_bg_mean": 245.2742156982422,
  "summary_bg_median": 100.59940338134766,
  "summary_bg_n": 356823.0,
  "summary_bg_p05": 58.52015647888184,
  "summary_bg_p95": 896.5729553222634,
  "summary_bg_stdv": 511.880615234375,
  "summary_fg_k": 4.968922392385458,
  "summary_fg_mad": 1314.5972533891086,
  "summary_fg_mean": 8057.0478515625,
  "summary_fg_median": 7913.3017578125,
  "summary_fg_n": 58458.0,
  "summary_fg_p05": 5858.158715820313,
  "summary_fg_p95": 10730.128173828125,
  "summary_fg_stdv": 1701.440185546875,
  "tsnr": 37.18098831176758
}