{
  "aor": 0.00033804289544235925,
  "aqi": 0.015166534128686326,
  "bids_meta": {
    "AcquisitionMatrixPE": 96,
    "AcquisitionNumber": 1,
    "AcquisitionTime": "15:19:7.780000",
    "BandwidthPerPixelPhaseEncode": 15.783,
    "BaseResolution": 96,
    "BodyPartExamined": "BRAIN",
    "ConsistencyInfo": "N4_VD13A_LATEST_20120616",
    "ConversionSoftware": "dcm2niix",
    "ConversionSoftwareVersion": "v1.0.20201102",
    "DerivedVendorReportedEchoSpacing": 0.000659993,
    "DeviceSerialNumber": "45250",
    "DwellTime": 2.1e-06,
    "EchoTime": 0.04,
    "EchoTrainLength": 96,
    "EffectiveEchoSpacing": 0.000659993,
    "FlipAngle": 60,
    "ImageComments": "Unaliased MB4/PE3",
    "ImageOrientationPatientDICOM": [
      0.993245,
      -0.0186495,
      -0.114529,
      0.0161234,
      0.999607,
      -0.022944
    ],
    "ImageType": [
      "ORIGINAL",
      "PRIMARY",
      "M",
      "MB",
      "ND",
      "NORM",
      "MOSAIC"
    ],
    "ImagingFrequency": 123.22,
    "InPlanePhaseEncodingDirectionDICOM": "COL",
    "InstitutionAddress": "Kopernikusstr. 26,Graz,Graz,AT,8010",
    "InstitutionName": "KFU",
    "InstitutionalDepartmentName": "Department",
    "MRAcquisitionType": "2D",
    "MagneticFieldStrength": 3,
    "Manufacturer": "Siemens",
    "ManufacturersModelName": "Skyra",
    "Modality": "MR",
    "MultibandAccelerationFactor": 4,
    "PartialFourier": 1,
    "PatientPosition": "HFS",
    "PercentPhaseFOV": 100,
    "PercentSampling": 100,
    "PhaseEncodingDirection": "j-",
    "PhaseEncodingSteps": 96,
    "PhaseResolution": 1,
    "PixelBandwidth": 2480,
    "ProcedureStepDescription": "KFU^AllgemeinePsy",
    "ProtocolName": "MB4_2_5mm_20K_TR1250_3",
    "PulseSequenceDetails": "%CustomerSeq%\\cmrr_mbep2d_bold",
    "ReceiveCoilActiveElements": "HE1-4",
    "ReceiveCoilName": "HeadNeck_20",
    "ReconMatrixPE": 96,
    "RepetitionTime": 1.25,
    "SAR": 0.0775507,
    "ScanOptions": "FS",
    "ScanningSequence": "EP",
    "SequenceName": "epfid2d1_96",
    "SequenceVariant": "SK\\SS",
    "SeriesDescription": "MB4_2_5mm_20K_TR1250_3",
    "SeriesNumber": 7,
    "ShimSetting": [
      -1695,
      -3634,
      -4436,
      363,
      522,
      177,
      198,
      -344
    ],
    "SliceThickness": 2.5,
    "SliceTiming": [
      0,
      0.6625,
      0.095,
      0.7575,
      0.19,
      0.8525,
      0.285,
      0.9475,
      0.3775,
      1.04,
      0.4725,
      1.135,
      0.5675,
      0,
      0.6625,
      0.095,
      0.7575,
      0.19,
      0.8525,
      0.285,
      0.9475,
      0.3775,
      1.04,
      0.4725,
      1.135,
      0.5675,
      0,
      0.6625,
      0.095,
      0.7575,
      0.19,
      0.8525,
      0.285,
      0.9475,
      0.3775,
      1.04,
      0.4725,
      1.135,
      0.5675,
      0,
      0.6625,
      0.095,
      0.7575,
      0.19,
      0.8525,
      0.285,
      0.9475,
      0.3775,
      1.04,
      0.4725,
      1.135,
      0.5675
    ],
    "SoftwareVersions": "syngo MR D13",
    "SpacingBetweenSlices": 2.75,
    "StationName": "FBMTMR1",
    "TaskName": "multar",
    "TotalReadoutTime": 0.0626993,
    "TxRefAmp": 358.875,
    "WipMemBlock": "1cbb27f2-ae05-4382-9587-5d76974afbcb||Sequence: vd13a/master r/c0cb646; Dec 14 2015 19:21:42 by eja",
    "acq_id": "mb",
    "dataset": "ds003470",
    "modality": "bold",
    "run_id": 3,
    "session_id": "1",
    "subject_id": "08",
    "task_id": "multar"
  },
  "dummy_trs": 1,
  "dvars_nstd": 42.01458834588711,
  "dvars_std": 1.1879240484677422,
  "dvars_vstd": 0.9805477179838712,
  "efc": 0.40782347700262156,
  "fber": 6207.7451171875,
  "fd_mean": 0.19495435387837237,
  "fd_num": 173,
  "fd_perc": 46.38069705093834,
  "fwhm_avg": 2.05989037108499,
  "fwhm_x": 1.964124,
  "fwhm_y": 2.37614,
  "fwhm_z": 1.8394071132549707,
  "gcor": 0.0141257,
  "gsr_x": -0.012082941830158234,
  "gsr_y": 0.027722518891096115,
  "provenance": {
    "md5sum": "532c0653785f168da810f8c8cf1a6d02",
    "settings": {
      "fd_thres": 0.2,
      "testing": false
    },
    "software": "mriqc",
    "version": "22.0.6",
    "webapi_port": null,
    "webapi_url": "https://mriqc.nimh.nih.gov/api/v1"
  },
  "size_t": 373,
  "size_x": 96,
  "size_y": 96,
  "size_z": 52,
  "snr": 4.693797773226026,
  "spacing_tr": 1.25,
  "spacing_x": 2.5,
  "spacing_y": 2.5,
  "spacing_z": 2.750000238418579,
  "summary_bg_k": 42.84705782575822,
  "summary_bg_mad": 46.933660413639736,
  "summary_bg_mean": 239.43638610839844,
  "summary_bg_median": 99.58586120605469,
  "summary_bg_n": 357126.0,
  "summary_bg_p05": 58.43412113189697,
  "summary_bg_p95": 872.1358795166016,
  "summary_bg_stdv": 496.5072021484375,
  "summary_fg_k": 4.707484466227536,
  "summary_fg_mad": 1297.3207387677041,
  "summary_fg_mean": 8046.2646484375,
  "summary_fg_median": 7927.650390625,
  "summary_fg_n": 58510.0,
  "summary_fg_p05": 5818.513720703125,
  "summary_fg_p95": 10673.494042968747,
  "summary_fg_stdv": 1688.948486328125,
  "tsnr": 39.51068115234375
}