{
  "aor": 0.0005222279792746115,
  "aqi": 0.027693004922279794,
  "bids_meta": {
    "AcquisitionMatrixPE": 96,
    "AcquisitionNumber": 1,
    "AcquisitionTime": "15:53:1.097500",
    "BandwidthPerPixelPhaseEncode": 15.783,
    "BaseResolution": 96,
    "BodyPartExamined": "BRAIN",
    "ConsistencyInfo": "N4_VD13A_LATEST_20120616",
    "ConversionSoftware": "dcm2niix",
    "ConversionSoftwareVersion": "v1.0.20201102",
    "DerivedVendorReportedEchoSpacing": 0.000659993,
    "DeviceSerialNumber": "45250",
    "DwellTime": 2.1e-06,
    "EchoTime": 0.04,
    "EchoTrainLength": 96,
    "EffectiveEchoSpacing": 0.000659993,
    "FlipAngle": 60,
    "ImageComments": "Unaliased MB4/PE3",
    "ImageOrientationPatientDICOM": [
      0.993245,
      -0.0186495,
      -0.114529,
      0.0161234,
      0.999607,
      -0.022944
    ],
    "ImageType": [
      "ORIGINAL",
      "PRIMARY",
      "M",
      "MB",
      "ND",
      "NORM",
      "MOSAIC"
    ],
    "ImagingFrequency": 123.22,
    "InPlanePhaseEncodingDirectionDICOM": "COL",
    "InstitutionAddress": "Kopernikusstr. 26,Graz,Graz,AT,8010",
    "InstitutionName": "KFU",
    "InstitutionalDepartmentName": "Department",
    "MRAcquisitionType": "2D",
    "MagneticFieldStrength": 3,
    "Manufacturer": "Siemens",
    "ManufacturersModelName": "Skyra",
    "Modality": "MR",
    "MultibandAccelerationFactor": 4,
    "PartialFourier": 1,
    "PatientPosition": "HFS",
    "PercentPhaseFOV": 100,
    "PercentSampling": 100,
    "PhaseEncodingDirection": "j-",
    "PhaseEncodingSteps": 96,
    "PhaseResolution": 1,
    "PixelBandwidth": 2480,
    "ProcedureStepDescription": "KFU^AllgemeinePsy",
    "ProtocolName": "MB4_2_5mm_20K_TR1250_6",
    "PulseSequenceDetails": "%CustomerSeq%\\cmrr_mbep2d_bold",
    "ReceiveCoilActiveElements": "HE1-4",
    "ReceiveCoilName": "HeadNeck_20",
    "ReconMatrixPE": 96,
    "RepetitionTime": 1.25,
    "SAR": 0.0775507,
    "ScanOptions": "FS",
    "ScanningSequence": "EP",
    "SequenceName": "epfid2d1_96",
    "SequenceVariant": "SK\\SS",
    "SeriesDescription": "MB4_2_5mm_20K_TR1250_6",
    "SeriesNumber": 10,
    "ShimSetting": [
      -1695,
      -3634,
      -4436,
      363,
      522,
      177,
      198,
      -344
    ],
    "SliceThickness": 2.5,
    "SliceTiming": [
      0,
      0.6625,
      0.0925,
      0.755,
      0.1875,
      0.85,
      0.2825,
      0.945,
      0.3775,
      1.04,
      0.4725,
      1.135,
      0.5675,
      0,
      0.6625,
      0.0925,
      0.755,
      0.1875,
      0.85,
      0.2825,
      0.945,
      0.3775,
      1.04,
      0.4725,
      1.135,
      0.5675,
      0,
      0.6625,
      0.0925,
      0.755,
      0.1875,
      0.85,
      0.2825,
      0.945,
      0.3775,
      1.04,
      0.4725,
      1.135,
      0.5675,
      0,
      0.6625,
      0.0925,
      0.755,
      0.1875,
      0.85,
      0.2825,
      0.945,
      0.3775,
      1.04,
      0.4725,
      1.135,
      0.5675
    ],
    "SoftwareVersions": "syngo MR D13",
    "SpacingBetweenSlices": 2.75,
    "StationName": "FBMTMR1",
    "TaskName": "multar",
    "TotalReadoutTime": 0.0626993,
    "TxRefAmp": 358.875,
    "WipMemBlock": "d2f97540-9747-4cf3-9e82-88b9f74e2796||Sequence: vd13a/master r/c0cb646; Dec 14 2015 19:21:42 by eja",
    "acq_id": "mb",
    "dataset": "ds003470",
    "modality": "bold",
    "run_id": 6,
    "session_id": "1",
    "subject_id": "08",
    "task_id": "multar"
  },
  "dummy_trs": 0,
  "dvars_nstd": 42.7972552556104,
  "dvars_std": 1.1455172559220783,
  "dvars_vstd": 0.9494560659480517,
  "efc": 0.4107000873379321,
  "fber": 6173.39990234375,
  "fd_mean": 0.23665539176664785,
  "fd_num": 207,
  "fd_perc": 53.626943005181346,
  "fwhm_avg": 2.113516915040139,
  "fwhm_x": 2.00164,
  "fwhm_y": 2.4476199999999997,
  "fwhm_z": 1.8912907451204175,
  "gcor": 0.0105148,
  "gsr_x": -0.013578562065958977,
  "gsr_y": 0.02692202478647232,
  "provenance": {
    "md5sum": "99d2e58f9be8d1a6d363ebcb27b8e946",
    "settings": {
      "fd_thres": 0.2,
      "testing": false
    },
    "software": "mriqc",
    "version": "22.0.6",
    "webapi_port": null,
    "webapi_url": "https://mriqc.nimh.nih.gov/api/v1"
  },
  "size_t": 386,
  "size_x": 96,
  "size_y": 96,
  "size_z": 52,
  "snr": 4.679199094563142,
  "spacing_tr": 1.25,
  "spacing_x": 2.5,
  "spacing_y": 2.5,
  "spacing_z": 2.750000238418579,
  "summary_bg_k": 39.93519964415376,
  "summary_bg_mad": 48.32052895999322,
  "summary_bg_mean": 247.38812255859375,
  "summary_bg_median": 99.51014709472656,
  "summary_bg_n": 356490.0,
  "summary_bg_p05": 57.7490327835083,
  "summary_bg_p95": 927.4801177978516,
  "summary_bg_stdv": 511.0860900878906,
  "summary_fg_k": 4.688919994773241,
  "summary_fg_mad": 1285.7773629497447,
  "summary_fg_mean": 7983.4130859375,
  "summary_fg_median": 7863.09521484375,
  "summary_fg_n": 58945.0,
  "summary_fg_p05": 5754.89287109375,
  "summary_fg_p95": 10594.3130859375,
  "summary_fg_stdv": 1680.421875,
  "tsnr": 30.062442779541016
}