{
  "aor": 0.0008685499999999998,
  "aqi": 0.03314190475,
  "bids_meta": {
    "AcquisitionMatrixPE": 96,
    "AcquisitionNumber": 1,
    "AcquisitionTime": "12:50:47.327500",
    "BandwidthPerPixelPhaseEncode": 15.783,
    "BaseResolution": 96,
    "BodyPartExamined": "BRAIN",
    "ConsistencyInfo": "N4_VD13A_LATEST_20120616",
    "ConversionSoftware": "dcm2niix",
    "ConversionSoftwareVersion": "v1.0.20201102",
    "DerivedVendorReportedEchoSpacing": 0.000659993,
    "DeviceSerialNumber": "45250",
    "DwellTime": 2.1e-06,
    "EchoTime": 0.04,
    "EchoTrainLength": 96,
    "EffectiveEchoSpacing": 0.000659993,
    "FlipAngle": 60,
    "ImageComments": "Unaliased MB4/PE3",
    "ImageOrientationPatientDICOM": [
      0.999478,
      -0.0191057,
      -0.0260351,
      0.0162245,
      0.994159,
      -0.106701
    ],
    "ImageType": [
      "ORIGINAL",
      "PRIMARY",
      "M",
      "MB",
      "ND",
      "NORM",
      "MOSAIC"
    ],
    "ImagingFrequency": 123.22,
    "InPlanePhaseEncodingDirectionDICOM": "COL",
    "InstitutionAddress": "Kopernikusstr. 26,Graz,Graz,AT,8010",
    "InstitutionName": "KFU",
    "InstitutionalDepartmentName": "Department",
    "MRAcquisitionType": "2D",
    "MagneticFieldStrength": 3,
    "Manufacturer": "Siemens",
    "ManufacturersModelName": "Skyra",
    "Modality": "MR",
    "MultibandAccelerationFactor": 4,
    "PartialFourier": 1,
    "PatientPosition": "HFS",
    "PercentPhaseFOV": 100,
    "PercentSampling": 100,
    "PhaseEncodingDirection": "j-",
    "PhaseEncodingSteps": 96,
    "PhaseResolution": 1,
    "PixelBandwidth": 2480,
    "ProcedureStepDescription": "KFU^AllgemeinePsy",
    "ProtocolName": "MB4_2_5mm_20K_TR1250_1",
    "PulseSequenceDetails": "%CustomerSeq%\\cmrr_mbep2d_bold",
    "ReceiveCoilActiveElements": "HE1-4",
    "ReceiveCoilName": "HeadNeck_20",
    "ReconMatrixPE": 96,
    "RepetitionTime": 1.25,
    "SAR": 0.0612209,
    "ScanOptions": "FS",
    "ScanningSequence": "EP",
    "SequenceName": "epfid2d1_96",
    "SequenceVariant": "SK\\SS",
    "SeriesDescription": "MB4_2_5mm_20K_TR1250_1",
    "SeriesNumber": 5,
    "ShimSetting": [
      -1667,
      -3568,
      -4415,
      105,
      662,
      -39,
      -53,
      -311
    ],
    "SliceThickness": 2.5,
    "SliceTiming": [
      0,
      0.6625,
      0.095,
      0.7575,
      0.19,
      0.8525,
      0.2825,
      0.945,
      0.3775,
      1.04,
      0.4725,
      1.135,
      0.5675,
      0,
      0.6625,
      0.095,
      0.7575,
      0.19,
      0.8525,
      0.2825,
      0.945,
      0.3775,
      1.04,
      0.4725,
      1.135,
      0.5675,
      0,
      0.6625,
      0.095,
      0.7575,
      0.19,
      0.8525,
      0.2825,
      0.945,
      0.3775,
      1.04,
      0.4725,
      1.135,
      0.5675,
      0,
      0.6625,
      0.095,
      0.7575,
      0.19,
      0.8525,
      0.2825,
      0.945,
      0.3775,
      1.04,
      0.4725,
      1.135,
      0.5675
    ],
    "SoftwareVersions": "syngo MR D13",
    "SpacingBetweenSlices": 2.75,
    "StationName": "FBMTMR1",
    "TaskName": "multar",
    "TotalReadoutTime": 0.0626993,
    "TxRefAmp": 390.736,
    "WipMemBlock": "c94370fd-0033-41ac-bf93-e9a490a1dff2||Sequence: vd13a/master r/c0cb646; Dec 14 2015 19:21:42 by eja",
    "acq_id": "mb",
    "dataset": "ds003470",
    "modality": "bold",
    "run_id": 1,
    "session_id": "1",
    "subject_id": "14",
    "task_id": "multar"
  },
  "dummy_trs": 0,
  "dvars_nstd": 38.998388773383425,
  "dvars_std": 1.070382308345864,
  "dvars_vstd": 0.9435580346616539,
  "efc": 0.42307830966851345,
  "fber": 6672.47509765625,
  "fd_mean": 0.1983750180180867,
  "fd_num": 159,
  "fd_perc": 39.75,
  "fwhm_avg": 1.9191358787878787,
  "fwhm_x": 1.83702,
  "fwhm_y": 2.183464,
  "fwhm_z": 1.7369236363636362,
  "gcor": 0.00742255,
  "gsr_x": -0.006255417596548796,
  "gsr_y": 0.02651146799325943,
  "provenance": {
    "md5sum": "a6e5f814a14fa26eef4f3e0bacda5c3a",
    "settings": {
      "fd_thres": 0.2,
      "testing": false
    },
    "software": "mriqc",
    "version": "22.0.6",
    "webapi_port": null,
    "webapi_url": "https://mriqc.nimh.nih.gov/api/v1"
  },
  "size_t": 400,
  "size_x": 96,
  "size_y": 96,
  "size_z": 52,
  "snr": 4.948109336174962,
  "spacing_tr": 1.25,
  "spacing_x": 2.5,
  "spacing_y": 2.5,
  "spacing_z": 2.75,
  "summary_bg_k": 51.78072410021599,
  "summary_bg_mad": 58.91463305415644,
  "summary_bg_mean": 264.1234130859375,
  "summary_bg_median": 109.68582153320312,
  "summary_bg_n": 349324.0,
  "summary_bg_p05": 58.80056858062744,
  "summary_bg_p95": 962.8105743408179,
  "summary_bg_stdv": 496.42474365234375,
  "summary_fg_k": 5.496756353260135,
  "summary_fg_mad": 1295.2702159239948,
  "summary_fg_mean": 9103.9521484375,
  "summary_fg_median": 8937.828125,
  "summary_fg_n": 66651.0,
  "summary_fg_p05": 6839.980712890625,
  "summary_fg_p95": 11926.9365234375,
  "summary_fg_stdv": 1806.2982177734375,
  "tsnr": 30.82324981689453
}