{
  "aor": 0.0019848710601719196,
  "aqi": 0.019709998252148996,
  "bids_meta": {
    "AcquisitionMatrixPE": 96,
    "AcquisitionNumber": 1,
    "AcquisitionTime": "13:02:28.657500",
    "BandwidthPerPixelPhaseEncode": 15.783,
    "BaseResolution": 96,
    "BodyPartExamined": "BRAIN",
    "ConsistencyInfo": "N4_VD13A_LATEST_20120616",
    "ConversionSoftware": "dcm2niix",
    "ConversionSoftwareVersion": "v1.0.20201102",
    "DerivedVendorReportedEchoSpacing": 0.000659993,
    "DeviceSerialNumber": "45250",
    "DwellTime": 2.1e-06,
    "EchoTime": 0.04,
    "EchoTrainLength": 96,
    "EffectiveEchoSpacing": 0.000659993,
    "FlipAngle": 60,
    "ImageComments": "Unaliased MB4/PE3",
    "ImageOrientationPatientDICOM": [
      0.999478,
      -0.0191057,
      -0.0260351,
      0.0162245,
      0.994159,
      -0.106701
    ],
    "ImageType": [
      "ORIGINAL",
      "PRIMARY",
      "M",
      "MB",
      "ND",
      "NORM",
      "MOSAIC"
    ],
    "ImagingFrequency": 123.22,
    "InPlanePhaseEncodingDirectionDICOM": "COL",
    "InstitutionAddress": "Kopernikusstr. 26,Graz,Graz,AT,8010",
    "InstitutionName": "KFU",
    "InstitutionalDepartmentName": "Department",
    "MRAcquisitionType": "2D",
    "MagneticFieldStrength": 3,
    "Manufacturer": "Siemens",
    "ManufacturersModelName": "Skyra",
    "Modality": "MR",
    "MultibandAccelerationFactor": 4,
    "PartialFourier": 1,
    "PatientPosition": "HFS",
    "PercentPhaseFOV": 100,
    "PercentSampling": 100,
    "PhaseEncodingDirection": "j-",
    "PhaseEncodingSteps": 96,
    "PhaseResolution": 1,
    "PixelBandwidth": 2480,
    "ProcedureStepDescription": "KFU^AllgemeinePsy",
    "ProtocolName": "MB4_2_5mm_20K_TR1250_2",
    "PulseSequenceDetails": "%CustomerSeq%\\cmrr_mbep2d_bold",
    "ReceiveCoilActiveElements": "HE1-4",
    "ReceiveCoilName": "HeadNeck_20",
    "ReconMatrixPE": 96,
    "RepetitionTime": 1.25,
    "SAR": 0.0612209,
    "ScanOptions": "FS",
    "ScanningSequence": "EP",
    "SequenceName": "epfid2d1_96",
    "SequenceVariant": "SK\\SS",
    "SeriesDescription": "MB4_2_5mm_20K_TR1250_2",
    "SeriesNumber": 6,
    "ShimSetting": [
      -1667,
      -3568,
      -4415,
      105,
      662,
      -39,
      -53,
      -311
    ],
    "SliceThickness": 2.5,
    "SliceTiming": [
      0,
      0.6625,
      0.095,
      0.7575,
      0.19,
      0.8525,
      0.285,
      0.9475,
      0.38,
      1.0425,
      0.475,
      1.1375,
      0.57,
      0,
      0.6625,
      0.095,
      0.7575,
      0.19,
      0.8525,
      0.285,
      0.9475,
      0.38,
      1.0425,
      0.475,
      1.1375,
      0.57,
      0,
      0.6625,
      0.095,
      0.7575,
      0.19,
      0.8525,
      0.285,
      0.9475,
      0.38,
      1.0425,
      0.475,
      1.1375,
      0.57,
      0,
      0.6625,
      0.095,
      0.7575,
      0.19,
      0.8525,
      0.285,
      0.9475,
      0.38,
      1.0425,
      0.475,
      1.1375,
      0.57
    ],
    "SoftwareVersions": "syngo MR D13",
    "SpacingBetweenSlices": 2.75,
    "StationName": "FBMTMR1",
    "TaskName": "multar",
    "TotalReadoutTime": 0.0626993,
    "TxRefAmp": 390.736,
    "WipMemBlock": "56b81193-7195-4e11-aa89-41638fd81fc1||Sequence: vd13a/master r/c0cb646; Dec 14 2015 19:21:42 by eja",
    "acq_id": "mb",
    "dataset": "ds003470",
    "modality": "bold",
    "run_id": 2,
    "session_id": "1",
    "subject_id": "14",
    "task_id": "multar"
  },
  "dummy_trs": 2,
  "dvars_nstd": 39.83233580100573,
  "dvars_std": 1.1801897435057478,
  "dvars_vstd": 1.0143202602011498,
  "efc": 0.4261897101208922,
  "fber": 6319.6943359375,
  "fd_mean": 0.19188983234447352,
  "fd_num": 141,
  "fd_perc": 40.401146131805156,
  "fwhm_avg": 1.8644898181818181,
  "fwhm_x": 1.7936679999999998,
  "fwhm_y": 2.111616,
  "fwhm_z": 1.6881854545454544,
  "gcor": 0.00311573,
  "gsr_x": -0.008079851046204567,
  "gsr_y": 0.02714034914970398,
  "provenance": {
    "md5sum": "3e29e0e2296791abfdf6d5be8ca01f72",
    "settings": {
      "fd_thres": 0.2,
      "testing": false
    },
    "software": "mriqc",
    "version": "22.0.6",
    "webapi_port": null,
    "webapi_url": "https://mriqc.nimh.nih.gov/api/v1"
  },
  "size_t": 349,
  "size_x": 96,
  "size_y": 96,
  "size_z": 52,
  "snr": 4.883956091597923,
  "spacing_tr": 1.25,
  "spacing_x": 2.5,
  "spacing_y": 2.5,
  "spacing_z": 2.75,
  "summary_bg_k": 51.80308770953876,
  "summary_bg_mad": 62.18789665040754,
  "summary_bg_mean": 276.79827880859375,
  "summary_bg_median": 113.0261001586914,
  "summary_bg_n": 348786.0,
  "summary_bg_p05": 60.06925010681152,
  "summary_bg_p95": 1027.5810546875,
  "summary_bg_stdv": 517.54736328125,
  "summary_fg_k": 5.581816525226504,
  "summary_fg_mad": 1304.1336144895579,
  "summary_fg_mean": 9119.4697265625,
  "summary_fg_median": 8961.0859375,
  "summary_fg_n": 67020.0,
  "summary_fg_p05": 6801.27607421875,
  "summary_fg_p95": 11972.513330078122,
  "summary_fg_stdv": 1834.7869873046875,
  "tsnr": 38.74205017089844
}