{
  "aor": 0.0006447770700636943,
  "aqi": 0.011508492101910827,
  "bids_meta": {
    "AcquisitionMatrixPE": 96,
    "AcquisitionNumber": 1,
    "AcquisitionTime": "11:25:26.517500",
    "BandwidthPerPixelPhaseEncode": 15.783,
    "BaseResolution": 96,
    "BodyPartExamined": "BRAIN",
    "ConsistencyInfo": "N4_VD13A_LATEST_20120616",
    "ConversionSoftware": "dcm2niix",
    "ConversionSoftwareVersion": "v1.0.20201102",
    "DerivedVendorReportedEchoSpacing": 0.000659993,
    "DeviceSerialNumber": "45250",
    "DwellTime": 2.1e-06,
    "EchoTime": 0.04,
    "EchoTrainLength": 96,
    "EffectiveEchoSpacing": 0.000659993,
    "FlipAngle": 60,
    "ImageComments": "Unaliased MB4/PE3",
    "ImageOrientationPatientDICOM": [
      0.999868,
      -0.0161691,
      0.00141461,
      0.0162308,
      0.996063,
      -0.0871443
    ],
    "ImageType": [
      "ORIGINAL",
      "PRIMARY",
      "M",
      "MB",
      "ND",
      "NORM",
      "MOSAIC"
    ],
    "ImagingFrequency": 123.22,
    "InPlanePhaseEncodingDirectionDICOM": "COL",
    "InstitutionAddress": "Kopernikusstr. 26,Graz,Graz,AT,8010",
    "InstitutionName": "KFU",
    "InstitutionalDepartmentName": "Department",
    "MRAcquisitionType": "2D",
    "MagneticFieldStrength": 3,
    "Manufacturer": "Siemens",
    "ManufacturersModelName": "Skyra",
    "Modality": "MR",
    "MultibandAccelerationFactor": 4,
    "PartialFourier": 1,
    "PatientPosition": "HFS",
    "PercentPhaseFOV": 100,
    "PercentSampling": 100,
    "PhaseEncodingDirection": "j-",
    "PhaseEncodingSteps": 96,
    "PhaseResolution": 1,
    "PixelBandwidth": 2480,
    "ProcedureStepDescription": "KFU^AllgemeinePsy",
    "ProtocolName": "MB4_2_5mm_20K_TR1250_3",
    "PulseSequenceDetails": "%CustomerSeq%\\cmrr_mbep2d_bold",
    "ReceiveCoilActiveElements": "HE1-4",
    "ReceiveCoilName": "HeadNeck_20",
    "ReconMatrixPE": 96,
    "RepetitionTime": 1.25,
    "SAR": 0.0669628,
    "ScanOptions": "FS",
    "ScanningSequence": "EP",
    "SequenceName": "epfid2d1_96",
    "SequenceVariant": "SK\\SS",
    "SeriesDescription": "MB4_2_5mm_20K_TR1250_3",
    "SeriesNumber": 7,
    "ShimSetting": [
      -1629,
      -3615,
      -4469,
      220,
      652,
      -241,
      37,
      -475
    ],
    "SliceThickness": 2.5,
    "SliceTiming": [
      0,
      0.6625,
      0.095,
      0.7575,
      0.19,
      0.8525,
      0.285,
      0.945,
      0.3775,
      1.04,
      0.4725,
      1.135,
      0.5675,
      0,
      0.6625,
      0.095,
      0.7575,
      0.19,
      0.8525,
      0.285,
      0.945,
      0.3775,
      1.04,
      0.4725,
      1.135,
      0.5675,
      0,
      0.6625,
      0.095,
      0.7575,
      0.19,
      0.8525,
      0.285,
      0.945,
      0.3775,
      1.04,
      0.4725,
      1.135,
      0.5675,
      0,
      0.6625,
      0.095,
      0.7575,
      0.19,
      0.8525,
      0.285,
      0.945,
      0.3775,
      1.04,
      0.4725,
      1.135,
      0.5675
    ],
    "SoftwareVersions": "syngo MR D13",
    "SpacingBetweenSlices": 2.75,
    "StationName": "FBMTMR1",
    "TaskName": "multar",
    "TotalReadoutTime": 0.0626993,
    "TxRefAmp": 350.001,
    "WipMemBlock": "d7cf290c-fcee-4c4d-8ae8-b2b23dec086e||Sequence: vd13a/master r/c0cb646; Dec 14 2015 19:21:42 by eja",
    "acq_id": "mb",
    "dataset": "ds003470",
    "modality": "bold",
    "run_id": 3,
    "session_id": "1",
    "subject_id": "14",
    "task_id": "multar"
  },
  "dummy_trs": 1,
  "dvars_nstd": 37.78934534789137,
  "dvars_std": 1.2364005470287536,
  "dvars_vstd": 0.9945501664856234,
  "efc": 0.39167135674992315,
  "fber": 7098.84912109375,
  "fd_mean": 0.18144066040222995,
  "fd_num": 103,
  "fd_perc": 32.802547770700635,
  "fwhm_avg": 1.9372589090909091,
  "fwhm_x": 1.8706720000000001,
  "fwhm_y": 2.184872,
  "fwhm_z": 1.7562327272727274,
  "gcor": 0.00851395,
  "gsr_x": -0.022538673132658005,
  "gsr_y": 0.016808919608592987,
  "provenance": {
    "md5sum": "e80fd0a600a446144ac411f9d781c2eb",
    "settings": {
      "fd_thres": 0.2,
      "testing": false
    },
    "software": "mriqc",
    "version": "22.0.6",
    "webapi_port": null,
    "webapi_url": "https://mriqc.nimh.nih.gov/api/v1"
  },
  "size_t": 314,
  "size_x": 96,
  "size_y": 96,
  "size_z": 52,
  "snr": 4.856577890199697,
  "spacing_tr": 1.25,
  "spacing_x": 2.5,
  "spacing_y": 2.5,
  "spacing_z": 2.75,
  "summary_bg_k": 37.037513373925414,
  "summary_bg_mad": 47.598191341183266,
  "summary_bg_mean": 262.7602844238281,
  "summary_bg_median": 101.99093627929688,
  "summary_bg_n": 365939.0,
  "summary_bg_p05": 59.36610412597656,
  "summary_bg_p95": 1080.2696899414052,
  "summary_bg_stdv": 534.7184448242188,
  "summary_fg_k": 4.972395207615377,
  "summary_fg_mad": 1386.3604854308905,
  "summary_fg_mean": 8770.2138671875,
  "summary_fg_median": 8624.693359375,
  "summary_fg_n": 51762.0,
  "summary_fg_p05": 6543.456103515625,
  "summary_fg_p95": 11465.215380859374,
  "summary_fg_stdv": 1775.861572265625,
  "tsnr": 46.605716705322266
}