{
  "bids_meta": {
    "AcquisitionMatrixPE": 256,
    "AcquisitionNumber": 1,
    "AcquisitionTime": "13:07:53.450000",
    "BaseResolution": 256,
    "BodyPartExamined": "BRAIN",
    "ConsistencyInfo": "N4_VD13A_LATEST_20120616",
    "ConversionSoftware": "dcm2niix",
    "ConversionSoftwareVersion": "v1.0.20201102",
    "DeviceSerialNumber": "45250",
    "DwellTime": 8.5e-06,
    "EchoTime": 0.00207,
    "FlipAngle": 9,
    "ImageOrientationPatientDICOM": [
      0.0330293,
      0.981797,
      -0.187038,
      -0.00472243,
      -0.186985,
      -0.982351
    ],
    "ImageType": [
      "ORIGINAL",
      "PRIMARY",
      "M",
      "ND",
      "NORM"
    ],
    "ImagingFrequency": 123.22,
    "InPlanePhaseEncodingDirectionDICOM": "ROW",
    "InstitutionAddress": "Kopernikusstr. 26,Graz,Graz,AT,8010",
    "InstitutionName": "KFU",
    "InstitutionalDepartmentName": "Department",
    "InversionTime": 0.9,
    "MRAcquisitionType": "3D",
    "MagneticFieldStrength": 3,
    "Manufacturer": "Siemens",
    "ManufacturersModelName": "Skyra",
    "Modality": "MR",
    "ParallelReductionFactorInPlane": 2,
    "PartialFourier": 1,
    "PatientPosition": "HFS",
    "PercentPhaseFOV": 100,
    "PercentSampling": 100,
    "PhaseEncodingSteps": 282,
    "PhaseOversampling": 0.1,
    "PhaseResolution": 1,
    "PixelBandwidth": 230,
    "ProcedureStepDescription": "KFU^AllgemeinePsy",
    "ProtocolName": "t1_mprage_sag_p0_iso_no_Pat",
    "PulseSequenceDetails": "%SiemensSeq%\\tfl",
    "ReceiveCoilActiveElements": "HE1-4;NE1,2",
    "ReceiveCoilName": "HeadNeck_20",
    "ReconMatrixPE": 256,
    "RefLinesPE": 24,
    "RepetitionTime": 1.56,
    "SAR": 0.101766,
    "ScanOptions": "IR",
    "ScanningSequence": "GR\\IR",
    "SequenceName": "*tfl3d1_16ns",
    "SequenceVariant": "SK\\SP\\MP\\OSP",
    "SeriesDescription": "t1_mprage_sag_p0_iso_no_Pat",
    "SeriesNumber": 2,
    "ShimSetting": [
      -1661,
      -3542,
      -4866,
      -151,
      630,
      106,
      -188,
      -443
    ],
    "SliceThickness": 1,
    "SoftwareVersions": "syngo MR D13",
    "StationName": "FBMTMR1",
    "TxRefAmp": 354.14,
    "acq_id": "mprage",
    "dataset": "ds003470",
    "modality": "T1w",
    "run_id": 1,
    "session_id": "1",
    "subject_id": "12"
  },
  "cjv": 0.45404495324675714,
  "cnr": 3.070066526505522,
  "efc": 0.5463346618587014,
  "fber": -1.0,
  "fwhm_avg": 3.7539266666666666,
  "fwhm_x": 3.67649,
  "fwhm_y": 3.7562,
  "fwhm_z": 3.82909,
  "icvs_csf": 0.20518937725974634,
  "icvs_gm": 0.43479196500764095,
  "icvs_wm": 0.3600186577326127,
  "inu_med": 0.5492358803749084,
  "inu_range": 0.2216048330068588,
  "provenance": {
    "md5sum": "9cb356ba6f84fca63b6a37a3a6720483",
    "settings": {
      "testing": false
    },
    "software": "mriqc",
    "version": "22.0.6",
    "warnings": {
      "large_rot_frame": true,
      "small_air_mask": false
    },
    "webapi_port": null,
    "webapi_url": "https://mriqc.nimh.nih.gov/api/v1"
  },
  "qi_1": 0.0,
  "qi_2": 0.011362486574668249,
  "rpve_csf": 27.216367939195845,
  "rpve_gm": 13.058782814311458,
  "rpve_wm": 17.33141220414358,
  "size_x": 176,
  "size_y": 256,
  "size_z": 256,
  "snr_csf": 2.7160808923763295,
  "snr_gm": 15.499810276681671,
  "snr_total": 12.54976513354042,
  "snr_wm": 19.433404231563262,
  "snrd_csf": 31.260604172266707,
  "snrd_gm": 69.64821956397596,
  "snrd_total": 63.471194193351955,
  "snrd_wm": 89.5047588438132,
  "spacing_x": 1.0,
  "spacing_y": 1.0,
  "spacing_z": 1.0,
  "summary_bg_k": 15.695953770267472,
  "summary_bg_mad": 0.0,
  "summary_bg_mean": 4.104711960296149,
  "summary_bg_median": 0.0,
  "summary_bg_n": 2579866.0,
  "summary_bg_p05": 0.0,
  "summary_bg_p95": 18.6420636177063,
  "summary_bg_stdv": 7.319917179548001,
  "summary_csf_k": 26.83144836746837,
  "summary_csf_mad": 80.04017950459343,
  "summary_csf_mean": 364.5482630176471,
  "summary_csf_median": 349.27846097946167,
  "summary_csf_n": 39150.0,
  "summary_csf_p05": 203.1701045036316,
  "summary_csf_p95": 568.1405461907381,
  "summary_csf_stdv": 128.59484456415493,
  "summary_gm_k": 0.07407897269831976,
  "summary_gm_mad": 50.086492696125944,
  "summary_gm_mean": 777.1661932314479,
  "summary_gm_median": 778.1878688335419,
  "summary_gm_n": 23697.0,
  "summary_gm_p05": 693.2481921672821,
  "summary_gm_p95": 858.2541126251222,
  "summary_gm_stdv": 50.20522414309843,
  "summary_wm_k": 0.08215676450032294,
  "summary_wm_mad": 50.64768589160075,
  "summary_wm_mean": 1002.6779587924154,
  "summary_wm_median": 1000.0473518371582,
  "summary_wm_n": 153480.0,
  "summary_wm_p05": 922.5455746650696,
  "summary_wm_p95": 1091.9328532218933,
  "summary_wm_stdv": 51.46005722969989,
  "tpm_overlap_csf": 0.1572968835661157,
  "tpm_overlap_gm": 0.46860925373664786,
  "tpm_overlap_wm": 0.498260534736163,
  "wm2max": 0.39730816948005565
}