{
  "bids_meta": {
    "AcquisitionMatrixPE": 256,
    "AcquisitionNumber": 1,
    "AcquisitionTime": "12:45:12.457500",
    "BaseResolution": 256,
    "BodyPartExamined": "BRAIN",
    "ConsistencyInfo": "N4_VD13A_LATEST_20120616",
    "ConversionSoftware": "dcm2niix",
    "ConversionSoftwareVersion": "v1.0.20201102",
    "DeviceSerialNumber": "45250",
    "DwellTime": 8.5e-06,
    "EchoTime": 0.00207,
    "FlipAngle": 9,
    "ImageOrientationPatientDICOM": [
      -0.0181554,
      0.982252,
      -0.186687,
      -0.0588947,
      -0.187444,
      -0.980508
    ],
    "ImageType": [
      "ORIGINAL",
      "PRIMARY",
      "M",
      "ND",
      "NORM"
    ],
    "ImagingFrequency": 123.22,
    "InPlanePhaseEncodingDirectionDICOM": "ROW",
    "InstitutionAddress": "Kopernikusstr. 26,Graz,Graz,AT,8010",
    "InstitutionName": "KFU",
    "InstitutionalDepartmentName": "Department",
    "InversionTime": 0.9,
    "MRAcquisitionType": "3D",
    "MagneticFieldStrength": 3,
    "Manufacturer": "Siemens",
    "ManufacturersModelName": "Skyra",
    "Modality": "MR",
    "ParallelReductionFactorInPlane": 2,
    "PartialFourier": 1,
    "PatientPosition": "HFS",
    "PercentPhaseFOV": 100,
    "PercentSampling": 100,
    "PhaseEncodingSteps": 282,
    "PhaseOversampling": 0.1,
    "PhaseResolution": 1,
    "PixelBandwidth": 230,
    "ProcedureStepDescription": "KFU^AllgemeinePsy",
    "ProtocolName": "t1_mprage_sag_p0_iso_no_Pat",
    "PulseSequenceDetails": "%SiemensSeq%\\tfl",
    "ReceiveCoilActiveElements": "HE1-4;NE1,2",
    "ReceiveCoilName": "HeadNeck_20",
    "ReconMatrixPE": 256,
    "RefLinesPE": 24,
    "RepetitionTime": 1.56,
    "SAR": 0.108295,
    "ScanOptions": "IR",
    "ScanningSequence": "GR\\IR",
    "SequenceName": "*tfl3d1_16ns",
    "SequenceVariant": "SK\\SP\\MP\\OSP",
    "SeriesDescription": "t1_mprage_sag_p0_iso_no_Pat",
    "SeriesNumber": 2,
    "ShimSetting": [
      -1661,
      -3542,
      -4866,
      -151,
      630,
      106,
      -188,
      -443
    ],
    "SliceThickness": 1,
    "SoftwareVersions": "syngo MR D13",
    "StationName": "FBMTMR1",
    "TxRefAmp": 378.942,
    "acq_id": "mprage",
    "dataset": "ds003470",
    "modality": "T1w",
    "run_id": 1,
    "session_id": "1",
    "subject_id": "07"
  },
  "cjv": 0.4101292356088187,
  "cnr": 3.3288147082237147,
  "efc": 0.5442540317843457,
  "fber": -1.0,
  "fwhm_avg": 3.6674100000000003,
  "fwhm_x": 3.61781,
  "fwhm_y": 3.57713,
  "fwhm_z": 3.80729,
  "icvs_csf": 0.20249287671778157,
  "icvs_gm": 0.4437617898125592,
  "icvs_wm": 0.3537453334696592,
  "inu_med": 0.4701941907405853,
  "inu_range": 0.15256535708904262,
  "provenance": {
    "md5sum": "cb0c0fb9cf0acc56d57502b65265ca5c",
    "settings": {
      "testing": false
    },
    "software": "mriqc",
    "version": "22.0.6",
    "warnings": {
      "large_rot_frame": true,
      "small_air_mask": false
    },
    "webapi_port": null,
    "webapi_url": "https://mriqc.nimh.nih.gov/api/v1"
  },
  "qi_1": 0.0,
  "qi_2": 0.018153041963585092,
  "rpve_csf": 26.063883684124356,
  "rpve_gm": 12.462962212597262,
  "rpve_wm": 17.366619699725025,
  "size_x": 176,
  "size_y": 256,
  "size_z": 256,
  "snr_csf": 3.038259849490698,
  "snr_gm": 14.783313183072556,
  "snr_total": 13.627193548785073,
  "snr_wm": 23.060007613791964,
  "snrd_csf": 33.39073626041688,
  "snrd_gm": 74.67658243326028,
  "snrd_total": 68.2334042922814,
  "snrd_wm": 96.63289418316705,
  "spacing_x": 1.0,
  "spacing_y": 1.0,
  "spacing_z": 1.0,
  "summary_bg_k": 21.455406598962142,
  "summary_bg_mad": 0.0,
  "summary_bg_mean": 3.638553587288549,
  "summary_bg_median": 0.0,
  "summary_bg_n": 3111108.0,
  "summary_bg_p05": 0.0,
  "summary_bg_p95": 16.0198817551136,
  "summary_bg_stdv": 6.779901038753298,
  "summary_csf_k": 1.0087671951920338,
  "summary_csf_mad": 87.4086278261744,
  "summary_csf_mean": 354.2809127146698,
  "summary_csf_median": 345.55534917116165,
  "summary_csf_n": 33909.0,
  "summary_csf_p05": 151.68801640868188,
  "summary_csf_p95": 556.6278055369853,
  "summary_csf_stdv": 113.73294942422282,
  "summary_gm_k": 0.09908542673246457,
  "summary_gm_mad": 51.64024640054791,
  "summary_gm_mean": 771.9655091974424,
  "summary_gm_median": 772.8159186542034,
  "summary_gm_n": 23571.0,
  "summary_gm_p05": 684.8595034331083,
  "summary_gm_p95": 856.3372353464365,
  "summary_gm_stdv": 52.27512368487258,
  "summary_wm_k": 0.3949191158927259,
  "summary_wm_mad": 41.55027509506215,
  "summary_wm_mean": 1000.449683682157,
  "summary_wm_median": 1000.038251042366,
  "summary_wm_n": 179166.0,
  "summary_wm_p05": 930.1089819967747,
  "summary_wm_p95": 1072.4527046084404,
  "summary_wm_stdv": 43.366657850778616,
  "tpm_overlap_csf": 0.15264677090593176,
  "tpm_overlap_gm": 0.46459562816246947,
  "tpm_overlap_wm": 0.4949780841600752,
  "wm2max": 0.48533204683354053
}