{
  "aor": 0.00045173126614987083,
  "aqi": 0.014980744108527132,
  "bids_meta": {
    "AcquisitionMatrixPE": 96,
    "AcquisitionNumber": 1,
    "AcquisitionTime": "13:11:6.750000",
    "BandwidthPerPixelPhaseEncode": 15.783,
    "BaseResolution": 96,
    "BodyPartExamined": "BRAIN",
    "ConsistencyInfo": "N4_VD13A_LATEST_20120616",
    "ConversionSoftware": "dcm2niix",
    "ConversionSoftwareVersion": "v1.0.20201102",
    "DerivedVendorReportedEchoSpacing": 0.000659993,
    "DeviceSerialNumber": "45250",
    "DwellTime": 2.1e-06,
    "EchoTime": 0.04,
    "EchoTrainLength": 96,
    "EffectiveEchoSpacing": 0.000659993,
    "FlipAngle": 60,
    "ImageComments": "Unaliased MB4/PE3",
    "ImageOrientationPatientDICOM": [
      0.998003,
      -0.018878,
      -0.0602744,
      0.0162006,
      0.998873,
      -0.0446036
    ],
    "ImageType": [
      "ORIGINAL",
      "PRIMARY",
      "M",
      "MB",
      "ND",
      "NORM",
      "MOSAIC"
    ],
    "ImagingFrequency": 123.22,
    "InPlanePhaseEncodingDirectionDICOM": "COL",
    "InstitutionAddress": "Kopernikusstr. 26,Graz,Graz,AT,8010",
    "InstitutionName": "KFU",
    "InstitutionalDepartmentName": "Department",
    "MRAcquisitionType": "2D",
    "MagneticFieldStrength": 3,
    "Manufacturer": "Siemens",
    "ManufacturersModelName": "Skyra",
    "Modality": "MR",
    "MultibandAccelerationFactor": 4,
    "PartialFourier": 1,
    "PatientPosition": "HFS",
    "PercentPhaseFOV": 100,
    "PercentSampling": 100,
    "PhaseEncodingDirection": "j-",
    "PhaseEncodingSteps": 96,
    "PhaseResolution": 1,
    "PixelBandwidth": 2480,
    "ProcedureStepDescription": "KFU^AllgemeinePsy",
    "ProtocolName": "MB4_2_5mm_20K_TR1250_3",
    "PulseSequenceDetails": "%CustomerSeq%\\cmrr_mbep2d_bold",
    "ReceiveCoilActiveElements": "HE1-4",
    "ReceiveCoilName": "HeadNeck_20",
    "ReconMatrixPE": 96,
    "RepetitionTime": 1.25,
    "SAR": 0.0749629,
    "ScanOptions": "FS",
    "ScanningSequence": "EP",
    "SequenceName": "epfid2d1_96",
    "SequenceVariant": "SK\\SS",
    "SeriesDescription": "MB4_2_5mm_20K_TR1250_3",
    "SeriesNumber": 7,
    "ShimSetting": [
      -1674,
      -3735,
      -4518,
      412,
      655,
      -83,
      113,
      -376
    ],
    "SliceThickness": 2.5,
    "SliceTiming": [
      0,
      0.6625,
      0.095,
      0.7575,
      0.19,
      0.8525,
      0.285,
      0.9475,
      0.38,
      1.0425,
      0.475,
      1.1375,
      0.5675,
      0,
      0.6625,
      0.095,
      0.7575,
      0.19,
      0.8525,
      0.285,
      0.9475,
      0.38,
      1.0425,
      0.475,
      1.1375,
      0.5675,
      0,
      0.6625,
      0.095,
      0.7575,
      0.19,
      0.8525,
      0.285,
      0.9475,
      0.38,
      1.0425,
      0.475,
      1.1375,
      0.5675,
      0,
      0.6625,
      0.095,
      0.7575,
      0.19,
      0.8525,
      0.285,
      0.9475,
      0.38,
      1.0425,
      0.475,
      1.1375,
      0.5675
    ],
    "SoftwareVersions": "syngo MR D13",
    "SpacingBetweenSlices": 2.75,
    "StationName": "FBMTMR1",
    "TaskName": "multar",
    "TotalReadoutTime": 0.0626993,
    "TxRefAmp": 378.942,
    "WipMemBlock": "d4b1b190-e34b-4bb6-9e0b-ef82d199c7a1||Sequence: vd13a/master r/c0cb646; Dec 14 2015 19:21:42 by eja",
    "acq_id": "mb",
    "dataset": "ds003470",
    "modality": "bold",
    "run_id": 3,
    "session_id": "1",
    "subject_id": "07",
    "task_id": "multar"
  },
  "dummy_trs": 0,
  "dvars_nstd": 46.5839118462435,
  "dvars_std": 1.254689072668393,
  "dvars_vstd": 0.9875882156476683,
  "efc": 0.4242140003576531,
  "fber": 5682.240234375,
  "fd_mean": 0.2795418992066262,
  "fd_num": 259,
  "fd_perc": 66.9250645994832,
  "fwhm_avg": 1.9232850909090908,
  "fwhm_x": 1.8432400000000002,
  "fwhm_y": 2.164968,
  "fwhm_z": 1.7616472727272727,
  "gcor": 0.0136336,
  "gsr_x": -0.013309469446539879,
  "gsr_y": 0.01690647006034851,
  "provenance": {
    "md5sum": "c42cd4ac24a898067189e8817901cbb3",
    "settings": {
      "fd_thres": 0.2,
      "testing": false
    },
    "software": "mriqc",
    "version": "22.0.6",
    "webapi_port": null,
    "webapi_url": "https://mriqc.nimh.nih.gov/api/v1"
  },
  "size_t": 387,
  "size_x": 96,
  "size_y": 96,
  "size_z": 52,
  "snr": 4.634091838968427,
  "spacing_tr": 1.25,
  "spacing_x": 2.5,
  "spacing_y": 2.5,
  "spacing_z": 2.75,
  "summary_bg_k": 33.8013592198939,
  "summary_bg_mad": 46.0849579672233,
  "summary_bg_mean": 245.10345458984375,
  "summary_bg_median": 101.41236877441406,
  "summary_bg_n": 349276.0,
  "summary_bg_p05": 59.280150413513184,
  "summary_bg_p95": 910.2594757080078,
  "summary_bg_stdv": 497.4508972167969,
  "summary_fg_k": 3.55371892869083,
  "summary_fg_mad": 1415.9817629092613,
  "summary_fg_mean": 7856.5078125,
  "summary_fg_median": 7684.2568359375,
  "summary_fg_n": 65584.0,
  "summary_fg_p05": 5832.8538818359375,
  "summary_fg_p95": 10502.79296875,
  "summary_fg_stdv": 1658.1885986328125,
  "tsnr": 38.855587005615234
}