{
  "aor": 0.0017195859872611464,
  "aqi": 0.017660365891719747,
  "bids_meta": {
    "AcquisitionMatrixPE": 96,
    "AcquisitionNumber": 1,
    "AcquisitionTime": "16:41:24.767500",
    "BandwidthPerPixelPhaseEncode": 15.783,
    "BaseResolution": 96,
    "BodyPartExamined": "BRAIN",
    "ConsistencyInfo": "N4_VD13A_LATEST_20120616",
    "ConversionSoftware": "dcm2niix",
    "ConversionSoftwareVersion": "v1.0.20201102",
    "DerivedVendorReportedEchoSpacing": 0.000659993,
    "DeviceSerialNumber": "45250",
    "DwellTime": 2.1e-06,
    "EchoTime": 0.04,
    "EchoTrainLength": 96,
    "EffectiveEchoSpacing": 0.000659993,
    "FlipAngle": 60,
    "ImageComments": "Unaliased MB4/PE3",
    "ImageOrientationPatientDICOM": [
      0.999868,
      -0.0159487,
      0.00301353,
      0.0162309,
      0.982483,
      -0.185642
    ],
    "ImageType": [
      "ORIGINAL",
      "PRIMARY",
      "M",
      "MB",
      "ND",
      "NORM",
      "MOSAIC"
    ],
    "ImagingFrequency": 123.22,
    "InPlanePhaseEncodingDirectionDICOM": "COL",
    "InstitutionAddress": "Kopernikusstr. 26,Graz,Graz,AT,8010",
    "InstitutionName": "KFU",
    "InstitutionalDepartmentName": "Department",
    "MRAcquisitionType": "2D",
    "MagneticFieldStrength": 3,
    "Manufacturer": "Siemens",
    "ManufacturersModelName": "Skyra",
    "Modality": "MR",
    "MultibandAccelerationFactor": 4,
    "PartialFourier": 1,
    "PatientPosition": "HFS",
    "PercentPhaseFOV": 100,
    "PercentSampling": 100,
    "PhaseEncodingDirection": "j-",
    "PhaseEncodingSteps": 96,
    "PhaseResolution": 1,
    "PixelBandwidth": 2480,
    "ProcedureStepDescription": "KFU^AllgemeinePsy",
    "ProtocolName": "MB4_2_5mm_20K_TR1250_6",
    "PulseSequenceDetails": "%CustomerSeq%\\cmrr_mbep2d_bold",
    "ReceiveCoilActiveElements": "HE1-4",
    "ReceiveCoilName": "HeadNeck_20",
    "ReconMatrixPE": 96,
    "RepetitionTime": 1.25,
    "SAR": 0.0683852,
    "ScanOptions": "FS",
    "ScanningSequence": "EP",
    "SequenceName": "epfid2d1_96",
    "SequenceVariant": "SK\\SS",
    "SeriesDescription": "MB4_2_5mm_20K_TR1250_6",
    "SeriesNumber": 10,
    "ShimSetting": [
      -1655,
      -3583,
      -4460,
      51,
      576,
      -171,
      -34,
      -457
    ],
    "SliceThickness": 2.5,
    "SliceTiming": [
      0,
      0.6625,
      0.095,
      0.7575,
      0.19,
      0.8525,
      0.285,
      0.9475,
      0.38,
      1.0425,
      0.475,
      1.1375,
      0.5675,
      0,
      0.6625,
      0.095,
      0.7575,
      0.19,
      0.8525,
      0.285,
      0.9475,
      0.38,
      1.0425,
      0.475,
      1.1375,
      0.5675,
      0,
      0.6625,
      0.095,
      0.7575,
      0.19,
      0.8525,
      0.285,
      0.9475,
      0.38,
      1.0425,
      0.475,
      1.1375,
      0.5675,
      0,
      0.6625,
      0.095,
      0.7575,
      0.19,
      0.8525,
      0.285,
      0.9475,
      0.38,
      1.0425,
      0.475,
      1.1375,
      0.5675
    ],
    "SoftwareVersions": "syngo MR D13",
    "SpacingBetweenSlices": 2.75,
    "StationName": "FBMTMR1",
    "TaskName": "multar",
    "TotalReadoutTime": 0.0626993,
    "TxRefAmp": 372.33,
    "WipMemBlock": "65b74bdd-66ab-4423-b7dd-502d906d40b7||Sequence: vd13a/master r/c0cb646; Dec 14 2015 19:21:42 by eja",
    "acq_id": "mb",
    "dataset": "ds003470",
    "modality": "bold",
    "run_id": 6,
    "session_id": "1",
    "subject_id": "04",
    "task_id": "multar"
  },
  "dummy_trs": 1,
  "dvars_nstd": 42.43384023041534,
  "dvars_std": 1.1770707646964857,
  "dvars_vstd": 1.0194943446325888,
  "efc": 0.4320225782428017,
  "fber": 5367.81005859375,
  "fd_mean": 0.24370071509827426,
  "fd_num": 170,
  "fd_perc": 54.140127388535035,
  "fwhm_avg": 1.8514134545454544,
  "fwhm_x": 1.793772,
  "fwhm_y": 2.120272,
  "fwhm_z": 1.6401963636363635,
  "gcor": 0.0279947,
  "gsr_x": -0.009700278751552105,
  "gsr_y": 0.022362086921930313,
  "provenance": {
    "md5sum": "5e8534823adb475efa1e0726a2db679c",
    "settings": {
      "fd_thres": 0.2,
      "testing": false
    },
    "software": "mriqc",
    "version": "22.0.6",
    "webapi_port": null,
    "webapi_url": "https://mriqc.nimh.nih.gov/api/v1"
  },
  "size_t": 314,
  "size_x": 96,
  "size_y": 96,
  "size_z": 52,
  "snr": 4.814162983456561,
  "spacing_tr": 1.25,
  "spacing_x": 2.5,
  "spacing_y": 2.5,
  "spacing_z": 2.75,
  "summary_bg_k": 63.91725721406357,
  "summary_bg_mad": 50.61623112794605,
  "summary_bg_mean": 255.63778686523438,
  "summary_bg_median": 104.19108581542969,
  "summary_bg_n": 347240.0,
  "summary_bg_p05": 59.95222854614258,
  "summary_bg_p95": 980.1522644042963,
  "summary_bg_stdv": 499.92803955078125,
  "summary_fg_k": 3.674854594959898,
  "summary_fg_mad": 1295.5608725600932,
  "summary_fg_mean": 7753.193359375,
  "summary_fg_median": 7620.5458984375,
  "summary_fg_n": 67842.0,
  "summary_fg_p05": 5679.297900390625,
  "summary_fg_p95": 10319.889404296875,
  "summary_fg_stdv": 1582.931396484375,
  "tsnr": 36.20450027345214
}