{
  "aor": 0.0020174426229508198,
  "aqi": 0.030499518032786884,
  "bids_meta": {
    "AcquisitionMatrixPE": 96,
    "AcquisitionNumber": 1,
    "AcquisitionTime": "16:25:10.360000",
    "BandwidthPerPixelPhaseEncode": 15.783,
    "BaseResolution": 96,
    "BodyPartExamined": "BRAIN",
    "ConsistencyInfo": "N4_VD13A_LATEST_20120616",
    "ConversionSoftware": "dcm2niix",
    "ConversionSoftwareVersion": "v1.0.20201102",
    "DerivedVendorReportedEchoSpacing": 0.000659993,
    "DeviceSerialNumber": "45250",
    "DwellTime": 2.1e-06,
    "EchoTime": 0.04,
    "EchoTrainLength": 96,
    "EffectiveEchoSpacing": 0.000659993,
    "FlipAngle": 60,
    "ImageComments": "Unaliased MB4/PE3",
    "ImageOrientationPatientDICOM": [
      0.999868,
      -0.0159487,
      0.00301353,
      0.0162309,
      0.982483,
      -0.185642
    ],
    "ImageType": [
      "ORIGINAL",
      "PRIMARY",
      "M",
      "MB",
      "ND",
      "NORM",
      "MOSAIC"
    ],
    "ImagingFrequency": 123.22,
    "InPlanePhaseEncodingDirectionDICOM": "COL",
    "InstitutionAddress": "Kopernikusstr. 26,Graz,Graz,AT,8010",
    "InstitutionName": "KFU",
    "InstitutionalDepartmentName": "Department",
    "MRAcquisitionType": "2D",
    "MagneticFieldStrength": 3,
    "Manufacturer": "Siemens",
    "ManufacturersModelName": "Skyra",
    "Modality": "MR",
    "MultibandAccelerationFactor": 4,
    "PartialFourier": 1,
    "PatientPosition": "HFS",
    "PercentPhaseFOV": 100,
    "PercentSampling": 100,
    "PhaseEncodingDirection": "j-",
    "PhaseEncodingSteps": 96,
    "PhaseResolution": 1,
    "PixelBandwidth": 2480,
    "ProcedureStepDescription": "KFU^AllgemeinePsy",
    "ProtocolName": "MB4_2_5mm_20K_TR1250_4",
    "PulseSequenceDetails": "%CustomerSeq%\\cmrr_mbep2d_bold",
    "ReceiveCoilActiveElements": "HE1-4",
    "ReceiveCoilName": "HeadNeck_20",
    "ReconMatrixPE": 96,
    "RepetitionTime": 1.25,
    "SAR": 0.0683852,
    "ScanOptions": "FS",
    "ScanningSequence": "EP",
    "SequenceName": "epfid2d1_96",
    "SequenceVariant": "SK\\SS",
    "SeriesDescription": "MB4_2_5mm_20K_TR1250_4",
    "SeriesNumber": 8,
    "ShimSetting": [
      -1655,
      -3583,
      -4460,
      51,
      576,
      -171,
      -34,
      -457
    ],
    "SliceThickness": 2.5,
    "SliceTiming": [
      0,
      0.6625,
      0.095,
      0.7575,
      0.19,
      0.8525,
      0.285,
      0.9475,
      0.38,
      1.0425,
      0.475,
      1.1375,
      0.5675,
      0,
      0.6625,
      0.095,
      0.7575,
      0.19,
      0.8525,
      0.285,
      0.9475,
      0.38,
      1.0425,
      0.475,
      1.1375,
      0.5675,
      0,
      0.6625,
      0.095,
      0.7575,
      0.19,
      0.8525,
      0.285,
      0.9475,
      0.38,
      1.0425,
      0.475,
      1.1375,
      0.5675,
      0,
      0.6625,
      0.095,
      0.7575,
      0.19,
      0.8525,
      0.285,
      0.9475,
      0.38,
      1.0425,
      0.475,
      1.1375,
      0.5675
    ],
    "SoftwareVersions": "syngo MR D13",
    "SpacingBetweenSlices": 2.75,
    "StationName": "FBMTMR1",
    "TaskName": "multar",
    "TotalReadoutTime": 0.0626993,
    "TxRefAmp": 372.33,
    "WipMemBlock": "3ee183bf-656c-4d7a-9b5a-015ad031a286||Sequence: vd13a/master r/c0cb646; Dec 14 2015 19:21:42 by eja",
    "acq_id": "mb",
    "dataset": "ds003470",
    "modality": "bold",
    "run_id": 4,
    "session_id": "1",
    "subject_id": "04",
    "task_id": "multar"
  },
  "dummy_trs": 0,
  "dvars_nstd": 44.62979193730263,
  "dvars_std": 1.0696651124013148,
  "dvars_vstd": 0.954516215888158,
  "efc": 0.4319015162738495,
  "fber": 5480.81494140625,
  "fd_mean": 0.2780940252986886,
  "fd_num": 179,
  "fd_perc": 58.68852459016394,
  "fwhm_avg": 1.8959675151515152,
  "fwhm_x": 1.8361360000000002,
  "fwhm_y": 2.145472,
  "fwhm_z": 1.7062945454545455,
  "gcor": 0.0132942,
  "gsr_x": -0.009343125857412815,
  "gsr_y": 0.02169964276254177,
  "provenance": {
    "md5sum": "75d869ba44cac0fe459ae3e0cbf682e1",
    "settings": {
      "fd_thres": 0.2,
      "testing": false
    },
    "software": "mriqc",
    "version": "22.0.6",
    "webapi_port": null,
    "webapi_url": "https://mriqc.nimh.nih.gov/api/v1"
  },
  "size_t": 305,
  "size_x": 96,
  "size_y": 96,
  "size_z": 52,
  "snr": 4.757346686968387,
  "spacing_tr": 1.25,
  "spacing_x": 2.5,
  "spacing_y": 2.5,
  "spacing_z": 2.75,
  "summary_bg_k": 63.585455522699945,
  "summary_bg_mad": 52.23279375045679,
  "summary_bg_mean": 255.3232879638672,
  "summary_bg_median": 103.31901550292969,
  "summary_bg_n": 346972.0,
  "summary_bg_p05": 57.970252990722656,
  "summary_bg_p95": 965.0266815185547,
  "summary_bg_stdv": 497.4203186035156,
  "summary_fg_k": 3.698342424655425,
  "summary_fg_mad": 1303.572933132999,
  "summary_fg_mean": 7776.6865234375,
  "summary_fg_median": 7649.4951171875,
  "summary_fg_n": 68037.0,
  "summary_fg_p05": 5638.8107421875,
  "summary_fg_p95": 10348.52890625,
  "summary_fg_stdv": 1607.9212646484375,
  "tsnr": 28.840696334838867
}