{
  "aor": 0.0025425531914893616,
  "aqi": 0.016662948905775077,
  "bids_meta": {
    "AcquisitionMatrixPE": 96,
    "AcquisitionNumber": 1,
    "AcquisitionTime": "15:56:44.862500",
    "BandwidthPerPixelPhaseEncode": 15.783,
    "BaseResolution": 96,
    "BodyPartExamined": "BRAIN",
    "ConsistencyInfo": "N4_VD13A_LATEST_20120616",
    "ConversionSoftware": "dcm2niix",
    "ConversionSoftwareVersion": "v1.0.20201102",
    "DerivedVendorReportedEchoSpacing": 0.000659993,
    "DeviceSerialNumber": "45250",
    "DwellTime": 2.1e-06,
    "EchoTime": 0.04,
    "EchoTrainLength": 96,
    "EffectiveEchoSpacing": 0.000659993,
    "FlipAngle": 60,
    "ImageComments": "Unaliased MB4/PE3",
    "ImageOrientationPatientDICOM": [
      0.999868,
      -0.0159487,
      0.00301353,
      0.0162309,
      0.982483,
      -0.185642
    ],
    "ImageType": [
      "ORIGINAL",
      "PRIMARY",
      "M",
      "MB",
      "ND",
      "NORM",
      "MOSAIC"
    ],
    "ImagingFrequency": 123.22,
    "InPlanePhaseEncodingDirectionDICOM": "COL",
    "InstitutionAddress": "Kopernikusstr. 26,Graz,Graz,AT,8010",
    "InstitutionName": "KFU",
    "InstitutionalDepartmentName": "Department",
    "MRAcquisitionType": "2D",
    "MagneticFieldStrength": 3,
    "Manufacturer": "Siemens",
    "ManufacturersModelName": "Skyra",
    "Modality": "MR",
    "MultibandAccelerationFactor": 4,
    "PartialFourier": 1,
    "PatientPosition": "HFS",
    "PercentPhaseFOV": 100,
    "PercentSampling": 100,
    "PhaseEncodingDirection": "j-",
    "PhaseEncodingSteps": 96,
    "PhaseResolution": 1,
    "PixelBandwidth": 2480,
    "ProcedureStepDescription": "KFU^AllgemeinePsy",
    "ProtocolName": "MB4_2_5mm_20K_TR1250_1",
    "PulseSequenceDetails": "%CustomerSeq%\\cmrr_mbep2d_bold",
    "ReceiveCoilActiveElements": "HE1-4",
    "ReceiveCoilName": "HeadNeck_20",
    "ReconMatrixPE": 96,
    "RepetitionTime": 1.25,
    "SAR": 0.0683852,
    "ScanOptions": "FS",
    "ScanningSequence": "EP",
    "SequenceName": "epfid2d1_96",
    "SequenceVariant": "SK\\SS",
    "SeriesDescription": "MB4_2_5mm_20K_TR1250_1",
    "SeriesNumber": 5,
    "ShimSetting": [
      -1655,
      -3583,
      -4460,
      51,
      576,
      -171,
      -34,
      -457
    ],
    "SliceThickness": 2.5,
    "SliceTiming": [
      0,
      0.6625,
      0.095,
      0.755,
      0.1875,
      0.85,
      0.2825,
      0.945,
      0.3775,
      1.04,
      0.4725,
      1.135,
      0.5675,
      0,
      0.6625,
      0.095,
      0.755,
      0.1875,
      0.85,
      0.2825,
      0.945,
      0.3775,
      1.04,
      0.4725,
      1.135,
      0.5675,
      0,
      0.6625,
      0.095,
      0.755,
      0.1875,
      0.85,
      0.2825,
      0.945,
      0.3775,
      1.04,
      0.4725,
      1.135,
      0.5675,
      0,
      0.6625,
      0.095,
      0.755,
      0.1875,
      0.85,
      0.2825,
      0.945,
      0.3775,
      1.04,
      0.4725,
      1.135,
      0.5675
    ],
    "SoftwareVersions": "syngo MR D13",
    "SpacingBetweenSlices": 2.75,
    "StationName": "FBMTMR1",
    "TaskName": "multar",
    "TotalReadoutTime": 0.0626993,
    "TxRefAmp": 372.33,
    "WipMemBlock": "959db936-555e-4d6b-9290-6cfbd69bfae6||Sequence: vd13a/master r/c0cb646; Dec 14 2015 19:21:42 by eja",
    "acq_id": "mb",
    "dataset": "ds003470",
    "modality": "bold",
    "run_id": 1,
    "session_id": "1",
    "subject_id": "04",
    "task_id": "multar"
  },
  "dummy_trs": 0,
  "dvars_nstd": 44.016962376981716,
  "dvars_std": 1.1965399340243907,
  "dvars_vstd": 1.0305518957621953,
  "efc": 0.43151266199406574,
  "fber": 5329.36767578125,
  "fd_mean": 0.27560159538190404,
  "fd_num": 222,
  "fd_perc": 67.47720364741642,
  "fwhm_avg": 1.870500606060606,
  "fwhm_x": 1.791836,
  "fwhm_y": 2.115044,
  "fwhm_z": 1.7046218181818182,
  "gcor": 0.0176742,
  "gsr_x": -0.009237749502062798,
  "gsr_y": 0.02106410823762417,
  "provenance": {
    "md5sum": "5654da69bf0e7ef6cdeece3fd0fdcb5e",
    "settings": {
      "fd_thres": 0.2,
      "testing": false
    },
    "software": "mriqc",
    "version": "22.0.6",
    "webapi_port": null,
    "webapi_url": "https://mriqc.nimh.nih.gov/api/v1"
  },
  "size_t": 329,
  "size_x": 96,
  "size_y": 96,
  "size_z": 52,
  "snr": 4.854542807395238,
  "spacing_tr": 1.25,
  "spacing_x": 2.5,
  "spacing_y": 2.5,
  "spacing_z": 2.75,
  "summary_bg_k": 59.995336025813735,
  "summary_bg_mad": 51.37013308918414,
  "summary_bg_mean": 252.73806762695312,
  "summary_bg_median": 105.32396697998047,
  "summary_bg_n": 347107.0,
  "summary_bg_p05": 60.905560684204104,
  "summary_bg_p95": 945.6043029785161,
  "summary_bg_stdv": 494.1299133300781,
  "summary_fg_k": 3.668447855395435,
  "summary_fg_mad": 1314.6037687308892,
  "summary_fg_mean": 7832.8779296875,
  "summary_fg_median": 7701.2431640625,
  "summary_fg_n": 67816.0,
  "summary_fg_p05": 5754.3714599609375,
  "summary_fg_p95": 10354.98095703125,
  "summary_fg_stdv": 1586.3875732421875,
  "tsnr": 36.81126403808594
}