{
  "aor": 0.0009074920634920635,
  "aqi": 0.022094088888888887,
  "bids_meta": {
    "AcquisitionMatrixPE": 96,
    "AcquisitionNumber": 1,
    "AcquisitionTime": "16:33:9.455000",
    "BandwidthPerPixelPhaseEncode": 15.783,
    "BaseResolution": 96,
    "BodyPartExamined": "BRAIN",
    "ConsistencyInfo": "N4_VD13A_LATEST_20120616",
    "ConversionSoftware": "dcm2niix",
    "ConversionSoftwareVersion": "v1.0.20201102",
    "DerivedVendorReportedEchoSpacing": 0.000659993,
    "DeviceSerialNumber": "45250",
    "DwellTime": 2.1e-06,
    "EchoTime": 0.04,
    "EchoTrainLength": 96,
    "EffectiveEchoSpacing": 0.000659993,
    "FlipAngle": 60,
    "ImageComments": "Unaliased MB4/PE3",
    "ImageOrientationPatientDICOM": [
      0.999868,
      -0.0159487,
      0.00301353,
      0.0162309,
      0.982483,
      -0.185642
    ],
    "ImageType": [
      "ORIGINAL",
      "PRIMARY",
      "M",
      "MB",
      "ND",
      "NORM",
      "MOSAIC"
    ],
    "ImagingFrequency": 123.22,
    "InPlanePhaseEncodingDirectionDICOM": "COL",
    "InstitutionAddress": "Kopernikusstr. 26,Graz,Graz,AT,8010",
    "InstitutionName": "KFU",
    "InstitutionalDepartmentName": "Department",
    "MRAcquisitionType": "2D",
    "MagneticFieldStrength": 3,
    "Manufacturer": "Siemens",
    "ManufacturersModelName": "Skyra",
    "Modality": "MR",
    "MultibandAccelerationFactor": 4,
    "PartialFourier": 1,
    "PatientPosition": "HFS",
    "PercentPhaseFOV": 100,
    "PercentSampling": 100,
    "PhaseEncodingDirection": "j-",
    "PhaseEncodingSteps": 96,
    "PhaseResolution": 1,
    "PixelBandwidth": 2480,
    "ProcedureStepDescription": "KFU^AllgemeinePsy",
    "ProtocolName": "MB4_2_5mm_20K_TR1250_5",
    "PulseSequenceDetails": "%CustomerSeq%\\cmrr_mbep2d_bold",
    "ReceiveCoilActiveElements": "HE1-4",
    "ReceiveCoilName": "HeadNeck_20",
    "ReconMatrixPE": 96,
    "RepetitionTime": 1.25,
    "SAR": 0.0683852,
    "ScanOptions": "FS",
    "ScanningSequence": "EP",
    "SequenceName": "epfid2d1_96",
    "SequenceVariant": "SK\\SS",
    "SeriesDescription": "MB4_2_5mm_20K_TR1250_5",
    "SeriesNumber": 9,
    "ShimSetting": [
      -1655,
      -3583,
      -4460,
      51,
      576,
      -171,
      -34,
      -457
    ],
    "SliceThickness": 2.5,
    "SliceTiming": [
      0,
      0.6625,
      0.095,
      0.7575,
      0.19,
      0.8525,
      0.2825,
      0.945,
      0.3775,
      1.04,
      0.4725,
      1.135,
      0.5675,
      0,
      0.6625,
      0.095,
      0.7575,
      0.19,
      0.8525,
      0.2825,
      0.945,
      0.3775,
      1.04,
      0.4725,
      1.135,
      0.5675,
      0,
      0.6625,
      0.095,
      0.7575,
      0.19,
      0.8525,
      0.2825,
      0.945,
      0.3775,
      1.04,
      0.4725,
      1.135,
      0.5675,
      0,
      0.6625,
      0.095,
      0.7575,
      0.19,
      0.8525,
      0.2825,
      0.945,
      0.3775,
      1.04,
      0.4725,
      1.135,
      0.5675
    ],
    "SoftwareVersions": "syngo MR D13",
    "SpacingBetweenSlices": 2.75,
    "StationName": "FBMTMR1",
    "TaskName": "multar",
    "TotalReadoutTime": 0.0626993,
    "TxRefAmp": 372.33,
    "WipMemBlock": "26047480-59ad-40b5-a32e-c880f024db7d||Sequence: vd13a/master r/c0cb646; Dec 14 2015 19:21:42 by eja",
    "acq_id": "mb",
    "dataset": "ds003470",
    "modality": "bold",
    "run_id": 5,
    "session_id": "1",
    "subject_id": "04",
    "task_id": "multar"
  },
  "dummy_trs": 1,
  "dvars_nstd": 43.46129683477706,
  "dvars_std": 1.127223922611465,
  "dvars_vstd": 0.9770122638216555,
  "efc": 0.43149146940885497,
  "fber": 5490.751953125,
  "fd_mean": 0.26095303323873015,
  "fd_num": 191,
  "fd_perc": 60.63492063492063,
  "fwhm_avg": 1.8688253333333336,
  "fwhm_x": 1.8022960000000001,
  "fwhm_y": 2.1302600000000003,
  "fwhm_z": 1.6739199999999999,
  "gcor": 0.016251,
  "gsr_x": -0.009749938733875751,
  "gsr_y": 0.02290855534374714,
  "provenance": {
    "md5sum": "c92ad75ffc2fa0829f24f9f44db4f1a8",
    "settings": {
      "fd_thres": 0.2,
      "testing": false
    },
    "software": "mriqc",
    "version": "22.0.6",
    "webapi_port": null,
    "webapi_url": "https://mriqc.nimh.nih.gov/api/v1"
  },
  "size_t": 315,
  "size_x": 96,
  "size_y": 96,
  "size_z": 52,
  "snr": 4.789292566211398,
  "spacing_tr": 1.25,
  "spacing_x": 2.5,
  "spacing_y": 2.5,
  "spacing_z": 2.75,
  "summary_bg_k": 66.39987415752896,
  "summary_bg_mad": 49.972614899972356,
  "summary_bg_mean": 254.5173797607422,
  "summary_bg_median": 103.2417984008789,
  "summary_bg_n": 347394.0,
  "summary_bg_p05": 60.07365684509277,
  "summary_bg_p95": 968.1663604736316,
  "summary_bg_stdv": 499.8809509277344,
  "summary_fg_k": 3.659915431201453,
  "summary_fg_mad": 1302.109876939835,
  "summary_fg_mean": 7778.1669921875,
  "summary_fg_median": 7650.4912109375,
  "summary_fg_n": 67775.0,
  "summary_fg_p05": 5674.14931640625,
  "summary_fg_p95": 10355.5279296875,
  "summary_fg_stdv": 1597.4039306640625,
  "tsnr": 33.65914535522461
}