{
  "aor": 0.001895092024539877,
  "aqi": 0.009281967515337422,
  "bids_meta": {
    "AcquisitionMatrixPE": 96,
    "AcquisitionNumber": 1,
    "AcquisitionTime": "13:12:58.622500",
    "BandwidthPerPixelPhaseEncode": 15.783,
    "BaseResolution": 96,
    "BodyPartExamined": "BRAIN",
    "ConsistencyInfo": "N4_VD13A_LATEST_20120616",
    "ConversionSoftware": "dcm2niix",
    "ConversionSoftwareVersion": "v1.0.20201102",
    "DerivedVendorReportedEchoSpacing": 0.000659993,
    "DeviceSerialNumber": "45250",
    "DwellTime": 2.1e-06,
    "EchoTime": 0.04,
    "EchoTrainLength": 96,
    "EffectiveEchoSpacing": 0.000659993,
    "FlipAngle": 60,
    "ImageComments": "Unaliased MB4/PE3",
    "ImageOrientationPatientDICOM": [
      0.999868,
      -0.0160608,
      0.00234302,
      0.0162308,
      0.989395,
      -0.144337
    ],
    "ImageType": [
      "ORIGINAL",
      "PRIMARY",
      "M",
      "MB",
      "ND",
      "NORM",
      "MOSAIC"
    ],
    "ImagingFrequency": 123.22,
    "InPlanePhaseEncodingDirectionDICOM": "COL",
    "InstitutionAddress": "Kopernikusstr. 26,Graz,Graz,AT,8010",
    "InstitutionName": "KFU",
    "InstitutionalDepartmentName": "Department",
    "MRAcquisitionType": "2D",
    "MagneticFieldStrength": 3,
    "Manufacturer": "Siemens",
    "ManufacturersModelName": "Skyra",
    "Modality": "MR",
    "MultibandAccelerationFactor": 4,
    "PartialFourier": 1,
    "PatientPosition": "HFS",
    "PercentPhaseFOV": 100,
    "PercentSampling": 100,
    "PhaseEncodingDirection": "j-",
    "PhaseEncodingSteps": 96,
    "PhaseResolution": 1,
    "PixelBandwidth": 2480,
    "ProcedureStepDescription": "KFU^AllgemeinePsy",
    "ProtocolName": "MB4_2_5mm_20K_TR1250_4",
    "PulseSequenceDetails": "%CustomerSeq%\\cmrr_mbep2d_bold",
    "ReceiveCoilActiveElements": "HE1-4",
    "ReceiveCoilName": "HeadNeck_20",
    "ReconMatrixPE": 96,
    "RepetitionTime": 1.25,
    "SAR": 0.0623727,
    "ScanOptions": "FS",
    "ScanningSequence": "EP",
    "SequenceName": "epfid2d1_96",
    "SequenceVariant": "SK\\SS",
    "SeriesDescription": "MB4_2_5mm_20K_TR1250_4",
    "SeriesNumber": 8,
    "ShimSetting": [
      -1632,
      -3539,
      -4384,
      377,
      805,
      126,
      -349,
      -463
    ],
    "SliceThickness": 2.5,
    "SliceTiming": [
      0,
      0.6625,
      0.095,
      0.7575,
      0.19,
      0.8525,
      0.285,
      0.9475,
      0.38,
      1.0425,
      0.475,
      1.1375,
      0.5675,
      0,
      0.6625,
      0.095,
      0.7575,
      0.19,
      0.8525,
      0.285,
      0.9475,
      0.38,
      1.0425,
      0.475,
      1.1375,
      0.5675,
      0,
      0.6625,
      0.095,
      0.7575,
      0.19,
      0.8525,
      0.285,
      0.9475,
      0.38,
      1.0425,
      0.475,
      1.1375,
      0.5675,
      0,
      0.6625,
      0.095,
      0.7575,
      0.19,
      0.8525,
      0.285,
      0.9475,
      0.38,
      1.0425,
      0.475,
      1.1375,
      0.5675
    ],
    "SoftwareVersions": "syngo MR D13",
    "SpacingBetweenSlices": 2.75,
    "StationName": "FBMTMR1",
    "TaskName": "multar",
    "TotalReadoutTime": 0.0626993,
    "TxRefAmp": 373.991,
    "WipMemBlock": "ee95dfb0-5055-44a8-9532-145fc7d1c356||Sequence: vd13a/master r/c0cb646; Dec 14 2015 19:21:42 by eja",
    "acq_id": "mb",
    "dataset": "ds003470",
    "modality": "bold",
    "run_id": 4,
    "session_id": "1",
    "subject_id": "11",
    "task_id": "multar"
  },
  "dummy_trs": 0,
  "dvars_nstd": 33.99724690935386,
  "dvars_std": 1.160083784061538,
  "dvars_vstd": 1.0188500568615386,
  "efc": 0.4451083525086268,
  "fber": 6738.68603515625,
  "fd_mean": 0.20169751049530987,
  "fd_num": 149,
  "fd_perc": 45.70552147239264,
  "fwhm_avg": 2.0792421818181817,
  "fwhm_x": 2.004336,
  "fwhm_y": 2.394056,
  "fwhm_z": 1.8393345454545453,
  "gcor": 0.0229802,
  "gsr_x": -0.002626752248033881,
  "gsr_y": 0.030534211546182632,
  "provenance": {
    "md5sum": "0eaeb2c91d21e2f5c565d1b6f599e299",
    "settings": {
      "fd_thres": 0.2,
      "testing": false
    },
    "software": "mriqc",
    "version": "22.0.6",
    "webapi_port": null,
    "webapi_url": "https://mriqc.nimh.nih.gov/api/v1"
  },
  "size_t": 326,
  "size_x": 96,
  "size_y": 96,
  "size_z": 52,
  "snr": 4.6980319665922785,
  "spacing_tr": 1.25,
  "spacing_x": 2.5,
  "spacing_y": 2.5,
  "spacing_z": 2.75,
  "summary_bg_k": 56.278860399205435,
  "summary_bg_mad": 61.787225753618706,
  "summary_bg_mean": 290.2839660644531,
  "summary_bg_median": 110.65337371826172,
  "summary_bg_n": 338721.0,
  "summary_bg_p05": 56.739261627197266,
  "summary_bg_p95": 1215.51220703125,
  "summary_bg_stdv": 601.59619140625,
  "summary_fg_k": 4.488610904164092,
  "summary_fg_mad": 1661.244203005695,
  "summary_fg_mean": 9296.1171875,
  "summary_fg_median": 9127.38671875,
  "summary_fg_n": 75674.0,
  "summary_fg_p05": 6896.971948242188,
  "summary_fg_p95": 12234.684228515625,
  "summary_fg_stdv": 1942.7978515625,
  "tsnr": 48.688185294508
}