{
  "aor": 0.0008432228915662652,
  "aqi": 0.011718145903614459,
  "bids_meta": {
    "AcquisitionMatrixPE": 96,
    "AcquisitionNumber": 1,
    "AcquisitionTime": "12:54:7.312500",
    "BandwidthPerPixelPhaseEncode": 15.783,
    "BaseResolution": 96,
    "BodyPartExamined": "BRAIN",
    "ConsistencyInfo": "N4_VD13A_LATEST_20120616",
    "ConversionSoftware": "dcm2niix",
    "ConversionSoftwareVersion": "v1.0.20201102",
    "DerivedVendorReportedEchoSpacing": 0.000659993,
    "DeviceSerialNumber": "45250",
    "DwellTime": 2.1e-06,
    "EchoTime": 0.04,
    "EchoTrainLength": 96,
    "EffectiveEchoSpacing": 0.000659993,
    "FlipAngle": 60,
    "ImageComments": "Unaliased MB4/PE3",
    "ImageOrientationPatientDICOM": [
      0.999868,
      -0.0160608,
      0.00234302,
      0.0162308,
      0.989395,
      -0.144337
    ],
    "ImageType": [
      "ORIGINAL",
      "PRIMARY",
      "M",
      "MB",
      "ND",
      "NORM",
      "MOSAIC"
    ],
    "ImagingFrequency": 123.22,
    "InPlanePhaseEncodingDirectionDICOM": "COL",
    "InstitutionAddress": "Kopernikusstr. 26,Graz,Graz,AT,8010",
    "InstitutionName": "KFU",
    "InstitutionalDepartmentName": "Department",
    "MRAcquisitionType": "2D",
    "MagneticFieldStrength": 3,
    "Manufacturer": "Siemens",
    "ManufacturersModelName": "Skyra",
    "Modality": "MR",
    "MultibandAccelerationFactor": 4,
    "PartialFourier": 1,
    "PatientPosition": "HFS",
    "PercentPhaseFOV": 100,
    "PercentSampling": 100,
    "PhaseEncodingDirection": "j-",
    "PhaseEncodingSteps": 96,
    "PhaseResolution": 1,
    "PixelBandwidth": 2480,
    "ProcedureStepDescription": "KFU^AllgemeinePsy",
    "ProtocolName": "MB4_2_5mm_20K_TR1250_2",
    "PulseSequenceDetails": "%CustomerSeq%\\cmrr_mbep2d_bold",
    "ReceiveCoilActiveElements": "HE1-4",
    "ReceiveCoilName": "HeadNeck_20",
    "ReconMatrixPE": 96,
    "RepetitionTime": 1.25,
    "SAR": 0.0623727,
    "ScanOptions": "FS",
    "ScanningSequence": "EP",
    "SequenceName": "epfid2d1_96",
    "SequenceVariant": "SK\\SS",
    "SeriesDescription": "MB4_2_5mm_20K_TR1250_2",
    "SeriesNumber": 6,
    "ShimSetting": [
      -1632,
      -3539,
      -4384,
      377,
      805,
      126,
      -349,
      -463
    ],
    "SliceThickness": 2.5,
    "SliceTiming": [
      0,
      0.6625,
      0.095,
      0.7575,
      0.19,
      0.8525,
      0.285,
      0.945,
      0.3775,
      1.04,
      0.4725,
      1.135,
      0.5675,
      0,
      0.6625,
      0.095,
      0.7575,
      0.19,
      0.8525,
      0.285,
      0.945,
      0.3775,
      1.04,
      0.4725,
      1.135,
      0.5675,
      0,
      0.6625,
      0.095,
      0.7575,
      0.19,
      0.8525,
      0.285,
      0.945,
      0.3775,
      1.04,
      0.4725,
      1.135,
      0.5675,
      0,
      0.6625,
      0.095,
      0.7575,
      0.19,
      0.8525,
      0.285,
      0.945,
      0.3775,
      1.04,
      0.4725,
      1.135,
      0.5675
    ],
    "SoftwareVersions": "syngo MR D13",
    "SpacingBetweenSlices": 2.75,
    "StationName": "FBMTMR1",
    "TaskName": "multar",
    "TotalReadoutTime": 0.0626993,
    "TxRefAmp": 373.991,
    "WipMemBlock": "e855c2c3-c093-4624-b678-3035d3e2a500||Sequence: vd13a/master r/c0cb646; Dec 14 2015 19:21:42 by eja",
    "acq_id": "mb",
    "dataset": "ds003470",
    "modality": "bold",
    "run_id": 2,
    "session_id": "1",
    "subject_id": "11",
    "task_id": "multar"
  },
  "dummy_trs": 0,
  "dvars_nstd": 34.28398181274924,
  "dvars_std": 1.1403716351057407,
  "dvars_vstd": 0.9935390688821757,
  "efc": 0.4450279770677701,
  "fber": 6786.48388671875,
  "fd_mean": 0.1907763535017615,
  "fd_num": 139,
  "fd_perc": 41.86746987951807,
  "fwhm_avg": 2.100654181818182,
  "fwhm_x": 2.015812,
  "fwhm_y": 2.414336,
  "fwhm_z": 1.8718145454545456,
  "gcor": 0.0153886,
  "gsr_x": -0.002837454667314887,
  "gsr_y": 0.029332883656024933,
  "provenance": {
    "md5sum": "412b75209f46e663e532782a695367c5",
    "settings": {
      "fd_thres": 0.2,
      "testing": false
    },
    "software": "mriqc",
    "version": "22.0.6",
    "webapi_port": null,
    "webapi_url": "https://mriqc.nimh.nih.gov/api/v1"
  },
  "size_t": 332,
  "size_x": 96,
  "size_y": 96,
  "size_z": 52,
  "snr": 4.739198822697476,
  "spacing_tr": 1.25,
  "spacing_x": 2.5,
  "spacing_y": 2.5,
  "spacing_z": 2.75,
  "summary_bg_k": 53.52713284311279,
  "summary_bg_mad": 61.62177453100761,
  "summary_bg_mean": 290.9734802246094,
  "summary_bg_median": 110.97891235351562,
  "summary_bg_n": 338717.0,
  "summary_bg_p05": 57.3433723449707,
  "summary_bg_p95": 1207.656616210938,
  "summary_bg_stdv": 607.0149536132812,
  "summary_fg_k": 4.406314682740706,
  "summary_fg_mad": 1675.6373169257772,
  "summary_fg_mean": 9340.4765625,
  "summary_fg_median": 9178.6982421875,
  "summary_fg_n": 75598.0,
  "summary_fg_p05": 6939.651538085937,
  "summary_fg_p95": 12292.98525390625,
  "summary_fg_stdv": 1936.748779296875,
  "tsnr": 45.665046100504696
}