{
  "aor": 0.00039172077922077923,
  "aqi": 0.010490759967532466,
  "bids_meta": {
    "AcquisitionMatrixPE": 96,
    "AcquisitionNumber": 1,
    "AcquisitionTime": "13:29:46.695000",
    "BandwidthPerPixelPhaseEncode": 15.783,
    "BaseResolution": 96,
    "BodyPartExamined": "BRAIN",
    "ConsistencyInfo": "N4_VD13A_LATEST_20120616",
    "ConversionSoftware": "dcm2niix",
    "ConversionSoftwareVersion": "v1.0.20201102",
    "DerivedVendorReportedEchoSpacing": 0.000659993,
    "DeviceSerialNumber": "45250",
    "DwellTime": 2.1e-06,
    "EchoTime": 0.04,
    "EchoTrainLength": 96,
    "EffectiveEchoSpacing": 0.000659993,
    "FlipAngle": 60,
    "ImageComments": "Unaliased MB4/PE3",
    "ImageOrientationPatientDICOM": [
      0.999868,
      -0.0160608,
      0.00234302,
      0.0162308,
      0.989395,
      -0.144337
    ],
    "ImageType": [
      "ORIGINAL",
      "PRIMARY",
      "M",
      "MB",
      "ND",
      "NORM",
      "MOSAIC"
    ],
    "ImagingFrequency": 123.22,
    "InPlanePhaseEncodingDirectionDICOM": "COL",
    "InstitutionAddress": "Kopernikusstr. 26,Graz,Graz,AT,8010",
    "InstitutionName": "KFU",
    "InstitutionalDepartmentName": "Department",
    "MRAcquisitionType": "2D",
    "MagneticFieldStrength": 3,
    "Manufacturer": "Siemens",
    "ManufacturersModelName": "Skyra",
    "Modality": "MR",
    "MultibandAccelerationFactor": 4,
    "PartialFourier": 1,
    "PatientPosition": "HFS",
    "PercentPhaseFOV": 100,
    "PercentSampling": 100,
    "PhaseEncodingDirection": "j-",
    "PhaseEncodingSteps": 96,
    "PhaseResolution": 1,
    "PixelBandwidth": 2480,
    "ProcedureStepDescription": "KFU^AllgemeinePsy",
    "ProtocolName": "MB4_2_5mm_20K_TR1250_6",
    "PulseSequenceDetails": "%CustomerSeq%\\cmrr_mbep2d_bold",
    "ReceiveCoilActiveElements": "HE1-4",
    "ReceiveCoilName": "HeadNeck_20",
    "ReconMatrixPE": 96,
    "RepetitionTime": 1.25,
    "SAR": 0.0623727,
    "ScanOptions": "FS",
    "ScanningSequence": "EP",
    "SequenceName": "epfid2d1_96",
    "SequenceVariant": "SK\\SS",
    "SeriesDescription": "MB4_2_5mm_20K_TR1250_6",
    "SeriesNumber": 10,
    "ShimSetting": [
      -1632,
      -3539,
      -4384,
      377,
      805,
      126,
      -349,
      -463
    ],
    "SliceThickness": 2.5,
    "SliceTiming": [
      0,
      0.6625,
      0.095,
      0.7575,
      0.19,
      0.8525,
      0.285,
      0.9475,
      0.38,
      1.0425,
      0.475,
      1.1375,
      0.5675,
      0,
      0.6625,
      0.095,
      0.7575,
      0.19,
      0.8525,
      0.285,
      0.9475,
      0.38,
      1.0425,
      0.475,
      1.1375,
      0.5675,
      0,
      0.6625,
      0.095,
      0.7575,
      0.19,
      0.8525,
      0.285,
      0.9475,
      0.38,
      1.0425,
      0.475,
      1.1375,
      0.5675,
      0,
      0.6625,
      0.095,
      0.7575,
      0.19,
      0.8525,
      0.285,
      0.9475,
      0.38,
      1.0425,
      0.475,
      1.1375,
      0.5675
    ],
    "SoftwareVersions": "syngo MR D13",
    "SpacingBetweenSlices": 2.75,
    "StationName": "FBMTMR1",
    "TaskName": "multar",
    "TotalReadoutTime": 0.0626993,
    "TxRefAmp": 373.991,
    "WipMemBlock": "24388a50-cee7-4dc0-84d5-3c6db2bc2326||Sequence: vd13a/master r/c0cb646; Dec 14 2015 19:21:42 by eja",
    "acq_id": "mb",
    "dataset": "ds003470",
    "modality": "bold",
    "run_id": 6,
    "session_id": "1",
    "subject_id": "11",
    "task_id": "multar"
  },
  "dummy_trs": 0,
  "dvars_nstd": 33.16210605110747,
  "dvars_std": 1.117876144657981,
  "dvars_vstd": 0.9876527360586321,
  "efc": 0.444678164598909,
  "fber": 6673.14111328125,
  "fd_mean": 0.19232646269947198,
  "fd_num": 134,
  "fd_perc": 43.506493506493506,
  "fwhm_avg": 2.079033696969697,
  "fwhm_x": 2.001188,
  "fwhm_y": 2.396124,
  "fwhm_z": 1.839789090909091,
  "gcor": 0.0157645,
  "gsr_x": -0.002306057373061776,
  "gsr_y": 0.03192213922739029,
  "provenance": {
    "md5sum": "f421db2c07826cd82cd491c82eb02c41",
    "settings": {
      "fd_thres": 0.2,
      "testing": false
    },
    "software": "mriqc",
    "version": "22.0.6",
    "webapi_port": null,
    "webapi_url": "https://mriqc.nimh.nih.gov/api/v1"
  },
  "size_t": 308,
  "size_x": 96,
  "size_y": 96,
  "size_z": 52,
  "snr": 4.712552598520104,
  "spacing_tr": 1.25,
  "spacing_x": 2.5,
  "spacing_y": 2.5,
  "spacing_z": 2.75,
  "summary_bg_k": 56.21485136376857,
  "summary_bg_mad": 61.36433935117539,
  "summary_bg_mean": 289.8008117675781,
  "summary_bg_median": 111.08441925048828,
  "summary_bg_n": 339119.0,
  "summary_bg_p05": 57.60389709472656,
  "summary_bg_p95": 1212.8110717773432,
  "summary_bg_stdv": 602.7947387695312,
  "summary_fg_k": 4.411271260604533,
  "summary_fg_mad": 1653.6212531224605,
  "summary_fg_mean": 9293.6259765625,
  "summary_fg_median": 9113.142578125,
  "summary_fg_n": 75338.0,
  "summary_fg_p05": 6910.76123046875,
  "summary_fg_p95": 12255.664111328124,
  "summary_fg_stdv": 1933.7889404296875,
  "tsnr": 47.934650365263224
}