{
  "aor": 0.00040434920634920636,
  "aqi": 0.008931582984126983,
  "bids_meta": {
    "AcquisitionMatrixPE": 96,
    "AcquisitionNumber": 1,
    "AcquisitionTime": "13:21:11.052500",
    "BandwidthPerPixelPhaseEncode": 15.783,
    "BaseResolution": 96,
    "BodyPartExamined": "BRAIN",
    "ConsistencyInfo": "N4_VD13A_LATEST_20120616",
    "ConversionSoftware": "dcm2niix",
    "ConversionSoftwareVersion": "v1.0.20201102",
    "DerivedVendorReportedEchoSpacing": 0.000659993,
    "DeviceSerialNumber": "45250",
    "DwellTime": 2.1e-06,
    "EchoTime": 0.04,
    "EchoTrainLength": 96,
    "EffectiveEchoSpacing": 0.000659993,
    "FlipAngle": 60,
    "ImageComments": "Unaliased MB4/PE3",
    "ImageOrientationPatientDICOM": [
      0.999868,
      -0.0160608,
      0.00234302,
      0.0162308,
      0.989395,
      -0.144337
    ],
    "ImageType": [
      "ORIGINAL",
      "PRIMARY",
      "M",
      "MB",
      "ND",
      "NORM",
      "MOSAIC"
    ],
    "ImagingFrequency": 123.22,
    "InPlanePhaseEncodingDirectionDICOM": "COL",
    "InstitutionAddress": "Kopernikusstr. 26,Graz,Graz,AT,8010",
    "InstitutionName": "KFU",
    "InstitutionalDepartmentName": "Department",
    "MRAcquisitionType": "2D",
    "MagneticFieldStrength": 3,
    "Manufacturer": "Siemens",
    "ManufacturersModelName": "Skyra",
    "Modality": "MR",
    "MultibandAccelerationFactor": 4,
    "PartialFourier": 1,
    "PatientPosition": "HFS",
    "PercentPhaseFOV": 100,
    "PercentSampling": 100,
    "PhaseEncodingDirection": "j-",
    "PhaseEncodingSteps": 96,
    "PhaseResolution": 1,
    "PixelBandwidth": 2480,
    "ProcedureStepDescription": "KFU^AllgemeinePsy",
    "ProtocolName": "MB4_2_5mm_20K_TR1250_5",
    "PulseSequenceDetails": "%CustomerSeq%\\cmrr_mbep2d_bold",
    "ReceiveCoilActiveElements": "HE1-4",
    "ReceiveCoilName": "HeadNeck_20",
    "ReconMatrixPE": 96,
    "RepetitionTime": 1.25,
    "SAR": 0.0623727,
    "ScanOptions": "FS",
    "ScanningSequence": "EP",
    "SequenceName": "epfid2d1_96",
    "SequenceVariant": "SK\\SS",
    "SeriesDescription": "MB4_2_5mm_20K_TR1250_5",
    "SeriesNumber": 9,
    "ShimSetting": [
      -1632,
      -3539,
      -4384,
      377,
      805,
      126,
      -349,
      -463
    ],
    "SliceThickness": 2.5,
    "SliceTiming": [
      0,
      0.6625,
      0.095,
      0.755,
      0.1875,
      0.85,
      0.2825,
      0.945,
      0.3775,
      1.04,
      0.4725,
      1.135,
      0.5675,
      0,
      0.6625,
      0.095,
      0.755,
      0.1875,
      0.85,
      0.2825,
      0.945,
      0.3775,
      1.04,
      0.4725,
      1.135,
      0.5675,
      0,
      0.6625,
      0.095,
      0.755,
      0.1875,
      0.85,
      0.2825,
      0.945,
      0.3775,
      1.04,
      0.4725,
      1.135,
      0.5675,
      0,
      0.6625,
      0.095,
      0.755,
      0.1875,
      0.85,
      0.2825,
      0.945,
      0.3775,
      1.04,
      0.4725,
      1.135,
      0.5675
    ],
    "SoftwareVersions": "syngo MR D13",
    "SpacingBetweenSlices": 2.75,
    "StationName": "FBMTMR1",
    "TaskName": "multar",
    "TotalReadoutTime": 0.0626993,
    "TxRefAmp": 373.991,
    "WipMemBlock": "cfab700c-08e8-4467-92d2-50669427a21e||Sequence: vd13a/master r/c0cb646; Dec 14 2015 19:21:42 by eja",
    "acq_id": "mb",
    "dataset": "ds003470",
    "modality": "bold",
    "run_id": 5,
    "session_id": "1",
    "subject_id": "11",
    "task_id": "multar"
  },
  "dummy_trs": 0,
  "dvars_nstd": 33.97913819235666,
  "dvars_std": 1.14759325977707,
  "dvars_vstd": 0.9998846380254786,
  "efc": 0.4454988245430068,
  "fber": 6585.11376953125,
  "fd_mean": 0.18881474577659552,
  "fd_num": 138,
  "fd_perc": 43.80952380952381,
  "fwhm_avg": 2.0745709090909092,
  "fwhm_x": 2.001236,
  "fwhm_y": 2.386084,
  "fwhm_z": 1.8363927272727274,
  "gcor": 0.0217283,
  "gsr_x": -0.0021601025946438313,
  "gsr_y": 0.031128758564591408,
  "provenance": {
    "md5sum": "7c319cbc951b09760b4bcaac8c18043a",
    "settings": {
      "fd_thres": 0.2,
      "testing": false
    },
    "software": "mriqc",
    "version": "22.0.6",
    "webapi_port": null,
    "webapi_url": "https://mriqc.nimh.nih.gov/api/v1"
  },
  "size_t": 315,
  "size_x": 96,
  "size_y": 96,
  "size_z": 52,
  "snr": 4.698768102859093,
  "spacing_tr": 1.25,
  "spacing_x": 2.5,
  "spacing_y": 2.5,
  "spacing_z": 2.75,
  "summary_bg_k": 55.092797890388276,
  "summary_bg_mad": 61.36325346087863,
  "summary_bg_mean": 292.1863708496094,
  "summary_bg_median": 111.75238037109375,
  "summary_bg_n": 338784.0,
  "summary_bg_p05": 57.866668701171875,
  "summary_bg_p95": 1218.774798583979,
  "summary_bg_stdv": 608.7161254882812,
  "summary_fg_k": 4.504339428524163,
  "summary_fg_mad": 1653.1883448574868,
  "summary_fg_mean": 9281.283203125,
  "summary_fg_median": 9111.30078125,
  "summary_fg_n": 75682.0,
  "summary_fg_p05": 6902.575024414063,
  "summary_fg_p95": 12219.885888671874,
  "summary_fg_stdv": 1939.070068359375,
  "tsnr": 50.25907640811056
}