{
  "aor": 0.0038370760233918124,
  "aqi": 0.025971273391812863,
  "bids_meta": {
    "AcquisitionMatrixPE": 96,
    "AcquisitionNumber": 1,
    "AcquisitionTime": "11:22:30.465000",
    "BandwidthPerPixelPhaseEncode": 15.783,
    "BaseResolution": 96,
    "BodyPartExamined": "BRAIN",
    "ConsistencyInfo": "N4_VD13A_LATEST_20120616",
    "ConversionSoftware": "dcm2niix",
    "ConversionSoftwareVersion": "v1.0.20201102",
    "DerivedVendorReportedEchoSpacing": 0.000659993,
    "DeviceSerialNumber": "45250",
    "DwellTime": 2.1e-06,
    "EchoTime": 0.04,
    "EchoTrainLength": 96,
    "EffectiveEchoSpacing": 0.000659993,
    "FlipAngle": 60,
    "ImageComments": "Unaliased MB4/PE3",
    "ImageOrientationPatientDICOM": [
      0.997054,
      -0.0251198,
      -0.072476,
      0.0161851,
      0.99248,
      -0.121329
    ],
    "ImageType": [
      "ORIGINAL",
      "PRIMARY",
      "M",
      "MB",
      "ND",
      "NORM",
      "MOSAIC"
    ],
    "ImagingFrequency": 123.22,
    "InPlanePhaseEncodingDirectionDICOM": "COL",
    "InstitutionAddress": "Kopernikusstr. 26,Graz,Graz,AT,8010",
    "InstitutionName": "KFU",
    "InstitutionalDepartmentName": "Department",
    "MRAcquisitionType": "2D",
    "MagneticFieldStrength": 3,
    "Manufacturer": "Siemens",
    "ManufacturersModelName": "Skyra",
    "Modality": "MR",
    "MultibandAccelerationFactor": 4,
    "PartialFourier": 1,
    "PatientPosition": "HFS",
    "PercentPhaseFOV": 100,
    "PercentSampling": 100,
    "PhaseEncodingDirection": "j-",
    "PhaseEncodingSteps": 96,
    "PhaseResolution": 1,
    "PixelBandwidth": 2480,
    "ProcedureStepDescription": "KFU^AllgemeinePsy",
    "ProtocolName": "MB4_2_5mm_20K_TR1250_2",
    "PulseSequenceDetails": "%CustomerSeq%\\cmrr_mbep2d_bold",
    "ReceiveCoilActiveElements": "HE1-4",
    "ReceiveCoilName": "HeadNeck_20",
    "ReconMatrixPE": 96,
    "RepetitionTime": 1.25,
    "SAR": 0.0706914,
    "ScanOptions": "FS",
    "ScanningSequence": "EP",
    "SequenceName": "epfid2d1_96",
    "SequenceVariant": "SK\\SS",
    "SeriesDescription": "MB4_2_5mm_20K_TR1250_2",
    "SeriesNumber": 6,
    "ShimSetting": [
      -1690,
      -3655,
      -4407,
      279,
      533,
      292,
      365,
      -336
    ],
    "SliceThickness": 2.5,
    "SliceTiming": [
      0,
      0.6625,
      0.095,
      0.7575,
      0.19,
      0.8525,
      0.285,
      0.9475,
      0.38,
      1.0425,
      0.475,
      1.135,
      0.5675,
      0,
      0.6625,
      0.095,
      0.7575,
      0.19,
      0.8525,
      0.285,
      0.9475,
      0.38,
      1.0425,
      0.475,
      1.135,
      0.5675,
      0,
      0.6625,
      0.095,
      0.7575,
      0.19,
      0.8525,
      0.285,
      0.9475,
      0.38,
      1.0425,
      0.475,
      1.135,
      0.5675,
      0,
      0.6625,
      0.095,
      0.7575,
      0.19,
      0.8525,
      0.285,
      0.9475,
      0.38,
      1.0425,
      0.475,
      1.135,
      0.5675
    ],
    "SoftwareVersions": "syngo MR D13",
    "SpacingBetweenSlices": 2.75,
    "StationName": "FBMTMR1",
    "TaskName": "multar",
    "TotalReadoutTime": 0.0626993,
    "TxRefAmp": 346.878,
    "WipMemBlock": "49d8c8e3-38ff-4857-b759-db61cef0c735||Sequence: vd13a/master r/bd40f27; Jul 20 2016 19:26:27 by eja",
    "acq_id": "mb",
    "dataset": "ds003470",
    "modality": "bold",
    "run_id": 2,
    "session_id": "1",
    "subject_id": "17",
    "task_id": "multar"
  },
  "dummy_trs": 1,
  "dvars_nstd": 41.683198771994135,
  "dvars_std": 1.1571314388856306,
  "dvars_vstd": 0.9638486035777125,
  "efc": 0.404366065804683,
  "fber": 8381.603515625,
  "fd_mean": 0.29464107450462435,
  "fd_num": 197,
  "fd_perc": 57.60233918128655,
  "fwhm_avg": 1.985213212121212,
  "fwhm_x": 1.877992,
  "fwhm_y": 2.231484,
  "fwhm_z": 1.8461636363636365,
  "gcor": 0.00848542,
  "gsr_x": -0.01394299790263176,
  "gsr_y": 0.023949481546878815,
  "provenance": {
    "md5sum": "5f607cab429522d76b6572baf6f84bc8",
    "settings": {
      "fd_thres": 0.2,
      "testing": false
    },
    "software": "mriqc",
    "version": "22.0.6",
    "webapi_port": null,
    "webapi_url": "https://mriqc.nimh.nih.gov/api/v1"
  },
  "size_t": 342,
  "size_x": 96,
  "size_y": 96,
  "size_z": 52,
  "snr": 4.868106182699891,
  "spacing_tr": 1.25,
  "spacing_x": 2.5,
  "spacing_y": 2.5,
  "spacing_z": 2.75,
  "summary_bg_k": 75.43142751414389,
  "summary_bg_mad": 47.234927102846264,
  "summary_bg_mean": 213.1392059326172,
  "summary_bg_median": 96.05326080322266,
  "summary_bg_n": 352974.0,
  "summary_bg_p05": 52.06383075714111,
  "summary_bg_p95": 703.0379089355464,
  "summary_bg_stdv": 471.1195068359375,
  "summary_fg_k": 5.054458186505563,
  "summary_fg_mad": 1347.5485944442007,
  "summary_fg_mean": 9020.3349609375,
  "summary_fg_median": 8832.490234375,
  "summary_fg_n": 62709.0,
  "summary_fg_p05": 6782.42998046875,
  "summary_fg_p95": 11900.22578125,
  "summary_fg_stdv": 1814.3441162109375,
  "tsnr": 35.19581604003906
}