{
  "aor": 0.004595611940298508,
  "aqi": 0.013798824298507463,
  "bids_meta": {
    "AcquisitionMatrixPE": 96,
    "AcquisitionNumber": 1,
    "AcquisitionTime": "11:41:42.795000",
    "BandwidthPerPixelPhaseEncode": 15.783,
    "BaseResolution": 96,
    "BodyPartExamined": "BRAIN",
    "ConsistencyInfo": "N4_VD13A_LATEST_20120616",
    "ConversionSoftware": "dcm2niix",
    "ConversionSoftwareVersion": "v1.0.20201102",
    "DerivedVendorReportedEchoSpacing": 0.000659993,
    "DeviceSerialNumber": "45250",
    "DwellTime": 2.1e-06,
    "EchoTime": 0.04,
    "EchoTrainLength": 96,
    "EffectiveEchoSpacing": 0.000659993,
    "FlipAngle": 60,
    "ImageComments": "Unaliased MB4/PE3",
    "ImageOrientationPatientDICOM": [
      0.997054,
      -0.0251198,
      -0.072476,
      0.0161851,
      0.99248,
      -0.121329
    ],
    "ImageType": [
      "ORIGINAL",
      "PRIMARY",
      "M",
      "MB",
      "ND",
      "NORM",
      "MOSAIC"
    ],
    "ImagingFrequency": 123.22,
    "InPlanePhaseEncodingDirectionDICOM": "COL",
    "InstitutionAddress": "Kopernikusstr. 26,Graz,Graz,AT,8010",
    "InstitutionName": "KFU",
    "InstitutionalDepartmentName": "Department",
    "MRAcquisitionType": "2D",
    "MagneticFieldStrength": 3,
    "Manufacturer": "Siemens",
    "ManufacturersModelName": "Skyra",
    "Modality": "MR",
    "MultibandAccelerationFactor": 4,
    "PartialFourier": 1,
    "PatientPosition": "HFS",
    "PercentPhaseFOV": 100,
    "PercentSampling": 100,
    "PhaseEncodingDirection": "j-",
    "PhaseEncodingSteps": 96,
    "PhaseResolution": 1,
    "PixelBandwidth": 2480,
    "ProcedureStepDescription": "KFU^AllgemeinePsy",
    "ProtocolName": "MB4_2_5mm_20K_TR1250_4",
    "PulseSequenceDetails": "%CustomerSeq%\\cmrr_mbep2d_bold",
    "ReceiveCoilActiveElements": "HE1-4",
    "ReceiveCoilName": "HeadNeck_20",
    "ReconMatrixPE": 96,
    "RepetitionTime": 1.25,
    "SAR": 0.0706914,
    "ScanOptions": "FS",
    "ScanningSequence": "EP",
    "SequenceName": "epfid2d1_96",
    "SequenceVariant": "SK\\SS",
    "SeriesDescription": "MB4_2_5mm_20K_TR1250_4",
    "SeriesNumber": 8,
    "ShimSetting": [
      -1690,
      -3655,
      -4407,
      279,
      533,
      292,
      365,
      -336
    ],
    "SliceThickness": 2.5,
    "SliceTiming": [
      0,
      0.6625,
      0.095,
      0.7575,
      0.19,
      0.8525,
      0.285,
      0.9475,
      0.38,
      1.04,
      0.4725,
      1.135,
      0.5675,
      0,
      0.6625,
      0.095,
      0.7575,
      0.19,
      0.8525,
      0.285,
      0.9475,
      0.38,
      1.04,
      0.4725,
      1.135,
      0.5675,
      0,
      0.6625,
      0.095,
      0.7575,
      0.19,
      0.8525,
      0.285,
      0.9475,
      0.38,
      1.04,
      0.4725,
      1.135,
      0.5675,
      0,
      0.6625,
      0.095,
      0.7575,
      0.19,
      0.8525,
      0.285,
      0.9475,
      0.38,
      1.04,
      0.4725,
      1.135,
      0.5675
    ],
    "SoftwareVersions": "syngo MR D13",
    "SpacingBetweenSlices": 2.75,
    "StationName": "FBMTMR1",
    "TaskName": "multar",
    "TotalReadoutTime": 0.0626993,
    "TxRefAmp": 346.878,
    "WipMemBlock": "b4558976-b0bf-4a06-b652-85f18b155ecd||Sequence: vd13a/master r/bd40f27; Jul 20 2016 19:26:27 by eja",
    "acq_id": "mb",
    "dataset": "ds003470",
    "modality": "bold",
    "run_id": 4,
    "session_id": "1",
    "subject_id": "17",
    "task_id": "multar"
  },
  "dummy_trs": 1,
  "dvars_nstd": 41.74498386715565,
  "dvars_std": 1.2928011353592808,
  "dvars_vstd": 1.0443345761377245,
  "efc": 0.40411423533920104,
  "fber": 8511.046875,
  "fd_mean": 0.27907363148780706,
  "fd_num": 198,
  "fd_perc": 59.1044776119403,
  "fwhm_avg": 1.9528176969696973,
  "fwhm_x": 1.856964,
  "fwhm_y": 2.1895800000000003,
  "fwhm_z": 1.811909090909091,
  "gcor": 0.0112565,
  "gsr_x": -0.01358791720122099,
  "gsr_y": 0.025037448853254318,
  "provenance": {
    "md5sum": "affed19ed4e72f28d37f40e3e5adbeae",
    "settings": {
      "fd_thres": 0.2,
      "testing": false
    },
    "software": "mriqc",
    "version": "22.0.6",
    "webapi_port": null,
    "webapi_url": "https://mriqc.nimh.nih.gov/api/v1"
  },
  "size_t": 335,
  "size_x": 96,
  "size_y": 96,
  "size_z": 52,
  "snr": 4.903079941919247,
  "spacing_tr": 1.25,
  "spacing_x": 2.5,
  "spacing_y": 2.5,
  "spacing_z": 2.75,
  "summary_bg_k": 75.84749151140554,
  "summary_bg_mad": 46.23904127579023,
  "summary_bg_mean": 211.74844360351562,
  "summary_bg_median": 95.46698760986328,
  "summary_bg_n": 353006.0,
  "summary_bg_p05": 52.461971282958984,
  "summary_bg_p95": 696.0047760009766,
  "summary_bg_stdv": 469.6349792480469,
  "summary_fg_k": 5.117111780359673,
  "summary_fg_mad": 1335.621899351486,
  "summary_fg_mean": 9013.5546875,
  "summary_fg_median": 8839.9541015625,
  "summary_fg_n": 62915.0,
  "summary_fg_p05": 6766.226611328125,
  "summary_fg_p95": 11875.25234375,
  "summary_fg_stdv": 1802.9246826171875,
  "tsnr": 43.540626525878906
}