{
  "aor": 0.0022973394495412846,
  "aqi": 0.013758601162079512,
  "bids_meta": {
    "AcquisitionMatrixPE": 96,
    "AcquisitionNumber": 1,
    "AcquisitionTime": "11:14:23.667500",
    "BandwidthPerPixelPhaseEncode": 15.783,
    "BaseResolution": 96,
    "BodyPartExamined": "BRAIN",
    "ConsistencyInfo": "N4_VD13A_LATEST_20120616",
    "ConversionSoftware": "dcm2niix",
    "ConversionSoftwareVersion": "v1.0.20201102",
    "DerivedVendorReportedEchoSpacing": 0.000659993,
    "DeviceSerialNumber": "45250",
    "DwellTime": 2.1e-06,
    "EchoTime": 0.04,
    "EchoTrainLength": 96,
    "EffectiveEchoSpacing": 0.000659993,
    "FlipAngle": 60,
    "ImageComments": "Unaliased MB4/PE3",
    "ImageOrientationPatientDICOM": [
      0.997054,
      -0.0251198,
      -0.072476,
      0.0161851,
      0.99248,
      -0.121329
    ],
    "ImageType": [
      "ORIGINAL",
      "PRIMARY",
      "M",
      "MB",
      "ND",
      "NORM",
      "MOSAIC"
    ],
    "ImagingFrequency": 123.22,
    "InPlanePhaseEncodingDirectionDICOM": "COL",
    "InstitutionAddress": "Kopernikusstr. 26,Graz,Graz,AT,8010",
    "InstitutionName": "KFU",
    "InstitutionalDepartmentName": "Department",
    "MRAcquisitionType": "2D",
    "MagneticFieldStrength": 3,
    "Manufacturer": "Siemens",
    "ManufacturersModelName": "Skyra",
    "Modality": "MR",
    "MultibandAccelerationFactor": 4,
    "PartialFourier": 1,
    "PatientPosition": "HFS",
    "PercentPhaseFOV": 100,
    "PercentSampling": 100,
    "PhaseEncodingDirection": "j-",
    "PhaseEncodingSteps": 96,
    "PhaseResolution": 1,
    "PixelBandwidth": 2480,
    "ProcedureStepDescription": "KFU^AllgemeinePsy",
    "ProtocolName": "MB4_2_5mm_20K_TR1250_1",
    "PulseSequenceDetails": "%CustomerSeq%\\cmrr_mbep2d_bold",
    "ReceiveCoilActiveElements": "HE1-4",
    "ReceiveCoilName": "HeadNeck_20",
    "ReconMatrixPE": 96,
    "RepetitionTime": 1.25,
    "SAR": 0.0706914,
    "ScanOptions": "FS",
    "ScanningSequence": "EP",
    "SequenceName": "epfid2d1_96",
    "SequenceVariant": "SK\\SS",
    "SeriesDescription": "MB4_2_5mm_20K_TR1250_1",
    "SeriesNumber": 5,
    "ShimSetting": [
      -1690,
      -3655,
      -4407,
      279,
      533,
      292,
      365,
      -336
    ],
    "SliceThickness": 2.5,
    "SliceTiming": [
      0,
      0.6625,
      0.095,
      0.7575,
      0.19,
      0.8525,
      0.285,
      0.9475,
      0.38,
      1.0425,
      0.475,
      1.135,
      0.5675,
      0,
      0.6625,
      0.095,
      0.7575,
      0.19,
      0.8525,
      0.285,
      0.9475,
      0.38,
      1.0425,
      0.475,
      1.135,
      0.5675,
      0,
      0.6625,
      0.095,
      0.7575,
      0.19,
      0.8525,
      0.285,
      0.9475,
      0.38,
      1.0425,
      0.475,
      1.135,
      0.5675,
      0,
      0.6625,
      0.095,
      0.7575,
      0.19,
      0.8525,
      0.285,
      0.9475,
      0.38,
      1.0425,
      0.475,
      1.135,
      0.5675
    ],
    "SoftwareVersions": "syngo MR D13",
    "SpacingBetweenSlices": 2.75,
    "StationName": "FBMTMR1",
    "TaskName": "multar",
    "TotalReadoutTime": 0.0626993,
    "TxRefAmp": 346.878,
    "WipMemBlock": "9376f371-e304-4c52-923c-c14fa39fb1ab||Sequence: vd13a/master r/bd40f27; Jul 20 2016 19:26:27 by eja",
    "acq_id": "mb",
    "dataset": "ds003470",
    "modality": "bold",
    "run_id": 1,
    "session_id": "1",
    "subject_id": "17",
    "task_id": "multar"
  },
  "dummy_trs": 1,
  "dvars_nstd": 39.834903167055195,
  "dvars_std": 1.2445122570245397,
  "dvars_vstd": 1.001233161503067,
  "efc": 0.40378963287946473,
  "fber": 8399.091796875,
  "fd_mean": 0.23089262412584977,
  "fd_num": 147,
  "fd_perc": 44.95412844036697,
  "fwhm_avg": 1.9471349090909091,
  "fwhm_x": 1.8468319999999998,
  "fwhm_y": 2.18318,
  "fwhm_z": 1.8113927272727273,
  "gcor": 0.0104855,
  "gsr_x": -0.01380845531821251,
  "gsr_y": 0.02374844439327717,
  "provenance": {
    "md5sum": "542503c4ea9501fc9c56f8a532637062",
    "settings": {
      "fd_thres": 0.2,
      "testing": false
    },
    "software": "mriqc",
    "version": "22.0.6",
    "webapi_port": null,
    "webapi_url": "https://mriqc.nimh.nih.gov/api/v1"
  },
  "size_t": 327,
  "size_x": 96,
  "size_y": 96,
  "size_z": 52,
  "snr": 4.832282445248854,
  "spacing_tr": 1.25,
  "spacing_x": 2.5,
  "spacing_y": 2.5,
  "spacing_z": 2.75,
  "summary_bg_k": 77.0315714164704,
  "summary_bg_mad": 46.587097394294005,
  "summary_bg_mean": 212.75665283203125,
  "summary_bg_median": 96.05304718017578,
  "summary_bg_n": 353070.0,
  "summary_bg_p05": 52.58367385864258,
  "summary_bg_p95": 697.8721008300777,
  "summary_bg_stdv": 471.8807678222656,
  "summary_fg_k": 5.053996630955853,
  "summary_fg_mad": 1342.647609571504,
  "summary_fg_mean": 9033.677734375,
  "summary_fg_median": 8844.26953125,
  "summary_fg_n": 62541.0,
  "summary_fg_p05": 6768.56591796875,
  "summary_fg_p95": 11943.3154296875,
  "summary_fg_stdv": 1830.232177734375,
  "tsnr": 44.056297302246094
}