{
  "bids_meta": {
    "AcquisitionMatrixPE": 256,
    "AcquisitionNumber": 1,
    "AcquisitionTime": "12:52:20.455000",
    "BaseResolution": 256,
    "BodyPartExamined": "BRAIN",
    "ConsistencyInfo": "N4_VD13A_LATEST_20120616",
    "ConversionSoftware": "dcm2niix",
    "ConversionSoftwareVersion": "v1.0.20201102",
    "DeviceSerialNumber": "45250",
    "DwellTime": 8.5e-06,
    "EchoTime": 0.00207,
    "FlipAngle": 9,
    "ImageOrientationPatientDICOM": [
      0.00272893,
      0.982394,
      -0.186801,
      0.0507706,
      -0.186697,
      -0.981105
    ],
    "ImageType": [
      "ORIGINAL",
      "PRIMARY",
      "M",
      "ND",
      "NORM"
    ],
    "ImagingFrequency": 123.22,
    "InPlanePhaseEncodingDirectionDICOM": "ROW",
    "InstitutionAddress": "Kopernikusstr. 26,Graz,Graz,AT,8010",
    "InstitutionName": "KFU",
    "InstitutionalDepartmentName": "Department",
    "InversionTime": 0.9,
    "MRAcquisitionType": "3D",
    "MagneticFieldStrength": 3,
    "Manufacturer": "Siemens",
    "ManufacturersModelName": "Skyra",
    "Modality": "MR",
    "ParallelReductionFactorInPlane": 2,
    "PartialFourier": 1,
    "PatientPosition": "HFS",
    "PercentPhaseFOV": 100,
    "PercentSampling": 100,
    "PhaseEncodingSteps": 282,
    "PhaseOversampling": 0.1,
    "PhaseResolution": 1,
    "PixelBandwidth": 230,
    "ProcedureStepDescription": "KFU^AllgemeinePsy",
    "ProtocolName": "t1_mprage_sag_p0_iso_no_Pat",
    "PulseSequenceDetails": "%SiemensSeq%\\tfl",
    "ReceiveCoilActiveElements": "HE1-4;NE1,2",
    "ReceiveCoilName": "HeadNeck_20",
    "ReconMatrixPE": 256,
    "RefLinesPE": 24,
    "RepetitionTime": 1.56,
    "SAR": 0.0986324,
    "ScanOptions": "IR",
    "ScanningSequence": "GR\\IR",
    "SequenceName": "*tfl3d1_16ns",
    "SequenceVariant": "SK\\SP\\MP\\OSP",
    "SeriesDescription": "t1_mprage_sag_p0_iso_no_Pat",
    "SeriesNumber": 2,
    "ShimSetting": [
      -1661,
      -3542,
      -4866,
      -151,
      630,
      106,
      -188,
      -443
    ],
    "SliceThickness": 1,
    "SoftwareVersions": "syngo MR D13",
    "StationName": "FBMTMR1",
    "TxRefAmp": 369.502,
    "acq_id": "mprage",
    "dataset": "ds003470",
    "modality": "T1w",
    "run_id": 1,
    "session_id": "1",
    "subject_id": "18"
  },
  "cjv": 0.38989759580418343,
  "cnr": 3.5216228945291808,
  "efc": 0.566537918014608,
  "fber": -1.0,
  "fwhm_avg": 3.72945,
  "fwhm_x": 3.65505,
  "fwhm_y": 3.69165,
  "fwhm_z": 3.84165,
  "icvs_csf": 0.17824313627134442,
  "icvs_gm": 0.46120753663982245,
  "icvs_wm": 0.36054932708883314,
  "inu_med": 0.4203929603099823,
  "inu_range": 0.12735158950090408,
  "provenance": {
    "md5sum": "37a2ae75cbb978c0c17f3464225cee8c",
    "settings": {
      "testing": false
    },
    "software": "mriqc",
    "version": "22.0.6",
    "warnings": {
      "large_rot_frame": true,
      "small_air_mask": false
    },
    "webapi_port": null,
    "webapi_url": "https://mriqc.nimh.nih.gov/api/v1"
  },
  "qi_1": 5.831681023709949e-06,
  "qi_2": 0.007875829614875882,
  "rpve_csf": 25.054171214106212,
  "rpve_gm": 10.71532018877779,
  "rpve_wm": 15.085562526613872,
  "size_x": 176,
  "size_y": 256,
  "size_z": 256,
  "snr_csf": 2.9286645112155667,
  "snr_gm": 15.445788763045506,
  "snr_total": 13.87292197398449,
  "snr_wm": 23.244312647692393,
  "snrd_csf": 37.67707275950693,
  "snrd_gm": 83.50258147817391,
  "snrd_total": 76.65645625509154,
  "snrd_wm": 108.78971452759377,
  "spacing_x": 1.0,
  "spacing_y": 1.0,
  "spacing_z": 1.0,
  "summary_bg_k": 41.25402506772347,
  "summary_bg_mad": 0.0,
  "summary_bg_mean": 3.1175619914669945,
  "summary_bg_median": 0.0,
  "summary_bg_n": 3365116.0,
  "summary_bg_p05": 0.0,
  "summary_bg_p95": 13.988557163625956,
  "summary_bg_stdv": 6.0222424266662555,
  "summary_csf_k": 6.845887544389203,
  "summary_csf_mad": 80.70250790983714,
  "summary_csf_mean": 356.0185941922618,
  "summary_csf_median": 346.34080183133483,
  "summary_csf_n": 31725.0,
  "summary_csf_p05": 149.38323976248503,
  "summary_csf_p95": 558.5435763172806,
  "summary_csf_stdv": 118.25709021232215,
  "summary_gm_k": 0.11276202501385457,
  "summary_gm_mad": 48.61271967958902,
  "summary_gm_mean": 766.6258374561752,
  "summary_gm_median": 767.5848707444966,
  "summary_gm_n": 43068.0,
  "summary_gm_p05": 683.1574796363711,
  "summary_gm_p95": 846.9195010885596,
  "summary_gm_stdv": 49.69483728898655,
  "summary_wm_k": 0.24786179660051166,
  "summary_wm_mad": 42.01825594090549,
  "summary_wm_mean": 1000.9107602213674,
  "summary_wm_median": 1000.0330227613449,
  "summary_wm_n": 230919.0,
  "summary_wm_p05": 931.8429403230548,
  "summary_wm_p95": 1072.5883287116885,
  "summary_wm_stdv": 43.02260396266719,
  "tpm_overlap_csf": 0.16750046802172303,
  "tpm_overlap_gm": 0.46965933568723084,
  "tpm_overlap_wm": 0.5126757556116128,
  "wm2max": 0.5151808629390067
}