{
  "aor": 0.0006625,
  "aqi": 0.009249871282051281,
  "bids_meta": {
    "AcquisitionMatrixPE": 96,
    "AcquisitionNumber": 1,
    "AcquisitionTime": "12:46:30.260000",
    "BandwidthPerPixelPhaseEncode": 15.783,
    "BaseResolution": 96,
    "BodyPartExamined": "BRAIN",
    "ConsistencyInfo": "N4_VD13A_LATEST_20120616",
    "ConversionSoftware": "dcm2niix",
    "ConversionSoftwareVersion": "v1.0.20201102",
    "DerivedVendorReportedEchoSpacing": 0.000659993,
    "DeviceSerialNumber": "45250",
    "DwellTime": 2.1e-06,
    "EchoTime": 0.04,
    "EchoTrainLength": 96,
    "EffectiveEchoSpacing": 0.000659993,
    "FlipAngle": 60,
    "ImageComments": "Unaliased MB4/PE3",
    "ImageOrientationPatientDICOM": [
      0.999868,
      -0.0160608,
      0.00234302,
      0.0162308,
      0.989395,
      -0.144337
    ],
    "ImageType": [
      "ORIGINAL",
      "PRIMARY",
      "M",
      "MB",
      "ND",
      "NORM",
      "MOSAIC"
    ],
    "ImagingFrequency": 123.22,
    "InPlanePhaseEncodingDirectionDICOM": "COL",
    "InstitutionAddress": "Kopernikusstr. 26,Graz,Graz,AT,8010",
    "InstitutionName": "KFU",
    "InstitutionalDepartmentName": "Department",
    "MRAcquisitionType": "2D",
    "MagneticFieldStrength": 3,
    "Manufacturer": "Siemens",
    "ManufacturersModelName": "Skyra",
    "Modality": "MR",
    "MultibandAccelerationFactor": 4,
    "PartialFourier": 1,
    "PatientPosition": "HFS",
    "PercentPhaseFOV": 100,
    "PercentSampling": 100,
    "PhaseEncodingDirection": "j-",
    "PhaseEncodingSteps": 96,
    "PhaseResolution": 1,
    "PixelBandwidth": 2480,
    "ProcedureStepDescription": "KFU^AllgemeinePsy",
    "ProtocolName": "MB4_2_5mm_20K_TR1250_1",
    "PulseSequenceDetails": "%CustomerSeq%\\cmrr_mbep2d_bold",
    "ReceiveCoilActiveElements": "HE1-4",
    "ReceiveCoilName": "HeadNeck_20",
    "ReconMatrixPE": 96,
    "RepetitionTime": 1.25,
    "SAR": 0.0623727,
    "ScanOptions": "FS",
    "ScanningSequence": "EP",
    "SequenceName": "epfid2d1_96",
    "SequenceVariant": "SK\\SS",
    "SeriesDescription": "MB4_2_5mm_20K_TR1250_1",
    "SeriesNumber": 5,
    "ShimSetting": [
      -1632,
      -3539,
      -4384,
      377,
      805,
      126,
      -349,
      -463
    ],
    "SliceThickness": 2.5,
    "SliceTiming": [
      0,
      0.6625,
      0.095,
      0.755,
      0.1875,
      0.85,
      0.2825,
      0.945,
      0.3775,
      1.04,
      0.4725,
      1.135,
      0.5675,
      0,
      0.6625,
      0.095,
      0.755,
      0.1875,
      0.85,
      0.2825,
      0.945,
      0.3775,
      1.04,
      0.4725,
      1.135,
      0.5675,
      0,
      0.6625,
      0.095,
      0.755,
      0.1875,
      0.85,
      0.2825,
      0.945,
      0.3775,
      1.04,
      0.4725,
      1.135,
      0.5675,
      0,
      0.6625,
      0.095,
      0.755,
      0.1875,
      0.85,
      0.2825,
      0.945,
      0.3775,
      1.04,
      0.4725,
      1.135,
      0.5675
    ],
    "SoftwareVersions": "syngo MR D13",
    "SpacingBetweenSlices": 2.75,
    "StationName": "FBMTMR1",
    "TaskName": "multar",
    "TotalReadoutTime": 0.0626993,
    "TxRefAmp": 373.991,
    "WipMemBlock": "a3649928-5319-4a8a-abc2-19e67b353ce4||Sequence: vd13a/master r/c0cb646; Dec 14 2015 19:21:42 by eja",
    "acq_id": "mb",
    "dataset": "ds003470",
    "modality": "bold",
    "run_id": 1,
    "session_id": "1",
    "subject_id": "11",
    "task_id": "multar"
  },
  "dummy_trs": 0,
  "dvars_nstd": 35.67615344064307,
  "dvars_std": 1.1765657005466246,
  "dvars_vstd": 1.0024279929903532,
  "efc": 0.444243770527241,
  "fber": 6864.98388671875,
  "fd_mean": 0.1719624778369414,
  "fd_num": 103,
  "fd_perc": 33.01282051282051,
  "fwhm_avg": 2.0942823030303033,
  "fwhm_x": 2.011952,
  "fwhm_y": 2.401364,
  "fwhm_z": 1.8695309090909091,
  "gcor": 0.0205324,
  "gsr_x": -0.0025499884504824877,
  "gsr_y": 0.029374420642852783,
  "provenance": {
    "md5sum": "f2718ae5beca2ca4f7c2a7c685887de9",
    "settings": {
      "fd_thres": 0.2,
      "testing": false
    },
    "software": "mriqc",
    "version": "22.0.6",
    "webapi_port": null,
    "webapi_url": "https://mriqc.nimh.nih.gov/api/v1"
  },
  "size_t": 312,
  "size_x": 96,
  "size_y": 96,
  "size_z": 52,
  "snr": 4.719181764507273,
  "spacing_tr": 1.25,
  "spacing_x": 2.5,
  "spacing_y": 2.5,
  "spacing_z": 2.75,
  "summary_bg_k": 53.306584418839904,
  "summary_bg_mad": 60.61562930291867,
  "summary_bg_mean": 290.1822204589844,
  "summary_bg_median": 110.39423370361328,
  "summary_bg_n": 338860.0,
  "summary_bg_p05": 57.66666793823242,
  "summary_bg_p95": 1195.7250061035154,
  "summary_bg_stdv": 611.3738403320312,
  "summary_fg_k": 4.250156272597351,
  "summary_fg_mad": 1699.689425035513,
  "summary_fg_mean": 9372.24609375,
  "summary_fg_median": 9210.734375,
  "summary_fg_n": 75502.0,
  "summary_fg_p05": 6954.692822265625,
  "summary_fg_p95": 12334.180468749997,
  "summary_fg_stdv": 1951.752197265625,
  "tsnr": 48.72560871625319
}