{
  "bids_meta": {
    "AcquisitionMatrixPE": 256,
    "AcquisitionNumber": 1,
    "AcquisitionTime": "11:06:13.482500",
    "BaseResolution": 256,
    "BodyPartExamined": "BRAIN",
    "ConsistencyInfo": "N4_VD13A_LATEST_20120616",
    "ConversionSoftware": "dcm2niix",
    "ConversionSoftwareVersion": "v1.0.20201102",
    "DeviceSerialNumber": "45250",
    "DwellTime": 8.5e-06,
    "EchoTime": 0.00207,
    "FlipAngle": 9,
    "ImageOrientationPatientDICOM": [
      -0.0357486,
      0.981849,
      -0.186265,
      -0.085629,
      -0.188709,
      -0.978293
    ],
    "ImageType": [
      "ORIGINAL",
      "PRIMARY",
      "M",
      "ND",
      "NORM"
    ],
    "ImagingFrequency": 123.22,
    "InPlanePhaseEncodingDirectionDICOM": "ROW",
    "InstitutionAddress": "Kopernikusstr. 26,Graz,Graz,AT,8010",
    "InstitutionName": "KFU",
    "InstitutionalDepartmentName": "Department",
    "InversionTime": 0.9,
    "MRAcquisitionType": "3D",
    "MagneticFieldStrength": 3,
    "Manufacturer": "Siemens",
    "ManufacturersModelName": "Skyra",
    "Modality": "MR",
    "ParallelReductionFactorInPlane": 2,
    "PartialFourier": 1,
    "PatientPosition": "HFS",
    "PercentPhaseFOV": 100,
    "PercentSampling": 100,
    "PhaseEncodingSteps": 282,
    "PhaseOversampling": 0.1,
    "PhaseResolution": 1,
    "PixelBandwidth": 230,
    "ProcedureStepDescription": "KFU^AllgemeinePsy",
    "ProtocolName": "t1_mprage_sag_p0_iso_no_Pat",
    "PulseSequenceDetails": "%SiemensSeq%\\tfl",
    "ReceiveCoilActiveElements": "HE1-4;NE1,2",
    "ReceiveCoilName": "HeadNeck_20",
    "ReconMatrixPE": 256,
    "RefLinesPE": 24,
    "RepetitionTime": 1.56,
    "SAR": 0.102124,
    "ScanOptions": "IR",
    "ScanningSequence": "GR\\IR",
    "SequenceName": "*tfl3d1_16ns",
    "SequenceVariant": "SK\\SP\\MP\\OSP",
    "SeriesDescription": "t1_mprage_sag_p0_iso_no_Pat",
    "SeriesNumber": 2,
    "ShimSetting": [
      -1661,
      -3542,
      -4866,
      -151,
      630,
      106,
      -188,
      -443
    ],
    "SliceThickness": 1,
    "SoftwareVersions": "syngo MR D13",
    "StationName": "FBMTMR1",
    "TxRefAmp": 346.878,
    "acq_id": "mprage",
    "dataset": "ds003470",
    "modality": "T1w",
    "run_id": 1,
    "session_id": "1",
    "subject_id": "17"
  },
  "cjv": 0.4108188042777953,
  "cnr": 3.3757802611723253,
  "efc": 0.5169301391357086,
  "fber": 27953.843617732236,
  "fwhm_avg": 4.155573333333333,
  "fwhm_x": 4.08718,
  "fwhm_y": 4.08466,
  "fwhm_z": 4.29488,
  "icvs_csf": 0.2104622855658024,
  "icvs_gm": 0.41563052704939385,
  "icvs_wm": 0.3739071873848037,
  "inu_med": 0.39234864711761475,
  "inu_range": 0.10626041591167446,
  "provenance": {
    "md5sum": "b4f8becc7d74c40b19c0f7cb810e649b",
    "settings": {
      "testing": false
    },
    "software": "mriqc",
    "version": "22.0.6",
    "warnings": {
      "large_rot_frame": true,
      "small_air_mask": false
    },
    "webapi_port": null,
    "webapi_url": "https://mriqc.nimh.nih.gov/api/v1"
  },
  "qi_1": 0.0,
  "qi_2": 0.004519404728973747,
  "rpve_csf": 25.985241834064105,
  "rpve_gm": 13.47969531435792,
  "rpve_wm": 17.127665267113386,
  "size_x": 176,
  "size_y": 256,
  "size_z": 256,
  "snr_csf": 2.9234922307601563,
  "snr_gm": 13.492818951146303,
  "snr_total": 13.92438916204351,
  "snr_wm": 25.35685630422407,
  "snrd_csf": 31.76926872935004,
  "snrd_gm": 76.33692918454616,
  "snrd_total": 69.26863371109596,
  "snrd_wm": 99.69970321939167,
  "spacing_x": 1.0,
  "spacing_y": 1.0,
  "spacing_z": 1.0,
  "summary_bg_k": 13.369995114735811,
  "summary_bg_mad": 0.0,
  "summary_bg_mean": 4.138101969148602,
  "summary_bg_median": 0.0,
  "summary_bg_n": 3282181.0,
  "summary_bg_p05": 0.0,
  "summary_bg_p95": 17.494356006383896,
  "summary_bg_stdv": 6.571096546933286,
  "summary_csf_k": 3.020603146772326,
  "summary_csf_mad": 78.99271251870677,
  "summary_csf_mean": 323.0774977865924,
  "summary_csf_median": 318.6495698392391,
  "summary_csf_n": 48986.0,
  "summary_csf_p05": 119.64712075144053,
  "summary_csf_p95": 511.83439864218235,
  "summary_csf_stdv": 108.99509634896171,
  "summary_gm_k": -0.11271662776880165,
  "summary_gm_mad": 57.977205823698796,
  "summary_gm_mean": 764.9071844614755,
  "summary_gm_median": 765.66854134202,
  "summary_gm_n": 33629.0,
  "summary_gm_p05": 670.3425589740276,
  "summary_gm_p95": 856.9246792197227,
  "summary_gm_stdv": 56.74552960193384,
  "summary_wm_k": 0.2803719034107375,
  "summary_wm_mad": 38.2905484981644,
  "summary_wm_mean": 1000.7149524730693,
  "summary_wm_median": 999.9999626874924,
  "summary_wm_n": 222042.0,
  "summary_wm_p05": 937.1929008960724,
  "summary_wm_p95": 1066.4917939603329,
  "summary_wm_stdv": 39.43697510689546,
  "tpm_overlap_csf": 0.14510718782773505,
  "tpm_overlap_gm": 0.4572017612212089,
  "tpm_overlap_wm": 0.513551812920547,
  "wm2max": 0.5203946856135074
}