{
  "aor": 0.0006351989389920424,
  "aqi": 0.025133834217506628,
  "bids_meta": {
    "AcquisitionMatrixPE": 96,
    "AcquisitionNumber": 1,
    "AcquisitionTime": "13:40:25.952500",
    "BandwidthPerPixelPhaseEncode": 15.783,
    "BaseResolution": 96,
    "BodyPartExamined": "BRAIN",
    "ConsistencyInfo": "N4_VD13A_LATEST_20120616",
    "ConversionSoftware": "dcm2niix",
    "ConversionSoftwareVersion": "v1.0.20201102",
    "DerivedVendorReportedEchoSpacing": 0.000659993,
    "DeviceSerialNumber": "45250",
    "DwellTime": 2.1e-06,
    "EchoTime": 0.04,
    "EchoTrainLength": 96,
    "EffectiveEchoSpacing": 0.000659993,
    "FlipAngle": 60,
    "ImageComments": "Unaliased MB4/PE3",
    "ImageOrientationPatientDICOM": [
      0.999868,
      -0.016197,
      0.00104741,
      0.0162308,
      0.997784,
      -0.0645238
    ],
    "ImageType": [
      "ORIGINAL",
      "PRIMARY",
      "M",
      "MB",
      "ND",
      "NORM",
      "MOSAIC"
    ],
    "ImagingFrequency": 123.22,
    "InPlanePhaseEncodingDirectionDICOM": "COL",
    "InstitutionAddress": "Kopernikusstr. 26,Graz,Graz,AT,8010",
    "InstitutionName": "KFU",
    "InstitutionalDepartmentName": "Department",
    "MRAcquisitionType": "2D",
    "MagneticFieldStrength": 3,
    "Manufacturer": "Siemens",
    "ManufacturersModelName": "Skyra",
    "Modality": "MR",
    "MultibandAccelerationFactor": 4,
    "PartialFourier": 1,
    "PatientPosition": "HFS",
    "PercentPhaseFOV": 100,
    "PercentSampling": 100,
    "PhaseEncodingDirection": "j-",
    "PhaseEncodingSteps": 96,
    "PhaseResolution": 1,
    "PixelBandwidth": 2480,
    "ProcedureStepDescription": "KFU^AllgemeinePsy",
    "ProtocolName": "MB4_2_5mm_20K_TR1250_4",
    "PulseSequenceDetails": "%CustomerSeq%\\cmrr_mbep2d_bold",
    "ReceiveCoilActiveElements": "HE1-4",
    "ReceiveCoilName": "HeadNeck_20",
    "ReconMatrixPE": 96,
    "RepetitionTime": 1.25,
    "SAR": 0.0682162,
    "ScanOptions": "FS",
    "ScanningSequence": "EP",
    "SequenceName": "epfid2d1_96",
    "SequenceVariant": "SK\\SS",
    "SeriesDescription": "MB4_2_5mm_20K_TR1250_4",
    "SeriesNumber": 8,
    "ShimSetting": [
      -1633,
      -3609,
      -4492,
      275,
      603,
      104,
      -56,
      -471
    ],
    "SliceThickness": 2.5,
    "SliceTiming": [
      0,
      0.6625,
      0.0925,
      0.755,
      0.1875,
      0.85,
      0.2825,
      0.945,
      0.3775,
      1.04,
      0.4725,
      1.135,
      0.5675,
      0,
      0.6625,
      0.0925,
      0.755,
      0.1875,
      0.85,
      0.2825,
      0.945,
      0.3775,
      1.04,
      0.4725,
      1.135,
      0.5675,
      0,
      0.6625,
      0.0925,
      0.755,
      0.1875,
      0.85,
      0.2825,
      0.945,
      0.3775,
      1.04,
      0.4725,
      1.135,
      0.5675,
      0,
      0.6625,
      0.0925,
      0.755,
      0.1875,
      0.85,
      0.2825,
      0.945,
      0.3775,
      1.04,
      0.4725,
      1.135,
      0.5675
    ],
    "SoftwareVersions": "syngo MR D13",
    "SpacingBetweenSlices": 2.75,
    "StationName": "FBMTMR1",
    "TaskName": "multar",
    "TotalReadoutTime": 0.0626993,
    "TxRefAmp": 353.264,
    "WipMemBlock": "601918c0-f639-49bf-8a6e-5036fe281134||Sequence: vd13a/master r/bd40f27; Jul 20 2016 19:26:27 by eja",
    "acq_id": "mb",
    "dataset": "ds003470",
    "modality": "bold",
    "run_id": 4,
    "session_id": "1",
    "subject_id": "20",
    "task_id": "multar"
  },
  "dummy_trs": 1,
  "dvars_nstd": 37.545914223776585,
  "dvars_std": 1.1340949891223395,
  "dvars_vstd": 0.9704655399468081,
  "efc": 0.3847371482614676,
  "fber": 9100.970703125,
  "fd_mean": 0.2365635162151753,
  "fd_num": 231,
  "fd_perc": 61.273209549071616,
  "fwhm_avg": 2.0311134545454546,
  "fwhm_x": 1.950836,
  "fwhm_y": 2.272188,
  "fwhm_z": 1.8703163636363636,
  "gcor": 0.00649743,
  "gsr_x": -0.00894937850534916,
  "gsr_y": 0.02577386237680912,
  "provenance": {
    "md5sum": "992436e466b6e300d4e12c22b9b94b16",
    "settings": {
      "fd_thres": 0.2,
      "testing": false
    },
    "software": "mriqc",
    "version": "22.0.6",
    "webapi_port": null,
    "webapi_url": "https://mriqc.nimh.nih.gov/api/v1"
  },
  "size_t": 377,
  "size_x": 96,
  "size_y": 96,
  "size_z": 52,
  "snr": 5.152185420025087,
  "spacing_tr": 1.25,
  "spacing_x": 2.5,
  "spacing_y": 2.5,
  "spacing_z": 2.75,
  "summary_bg_k": 65.79925157813696,
  "summary_bg_mad": 40.62610261024627,
  "summary_bg_mean": 217.6138916015625,
  "summary_bg_median": 90.54396057128906,
  "summary_bg_n": 364670.0,
  "summary_bg_p05": 53.127855110168454,
  "summary_bg_p95": 771.4515808105468,
  "summary_bg_stdv": 490.513916015625,
  "summary_fg_k": 5.547115882269463,
  "summary_fg_mad": 1299.6079856961069,
  "summary_fg_mean": 8804.9384765625,
  "summary_fg_median": 8647.12109375,
  "summary_fg_n": 54214.0,
  "summary_fg_p05": 6700.33603515625,
  "summary_fg_p95": 11428.99775390625,
  "summary_fg_stdv": 1678.324951171875,
  "tsnr": 36.7008171081543
}