{
  "aor": 0.0006020231213872832,
  "aqi": 0.01588742520231214,
  "bids_meta": {
    "AcquisitionMatrixPE": 96,
    "AcquisitionNumber": 1,
    "AcquisitionTime": "13:18:18.695000",
    "BandwidthPerPixelPhaseEncode": 15.783,
    "BaseResolution": 96,
    "BodyPartExamined": "BRAIN",
    "ConsistencyInfo": "N4_VD13A_LATEST_20120616",
    "ConversionSoftware": "dcm2niix",
    "ConversionSoftwareVersion": "v1.0.20201102",
    "DerivedVendorReportedEchoSpacing": 0.000659993,
    "DeviceSerialNumber": "45250",
    "DwellTime": 2.1e-06,
    "EchoTime": 0.04,
    "EchoTrainLength": 96,
    "EffectiveEchoSpacing": 0.000659993,
    "FlipAngle": 60,
    "ImageComments": "Unaliased MB4/PE3",
    "ImageOrientationPatientDICOM": [
      0.999868,
      -0.016197,
      0.00104741,
      0.0162308,
      0.997784,
      -0.0645238
    ],
    "ImageType": [
      "ORIGINAL",
      "PRIMARY",
      "M",
      "MB",
      "ND",
      "NORM",
      "MOSAIC"
    ],
    "ImagingFrequency": 123.22,
    "InPlanePhaseEncodingDirectionDICOM": "COL",
    "InstitutionAddress": "Kopernikusstr. 26,Graz,Graz,AT,8010",
    "InstitutionName": "KFU",
    "InstitutionalDepartmentName": "Department",
    "MRAcquisitionType": "2D",
    "MagneticFieldStrength": 3,
    "Manufacturer": "Siemens",
    "ManufacturersModelName": "Skyra",
    "Modality": "MR",
    "MultibandAccelerationFactor": 4,
    "PartialFourier": 1,
    "PatientPosition": "HFS",
    "PercentPhaseFOV": 100,
    "PercentSampling": 100,
    "PhaseEncodingDirection": "j-",
    "PhaseEncodingSteps": 96,
    "PhaseResolution": 1,
    "PixelBandwidth": 2480,
    "ProcedureStepDescription": "KFU^AllgemeinePsy",
    "ProtocolName": "MB4_2_5mm_20K_TR1250_2",
    "PulseSequenceDetails": "%CustomerSeq%\\cmrr_mbep2d_bold",
    "ReceiveCoilActiveElements": "HE1-4",
    "ReceiveCoilName": "HeadNeck_20",
    "ReconMatrixPE": 96,
    "RepetitionTime": 1.25,
    "SAR": 0.0682162,
    "ScanOptions": "FS",
    "ScanningSequence": "EP",
    "SequenceName": "epfid2d1_96",
    "SequenceVariant": "SK\\SS",
    "SeriesDescription": "MB4_2_5mm_20K_TR1250_2",
    "SeriesNumber": 6,
    "ShimSetting": [
      -1633,
      -3609,
      -4492,
      275,
      603,
      104,
      -56,
      -471
    ],
    "SliceThickness": 2.5,
    "SliceTiming": [
      0,
      0.6625,
      0.095,
      0.7575,
      0.1875,
      0.85,
      0.2825,
      0.945,
      0.3775,
      1.04,
      0.4725,
      1.135,
      0.5675,
      0,
      0.6625,
      0.095,
      0.7575,
      0.1875,
      0.85,
      0.2825,
      0.945,
      0.3775,
      1.04,
      0.4725,
      1.135,
      0.5675,
      0,
      0.6625,
      0.095,
      0.7575,
      0.1875,
      0.85,
      0.2825,
      0.945,
      0.3775,
      1.04,
      0.4725,
      1.135,
      0.5675,
      0,
      0.6625,
      0.095,
      0.7575,
      0.1875,
      0.85,
      0.2825,
      0.945,
      0.3775,
      1.04,
      0.4725,
      1.135,
      0.5675
    ],
    "SoftwareVersions": "syngo MR D13",
    "SpacingBetweenSlices": 2.75,
    "StationName": "FBMTMR1",
    "TaskName": "multar",
    "TotalReadoutTime": 0.0626993,
    "TxRefAmp": 353.264,
    "WipMemBlock": "af5af87b-7c0d-44e8-8898-fd61727fb33c||Sequence: vd13a/master r/bd40f27; Jul 20 2016 19:26:27 by eja",
    "acq_id": "mb",
    "dataset": "ds003470",
    "modality": "bold",
    "run_id": 2,
    "session_id": "1",
    "subject_id": "20",
    "task_id": "multar"
  },
  "dummy_trs": 1,
  "dvars_nstd": 39.80011194223187,
  "dvars_std": 1.2308616402608703,
  "dvars_vstd": 0.9885689576811588,
  "efc": 0.38974202261844304,
  "fber": 8817.107421875,
  "fd_mean": 0.2441387192963149,
  "fd_num": 223,
  "fd_perc": 64.45086705202313,
  "fwhm_avg": 2.005557575757576,
  "fwhm_x": 1.921408,
  "fwhm_y": 2.233232,
  "fwhm_z": 1.8620327272727273,
  "gcor": 0.00752396,
  "gsr_x": -0.010069521144032478,
  "gsr_y": 0.02466445602476597,
  "provenance": {
    "md5sum": "f2d6cff24b9a18b536511a0f1d368912",
    "settings": {
      "fd_thres": 0.2,
      "testing": false
    },
    "software": "mriqc",
    "version": "22.0.6",
    "webapi_port": null,
    "webapi_url": "https://mriqc.nimh.nih.gov/api/v1"
  },
  "size_t": 346,
  "size_x": 96,
  "size_y": 96,
  "size_z": 52,
  "snr": 5.162565017542993,
  "spacing_tr": 1.25,
  "spacing_x": 2.5,
  "spacing_y": 2.5,
  "spacing_z": 2.75,
  "summary_bg_k": 65.64573231522347,
  "summary_bg_mad": 41.59834204495469,
  "summary_bg_mean": 224.62527465820312,
  "summary_bg_median": 91.11820983886719,
  "summary_bg_n": 363170.0,
  "summary_bg_p05": 53.36088180541992,
  "summary_bg_p95": 817.9396759033193,
  "summary_bg_stdv": 502.567138671875,
  "summary_fg_k": 5.568484056686367,
  "summary_fg_mad": 1299.41723096731,
  "summary_fg_mean": 8741.71875,
  "summary_fg_median": 8578.619140625,
  "summary_fg_n": 55174.0,
  "summary_fg_p05": 6661.924243164062,
  "summary_fg_p95": 11368.72119140625,
  "summary_fg_stdv": 1661.6820068359375,
  "tsnr": 42.16228103637695
}