{
  "bids_meta": {
    "AcquisitionMatrixPE": 256,
    "AcquisitionNumber": 1,
    "AcquisitionTime": "12:38:21.482500",
    "BaseResolution": 256,
    "BodyPartExamined": "BRAIN",
    "ConsistencyInfo": "N4_VD13A_LATEST_20120616",
    "ConversionSoftware": "dcm2niix",
    "ConversionSoftwareVersion": "v1.0.20201102",
    "DeviceSerialNumber": "45250",
    "DwellTime": 8.5e-06,
    "EchoTime": 0.00207,
    "FlipAngle": 9,
    "ImageOrientationPatientDICOM": [
      0.0261743,
      0.982004,
      -0.187038,
      -0.00341694,
      -0.187013,
      -0.982351
    ],
    "ImageType": [
      "ORIGINAL",
      "PRIMARY",
      "M",
      "ND",
      "NORM"
    ],
    "ImagingFrequency": 123.22,
    "InPlanePhaseEncodingDirectionDICOM": "ROW",
    "InstitutionAddress": "Kopernikusstr. 26,Graz,Graz,AT,8010",
    "InstitutionName": "KFU",
    "InstitutionalDepartmentName": "Department",
    "InversionTime": 0.9,
    "MRAcquisitionType": "3D",
    "MagneticFieldStrength": 3,
    "Manufacturer": "Siemens",
    "ManufacturersModelName": "Skyra",
    "Modality": "MR",
    "ParallelReductionFactorInPlane": 2,
    "PartialFourier": 1,
    "PatientPosition": "HFS",
    "PercentPhaseFOV": 100,
    "PercentSampling": 100,
    "PhaseEncodingSteps": 282,
    "PhaseOversampling": 0.1,
    "PhaseResolution": 1,
    "PixelBandwidth": 230,
    "ProcedureStepDescription": "KFU^AllgemeinePsy",
    "ProtocolName": "t1_mprage_sag_p0_iso_no_Pat",
    "PulseSequenceDetails": "%SiemensSeq%\\tfl",
    "ReceiveCoilActiveElements": "HE1-4;NE1,2",
    "ReceiveCoilName": "HeadNeck_20",
    "ReconMatrixPE": 256,
    "RefLinesPE": 24,
    "RepetitionTime": 1.56,
    "SAR": 0.0901069,
    "ScanOptions": "IR",
    "ScanningSequence": "GR\\IR",
    "SequenceName": "*tfl3d1_16ns",
    "SequenceVariant": "SK\\SP\\MP\\OSP",
    "SeriesDescription": "t1_mprage_sag_p0_iso_no_Pat",
    "SeriesNumber": 2,
    "ShimSetting": [
      -1661,
      -3542,
      -4866,
      -151,
      630,
      106,
      -188,
      -443
    ],
    "SliceThickness": 1,
    "SoftwareVersions": "syngo MR D13",
    "StationName": "FBMTMR1",
    "TxRefAmp": 373.991,
    "acq_id": "mprage",
    "dataset": "ds003470",
    "modality": "T1w",
    "run_id": 1,
    "session_id": "1",
    "subject_id": "11"
  },
  "cjv": 0.3954098638586725,
  "cnr": 3.4878637029115156,
  "efc": 0.5891861546789192,
  "fber": 31316.24454183914,
  "fwhm_avg": 3.945453333333333,
  "fwhm_x": 3.8589,
  "fwhm_y": 3.97632,
  "fwhm_z": 4.00114,
  "icvs_csf": 0.15165164667037556,
  "icvs_gm": 0.45666393667614374,
  "icvs_wm": 0.3916844166534807,
  "inu_med": 0.4112001061439514,
  "inu_range": 0.15237729549407958,
  "provenance": {
    "md5sum": "7bdde8541be1ba45fee08e625b546f41",
    "settings": {
      "testing": false
    },
    "software": "mriqc",
    "version": "22.0.6",
    "warnings": {
      "large_rot_frame": true,
      "small_air_mask": false
    },
    "webapi_port": null,
    "webapi_url": "https://mriqc.nimh.nih.gov/api/v1"
  },
  "qi_1": 0.0,
  "qi_2": 0.011063483812720456,
  "rpve_csf": 28.644359526749074,
  "rpve_gm": 10.839231232742971,
  "rpve_wm": 14.022881104549255,
  "size_x": 176,
  "size_y": 256,
  "size_z": 256,
  "snr_csf": 2.548180525238356,
  "snr_gm": 14.408743197322853,
  "snr_total": 13.641825258215158,
  "snr_wm": 23.968552052084274,
  "snrd_csf": 37.464828039456336,
  "snrd_gm": 88.18344484005998,
  "snrd_total": 80.36373966872462,
  "snrd_wm": 115.44294612665752,
  "spacing_x": 1.0,
  "spacing_y": 1.0,
  "spacing_z": 1.0,
  "summary_bg_k": 14.366758369245758,
  "summary_bg_mad": 0.0,
  "summary_bg_mean": 3.1696423431845506,
  "summary_bg_median": 0.0,
  "summary_bg_n": 2402053.0,
  "summary_bg_p05": 0.0,
  "summary_bg_p95": 14.125957041978836,
  "summary_bg_stdv": 5.675202828899804,
  "summary_csf_k": 4.300424174207736,
  "summary_csf_mad": 79.81676789323066,
  "summary_csf_mean": 324.3402423210425,
  "summary_csf_median": 324.54386303946376,
  "summary_csf_n": 28752.0,
  "summary_csf_p05": 78.10673274975271,
  "summary_csf_p95": 537.0394576588644,
  "summary_csf_stdv": 127.36076425022965,
  "summary_gm_k": 0.05550996168268929,
  "summary_gm_mad": 52.41611360918428,
  "summary_gm_mean": 764.0968057856496,
  "summary_gm_median": 763.9003658145666,
  "summary_gm_n": 53727.0,
  "summary_gm_p05": 676.3979096934199,
  "summary_gm_p95": 851.5597770139575,
  "summary_gm_stdv": 53.015953315864046,
  "summary_wm_k": 0.2267729962716376,
  "summary_wm_mad": 40.95554270906297,
  "summary_wm_mean": 1000.9781830286029,
  "summary_wm_median": 1000.0392810329795,
  "summary_wm_n": 266052.0,
  "summary_wm_p05": 934.2358644790947,
  "summary_wm_p95": 1070.982976399362,
  "summary_wm_stdv": 41.722895878417056,
  "tpm_overlap_csf": 0.15821430873360692,
  "tpm_overlap_gm": 0.45615221653292054,
  "tpm_overlap_wm": 0.4985553455810339,
  "wm2max": 0.47952135166843635
}