{
  "bids_meta": {
    "AcquisitionMatrixPE": 256,
    "AcquisitionNumber": 1,
    "AcquisitionTime": "10:59:34.432500",
    "BaseResolution": 256,
    "BodyPartExamined": "BRAIN",
    "ConsistencyInfo": "N4_VD13A_LATEST_20120616",
    "ConversionSoftware": "dcm2niix",
    "ConversionSoftwareVersion": "v1.0.20201102",
    "DeviceSerialNumber": "45250",
    "DwellTime": 8.5e-06,
    "EchoTime": 0.00207,
    "FlipAngle": 9,
    "ImageOrientationPatientDICOM": [
      0.051383,
      0.981015,
      -0.187003,
      -0.0295036,
      -0.185678,
      -0.982168
    ],
    "ImageType": [
      "ORIGINAL",
      "PRIMARY",
      "M",
      "ND",
      "NORM"
    ],
    "ImagingFrequency": 123.22,
    "InPlanePhaseEncodingDirectionDICOM": "ROW",
    "InstitutionAddress": "Kopernikusstr. 26,Graz,Graz,AT,8010",
    "InstitutionName": "KFU",
    "InstitutionalDepartmentName": "Department",
    "InversionTime": 0.9,
    "MRAcquisitionType": "3D",
    "MagneticFieldStrength": 3,
    "Manufacturer": "Siemens",
    "ManufacturersModelName": "Skyra",
    "Modality": "MR",
    "ParallelReductionFactorInPlane": 2,
    "PartialFourier": 1,
    "PatientPosition": "HFS",
    "PercentPhaseFOV": 100,
    "PercentSampling": 100,
    "PhaseEncodingSteps": 282,
    "PhaseOversampling": 0.1,
    "PhaseResolution": 1,
    "PixelBandwidth": 230,
    "ProcedureStepDescription": "KFU^AllgemeinePsy",
    "ProtocolName": "t1_mprage_sag_p0_iso_no_Pat",
    "PulseSequenceDetails": "%SiemensSeq%\\tfl",
    "ReceiveCoilActiveElements": "HE1-4;NE1,2",
    "ReceiveCoilName": "HeadNeck_20",
    "ReconMatrixPE": 256,
    "RefLinesPE": 24,
    "RepetitionTime": 1.56,
    "SAR": 0.102423,
    "ScanOptions": "IR",
    "ScanningSequence": "GR\\IR",
    "SequenceName": "*tfl3d1_16ns",
    "SequenceVariant": "SK\\SP\\MP\\OSP",
    "SeriesDescription": "t1_mprage_sag_p0_iso_no_Pat",
    "SeriesNumber": 2,
    "ShimSetting": [
      -1661,
      -3542,
      -4866,
      -151,
      630,
      106,
      -188,
      -443
    ],
    "SliceThickness": 1,
    "SoftwareVersions": "syngo MR D13",
    "StationName": "FBMTMR1",
    "TxRefAmp": 336.399,
    "acq_id": "mprage",
    "dataset": "ds003470",
    "modality": "T1w",
    "run_id": 1,
    "session_id": "1",
    "subject_id": "15"
  },
  "cjv": 0.4246104089096581,
  "cnr": 3.28355440704996,
  "efc": 0.553421901565149,
  "fber": -1.0,
  "fwhm_avg": 3.9942733333333336,
  "fwhm_x": 3.94139,
  "fwhm_y": 3.96095,
  "fwhm_z": 4.08048,
  "icvs_csf": 0.17083443440643642,
  "icvs_gm": 0.4541753830098801,
  "icvs_wm": 0.3749901825836835,
  "inu_med": 0.4786109924316406,
  "inu_range": 0.1869702935218811,
  "provenance": {
    "md5sum": "e3d9328bf1aff86fdaee912b0b4bf193",
    "settings": {
      "testing": false
    },
    "software": "mriqc",
    "version": "22.0.6",
    "warnings": {
      "large_rot_frame": true,
      "small_air_mask": false
    },
    "webapi_port": null,
    "webapi_url": "https://mriqc.nimh.nih.gov/api/v1"
  },
  "qi_1": 0.0,
  "qi_2": 0.012712324458831447,
  "rpve_csf": 29.684263654575854,
  "rpve_gm": 12.255377782851186,
  "rpve_wm": 16.133540565306266,
  "size_x": 176,
  "size_y": 256,
  "size_z": 256,
  "snr_csf": 2.6705315943450536,
  "snr_gm": 15.655085847776679,
  "snr_total": 13.166440077679681,
  "snr_wm": 21.17370279091731,
  "snrd_csf": 30.273575620683893,
  "snrd_gm": 69.06052249567749,
  "snrd_total": 62.8464246220308,
  "snrd_wm": 89.20517574973103,
  "spacing_x": 1.0,
  "spacing_y": 1.0,
  "spacing_z": 1.0,
  "summary_bg_k": 21.415838904846442,
  "summary_bg_mad": 0.0,
  "summary_bg_mean": 3.739265151352258,
  "summary_bg_median": 0.0,
  "summary_bg_n": 2545012.0,
  "summary_bg_p05": 0.0,
  "summary_bg_p95": 16.995424792170525,
  "summary_bg_stdv": 7.344152546365134,
  "summary_csf_k": 4.2617909078686464,
  "summary_csf_mad": 96.4572240186167,
  "summary_csf_mean": 342.0983789987695,
  "summary_csf_median": 339.37017922103405,
  "summary_csf_n": 28149.0,
  "summary_csf_p05": 102.41089228838682,
  "summary_csf_p95": 551.8514403104782,
  "summary_csf_stdv": 127.07737732160241,
  "summary_gm_k": 0.06593090573904314,
  "summary_gm_mad": 49.42577613719898,
  "summary_gm_mean": 774.0825906558961,
  "summary_gm_median": 774.1762053519487,
  "summary_gm_n": 38906.0,
  "summary_gm_p05": 691.7849237378687,
  "summary_gm_p95": 854.3853820860386,
  "summary_gm_stdv": 49.451421953179064,
  "summary_wm_k": 0.18797965088778268,
  "summary_wm_mad": 46.46136972527932,
  "summary_wm_mean": 1002.1292054782497,
  "summary_wm_median": 1000.0000284388661,
  "summary_wm_n": 207788.0,
  "summary_wm_p05": 928.4039176627994,
  "summary_wm_p95": 1083.0545930340886,
  "summary_wm_stdv": 47.22828274354237,
  "tpm_overlap_csf": 0.15171663426258936,
  "tpm_overlap_gm": 0.4689691884447865,
  "tpm_overlap_wm": 0.5097987706358506,
  "wm2max": 0.4735534026510729
}