{
  "bids_meta": {
    "AcquisitionMatrixPE": 256,
    "AcquisitionNumber": 1,
    "AcquisitionTime": "10:53:3.472500",
    "BaseResolution": 256,
    "BodyPartExamined": "BRAIN",
    "ConsistencyInfo": "N4_VD13A_LATEST_20120616",
    "ConversionSoftware": "dcm2niix",
    "ConversionSoftwareVersion": "v1.0.20201102",
    "DeviceSerialNumber": "45250",
    "DwellTime": 8.5e-06,
    "EchoTime": 0.00207,
    "FlipAngle": 9,
    "ImageOrientationPatientDICOM": [
      0.0570069,
      0.980697,
      -0.187038,
      -0.00928953,
      -0.186814,
      -0.982351
    ],
    "ImageType": [
      "ORIGINAL",
      "PRIMARY",
      "M",
      "ND",
      "NORM"
    ],
    "ImagingFrequency": 123.22,
    "InPlanePhaseEncodingDirectionDICOM": "ROW",
    "InstitutionAddress": "Kopernikusstr. 26,Graz,Graz,AT,8010",
    "InstitutionName": "KFU",
    "InstitutionalDepartmentName": "Department",
    "InversionTime": 0.9,
    "MRAcquisitionType": "3D",
    "MagneticFieldStrength": 3,
    "Manufacturer": "Siemens",
    "ManufacturersModelName": "Skyra",
    "Modality": "MR",
    "ParallelReductionFactorInPlane": 2,
    "PartialFourier": 1,
    "PatientPosition": "HFS",
    "PercentPhaseFOV": 100,
    "PercentSampling": 100,
    "PhaseEncodingSteps": 282,
    "PhaseOversampling": 0.1,
    "PhaseResolution": 1,
    "PixelBandwidth": 230,
    "ProcedureStepDescription": "KFU^AllgemeinePsy",
    "ProtocolName": "t1_mprage_sag_p0_iso_no_Pat",
    "PulseSequenceDetails": "%SiemensSeq%\\tfl",
    "ReceiveCoilActiveElements": "HE1-4;NE1,2",
    "ReceiveCoilName": "HeadNeck_20",
    "ReconMatrixPE": 256,
    "RefLinesPE": 24,
    "RepetitionTime": 1.56,
    "SAR": 0.0996941,
    "ScanOptions": "IR",
    "ScanningSequence": "GR\\IR",
    "SequenceName": "*tfl3d1_16ns",
    "SequenceVariant": "SK\\SP\\MP\\OSP",
    "SeriesDescription": "t1_mprage_sag_p0_iso_no_Pat",
    "SeriesNumber": 2,
    "ShimSetting": [
      -1661,
      -3542,
      -4866,
      -151,
      630,
      106,
      -188,
      -443
    ],
    "SliceThickness": 1,
    "SoftwareVersions": "syngo MR D13",
    "StationName": "FBMTMR1",
    "TxRefAmp": 356.542,
    "acq_id": "mprage",
    "dataset": "ds003470",
    "modality": "T1w",
    "run_id": 1,
    "session_id": "1",
    "subject_id": "13"
  },
  "cjv": 0.37714109390460576,
  "cnr": 3.6230226007302724,
  "efc": 0.5526548397646648,
  "fber": 21351.6246281975,
  "fwhm_avg": 3.81996,
  "fwhm_x": 3.73355,
  "fwhm_y": 3.76915,
  "fwhm_z": 3.95718,
  "icvs_csf": 0.20602315293723436,
  "icvs_gm": 0.43552303177025314,
  "icvs_wm": 0.35845381529251247,
  "inu_med": 0.46829719841480255,
  "inu_range": 0.14703011959791173,
  "provenance": {
    "md5sum": "c358cf77265ee612170c892bf881294a",
    "settings": {
      "testing": false
    },
    "software": "mriqc",
    "version": "22.0.6",
    "warnings": {
      "large_rot_frame": true,
      "small_air_mask": false
    },
    "webapi_port": null,
    "webapi_url": "https://mriqc.nimh.nih.gov/api/v1"
  },
  "qi_1": 5.620542839707704e-05,
  "qi_2": 0.008669201806768407,
  "rpve_csf": 22.245555756293623,
  "rpve_gm": 10.996135244191978,
  "rpve_wm": 14.998601295931437,
  "size_x": 176,
  "size_y": 256,
  "size_z": 256,
  "snr_csf": 2.5763233215723234,
  "snr_gm": 14.140736916213614,
  "snr_total": 13.44654889168484,
  "snr_wm": 23.622586437268577,
  "snrd_csf": 27.700669032432064,
  "snrd_gm": 64.26763033245605,
  "snrd_total": 59.1378768079316,
  "snrd_wm": 85.44533105890667,
  "spacing_x": 1.0,
  "spacing_y": 1.0,
  "spacing_z": 1.0,
  "summary_bg_k": 52.731936769554274,
  "summary_bg_mad": 0.0,
  "summary_bg_mean": 4.168537405359224,
  "summary_bg_median": 0.0,
  "summary_bg_n": 2641132.0,
  "summary_bg_p05": 0.0,
  "summary_bg_p95": 16.983979996293783,
  "summary_bg_stdv": 7.667637827326159,
  "summary_csf_k": 43.792164537268015,
  "summary_csf_mad": 65.28274257441463,
  "summary_csf_mean": 341.0646295196359,
  "summary_csf_median": 324.20530704036355,
  "summary_csf_n": 63246.0,
  "summary_csf_p05": 198.14643329009414,
  "summary_csf_p95": 523.4840056635439,
  "summary_csf_stdv": 125.83930800365509,
  "summary_gm_k": 0.1071615904086678,
  "summary_gm_mad": 52.56815128254054,
  "summary_gm_mean": 751.1063461632191,
  "summary_gm_median": 752.1806350704283,
  "summary_gm_n": 33074.0,
  "summary_gm_p05": 662.3332841023803,
  "summary_gm_p95": 836.7860169038177,
  "summary_gm_stdv": 53.191659548149865,
  "summary_wm_k": 0.3380626673265712,
  "summary_wm_mad": 40.9105186799665,
  "summary_wm_mean": 1000.9391681950447,
  "summary_wm_median": 1000.0419036336243,
  "summary_wm_n": 223686.0,
  "summary_wm_p05": 933.4479277469218,
  "summary_wm_p95": 1071.793977148831,
  "summary_wm_stdv": 42.33404631270582,
  "tpm_overlap_csf": 0.14927424570284228,
  "tpm_overlap_gm": 0.44588797146960635,
  "tpm_overlap_wm": 0.4809931223523141,
  "wm2max": 0.4458563863617411
}