{
  "aor": 0.0006493783783783784,
  "aqi": 0.013072551513513515,
  "bids_meta": {
    "AcquisitionMatrixPE": 96,
    "AcquisitionNumber": 1,
    "AcquisitionTime": "14:08:53.090000",
    "BandwidthPerPixelPhaseEncode": 15.783,
    "BaseResolution": 96,
    "BodyPartExamined": "BRAIN",
    "ConsistencyInfo": "N4_VD13A_LATEST_20120616",
    "ConversionSoftware": "dcm2niix",
    "ConversionSoftwareVersion": "v1.0.20201102",
    "DerivedVendorReportedEchoSpacing": 0.000659993,
    "DeviceSerialNumber": "45250",
    "DwellTime": 2.1e-06,
    "EchoTime": 0.04,
    "EchoTrainLength": 96,
    "EffectiveEchoSpacing": 0.000659993,
    "FlipAngle": 60,
    "ImageComments": "Unaliased MB4/PE3",
    "ImageOrientationPatientDICOM": [
      0.999375,
      -0.0171014,
      -0.0309412,
      0.0162228,
      0.999464,
      -0.0284276
    ],
    "ImageType": [
      "ORIGINAL",
      "PRIMARY",
      "M",
      "MB",
      "ND",
      "NORM",
      "MOSAIC"
    ],
    "ImagingFrequency": 123.22,
    "InPlanePhaseEncodingDirectionDICOM": "COL",
    "InstitutionAddress": "Kopernikusstr. 26,Graz,Graz,AT,8010",
    "InstitutionName": "KFU",
    "InstitutionalDepartmentName": "Department",
    "MRAcquisitionType": "2D",
    "MagneticFieldStrength": 3,
    "Manufacturer": "Siemens",
    "ManufacturersModelName": "Skyra",
    "Modality": "MR",
    "MultibandAccelerationFactor": 4,
    "PartialFourier": 1,
    "PatientPosition": "HFS",
    "PercentPhaseFOV": 100,
    "PercentSampling": 100,
    "PhaseEncodingDirection": "j-",
    "PhaseEncodingSteps": 96,
    "PhaseResolution": 1,
    "PixelBandwidth": 2480,
    "ProcedureStepDescription": "KFU^AllgemeinePsy",
    "ProtocolName": "MB4_2_5mm_20K_TR1250_6",
    "PulseSequenceDetails": "%CustomerSeq%\\cmrr_mbep2d_bold",
    "ReceiveCoilActiveElements": "HE1-4",
    "ReceiveCoilName": "HeadNeck_20",
    "ReconMatrixPE": 96,
    "RepetitionTime": 1.25,
    "SAR": 0.0704433,
    "ScanOptions": "FS",
    "ScanningSequence": "EP",
    "SequenceName": "epfid2d1_96",
    "SequenceVariant": "SK\\SS",
    "SeriesDescription": "MB4_2_5mm_20K_TR1250_6",
    "SeriesNumber": 10,
    "ShimSetting": [
      -1684,
      -3748,
      -4456,
      358,
      531,
      -58,
      656,
      -188
    ],
    "SliceThickness": 2.5,
    "SliceTiming": [
      0,
      0.6625,
      0.095,
      0.755,
      0.1875,
      0.85,
      0.2825,
      0.945,
      0.3775,
      1.04,
      0.4725,
      1.135,
      0.5675,
      0,
      0.6625,
      0.095,
      0.755,
      0.1875,
      0.85,
      0.2825,
      0.945,
      0.3775,
      1.04,
      0.4725,
      1.135,
      0.5675,
      0,
      0.6625,
      0.095,
      0.755,
      0.1875,
      0.85,
      0.2825,
      0.945,
      0.3775,
      1.04,
      0.4725,
      1.135,
      0.5675,
      0,
      0.6625,
      0.095,
      0.755,
      0.1875,
      0.85,
      0.2825,
      0.945,
      0.3775,
      1.04,
      0.4725,
      1.135,
      0.5675
    ],
    "SoftwareVersions": "syngo MR D13",
    "SpacingBetweenSlices": 2.75,
    "StationName": "FBMTMR1",
    "TaskName": "multar",
    "TotalReadoutTime": 0.0626993,
    "TxRefAmp": 354.14,
    "WipMemBlock": "ddc82edd-1031-4849-b1b5-7ad5f83b11ed||Sequence: vd13a/master r/c0cb646; Dec 14 2015 19:21:42 by eja",
    "acq_id": "mb",
    "dataset": "ds003470",
    "modality": "bold",
    "run_id": 6,
    "session_id": "1",
    "subject_id": "12",
    "task_id": "multar"
  },
  "dummy_trs": 5,
  "dvars_nstd": 37.04436493420053,
  "dvars_std": 1.249502191653116,
  "dvars_vstd": 1.0008267754471536,
  "efc": 0.40830923478272035,
  "fber": 7630.0849609375,
  "fd_mean": 0.16621482463287596,
  "fd_num": 103,
  "fd_perc": 27.83783783783784,
  "fwhm_avg": 1.94962096969697,
  "fwhm_x": 1.873624,
  "fwhm_y": 2.2134679999999998,
  "fwhm_z": 1.7617709090909093,
  "gcor": 0.00879681,
  "gsr_x": -0.01198530849069357,
  "gsr_y": 0.02724490314722061,
  "provenance": {
    "md5sum": "c028405cd7c4d1aaf0b9c67485f53eb7",
    "settings": {
      "fd_thres": 0.2,
      "testing": false
    },
    "software": "mriqc",
    "version": "22.0.6",
    "webapi_port": null,
    "webapi_url": "https://mriqc.nimh.nih.gov/api/v1"
  },
  "size_t": 370,
  "size_x": 96,
  "size_y": 96,
  "size_z": 52,
  "snr": 5.103271197682051,
  "spacing_tr": 1.25,
  "spacing_x": 2.5,
  "spacing_y": 2.5,
  "spacing_z": 2.75,
  "summary_bg_k": 55.02866106603726,
  "summary_bg_mad": 47.74271655286727,
  "summary_bg_mean": 244.76126098632812,
  "summary_bg_median": 101.89185333251953,
  "summary_bg_n": 354565.0,
  "summary_bg_p05": 57.22737274169922,
  "summary_bg_p95": 838.6025024414059,
  "summary_bg_stdv": 537.4783935546875,
  "summary_fg_k": 5.320584421173539,
  "summary_fg_mad": 1342.3167749944255,
  "summary_fg_mean": 9052.0771484375,
  "summary_fg_median": 8902.1787109375,
  "summary_fg_n": 62205.0,
  "summary_fg_p05": 6893.27958984375,
  "summary_fg_p95": 11714.035351562494,
  "summary_fg_stdv": 1744.392333984375,
  "tsnr": 45.968406677246094
}