{
  "aor": 0.0006540852130325815,
  "aqi": 0.01785989355889724,
  "bids_meta": {
    "AcquisitionMatrixPE": 96,
    "AcquisitionNumber": 1,
    "AcquisitionTime": "13:38:3.547500",
    "BandwidthPerPixelPhaseEncode": 15.783,
    "BaseResolution": 96,
    "BodyPartExamined": "BRAIN",
    "ConsistencyInfo": "N4_VD13A_LATEST_20120616",
    "ConversionSoftware": "dcm2niix",
    "ConversionSoftwareVersion": "v1.0.20201102",
    "DerivedVendorReportedEchoSpacing": 0.000659993,
    "DeviceSerialNumber": "45250",
    "DwellTime": 2.1e-06,
    "EchoTime": 0.04,
    "EchoTrainLength": 96,
    "EffectiveEchoSpacing": 0.000659993,
    "FlipAngle": 60,
    "ImageComments": "Unaliased MB4/PE3",
    "ImageOrientationPatientDICOM": [
      0.999375,
      -0.0171014,
      -0.0309412,
      0.0162228,
      0.999464,
      -0.0284276
    ],
    "ImageType": [
      "ORIGINAL",
      "PRIMARY",
      "M",
      "MB",
      "ND",
      "NORM",
      "MOSAIC"
    ],
    "ImagingFrequency": 123.22,
    "InPlanePhaseEncodingDirectionDICOM": "COL",
    "InstitutionAddress": "Kopernikusstr. 26,Graz,Graz,AT,8010",
    "InstitutionName": "KFU",
    "InstitutionalDepartmentName": "Department",
    "MRAcquisitionType": "2D",
    "MagneticFieldStrength": 3,
    "Manufacturer": "Siemens",
    "ManufacturersModelName": "Skyra",
    "Modality": "MR",
    "MultibandAccelerationFactor": 4,
    "PartialFourier": 1,
    "PatientPosition": "HFS",
    "PercentPhaseFOV": 100,
    "PercentSampling": 100,
    "PhaseEncodingDirection": "j-",
    "PhaseEncodingSteps": 96,
    "PhaseResolution": 1,
    "PixelBandwidth": 2480,
    "ProcedureStepDescription": "KFU^AllgemeinePsy",
    "ProtocolName": "MB4_2_5mm_20K_TR1250_3",
    "PulseSequenceDetails": "%CustomerSeq%\\cmrr_mbep2d_bold",
    "ReceiveCoilActiveElements": "HE1-4",
    "ReceiveCoilName": "HeadNeck_20",
    "ReconMatrixPE": 96,
    "RepetitionTime": 1.25,
    "SAR": 0.0704433,
    "ScanOptions": "FS",
    "ScanningSequence": "EP",
    "SequenceName": "epfid2d1_96",
    "SequenceVariant": "SK\\SS",
    "SeriesDescription": "MB4_2_5mm_20K_TR1250_3",
    "SeriesNumber": 7,
    "ShimSetting": [
      -1684,
      -3748,
      -4456,
      358,
      531,
      -58,
      656,
      -188
    ],
    "SliceThickness": 2.5,
    "SliceTiming": [
      0,
      0.6625,
      0.095,
      0.7575,
      0.19,
      0.8525,
      0.285,
      0.9475,
      0.3775,
      1.04,
      0.4725,
      1.135,
      0.5675,
      0,
      0.6625,
      0.095,
      0.7575,
      0.19,
      0.8525,
      0.285,
      0.9475,
      0.3775,
      1.04,
      0.4725,
      1.135,
      0.5675,
      0,
      0.6625,
      0.095,
      0.7575,
      0.19,
      0.8525,
      0.285,
      0.9475,
      0.3775,
      1.04,
      0.4725,
      1.135,
      0.5675,
      0,
      0.6625,
      0.095,
      0.7575,
      0.19,
      0.8525,
      0.285,
      0.9475,
      0.3775,
      1.04,
      0.4725,
      1.135,
      0.5675
    ],
    "SoftwareVersions": "syngo MR D13",
    "SpacingBetweenSlices": 2.75,
    "StationName": "FBMTMR1",
    "TaskName": "multar",
    "TotalReadoutTime": 0.0626993,
    "TxRefAmp": 354.14,
    "WipMemBlock": "1f697cc3-9ccf-427b-9c9e-c43deacfb2c3||Sequence: vd13a/master r/c0cb646; Dec 14 2015 19:21:42 by eja",
    "acq_id": "mb",
    "dataset": "ds003470",
    "modality": "bold",
    "run_id": 3,
    "session_id": "1",
    "subject_id": "12",
    "task_id": "multar"
  },
  "dummy_trs": 1,
  "dvars_nstd": 36.64220281344222,
  "dvars_std": 1.2032012057537695,
  "dvars_vstd": 0.970022313190955,
  "efc": 0.4125837199020684,
  "fber": 7175.9111328125,
  "fd_mean": 0.18029985855945868,
  "fd_num": 170,
  "fd_perc": 42.606516290726816,
  "fwhm_avg": 1.9535459393939394,
  "fwhm_x": 1.8893799999999998,
  "fwhm_y": 2.212916,
  "fwhm_z": 1.7583418181818182,
  "gcor": 0.00739974,
  "gsr_x": -0.01398823969066143,
  "gsr_y": 0.02335582673549652,
  "provenance": {
    "md5sum": "d655c9b51888abe3745d2dea2311606c",
    "settings": {
      "fd_thres": 0.2,
      "testing": false
    },
    "software": "mriqc",
    "version": "22.0.6",
    "webapi_port": null,
    "webapi_url": "https://mriqc.nimh.nih.gov/api/v1"
  },
  "size_t": 399,
  "size_x": 96,
  "size_y": 96,
  "size_z": 52,
  "snr": 5.079173226839452,
  "spacing_tr": 1.25,
  "spacing_x": 2.5,
  "spacing_y": 2.5,
  "spacing_z": 2.75,
  "summary_bg_k": 50.34457478187693,
  "summary_bg_mad": 51.271520676609896,
  "summary_bg_mean": 258.5958557128906,
  "summary_bg_median": 105.422119140625,
  "summary_bg_n": 353374.0,
  "summary_bg_p05": 56.77702293395996,
  "summary_bg_p95": 915.0778961181609,
  "summary_bg_stdv": 557.7496948242188,
  "summary_fg_k": 5.36936742089974,
  "summary_fg_mad": 1356.9607295730584,
  "summary_fg_mean": 9028.94921875,
  "summary_fg_median": 8879.056640625,
  "summary_fg_n": 62560.0,
  "summary_fg_p05": 6868.532641601562,
  "summary_fg_p95": 11680.051220703124,
  "summary_fg_stdv": 1748.1163330078125,
  "tsnr": 41.457481384277344
}