{
  "aor": 0.0009638666666666666,
  "aqi": 0.02584179184,
  "bids_meta": {
    "AcquisitionMatrixPE": 96,
    "AcquisitionNumber": 1,
    "AcquisitionTime": "13:48:10.695000",
    "BandwidthPerPixelPhaseEncode": 15.783,
    "BaseResolution": 96,
    "BodyPartExamined": "BRAIN",
    "ConsistencyInfo": "N4_VD13A_LATEST_20120616",
    "ConversionSoftware": "dcm2niix",
    "ConversionSoftwareVersion": "v1.0.20201102",
    "DerivedVendorReportedEchoSpacing": 0.000659993,
    "DeviceSerialNumber": "45250",
    "DwellTime": 2.1e-06,
    "EchoTime": 0.04,
    "EchoTrainLength": 96,
    "EffectiveEchoSpacing": 0.000659993,
    "FlipAngle": 60,
    "ImageComments": "Unaliased MB4/PE3",
    "ImageOrientationPatientDICOM": [
      0.999375,
      -0.0171014,
      -0.0309412,
      0.0162228,
      0.999464,
      -0.0284276
    ],
    "ImageType": [
      "ORIGINAL",
      "PRIMARY",
      "M",
      "MB",
      "ND",
      "NORM",
      "MOSAIC"
    ],
    "ImagingFrequency": 123.22,
    "InPlanePhaseEncodingDirectionDICOM": "COL",
    "InstitutionAddress": "Kopernikusstr. 26,Graz,Graz,AT,8010",
    "InstitutionName": "KFU",
    "InstitutionalDepartmentName": "Department",
    "MRAcquisitionType": "2D",
    "MagneticFieldStrength": 3,
    "Manufacturer": "Siemens",
    "ManufacturersModelName": "Skyra",
    "Modality": "MR",
    "MultibandAccelerationFactor": 4,
    "PartialFourier": 1,
    "PatientPosition": "HFS",
    "PercentPhaseFOV": 100,
    "PercentSampling": 100,
    "PhaseEncodingDirection": "j-",
    "PhaseEncodingSteps": 96,
    "PhaseResolution": 1,
    "PixelBandwidth": 2480,
    "ProcedureStepDescription": "KFU^AllgemeinePsy",
    "ProtocolName": "MB4_2_5mm_20K_TR1250_4",
    "PulseSequenceDetails": "%CustomerSeq%\\cmrr_mbep2d_bold",
    "ReceiveCoilActiveElements": "HE1-4",
    "ReceiveCoilName": "HeadNeck_20",
    "ReconMatrixPE": 96,
    "RepetitionTime": 1.25,
    "SAR": 0.0704433,
    "ScanOptions": "FS",
    "ScanningSequence": "EP",
    "SequenceName": "epfid2d1_96",
    "SequenceVariant": "SK\\SS",
    "SeriesDescription": "MB4_2_5mm_20K_TR1250_4",
    "SeriesNumber": 8,
    "ShimSetting": [
      -1684,
      -3748,
      -4456,
      358,
      531,
      -58,
      656,
      -188
    ],
    "SliceThickness": 2.5,
    "SliceTiming": [
      0,
      0.6625,
      0.095,
      0.7575,
      0.19,
      0.8525,
      0.285,
      0.945,
      0.3775,
      1.04,
      0.4725,
      1.135,
      0.5675,
      0,
      0.6625,
      0.095,
      0.7575,
      0.19,
      0.8525,
      0.285,
      0.945,
      0.3775,
      1.04,
      0.4725,
      1.135,
      0.5675,
      0,
      0.6625,
      0.095,
      0.7575,
      0.19,
      0.8525,
      0.285,
      0.945,
      0.3775,
      1.04,
      0.4725,
      1.135,
      0.5675,
      0,
      0.6625,
      0.095,
      0.7575,
      0.19,
      0.8525,
      0.285,
      0.945,
      0.3775,
      1.04,
      0.4725,
      1.135,
      0.5675
    ],
    "SoftwareVersions": "syngo MR D13",
    "SpacingBetweenSlices": 2.75,
    "StationName": "FBMTMR1",
    "TaskName": "multar",
    "TotalReadoutTime": 0.0626993,
    "TxRefAmp": 354.14,
    "WipMemBlock": "979df3d1-b12e-4be4-808a-49ee33d164eb||Sequence: vd13a/master r/c0cb646; Dec 14 2015 19:21:42 by eja",
    "acq_id": "mb",
    "dataset": "ds003470",
    "modality": "bold",
    "run_id": 4,
    "session_id": "1",
    "subject_id": "12",
    "task_id": "multar"
  },
  "dummy_trs": 1,
  "dvars_nstd": 35.46649972117651,
  "dvars_std": 1.1542350822192515,
  "dvars_vstd": 0.9669350346791441,
  "efc": 0.41078960309225765,
  "fber": 7431.40234375,
  "fd_mean": 0.1984942521515336,
  "fd_num": 160,
  "fd_perc": 42.666666666666664,
  "fwhm_avg": 1.981502181818182,
  "fwhm_x": 1.9142880000000002,
  "fwhm_y": 2.249324,
  "fwhm_z": 1.7808945454545453,
  "gcor": 0.00463017,
  "gsr_x": -0.012962979264557362,
  "gsr_y": 0.025828929618000984,
  "provenance": {
    "md5sum": "44ff1b7a012fe0156c13035a2e0f2670",
    "settings": {
      "fd_thres": 0.2,
      "testing": false
    },
    "software": "mriqc",
    "version": "22.0.6",
    "webapi_port": null,
    "webapi_url": "https://mriqc.nimh.nih.gov/api/v1"
  },
  "size_t": 375,
  "size_x": 96,
  "size_y": 96,
  "size_z": 52,
  "snr": 5.093605688342929,
  "spacing_tr": 1.25,
  "spacing_x": 2.5,
  "spacing_y": 2.5,
  "spacing_z": 2.75,
  "summary_bg_k": 52.65499533963562,
  "summary_bg_mad": 49.483115914637345,
  "summary_bg_mean": 252.88458251953125,
  "summary_bg_median": 103.63304901123047,
  "summary_bg_n": 353995.0,
  "summary_bg_p05": 57.13266487121582,
  "summary_bg_p95": 870.9032409667967,
  "summary_bg_stdv": 554.3375244140625,
  "summary_fg_k": 5.664844447821892,
  "summary_fg_mad": 1334.762598163319,
  "summary_fg_mean": 9033.6064453125,
  "summary_fg_median": 8881.9296875,
  "summary_fg_n": 62513.0,
  "summary_fg_p05": 6893.10126953125,
  "summary_fg_p95": 11669.110156249999,
  "summary_fg_stdv": 1743.7271728515625,
  "tsnr": 36.32915115356445
}