{
  "aor": 0.00023346774193548387,
  "aqi": 0.01638081067204301,
  "bids_meta": {
    "AcquisitionMatrixPE": 96,
    "AcquisitionNumber": 1,
    "AcquisitionTime": "13:57:32.100000",
    "BandwidthPerPixelPhaseEncode": 15.783,
    "BaseResolution": 96,
    "BodyPartExamined": "BRAIN",
    "ConsistencyInfo": "N4_VD13A_LATEST_20120616",
    "ConversionSoftware": "dcm2niix",
    "ConversionSoftwareVersion": "v1.0.20201102",
    "DerivedVendorReportedEchoSpacing": 0.000659993,
    "DeviceSerialNumber": "45250",
    "DwellTime": 2.1e-06,
    "EchoTime": 0.04,
    "EchoTrainLength": 96,
    "EffectiveEchoSpacing": 0.000659993,
    "FlipAngle": 60,
    "ImageComments": "Unaliased MB4/PE3",
    "ImageOrientationPatientDICOM": [
      0.999375,
      -0.0171014,
      -0.0309412,
      0.0162228,
      0.999464,
      -0.0284276
    ],
    "ImageType": [
      "ORIGINAL",
      "PRIMARY",
      "M",
      "MB",
      "ND",
      "NORM",
      "MOSAIC"
    ],
    "ImagingFrequency": 123.22,
    "InPlanePhaseEncodingDirectionDICOM": "COL",
    "InstitutionAddress": "Kopernikusstr. 26,Graz,Graz,AT,8010",
    "InstitutionName": "KFU",
    "InstitutionalDepartmentName": "Department",
    "MRAcquisitionType": "2D",
    "MagneticFieldStrength": 3,
    "Manufacturer": "Siemens",
    "ManufacturersModelName": "Skyra",
    "Modality": "MR",
    "MultibandAccelerationFactor": 4,
    "PartialFourier": 1,
    "PatientPosition": "HFS",
    "PercentPhaseFOV": 100,
    "PercentSampling": 100,
    "PhaseEncodingDirection": "j-",
    "PhaseEncodingSteps": 96,
    "PhaseResolution": 1,
    "PixelBandwidth": 2480,
    "ProcedureStepDescription": "KFU^AllgemeinePsy",
    "ProtocolName": "MB4_2_5mm_20K_TR1250_5",
    "PulseSequenceDetails": "%CustomerSeq%\\cmrr_mbep2d_bold",
    "ReceiveCoilActiveElements": "HE1-4",
    "ReceiveCoilName": "HeadNeck_20",
    "ReconMatrixPE": 96,
    "RepetitionTime": 1.25,
    "SAR": 0.0704433,
    "ScanOptions": "FS",
    "ScanningSequence": "EP",
    "SequenceName": "epfid2d1_96",
    "SequenceVariant": "SK\\SS",
    "SeriesDescription": "MB4_2_5mm_20K_TR1250_5",
    "SeriesNumber": 9,
    "ShimSetting": [
      -1684,
      -3748,
      -4456,
      358,
      531,
      -58,
      656,
      -188
    ],
    "SliceThickness": 2.5,
    "SliceTiming": [
      0,
      0.6625,
      0.095,
      0.7575,
      0.19,
      0.8525,
      0.285,
      0.9475,
      0.38,
      1.0425,
      0.475,
      1.135,
      0.5675,
      0,
      0.6625,
      0.095,
      0.7575,
      0.19,
      0.8525,
      0.285,
      0.9475,
      0.38,
      1.0425,
      0.475,
      1.135,
      0.5675,
      0,
      0.6625,
      0.095,
      0.7575,
      0.19,
      0.8525,
      0.285,
      0.9475,
      0.38,
      1.0425,
      0.475,
      1.135,
      0.5675,
      0,
      0.6625,
      0.095,
      0.7575,
      0.19,
      0.8525,
      0.285,
      0.9475,
      0.38,
      1.0425,
      0.475,
      1.135,
      0.5675
    ],
    "SoftwareVersions": "syngo MR D13",
    "SpacingBetweenSlices": 2.75,
    "StationName": "FBMTMR1",
    "TaskName": "multar",
    "TotalReadoutTime": 0.0626993,
    "TxRefAmp": 354.14,
    "WipMemBlock": "a33e515b-d103-4d9d-99cc-bb7f3f957335||Sequence: vd13a/master r/c0cb646; Dec 14 2015 19:21:42 by eja",
    "acq_id": "mb",
    "dataset": "ds003470",
    "modality": "bold",
    "run_id": 5,
    "session_id": "1",
    "subject_id": "12",
    "task_id": "multar"
  },
  "dummy_trs": 1,
  "dvars_nstd": 36.31421842854445,
  "dvars_std": 1.183771757628032,
  "dvars_vstd": 0.9674071384366576,
  "efc": 0.4095768803217602,
  "fber": 7449.025390625,
  "fd_mean": 0.17953796229939473,
  "fd_num": 140,
  "fd_perc": 37.634408602150536,
  "fwhm_avg": 1.9726026666666667,
  "fwhm_x": 1.902128,
  "fwhm_y": 2.23996,
  "fwhm_z": 1.77572,
  "gcor": 0.00671819,
  "gsr_x": -0.01228694710880518,
  "gsr_y": 0.026568308472633362,
  "provenance": {
    "md5sum": "577bf2877b0d599b43e2b1d4a5845709",
    "settings": {
      "fd_thres": 0.2,
      "testing": false
    },
    "software": "mriqc",
    "version": "22.0.6",
    "webapi_port": null,
    "webapi_url": "https://mriqc.nimh.nih.gov/api/v1"
  },
  "size_t": 372,
  "size_x": 96,
  "size_y": 96,
  "size_z": 52,
  "snr": 5.099573128385698,
  "spacing_tr": 1.25,
  "spacing_x": 2.5,
  "spacing_y": 2.5,
  "spacing_z": 2.75,
  "summary_bg_k": 54.40343668367095,
  "summary_bg_mad": 48.4915849601256,
  "summary_bg_mean": 247.3796844482422,
  "summary_bg_median": 103.12313842773438,
  "summary_bg_n": 354323.0,
  "summary_bg_p05": 57.9413143157959,
  "summary_bg_p95": 850.4430725097609,
  "summary_bg_stdv": 540.7911987304688,
  "summary_fg_k": 5.396041069949405,
  "summary_fg_mad": 1335.80251910418,
  "summary_fg_mean": 9029.3115234375,
  "summary_fg_median": 8890.123046875,
  "summary_fg_n": 62430.0,
  "summary_fg_p05": 6871.910424804688,
  "summary_fg_p95": 11650.976220703122,
  "summary_fg_stdv": 1743.2933349609375,
  "tsnr": 42.97971725463867
}