{
  "aor": 0.0005102046035805627,
  "aqi": 0.00928443874680307,
  "bids_meta": {
    "AcquisitionMatrixPE": 96,
    "AcquisitionNumber": 1,
    "AcquisitionTime": "13:27:26.890000",
    "BandwidthPerPixelPhaseEncode": 15.783,
    "BaseResolution": 96,
    "BodyPartExamined": "BRAIN",
    "ConsistencyInfo": "N4_VD13A_LATEST_20120616",
    "ConversionSoftware": "dcm2niix",
    "ConversionSoftwareVersion": "v1.0.20201102",
    "DerivedVendorReportedEchoSpacing": 0.000659993,
    "DeviceSerialNumber": "45250",
    "DwellTime": 2.1e-06,
    "EchoTime": 0.04,
    "EchoTrainLength": 96,
    "EffectiveEchoSpacing": 0.000659993,
    "FlipAngle": 60,
    "ImageComments": "Unaliased MB4/PE3",
    "ImageOrientationPatientDICOM": [
      0.999375,
      -0.0171014,
      -0.0309412,
      0.0162228,
      0.999464,
      -0.0284276
    ],
    "ImageType": [
      "ORIGINAL",
      "PRIMARY",
      "M",
      "MB",
      "ND",
      "NORM",
      "MOSAIC"
    ],
    "ImagingFrequency": 123.22,
    "InPlanePhaseEncodingDirectionDICOM": "COL",
    "InstitutionAddress": "Kopernikusstr. 26,Graz,Graz,AT,8010",
    "InstitutionName": "KFU",
    "InstitutionalDepartmentName": "Department",
    "MRAcquisitionType": "2D",
    "MagneticFieldStrength": 3,
    "Manufacturer": "Siemens",
    "ManufacturersModelName": "Skyra",
    "Modality": "MR",
    "MultibandAccelerationFactor": 4,
    "PartialFourier": 1,
    "PatientPosition": "HFS",
    "PercentPhaseFOV": 100,
    "PercentSampling": 100,
    "PhaseEncodingDirection": "j-",
    "PhaseEncodingSteps": 96,
    "PhaseResolution": 1,
    "PixelBandwidth": 2480,
    "ProcedureStepDescription": "KFU^AllgemeinePsy",
    "ProtocolName": "MB4_2_5mm_20K_TR1250_2",
    "PulseSequenceDetails": "%CustomerSeq%\\cmrr_mbep2d_bold",
    "ReceiveCoilActiveElements": "HE1-4",
    "ReceiveCoilName": "HeadNeck_20",
    "ReconMatrixPE": 96,
    "RepetitionTime": 1.25,
    "SAR": 0.0704433,
    "ScanOptions": "FS",
    "ScanningSequence": "EP",
    "SequenceName": "epfid2d1_96",
    "SequenceVariant": "SK\\SS",
    "SeriesDescription": "MB4_2_5mm_20K_TR1250_2",
    "SeriesNumber": 6,
    "ShimSetting": [
      -1684,
      -3748,
      -4456,
      358,
      531,
      -58,
      656,
      -188
    ],
    "SliceThickness": 2.5,
    "SliceTiming": [
      0,
      0.6625,
      0.095,
      0.7575,
      0.19,
      0.8525,
      0.285,
      0.9475,
      0.38,
      1.0425,
      0.475,
      1.1375,
      0.57,
      0,
      0.6625,
      0.095,
      0.7575,
      0.19,
      0.8525,
      0.285,
      0.9475,
      0.38,
      1.0425,
      0.475,
      1.1375,
      0.57,
      0,
      0.6625,
      0.095,
      0.7575,
      0.19,
      0.8525,
      0.285,
      0.9475,
      0.38,
      1.0425,
      0.475,
      1.1375,
      0.57,
      0,
      0.6625,
      0.095,
      0.7575,
      0.19,
      0.8525,
      0.285,
      0.9475,
      0.38,
      1.0425,
      0.475,
      1.1375,
      0.57
    ],
    "SoftwareVersions": "syngo MR D13",
    "SpacingBetweenSlices": 2.75,
    "StationName": "FBMTMR1",
    "TaskName": "multar",
    "TotalReadoutTime": 0.0626993,
    "TxRefAmp": 354.14,
    "WipMemBlock": "7bb345c1-da0b-45ce-99a9-9d6f382ec5c9||Sequence: vd13a/master r/c0cb646; Dec 14 2015 19:21:42 by eja",
    "acq_id": "mb",
    "dataset": "ds003470",
    "modality": "bold",
    "run_id": 2,
    "session_id": "1",
    "subject_id": "12",
    "task_id": "multar"
  },
  "dummy_trs": 1,
  "dvars_nstd": 36.86580130751284,
  "dvars_std": 1.2797593261794873,
  "dvars_vstd": 1.0070577399999998,
  "efc": 0.41378695184560116,
  "fber": 6998.4482421875,
  "fd_mean": 0.15321246222906787,
  "fd_num": 112,
  "fd_perc": 28.644501278772378,
  "fwhm_avg": 1.9285678787878788,
  "fwhm_x": 1.8680800000000002,
  "fwhm_y": 2.1701799999999998,
  "fwhm_z": 1.7474436363636363,
  "gcor": 0.0125411,
  "gsr_x": -0.015053302980959415,
  "gsr_y": 0.023398619145154953,
  "provenance": {
    "md5sum": "16da3238e8f3e7dbebda331d146cb4a3",
    "settings": {
      "fd_thres": 0.2,
      "testing": false
    },
    "software": "mriqc",
    "version": "22.0.6",
    "webapi_port": null,
    "webapi_url": "https://mriqc.nimh.nih.gov/api/v1"
  },
  "size_t": 391,
  "size_x": 96,
  "size_y": 96,
  "size_z": 52,
  "snr": 5.067097513988498,
  "spacing_tr": 1.25,
  "spacing_x": 2.5,
  "spacing_y": 2.5,
  "spacing_z": 2.75,
  "summary_bg_k": 52.52987539069441,
  "summary_bg_mad": 50.82990266654752,
  "summary_bg_mean": 260.2947082519531,
  "summary_bg_median": 105.97810363769531,
  "summary_bg_n": 352976.0,
  "summary_bg_p05": 59.25621700286865,
  "summary_bg_p95": 919.01806640625,
  "summary_bg_stdv": 564.4766235351562,
  "summary_fg_k": 5.232309472593192,
  "summary_fg_mad": 1348.511417173992,
  "summary_fg_mean": 9001.2646484375,
  "summary_fg_median": 8852.3115234375,
  "summary_fg_n": 62767.0,
  "summary_fg_p05": 6859.934521484375,
  "summary_fg_p95": 11639.736816406248,
  "summary_fg_stdv": 1747.0042724609375,
  "tsnr": 52.702613830566406
}