{
  "bids_meta": {
    "AcquisitionMatrixPE": 256,
    "AcquisitionNumber": 1,
    "AcquisitionTime": "16:00:28.462500",
    "BaseResolution": 256,
    "BodyPartExamined": "BRAIN",
    "ConsistencyInfo": "N4_VD13A_LATEST_20120616",
    "ConversionSoftware": "dcm2niix",
    "ConversionSoftwareVersion": "v1.0.20201102",
    "DeviceSerialNumber": "45250",
    "DwellTime": 8.5e-06,
    "EchoTime": 0.00207,
    "FlipAngle": 9,
    "ImageOrientationPatientDICOM": [
      -0.016196,
      0.982265,
      -0.186797,
      -0.0486249,
      -0.187374,
      -0.981084
    ],
    "ImageType": [
      "ORIGINAL",
      "PRIMARY",
      "M",
      "ND",
      "NORM"
    ],
    "ImagingFrequency": 123.22,
    "InPlanePhaseEncodingDirectionDICOM": "ROW",
    "InstitutionAddress": "Kopernikusstr. 26,Graz,Graz,AT,8010",
    "InstitutionName": "KFU",
    "InstitutionalDepartmentName": "Department",
    "InversionTime": 0.9,
    "MRAcquisitionType": "3D",
    "MagneticFieldStrength": 3,
    "Manufacturer": "Siemens",
    "ManufacturersModelName": "Skyra",
    "Modality": "MR",
    "ParallelReductionFactorInPlane": 2,
    "PartialFourier": 1,
    "PatientPosition": "HFS",
    "PercentPhaseFOV": 100,
    "PercentSampling": 100,
    "PhaseEncodingSteps": 282,
    "PhaseOversampling": 0.1,
    "PhaseResolution": 1,
    "PixelBandwidth": 230,
    "ProcedureStepDescription": "KFU^AllgemeinePsy",
    "ProtocolName": "t1_mprage_sag_p0_iso_no_Pat",
    "PulseSequenceDetails": "%SiemensSeq%\\tfl",
    "ReceiveCoilActiveElements": "HE1-4;NE1,2",
    "ReceiveCoilName": "HeadNeck_20",
    "ReconMatrixPE": 256,
    "RefLinesPE": 24,
    "RepetitionTime": 1.56,
    "SAR": 0.102381,
    "ScanOptions": "IR",
    "ScanningSequence": "GR\\IR",
    "SequenceName": "*tfl3d1_16ns",
    "SequenceVariant": "SK\\SP\\MP\\OSP",
    "SeriesDescription": "t1_mprage_sag_p0_iso_no_Pat",
    "SeriesNumber": 2,
    "ShimSetting": [
      -1661,
      -3542,
      -4866,
      -151,
      630,
      106,
      -188,
      -443
    ],
    "SliceThickness": 1,
    "SoftwareVersions": "syngo MR D13",
    "StationName": "FBMTMR1",
    "TxRefAmp": 355.007,
    "acq_id": "mprage",
    "dataset": "ds003470",
    "modality": "T1w",
    "run_id": 1,
    "session_id": "1",
    "subject_id": "19"
  },
  "cjv": 0.4156311982047908,
  "cnr": 3.2799210978264224,
  "efc": 0.5377589100729631,
  "fber": 19739.26749474302,
  "fwhm_avg": 3.8255,
  "fwhm_x": 3.81228,
  "fwhm_y": 3.73883,
  "fwhm_z": 3.92539,
  "icvs_csf": 0.22497106801984326,
  "icvs_gm": 0.43435583829011987,
  "icvs_wm": 0.34067309369003684,
  "inu_med": 0.4671283960342407,
  "inu_range": 0.15173083543777466,
  "provenance": {
    "md5sum": "062698d10c489dba0ec78b8e720a7858",
    "settings": {
      "testing": false
    },
    "software": "mriqc",
    "version": "22.0.6",
    "warnings": {
      "large_rot_frame": true,
      "small_air_mask": false
    },
    "webapi_port": null,
    "webapi_url": "https://mriqc.nimh.nih.gov/api/v1"
  },
  "qi_1": 0.00015110824603535415,
  "qi_2": 0.0173088129007746,
  "rpve_csf": 24.657221407151493,
  "rpve_gm": 13.103570232448938,
  "rpve_wm": 18.5931515675795,
  "size_x": 176,
  "size_y": 256,
  "size_z": 256,
  "snr_csf": 2.967195812737053,
  "snr_gm": 14.948631861329048,
  "snr_total": 13.487541104589829,
  "snr_wm": 22.546795639703387,
  "snrd_csf": 32.005187842610454,
  "snrd_gm": 70.71625770900152,
  "snrd_total": 64.6564881722034,
  "snrd_wm": 91.24801896499822,
  "spacing_x": 1.0,
  "spacing_y": 1.0,
  "spacing_z": 1.0,
  "summary_bg_k": 25.77039020011257,
  "summary_bg_mad": 0.0,
  "summary_bg_mean": 4.6172841535381,
  "summary_bg_median": 0.0,
  "summary_bg_n": 2863118.0,
  "summary_bg_p05": 0.0,
  "summary_bg_p95": 16.933638498187065,
  "summary_bg_stdv": 7.180006707685447,
  "summary_csf_k": 5.820822094779011,
  "summary_csf_mad": 90.41498684155323,
  "summary_csf_mean": 361.9613809543548,
  "summary_csf_median": 350.7627776302397,
  "summary_csf_n": 50931.0,
  "summary_csf_p05": 158.16170912608504,
  "summary_csf_p95": 563.9016036372632,
  "summary_csf_stdv": 118.21239858793008,
  "summary_gm_k": 0.19578291450606367,
  "summary_gm_mad": 50.21170000956803,
  "summary_gm_mean": 772.872049643193,
  "summary_gm_median": 775.0190718956292,
  "summary_gm_n": 23657.0,
  "summary_gm_p05": 683.5774240054191,
  "summary_gm_p95": 854.4698730655015,
  "summary_gm_stdv": 51.84438941161381,
  "summary_wm_k": 0.17314734438051582,
  "summary_wm_mad": 43.313245728974216,
  "summary_wm_mean": 1001.0352226352355,
  "summary_wm_median": 1000.038142029196,
  "summary_wm_n": 171784.0,
  "summary_wm_p05": 929.6720090806484,
  "summary_wm_p95": 1075.4767387621105,
  "summary_wm_stdv": 44.3537630474191,
  "tpm_overlap_csf": 0.15973357315136807,
  "tpm_overlap_gm": 0.47375063641812104,
  "tpm_overlap_wm": 0.5191729478493505,
  "wm2max": 0.4513469317497203
}