{
  "aor": 0.005513952802359882,
  "aqi": 0.011049578997050148,
  "bids_meta": {
    "AcquisitionMatrixPE": 96,
    "AcquisitionNumber": 1,
    "AcquisitionTime": "18:41:59.432500",
    "BandwidthPerPixelPhaseEncode": 15.783,
    "BaseResolution": 96,
    "BodyPartExamined": "BRAIN",
    "ConsistencyInfo": "N4_VD13A_LATEST_20120616",
    "ConversionSoftware": "dcm2niix",
    "ConversionSoftwareVersion": "v1.0.20201102",
    "DerivedVendorReportedEchoSpacing": 0.000659993,
    "DeviceSerialNumber": "45250",
    "DwellTime": 2.1e-06,
    "EchoTime": 0.04,
    "EchoTrainLength": 96,
    "EffectiveEchoSpacing": 0.000659993,
    "FlipAngle": 60,
    "ImageComments": "Unaliased MB4/PE3",
    "ImageOrientationPatientDICOM": [
      0.993602,
      -0.0392202,
      -0.105907,
      0.0161292,
      0.977429,
      -0.210646
    ],
    "ImageType": [
      "ORIGINAL",
      "PRIMARY",
      "M",
      "MB",
      "ND",
      "NORM",
      "MOSAIC"
    ],
    "ImagingFrequency": 123.22,
    "InPlanePhaseEncodingDirectionDICOM": "COL",
    "InstitutionAddress": "Kopernikusstr. 26,Graz,Graz,AT,8010",
    "InstitutionName": "KFU",
    "InstitutionalDepartmentName": "Department",
    "MRAcquisitionType": "2D",
    "MagneticFieldStrength": 3,
    "Manufacturer": "Siemens",
    "ManufacturersModelName": "Skyra",
    "Modality": "MR",
    "MultibandAccelerationFactor": 4,
    "PartialFourier": 1,
    "PatientPosition": "HFS",
    "PercentPhaseFOV": 100,
    "PercentSampling": 100,
    "PhaseEncodingDirection": "j-",
    "PhaseEncodingSteps": 96,
    "PhaseResolution": 1,
    "PixelBandwidth": 2480,
    "ProcedureStepDescription": "KFU^AllgemeinePsy",
    "ProtocolName": "MB4_2_5mm_20K_TR1250_4",
    "PulseSequenceDetails": "%CustomerSeq%\\cmrr_mbep2d_bold",
    "ReceiveCoilActiveElements": "HE1-4",
    "ReceiveCoilName": "HeadNeck_20",
    "ReconMatrixPE": 96,
    "RepetitionTime": 1.25,
    "SAR": 0.0672056,
    "ScanOptions": "FS",
    "ScanningSequence": "EP",
    "SequenceName": "epfid2d1_96",
    "SequenceVariant": "SK\\SS",
    "SeriesDescription": "MB4_2_5mm_20K_TR1250_4",
    "SeriesNumber": 8,
    "ShimSetting": [
      -1735,
      -3557,
      -4408,
      278,
      592,
      21,
      83,
      -200
    ],
    "SliceThickness": 2.5,
    "SliceTiming": [
      0,
      0.6625,
      0.095,
      0.7575,
      0.19,
      0.8525,
      0.2825,
      0.945,
      0.3775,
      1.04,
      0.4725,
      1.135,
      0.5675,
      0,
      0.6625,
      0.095,
      0.7575,
      0.19,
      0.8525,
      0.2825,
      0.945,
      0.3775,
      1.04,
      0.4725,
      1.135,
      0.5675,
      0,
      0.6625,
      0.095,
      0.7575,
      0.19,
      0.8525,
      0.2825,
      0.945,
      0.3775,
      1.04,
      0.4725,
      1.135,
      0.5675,
      0,
      0.6625,
      0.095,
      0.7575,
      0.19,
      0.8525,
      0.2825,
      0.945,
      0.3775,
      1.04,
      0.4725,
      1.135,
      0.5675
    ],
    "SoftwareVersions": "syngo MR D13",
    "SpacingBetweenSlices": 2.75,
    "StationName": "FBMTMR1",
    "TaskName": "multar",
    "TotalReadoutTime": 0.0626993,
    "TxRefAmp": 358.502,
    "WipMemBlock": "b67f7d74-2b0a-4316-9e88-c19e64fe1ee9||Sequence: vd13a/master r/bd40f27; Jul 20 2016 19:26:27 by eja",
    "acq_id": "mb",
    "dataset": "ds003470",
    "modality": "bold",
    "run_id": 4,
    "session_id": "1",
    "subject_id": "22",
    "task_id": "multar"
  },
  "dummy_trs": 0,
  "dvars_nstd": 42.076633532426015,
  "dvars_std": 1.248121843461538,
  "dvars_vstd": 1.0373938784319532,
  "efc": 0.42549286232856026,
  "fber": 6385.7783203125,
  "fd_mean": 0.2348234705677103,
  "fd_num": 151,
  "fd_perc": 44.54277286135693,
  "fwhm_avg": 2.0679875151515152,
  "fwhm_x": 1.983212,
  "fwhm_y": 2.354656,
  "fwhm_z": 1.8660945454545455,
  "gcor": 0.0120877,
  "gsr_x": -0.009575678035616875,
  "gsr_y": 0.023822329938411713,
  "provenance": {
    "md5sum": "555ef64e70f3c5811491ef32c9726db3",
    "settings": {
      "fd_thres": 0.2,
      "testing": false
    },
    "software": "mriqc",
    "version": "22.0.6",
    "webapi_port": null,
    "webapi_url": "https://mriqc.nimh.nih.gov/api/v1"
  },
  "size_t": 339,
  "size_x": 96,
  "size_y": 96,
  "size_z": 52,
  "snr": 4.184149701780006,
  "spacing_tr": 1.25,
  "spacing_x": 2.5,
  "spacing_y": 2.5,
  "spacing_z": 2.75,
  "summary_bg_k": 56.51414924590716,
  "summary_bg_mad": 65.4552726852059,
  "summary_bg_mean": 288.82958984375,
  "summary_bg_median": 120.81700134277344,
  "summary_bg_n": 346050.0,
  "summary_bg_p05": 61.71142520904541,
  "summary_bg_p95": 1173.0761291503904,
  "summary_bg_stdv": 562.8588256835938,
  "summary_fg_k": 5.2297343186175524,
  "summary_fg_mad": 1707.572626626537,
  "summary_fg_mean": 9960.5078125,
  "summary_fg_median": 9697.3837890625,
  "summary_fg_n": 68931.0,
  "summary_fg_p05": 7195.880615234375,
  "summary_fg_p95": 13536.0263671875,
  "summary_fg_stdv": 2317.630615234375,
  "tsnr": 42.790748596191406
}