{
  "aor": 0.0022843103448275865,
  "aqi": 0.01167063778735632,
  "bids_meta": {
    "AcquisitionMatrixPE": 96,
    "AcquisitionNumber": 1,
    "AcquisitionTime": "18:59:38.837500",
    "BandwidthPerPixelPhaseEncode": 15.783,
    "BaseResolution": 96,
    "BodyPartExamined": "BRAIN",
    "ConsistencyInfo": "N4_VD13A_LATEST_20120616",
    "ConversionSoftware": "dcm2niix",
    "ConversionSoftwareVersion": "v1.0.20201102",
    "DerivedVendorReportedEchoSpacing": 0.000659993,
    "DeviceSerialNumber": "45250",
    "DwellTime": 2.1e-06,
    "EchoTime": 0.04,
    "EchoTrainLength": 96,
    "EffectiveEchoSpacing": 0.000659993,
    "FlipAngle": 60,
    "ImageComments": "Unaliased MB4/PE3",
    "ImageOrientationPatientDICOM": [
      0.993602,
      -0.0392202,
      -0.105907,
      0.0161292,
      0.977429,
      -0.210646
    ],
    "ImageType": [
      "ORIGINAL",
      "PRIMARY",
      "M",
      "MB",
      "ND",
      "NORM",
      "MOSAIC"
    ],
    "ImagingFrequency": 123.22,
    "InPlanePhaseEncodingDirectionDICOM": "COL",
    "InstitutionAddress": "Kopernikusstr. 26,Graz,Graz,AT,8010",
    "InstitutionName": "KFU",
    "InstitutionalDepartmentName": "Department",
    "MRAcquisitionType": "2D",
    "MagneticFieldStrength": 3,
    "Manufacturer": "Siemens",
    "ManufacturersModelName": "Skyra",
    "Modality": "MR",
    "MultibandAccelerationFactor": 4,
    "PartialFourier": 1,
    "PatientPosition": "HFS",
    "PercentPhaseFOV": 100,
    "PercentSampling": 100,
    "PhaseEncodingDirection": "j-",
    "PhaseEncodingSteps": 96,
    "PhaseResolution": 1,
    "PixelBandwidth": 2480,
    "ProcedureStepDescription": "KFU^AllgemeinePsy",
    "ProtocolName": "MB4_2_5mm_20K_TR1250_6",
    "PulseSequenceDetails": "%CustomerSeq%\\cmrr_mbep2d_bold",
    "ReceiveCoilActiveElements": "HE1-4",
    "ReceiveCoilName": "HeadNeck_20",
    "ReconMatrixPE": 96,
    "RepetitionTime": 1.25,
    "SAR": 0.0672056,
    "ScanOptions": "FS",
    "ScanningSequence": "EP",
    "SequenceName": "epfid2d1_96",
    "SequenceVariant": "SK\\SS",
    "SeriesDescription": "MB4_2_5mm_20K_TR1250_6",
    "SeriesNumber": 10,
    "ShimSetting": [
      -1735,
      -3557,
      -4408,
      278,
      592,
      21,
      83,
      -200
    ],
    "SliceThickness": 2.5,
    "SliceTiming": [
      0,
      0.6625,
      0.095,
      0.7575,
      0.19,
      0.8525,
      0.285,
      0.9475,
      0.38,
      1.0425,
      0.475,
      1.1375,
      0.5675,
      0,
      0.6625,
      0.095,
      0.7575,
      0.19,
      0.8525,
      0.285,
      0.9475,
      0.38,
      1.0425,
      0.475,
      1.1375,
      0.5675,
      0,
      0.6625,
      0.095,
      0.7575,
      0.19,
      0.8525,
      0.285,
      0.9475,
      0.38,
      1.0425,
      0.475,
      1.1375,
      0.5675,
      0,
      0.6625,
      0.095,
      0.7575,
      0.19,
      0.8525,
      0.285,
      0.9475,
      0.38,
      1.0425,
      0.475,
      1.1375,
      0.5675
    ],
    "SoftwareVersions": "syngo MR D13",
    "SpacingBetweenSlices": 2.75,
    "StationName": "FBMTMR1",
    "TaskName": "multar",
    "TotalReadoutTime": 0.0626993,
    "TxRefAmp": 358.502,
    "WipMemBlock": "270c2c90-dbf0-49a0-93eb-a1a02cd7e630||Sequence: vd13a/master r/bd40f27; Jul 20 2016 19:26:27 by eja",
    "acq_id": "mb",
    "dataset": "ds003470",
    "modality": "bold",
    "run_id": 6,
    "session_id": "1",
    "subject_id": "22",
    "task_id": "multar"
  },
  "dummy_trs": 2,
  "dvars_nstd": 40.649086811902016,
  "dvars_std": 1.2103869892507213,
  "dvars_vstd": 0.9964502044668593,
  "efc": 0.4267582969363186,
  "fber": 6369.29931640625,
  "fd_mean": 0.21618907086908132,
  "fd_num": 160,
  "fd_perc": 45.97701149425287,
  "fwhm_avg": 2.0811423030303033,
  "fwhm_x": 1.993244,
  "fwhm_y": 2.370092,
  "fwhm_z": 1.8800909090909093,
  "gcor": 0.0117143,
  "gsr_x": -0.009638472460210323,
  "gsr_y": 0.02316821925342083,
  "provenance": {
    "md5sum": "972c196907fbef336affaeb9cf4f06bf",
    "settings": {
      "fd_thres": 0.2,
      "testing": false
    },
    "software": "mriqc",
    "version": "22.0.6",
    "webapi_port": null,
    "webapi_url": "https://mriqc.nimh.nih.gov/api/v1"
  },
  "size_t": 348,
  "size_x": 96,
  "size_y": 96,
  "size_z": 52,
  "snr": 4.167867683183703,
  "spacing_tr": 1.25,
  "spacing_x": 2.5,
  "spacing_y": 2.5,
  "spacing_z": 2.75,
  "summary_bg_k": 53.87926530706671,
  "summary_bg_mad": 65.61112056550505,
  "summary_bg_mean": 293.6763000488281,
  "summary_bg_median": 120.66630554199219,
  "summary_bg_n": 345765.0,
  "summary_bg_p05": 61.50643539428711,
  "summary_bg_p95": 1202.2080078124998,
  "summary_bg_stdv": 573.9702758789062,
  "summary_fg_k": 5.175085157293951,
  "summary_fg_mad": 1721.634182042676,
  "summary_fg_mean": 9953.4521484375,
  "summary_fg_median": 9688.8076171875,
  "summary_fg_n": 69143.0,
  "summary_fg_p05": 7172.43046875,
  "summary_fg_p95": 13530.35869140624,
  "summary_fg_stdv": 2324.626953125,
  "tsnr": 43.45335006713867
}