{
  "bids_meta": {
    "AcquisitionMatrixPE": 256,
    "AcquisitionNumber": 1,
    "AcquisitionTime": "13:35:10.435000",
    "BaseResolution": 256,
    "BodyPartExamined": "BRAIN",
    "ConsistencyInfo": "N4_VD13A_LATEST_20120616",
    "ConversionSoftware": "dcm2niix",
    "ConversionSoftwareVersion": "v1.0.20201102",
    "DeviceSerialNumber": "45250",
    "DwellTime": 8.5e-06,
    "EchoTime": 0.00207,
    "FlipAngle": 9,
    "ImageOrientationPatientDICOM": [
      -0.00639853,
      0.982332,
      -0.187038,
      0.00278526,
      -0.187024,
      -0.982351
    ],
    "ImageType": [
      "ORIGINAL",
      "PRIMARY",
      "M",
      "ND",
      "NORM"
    ],
    "ImagingFrequency": 123.22,
    "InPlanePhaseEncodingDirectionDICOM": "ROW",
    "InstitutionAddress": "Kopernikusstr. 26,Graz,Graz,AT,8010",
    "InstitutionName": "KFU",
    "InstitutionalDepartmentName": "Department",
    "InversionTime": 0.9,
    "MRAcquisitionType": "3D",
    "MagneticFieldStrength": 3,
    "Manufacturer": "Siemens",
    "ManufacturersModelName": "Skyra",
    "Modality": "MR",
    "ParallelReductionFactorInPlane": 2,
    "PartialFourier": 1,
    "PatientPosition": "HFS",
    "PercentPhaseFOV": 100,
    "PercentSampling": 100,
    "PhaseEncodingSteps": 282,
    "PhaseOversampling": 0.1,
    "PhaseResolution": 1,
    "PixelBandwidth": 230,
    "ProcedureStepDescription": "KFU^AllgemeinePsy",
    "ProtocolName": "t1_mprage_sag_p0_iso_no_Pat",
    "PulseSequenceDetails": "%SiemensSeq%\\tfl",
    "ReceiveCoilActiveElements": "HE1-4;NE1,2",
    "ReceiveCoilName": "HeadNeck_20",
    "ReconMatrixPE": 256,
    "RefLinesPE": 24,
    "RepetitionTime": 1.56,
    "SAR": 0.109518,
    "ScanOptions": "IR",
    "ScanningSequence": "GR\\IR",
    "SequenceName": "*tfl3d1_16ns",
    "SequenceVariant": "SK\\SP\\MP\\OSP",
    "SeriesDescription": "t1_mprage_sag_p0_iso_no_Pat",
    "SeriesNumber": 2,
    "ShimSetting": [
      -1650,
      -3634,
      -4857,
      -165,
      632,
      105,
      -266,
      -421
    ],
    "SliceThickness": 1,
    "SoftwareVersions": "syngo MR D13",
    "StationName": "FBMTMR1",
    "TxRefAmp": 400.639,
    "acq_id": "mprage",
    "dataset": "ds003470",
    "modality": "T1w",
    "run_id": 1,
    "session_id": "1",
    "subject_id": "03"
  },
  "cjv": 0.4843762669696013,
  "cnr": 2.791908593541624,
  "efc": 0.6053050649724743,
  "fber": 9209.671416495594,
  "fwhm_avg": 3.69117,
  "fwhm_x": 3.57816,
  "fwhm_y": 3.65137,
  "fwhm_z": 3.84398,
  "icvs_csf": 0.18300864075166895,
  "icvs_gm": 0.43278836844453855,
  "icvs_wm": 0.38420299080379244,
  "inu_med": 0.5607874691486359,
  "inu_range": 0.2356801733374595,
  "provenance": {
    "md5sum": "ce7e88f2f8e1751b98ba1e0f1b497f28",
    "settings": {
      "testing": false
    },
    "software": "mriqc",
    "version": "22.0.6",
    "warnings": {
      "large_rot_frame": true,
      "small_air_mask": false
    },
    "webapi_port": null,
    "webapi_url": "https://mriqc.nimh.nih.gov/api/v1"
  },
  "qi_1": 2.3619459465295927e-06,
  "qi_2": 0.005923246441294366,
  "rpve_csf": 25.521716959158088,
  "rpve_gm": 11.039922460262343,
  "rpve_wm": 13.639651216811913,
  "size_x": 176,
  "size_y": 256,
  "size_z": 256,
  "snr_csf": 3.3931393883171146,
  "snr_gm": 13.874977724243829,
  "snr_total": 11.432875868626091,
  "snr_wm": 17.030510493317333,
  "snrd_csf": 25.242151017102916,
  "snrd_gm": 53.32912406296698,
  "snrd_total": 49.320999904531014,
  "snrd_wm": 69.39172463352314,
  "spacing_x": 1.0,
  "spacing_y": 1.0,
  "spacing_z": 1.0,
  "summary_bg_k": 16.435746025639652,
  "summary_bg_mad": 9.441570157990153,
  "summary_bg_mean": 11.208769456178905,
  "summary_bg_median": 6.368242297321558,
  "summary_bg_n": 2740315.0,
  "summary_bg_p05": 0.0,
  "summary_bg_p95": 47.599124908447266,
  "summary_bg_stdv": 18.93285980844392,
  "summary_csf_k": 4.47400581992832,
  "summary_csf_mad": 88.7645427992067,
  "summary_csf_mean": 368.92949914595994,
  "summary_csf_median": 363.7800307944417,
  "summary_csf_n": 37948.0,
  "summary_csf_p05": 206.12419876735657,
  "summary_csf_p95": 546.5997166000307,
  "summary_csf_stdv": 107.20904625285692,
  "summary_gm_k": 0.08723779300522816,
  "summary_gm_mad": 55.06433982652651,
  "summary_gm_mean": 768.5831569034734,
  "summary_gm_median": 768.5585265979171,
  "summary_gm_n": 28388.0,
  "summary_gm_p05": 677.078958414495,
  "summary_gm_p95": 858.3019352937116,
  "summary_gm_stdv": 55.39071882300189,
  "summary_wm_k": 0.29402763932302367,
  "summary_wm_mad": 57.06292037091859,
  "summary_wm_mean": 1004.6830619197224,
  "summary_wm_median": 1000.0464582815766,
  "summary_wm_n": 203305.0,
  "summary_wm_p05": 916.4690885692835,
  "summary_wm_p95": 1108.5854784585536,
  "summary_wm_stdv": 58.7207294342477,
  "tpm_overlap_csf": 0.16019501516115225,
  "tpm_overlap_gm": 0.45921670146482657,
  "tpm_overlap_wm": 0.49760274561743867,
  "wm2max": 0.35062501018595477
}