{
  "bids_meta": {
    "AcquisitionMatrixPE": 256,
    "AcquisitionNumber": 1,
    "AcquisitionTime": "18:03:9.470000",
    "BaseResolution": 256,
    "BodyPartExamined": "BRAIN",
    "ConsistencyInfo": "N4_VD13A_LATEST_20120616",
    "ConversionSoftware": "dcm2niix",
    "ConversionSoftwareVersion": "v1.0.20201102",
    "DeviceSerialNumber": "45250",
    "DwellTime": 8.5e-06,
    "EchoTime": 0.00207,
    "FlipAngle": 9,
    "ImageOrientationPatientDICOM": [
      -0.0347684,
      0.982136,
      -0.18493,
      -0.145802,
      -0.188047,
      -0.971278
    ],
    "ImageType": [
      "ORIGINAL",
      "PRIMARY",
      "M",
      "ND",
      "NORM"
    ],
    "ImagingFrequency": 123.22,
    "InPlanePhaseEncodingDirectionDICOM": "ROW",
    "InstitutionAddress": "Kopernikusstr. 26,Graz,Graz,AT,8010",
    "InstitutionName": "KFU",
    "InstitutionalDepartmentName": "Department",
    "InversionTime": 0.9,
    "MRAcquisitionType": "3D",
    "MagneticFieldStrength": 3,
    "Manufacturer": "Siemens",
    "ManufacturersModelName": "Skyra",
    "Modality": "MR",
    "ParallelReductionFactorInPlane": 2,
    "PartialFourier": 1,
    "PatientPosition": "HFS",
    "PercentPhaseFOV": 100,
    "PercentSampling": 100,
    "PhaseEncodingSteps": 282,
    "PhaseOversampling": 0.1,
    "PhaseResolution": 1,
    "PixelBandwidth": 230,
    "ProcedureStepDescription": "KFU^AllgemeinePsy",
    "ProtocolName": "t1_mprage_sag_p0_iso_no_Pat",
    "PulseSequenceDetails": "%SiemensSeq%\\tfl",
    "ReceiveCoilActiveElements": "HE1-4;NE1,2",
    "ReceiveCoilName": "HeadNeck_20",
    "ReconMatrixPE": 256,
    "RefLinesPE": 24,
    "RepetitionTime": 1.56,
    "SAR": 0.0970887,
    "ScanOptions": "IR",
    "ScanningSequence": "GR\\IR",
    "SequenceName": "*tfl3d1_16ns",
    "SequenceVariant": "SK\\SP\\MP\\OSP",
    "SeriesDescription": "t1_mprage_sag_p0_iso_no_Pat",
    "SeriesNumber": 2,
    "ShimSetting": [
      -1661,
      -3542,
      -4866,
      -151,
      630,
      106,
      -188,
      -443
    ],
    "SliceThickness": 1,
    "SoftwareVersions": "syngo MR D13",
    "StationName": "FBMTMR1",
    "TxRefAmp": 358.502,
    "acq_id": "mprage",
    "dataset": "ds003470",
    "modality": "T1w",
    "run_id": 1,
    "session_id": "1",
    "subject_id": "22"
  },
  "cjv": 0.40588597427669104,
  "cnr": 3.3620955026150594,
  "efc": 0.5642333992988914,
  "fber": 23651.685453330363,
  "fwhm_avg": 3.77268,
  "fwhm_x": 3.68193,
  "fwhm_y": 3.77317,
  "fwhm_z": 3.86294,
  "icvs_csf": 0.1968264771321322,
  "icvs_gm": 0.4315511709926498,
  "icvs_wm": 0.371622351875218,
  "inu_med": 0.48059386014938354,
  "inu_range": 0.14652647078037262,
  "provenance": {
    "md5sum": "ff2f8f390ff16878883d67e543d63e23",
    "settings": {
      "testing": false
    },
    "software": "mriqc",
    "version": "22.0.6",
    "warnings": {
      "large_rot_frame": true,
      "small_air_mask": false
    },
    "webapi_port": null,
    "webapi_url": "https://mriqc.nimh.nih.gov/api/v1"
  },
  "qi_1": 0.0,
  "qi_2": 0.012965645335328081,
  "rpve_csf": 24.794634857842777,
  "rpve_gm": 11.838586944637942,
  "rpve_wm": 15.509107270637726,
  "size_x": 176,
  "size_y": 256,
  "size_z": 256,
  "snr_csf": 3.0657968105574893,
  "snr_gm": 13.021472511210607,
  "snr_total": 12.761235587011655,
  "snr_wm": 22.19643743926687,
  "snrd_csf": 30.051643863444756,
  "snrd_gm": 70.4587841609724,
  "snrd_total": 64.7136502275874,
  "snrd_wm": 93.63052265834504,
  "spacing_x": 1.0,
  "spacing_y": 1.0,
  "spacing_z": 1.0,
  "summary_bg_k": 20.424822603655713,
  "summary_bg_mad": 0.0,
  "summary_bg_mean": 3.6320730734460804,
  "summary_bg_median": 0.0,
  "summary_bg_n": 3065935.0,
  "summary_bg_p05": 0.0,
  "summary_bg_p95": 15.660685122013092,
  "summary_bg_stdv": 6.997292440043687,
  "summary_csf_k": 14.555934868111795,
  "summary_csf_mad": 72.0205535115443,
  "summary_csf_mean": 329.4508586177561,
  "summary_csf_median": 320.9715418294072,
  "summary_csf_n": 46927.0,
  "summary_csf_p05": 164.62932718656958,
  "summary_csf_p95": 507.00380534939455,
  "summary_csf_stdv": 104.6932141110122,
  "summary_gm_k": -0.007949482280626086,
  "summary_gm_mad": 57.72393617268551,
  "summary_gm_mean": 751.5728074842514,
  "summary_gm_median": 752.5466723330319,
  "summary_gm_n": 26490.0,
  "summary_gm_p05": 655.2999804949388,
  "summary_gm_p95": 844.7543937267735,
  "summary_gm_stdv": 57.791656603901345,
  "summary_wm_k": 0.6187810097332545,
  "summary_wm_mad": 42.728611971401286,
  "summary_wm_mean": 1001.7148476407756,
  "summary_wm_median": 1000.0362494811416,
  "summary_wm_n": 215697.0,
  "summary_wm_p05": 931.1219846270978,
  "summary_wm_p95": 1077.723398130387,
  "summary_wm_stdv": 45.05380352428796,
  "tpm_overlap_csf": 0.18025464611812983,
  "tpm_overlap_gm": 0.466865189295502,
  "tpm_overlap_wm": 0.5112967346132965,
  "wm2max": 0.49744838157064286
}