{
  "aor": 0.0011603975535168195,
  "aqi": 0.021093725688073394,
  "bids_meta": {
    "AcquisitionMatrixPE": 96,
    "AcquisitionNumber": 1,
    "AcquisitionTime": "17:00:1.257500",
    "BandwidthPerPixelPhaseEncode": 15.783,
    "BaseResolution": 96,
    "BodyPartExamined": "BRAIN",
    "ConsistencyInfo": "N4_VD13A_LATEST_20120616",
    "ConversionSoftware": "dcm2niix",
    "ConversionSoftwareVersion": "v1.0.20201102",
    "DerivedVendorReportedEchoSpacing": 0.000659993,
    "DeviceSerialNumber": "45250",
    "DwellTime": 2.1e-06,
    "EchoTime": 0.04,
    "EchoTrainLength": 96,
    "EffectiveEchoSpacing": 0.000659993,
    "FlipAngle": 60,
    "ImageComments": "Unaliased MB4/PE3",
    "ImageOrientationPatientDICOM": [
      0.999868,
      -0.016031,
      0.00253906,
      0.0162309,
      0.987558,
      -0.156414
    ],
    "ImageType": [
      "ORIGINAL",
      "PRIMARY",
      "M",
      "MB",
      "ND",
      "NORM",
      "MOSAIC"
    ],
    "ImagingFrequency": 123.22,
    "InPlanePhaseEncodingDirectionDICOM": "COL",
    "InstitutionAddress": "Kopernikusstr. 26,Graz,Graz,AT,8010",
    "InstitutionName": "TUG",
    "InstitutionalDepartmentName": "Department",
    "MRAcquisitionType": "2D",
    "MagneticFieldStrength": 3,
    "Manufacturer": "Siemens",
    "ManufacturersModelName": "Skyra",
    "Modality": "MR",
    "MultibandAccelerationFactor": 4,
    "PartialFourier": 1,
    "PatientPosition": "HFS",
    "PercentPhaseFOV": 100,
    "PercentSampling": 100,
    "PhaseEncodingDirection": "j-",
    "PhaseEncodingSteps": 96,
    "PhaseResolution": 1,
    "PixelBandwidth": 2480,
    "ProcedureStepDescription": "KFU^AllgemeinePsy",
    "ProtocolName": "MB4_2_5mm_20K_TR1250_3",
    "PulseSequenceDetails": "%CustomerSeq%\\cmrr_mbep2d_bold",
    "ReceiveCoilActiveElements": "HE1-4",
    "ReceiveCoilName": "HeadNeck_20",
    "ReconMatrixPE": 96,
    "RepetitionTime": 1.25,
    "SAR": 0.0694331,
    "ScanOptions": "FS",
    "ScanningSequence": "EP",
    "SequenceName": "epfid2d1_96",
    "SequenceVariant": "SK\\SS",
    "SeriesDescription": "MB4_2_5mm_20K_TR1250_3",
    "SeriesNumber": 7,
    "ShimSetting": [
      -1663,
      -3609,
      -4364,
      305,
      597,
      230,
      -21,
      -460
    ],
    "SliceThickness": 2.5,
    "SliceTiming": [
      0,
      0.6625,
      0.095,
      0.7575,
      0.19,
      0.8525,
      0.285,
      0.9475,
      0.3775,
      1.04,
      0.4725,
      1.135,
      0.5675,
      0,
      0.6625,
      0.095,
      0.7575,
      0.19,
      0.8525,
      0.285,
      0.9475,
      0.3775,
      1.04,
      0.4725,
      1.135,
      0.5675,
      0,
      0.6625,
      0.095,
      0.7575,
      0.19,
      0.8525,
      0.285,
      0.9475,
      0.3775,
      1.04,
      0.4725,
      1.135,
      0.5675,
      0,
      0.6625,
      0.095,
      0.7575,
      0.19,
      0.8525,
      0.285,
      0.9475,
      0.3775,
      1.04,
      0.4725,
      1.135,
      0.5675
    ],
    "SoftwareVersions": "syngo MR D13",
    "SpacingBetweenSlices": 2.75,
    "StationName": "FBMTMR1",
    "TaskName": "multar",
    "TotalReadoutTime": 0.0626993,
    "TxRefAmp": 371.055,
    "WipMemBlock": "9d4cecf3-c0a2-49a7-a0b3-c726dd0083da||Sequence: vd13a/master r/c0cb646; Dec 14 2015 19:21:42 by eja",
    "acq_id": "mb",
    "dataset": "ds003470",
    "modality": "bold",
    "run_id": 3,
    "session_id": "1",
    "subject_id": "02",
    "task_id": "multar"
  },
  "dummy_trs": 1,
  "dvars_nstd": 42.33861354509204,
  "dvars_std": 1.1747171616564422,
  "dvars_vstd": 0.9921684065337414,
  "efc": 0.46160545892897414,
  "fber": 6047.77783203125,
  "fd_mean": 0.30853344629014345,
  "fd_num": 231,
  "fd_perc": 70.64220183486239,
  "fwhm_avg": 1.9882048484848485,
  "fwhm_x": 1.9150079999999998,
  "fwhm_y": 2.275432,
  "fwhm_z": 1.7741745454545457,
  "gcor": 0.00481793,
  "gsr_x": -0.0056534698233008385,
  "gsr_y": 0.038701217621564865,
  "provenance": {
    "md5sum": "36c5e4b391491fd7e52f8b8cee157c92",
    "settings": {
      "fd_thres": 0.2,
      "testing": false
    },
    "software": "mriqc",
    "version": "22.0.6",
    "webapi_port": null,
    "webapi_url": "https://mriqc.nimh.nih.gov/api/v1"
  },
  "size_t": 327,
  "size_x": 96,
  "size_y": 96,
  "size_z": 52,
  "snr": 4.631305756064623,
  "spacing_tr": 1.25,
  "spacing_x": 2.5,
  "spacing_y": 2.5,
  "spacing_z": 2.75,
  "summary_bg_k": 24.619413057454707,
  "summary_bg_mad": 68.25546704253907,
  "summary_bg_mean": 348.11187744140625,
  "summary_bg_median": 119.6231918334961,
  "summary_bg_n": 333575.0,
  "summary_bg_p05": 59.7708927154541,
  "summary_bg_p95": 1573.4770263671874,
  "summary_bg_stdv": 699.48486328125,
  "summary_fg_k": 4.910061496348559,
  "summary_fg_mad": 1541.0462821307945,
  "summary_fg_mean": 9522.5400390625,
  "summary_fg_median": 9358.283203125,
  "summary_fg_n": 78742.0,
  "summary_fg_p05": 6896.597192382813,
  "summary_fg_p95": 12728.456835937499,
  "summary_fg_stdv": 2020.644775390625,
  "tsnr": 34.14442443847656
}