{
  "aor": 0.0014806686930091185,
  "aqi": 0.019848877507598787,
  "bids_meta": {
    "AcquisitionMatrixPE": 96,
    "AcquisitionNumber": 1,
    "AcquisitionTime": "17:11:14.830000",
    "BandwidthPerPixelPhaseEncode": 15.783,
    "BaseResolution": 96,
    "BodyPartExamined": "BRAIN",
    "ConsistencyInfo": "N4_VD13A_LATEST_20120616",
    "ConversionSoftware": "dcm2niix",
    "ConversionSoftwareVersion": "v1.0.20201102",
    "DerivedVendorReportedEchoSpacing": 0.000659993,
    "DeviceSerialNumber": "45250",
    "DwellTime": 2.1e-06,
    "EchoTime": 0.04,
    "EchoTrainLength": 96,
    "EffectiveEchoSpacing": 0.000659993,
    "FlipAngle": 60,
    "ImageComments": "Unaliased MB4/PE3",
    "ImageOrientationPatientDICOM": [
      0.999868,
      -0.016031,
      0.00253906,
      0.0162309,
      0.987558,
      -0.156414
    ],
    "ImageType": [
      "ORIGINAL",
      "PRIMARY",
      "M",
      "MB",
      "ND",
      "NORM",
      "MOSAIC"
    ],
    "ImagingFrequency": 123.22,
    "InPlanePhaseEncodingDirectionDICOM": "COL",
    "InstitutionAddress": "Kopernikusstr. 26,Graz,Graz,AT,8010",
    "InstitutionName": "TUG",
    "InstitutionalDepartmentName": "Department",
    "MRAcquisitionType": "2D",
    "MagneticFieldStrength": 3,
    "Manufacturer": "Siemens",
    "ManufacturersModelName": "Skyra",
    "Modality": "MR",
    "MultibandAccelerationFactor": 4,
    "PartialFourier": 1,
    "PatientPosition": "HFS",
    "PercentPhaseFOV": 100,
    "PercentSampling": 100,
    "PhaseEncodingDirection": "j-",
    "PhaseEncodingSteps": 96,
    "PhaseResolution": 1,
    "PixelBandwidth": 2480,
    "ProcedureStepDescription": "KFU^AllgemeinePsy",
    "ProtocolName": "MB4_2_5mm_20K_TR1250_4",
    "PulseSequenceDetails": "%CustomerSeq%\\cmrr_mbep2d_bold",
    "ReceiveCoilActiveElements": "HE1-4",
    "ReceiveCoilName": "HeadNeck_20",
    "ReconMatrixPE": 96,
    "RepetitionTime": 1.25,
    "SAR": 0.0694331,
    "ScanOptions": "FS",
    "ScanningSequence": "EP",
    "SequenceName": "epfid2d1_96",
    "SequenceVariant": "SK\\SS",
    "SeriesDescription": "MB4_2_5mm_20K_TR1250_4",
    "SeriesNumber": 8,
    "ShimSetting": [
      -1663,
      -3609,
      -4364,
      305,
      597,
      230,
      -21,
      -460
    ],
    "SliceThickness": 2.5,
    "SliceTiming": [
      0,
      0.6625,
      0.095,
      0.7575,
      0.19,
      0.85,
      0.2825,
      0.945,
      0.3775,
      1.04,
      0.4725,
      1.135,
      0.5675,
      0,
      0.6625,
      0.095,
      0.7575,
      0.19,
      0.85,
      0.2825,
      0.945,
      0.3775,
      1.04,
      0.4725,
      1.135,
      0.5675,
      0,
      0.6625,
      0.095,
      0.7575,
      0.19,
      0.85,
      0.2825,
      0.945,
      0.3775,
      1.04,
      0.4725,
      1.135,
      0.5675,
      0,
      0.6625,
      0.095,
      0.7575,
      0.19,
      0.85,
      0.2825,
      0.945,
      0.3775,
      1.04,
      0.4725,
      1.135,
      0.5675
    ],
    "SoftwareVersions": "syngo MR D13",
    "SpacingBetweenSlices": 2.75,
    "StationName": "FBMTMR1",
    "TaskName": "multar",
    "TotalReadoutTime": 0.0626993,
    "TxRefAmp": 371.055,
    "WipMemBlock": "bad239a6-ee91-4fcb-9c01-3234f05f07a0||Sequence: vd13a/master r/c0cb646; Dec 14 2015 19:21:42 by eja",
    "acq_id": "mb",
    "dataset": "ds003470",
    "modality": "bold",
    "run_id": 4,
    "session_id": "1",
    "subject_id": "02",
    "task_id": "multar"
  },
  "dummy_trs": 0,
  "dvars_nstd": 41.42424616003046,
  "dvars_std": 1.1910602205182923,
  "dvars_vstd": 1.0025357025914639,
  "efc": 0.46215075007821466,
  "fber": 6114.525390625,
  "fd_mean": 0.2477958310095388,
  "fd_num": 202,
  "fd_perc": 61.39817629179331,
  "fwhm_avg": 1.982734787878788,
  "fwhm_x": 1.899336,
  "fwhm_y": 2.273832,
  "fwhm_z": 1.7750363636363637,
  "gcor": 0.00909367,
  "gsr_x": -0.006225239485502243,
  "gsr_y": 0.04102703928947449,
  "provenance": {
    "md5sum": "d3f9f04fbe6a6bd6988ce71e7c18bb79",
    "settings": {
      "fd_thres": 0.2,
      "testing": false
    },
    "software": "mriqc",
    "version": "22.0.6",
    "webapi_port": null,
    "webapi_url": "https://mriqc.nimh.nih.gov/api/v1"
  },
  "size_t": 329,
  "size_x": 96,
  "size_y": 96,
  "size_z": 52,
  "snr": 4.674224558557867,
  "spacing_tr": 1.25,
  "spacing_x": 2.5,
  "spacing_y": 2.5,
  "spacing_z": 2.75,
  "summary_bg_k": 24.543820792044045,
  "summary_bg_mad": 65.82134214014286,
  "summary_bg_mean": 344.8625793457031,
  "summary_bg_median": 118.11592864990234,
  "summary_bg_n": 333411.0,
  "summary_bg_p05": 60.991859436035156,
  "summary_bg_p95": 1556.3734741210938,
  "summary_bg_stdv": 691.1949462890625,
  "summary_fg_k": 4.732814758647412,
  "summary_fg_mad": 1526.8956837103215,
  "summary_fg_mean": 9504.1474609375,
  "summary_fg_median": 9354.1064453125,
  "summary_fg_n": 78834.0,
  "summary_fg_p05": 6909.05,
  "summary_fg_p95": 12675.089111328116,
  "summary_fg_stdv": 2001.1976318359375,
  "tsnr": 35.19005584716797
}