{
  "aor": 0.0010674774774774777,
  "aqi": 0.013823316246246248,
  "bids_meta": {
    "AcquisitionMatrixPE": 96,
    "AcquisitionNumber": 1,
    "AcquisitionTime": "17:27:31.765000",
    "BandwidthPerPixelPhaseEncode": 15.783,
    "BaseResolution": 96,
    "BodyPartExamined": "BRAIN",
    "ConsistencyInfo": "N4_VD13A_LATEST_20120616",
    "ConversionSoftware": "dcm2niix",
    "ConversionSoftwareVersion": "v1.0.20201102",
    "DerivedVendorReportedEchoSpacing": 0.000659993,
    "DeviceSerialNumber": "45250",
    "DwellTime": 2.1e-06,
    "EchoTime": 0.04,
    "EchoTrainLength": 96,
    "EffectiveEchoSpacing": 0.000659993,
    "FlipAngle": 60,
    "ImageComments": "Unaliased MB4/PE3",
    "ImageOrientationPatientDICOM": [
      0.999868,
      -0.016031,
      0.00253906,
      0.0162309,
      0.987558,
      -0.156414
    ],
    "ImageType": [
      "ORIGINAL",
      "PRIMARY",
      "M",
      "MB",
      "ND",
      "NORM",
      "MOSAIC"
    ],
    "ImagingFrequency": 123.22,
    "InPlanePhaseEncodingDirectionDICOM": "COL",
    "InstitutionAddress": "Kopernikusstr. 26,Graz,Graz,AT,8010",
    "InstitutionName": "TUG",
    "InstitutionalDepartmentName": "Department",
    "MRAcquisitionType": "2D",
    "MagneticFieldStrength": 3,
    "Manufacturer": "Siemens",
    "ManufacturersModelName": "Skyra",
    "Modality": "MR",
    "MultibandAccelerationFactor": 4,
    "PartialFourier": 1,
    "PatientPosition": "HFS",
    "PercentPhaseFOV": 100,
    "PercentSampling": 100,
    "PhaseEncodingDirection": "j-",
    "PhaseEncodingSteps": 96,
    "PhaseResolution": 1,
    "PixelBandwidth": 2480,
    "ProcedureStepDescription": "KFU^AllgemeinePsy",
    "ProtocolName": "MB4_2_5mm_20K_TR1250_6",
    "PulseSequenceDetails": "%CustomerSeq%\\cmrr_mbep2d_bold",
    "ReceiveCoilActiveElements": "HE1-4",
    "ReceiveCoilName": "HeadNeck_20",
    "ReconMatrixPE": 96,
    "RepetitionTime": 1.25,
    "SAR": 0.0694331,
    "ScanOptions": "FS",
    "ScanningSequence": "EP",
    "SequenceName": "epfid2d1_96",
    "SequenceVariant": "SK\\SS",
    "SeriesDescription": "MB4_2_5mm_20K_TR1250_6",
    "SeriesNumber": 10,
    "ShimSetting": [
      -1663,
      -3609,
      -4364,
      305,
      597,
      230,
      -21,
      -460
    ],
    "SliceThickness": 2.5,
    "SliceTiming": [
      0,
      0.6625,
      0.095,
      0.7575,
      0.1875,
      0.85,
      0.2825,
      0.945,
      0.3775,
      1.04,
      0.4725,
      1.135,
      0.5675,
      0,
      0.6625,
      0.095,
      0.7575,
      0.1875,
      0.85,
      0.2825,
      0.945,
      0.3775,
      1.04,
      0.4725,
      1.135,
      0.5675,
      0,
      0.6625,
      0.095,
      0.7575,
      0.1875,
      0.85,
      0.2825,
      0.945,
      0.3775,
      1.04,
      0.4725,
      1.135,
      0.5675,
      0,
      0.6625,
      0.095,
      0.7575,
      0.1875,
      0.85,
      0.2825,
      0.945,
      0.3775,
      1.04,
      0.4725,
      1.135,
      0.5675
    ],
    "SoftwareVersions": "syngo MR D13",
    "SpacingBetweenSlices": 2.75,
    "StationName": "FBMTMR1",
    "TaskName": "multar",
    "TotalReadoutTime": 0.0626993,
    "TxRefAmp": 371.055,
    "WipMemBlock": "d16e8379-6f53-493a-bceb-9f53db85d75b||Sequence: vd13a/master r/c0cb646; Dec 14 2015 19:21:42 by eja",
    "acq_id": "mb",
    "dataset": "ds003470",
    "modality": "bold",
    "run_id": 6,
    "session_id": "1",
    "subject_id": "02",
    "task_id": "multar"
  },
  "dummy_trs": 0,
  "dvars_nstd": 40.605104940331294,
  "dvars_std": 1.209539679819277,
  "dvars_vstd": 1.0013571224397593,
  "efc": 0.4634803286557141,
  "fber": 5840.1162109375,
  "fd_mean": 0.21508748464902333,
  "fd_num": 142,
  "fd_perc": 42.64264264264264,
  "fwhm_avg": 1.9645133333333333,
  "fwhm_x": 1.873632,
  "fwhm_y": 2.236708,
  "fwhm_z": 1.7832000000000001,
  "gcor": 0.00921367,
  "gsr_x": -0.007560501806437969,
  "gsr_y": 0.040322914719581604,
  "provenance": {
    "md5sum": "9b5b1fbd102a982329b62d73b7508d9a",
    "settings": {
      "fd_thres": 0.2,
      "testing": false
    },
    "software": "mriqc",
    "version": "22.0.6",
    "webapi_port": null,
    "webapi_url": "https://mriqc.nimh.nih.gov/api/v1"
  },
  "size_t": 333,
  "size_x": 96,
  "size_y": 96,
  "size_z": 52,
  "snr": 4.629576883967888,
  "spacing_tr": 1.25,
  "spacing_x": 2.5,
  "spacing_y": 2.5,
  "spacing_z": 2.75,
  "summary_bg_k": 24.552258393025156,
  "summary_bg_mad": 66.85409168050234,
  "summary_bg_mean": 351.0205993652344,
  "summary_bg_median": 120.32948303222656,
  "summary_bg_n": 333244.0,
  "summary_bg_p05": 62.63053169250488,
  "summary_bg_p95": 1595.4044311523403,
  "summary_bg_stdv": 701.274169921875,
  "summary_fg_k": 4.823539343016002,
  "summary_fg_mad": 1527.0621868891574,
  "summary_fg_mean": 9462.2060546875,
  "summary_fg_median": 9308.25390625,
  "summary_fg_n": 78952.0,
  "summary_fg_p05": 6864.376049804688,
  "summary_fg_p95": 12656.55361328125,
  "summary_fg_stdv": 2010.593017578125,
  "tsnr": 40.437068939208984
}