{
  "aor": 0.0010978994082840238,
  "aqi": 0.013039129674556213,
  "bids_meta": {
    "AcquisitionMatrixPE": 96,
    "AcquisitionNumber": 1,
    "AcquisitionTime": "16:51:41.887500",
    "BandwidthPerPixelPhaseEncode": 15.783,
    "BaseResolution": 96,
    "BodyPartExamined": "BRAIN",
    "ConsistencyInfo": "N4_VD13A_LATEST_20120616",
    "ConversionSoftware": "dcm2niix",
    "ConversionSoftwareVersion": "v1.0.20201102",
    "DerivedVendorReportedEchoSpacing": 0.000659993,
    "DeviceSerialNumber": "45250",
    "DwellTime": 2.1e-06,
    "EchoTime": 0.04,
    "EchoTrainLength": 96,
    "EffectiveEchoSpacing": 0.000659993,
    "FlipAngle": 60,
    "ImageComments": "Unaliased MB4/PE3",
    "ImageOrientationPatientDICOM": [
      0.999868,
      -0.016031,
      0.00253906,
      0.0162309,
      0.987558,
      -0.156414
    ],
    "ImageType": [
      "ORIGINAL",
      "PRIMARY",
      "M",
      "MB",
      "ND",
      "NORM",
      "MOSAIC"
    ],
    "ImagingFrequency": 123.22,
    "InPlanePhaseEncodingDirectionDICOM": "COL",
    "InstitutionAddress": "Kopernikusstr. 26,Graz,Graz,AT,8010",
    "InstitutionName": "TUG",
    "InstitutionalDepartmentName": "Department",
    "MRAcquisitionType": "2D",
    "MagneticFieldStrength": 3,
    "Manufacturer": "Siemens",
    "ManufacturersModelName": "Skyra",
    "Modality": "MR",
    "MultibandAccelerationFactor": 4,
    "PartialFourier": 1,
    "PatientPosition": "HFS",
    "PercentPhaseFOV": 100,
    "PercentSampling": 100,
    "PhaseEncodingDirection": "j-",
    "PhaseEncodingSteps": 96,
    "PhaseResolution": 1,
    "PixelBandwidth": 2480,
    "ProcedureStepDescription": "KFU^AllgemeinePsy",
    "ProtocolName": "MB4_2_5mm_20K_TR1250_2",
    "PulseSequenceDetails": "%CustomerSeq%\\cmrr_mbep2d_bold",
    "ReceiveCoilActiveElements": "HE1-4",
    "ReceiveCoilName": "HeadNeck_20",
    "ReconMatrixPE": 96,
    "RepetitionTime": 1.25,
    "SAR": 0.0694331,
    "ScanOptions": "FS",
    "ScanningSequence": "EP",
    "SequenceName": "epfid2d1_96",
    "SequenceVariant": "SK\\SS",
    "SeriesDescription": "MB4_2_5mm_20K_TR1250_2",
    "SeriesNumber": 6,
    "ShimSetting": [
      -1663,
      -3609,
      -4364,
      305,
      597,
      230,
      -21,
      -460
    ],
    "SliceThickness": 2.5,
    "SliceTiming": [
      0,
      0.6625,
      0.095,
      0.7575,
      0.19,
      0.85,
      0.2825,
      0.945,
      0.3775,
      1.04,
      0.4725,
      1.135,
      0.5675,
      0,
      0.6625,
      0.095,
      0.7575,
      0.19,
      0.85,
      0.2825,
      0.945,
      0.3775,
      1.04,
      0.4725,
      1.135,
      0.5675,
      0,
      0.6625,
      0.095,
      0.7575,
      0.19,
      0.85,
      0.2825,
      0.945,
      0.3775,
      1.04,
      0.4725,
      1.135,
      0.5675,
      0,
      0.6625,
      0.095,
      0.7575,
      0.19,
      0.85,
      0.2825,
      0.945,
      0.3775,
      1.04,
      0.4725,
      1.135,
      0.5675
    ],
    "SoftwareVersions": "syngo MR D13",
    "SpacingBetweenSlices": 2.75,
    "StationName": "FBMTMR1",
    "TaskName": "multar",
    "TotalReadoutTime": 0.0626993,
    "TxRefAmp": 371.055,
    "WipMemBlock": "da2e4f8e-8fa0-45cf-b1ec-f8e992f7504a||Sequence: vd13a/master r/c0cb646; Dec 14 2015 19:21:42 by eja",
    "acq_id": "mb",
    "dataset": "ds003470",
    "modality": "bold",
    "run_id": 2,
    "session_id": "1",
    "subject_id": "02",
    "task_id": "multar"
  },
  "dummy_trs": 1,
  "dvars_nstd": 41.57726697590503,
  "dvars_std": 1.2255888037388716,
  "dvars_vstd": 1.0113684446884263,
  "efc": 0.4613924006486489,
  "fber": 6051.49658203125,
  "fd_mean": 0.2361639774826292,
  "fd_num": 196,
  "fd_perc": 57.98816568047337,
  "fwhm_avg": 1.955235272727273,
  "fwhm_x": 1.8780480000000002,
  "fwhm_y": 2.228516,
  "fwhm_z": 1.7591418181818184,
  "gcor": 0.00874361,
  "gsr_x": -0.005606779363006353,
  "gsr_y": 0.03929637372493744,
  "provenance": {
    "md5sum": "6b595d06ae87f36750d486e70fda3165",
    "settings": {
      "fd_thres": 0.2,
      "testing": false
    },
    "software": "mriqc",
    "version": "22.0.6",
    "webapi_port": null,
    "webapi_url": "https://mriqc.nimh.nih.gov/api/v1"
  },
  "size_t": 338,
  "size_x": 96,
  "size_y": 96,
  "size_z": 52,
  "snr": 4.645505395163978,
  "spacing_tr": 1.25,
  "spacing_x": 2.5,
  "spacing_y": 2.5,
  "spacing_z": 2.75,
  "summary_bg_k": 25.945622447913408,
  "summary_bg_mad": 65.00908488681134,
  "summary_bg_mean": 346.887939453125,
  "summary_bg_median": 118.88689422607422,
  "summary_bg_n": 333649.0,
  "summary_bg_p05": 62.32219314575195,
  "summary_bg_p95": 1556.894604492187,
  "summary_bg_stdv": 713.1980590820312,
  "summary_fg_k": 4.695607944569518,
  "summary_fg_mad": 1531.716312701058,
  "summary_fg_mean": 9517.8271484375,
  "summary_fg_median": 9363.19921875,
  "summary_fg_n": 78720.0,
  "summary_fg_p05": 6903.1390380859375,
  "summary_fg_p95": 12719.6560546875,
  "summary_fg_stdv": 2015.526611328125,
  "tsnr": 40.97551727294922
}