{
  "aor": 0.005756706586826347,
  "aqi": 0.032170784131736525,
  "bids_meta": {
    "AcquisitionMatrixPE": 96,
    "AcquisitionNumber": 1,
    "AcquisitionTime": "11:42:29.590000",
    "BandwidthPerPixelPhaseEncode": 15.783,
    "BaseResolution": 96,
    "BodyPartExamined": "BRAIN",
    "ConsistencyInfo": "N4_VD13A_LATEST_20120616",
    "ConversionSoftware": "dcm2niix",
    "ConversionSoftwareVersion": "v1.0.20201102",
    "DerivedVendorReportedEchoSpacing": 0.000659993,
    "DeviceSerialNumber": "45250",
    "DwellTime": 2.1e-06,
    "EchoTime": 0.04,
    "EchoTrainLength": 96,
    "EffectiveEchoSpacing": 0.000659993,
    "FlipAngle": 60,
    "ImageComments": "Unaliased MB4/PE3",
    "ImageOrientationPatientDICOM": [
      0.998674,
      -0.015033,
      0.0492273,
      0.0162115,
      0.999589,
      -0.0236274
    ],
    "ImageType": [
      "ORIGINAL",
      "PRIMARY",
      "M",
      "MB",
      "ND",
      "NORM",
      "MOSAIC"
    ],
    "ImagingFrequency": 123.22,
    "InPlanePhaseEncodingDirectionDICOM": "COL",
    "InstitutionAddress": "Kopernikusstr. 26,Graz,Graz,AT,8010",
    "InstitutionName": "KFU",
    "InstitutionalDepartmentName": "Department",
    "MRAcquisitionType": "2D",
    "MagneticFieldStrength": 3,
    "Manufacturer": "Siemens",
    "ManufacturersModelName": "Skyra",
    "Modality": "MR",
    "MultibandAccelerationFactor": 4,
    "PartialFourier": 1,
    "PatientPosition": "HFS",
    "PercentPhaseFOV": 100,
    "PercentSampling": 100,
    "PhaseEncodingDirection": "j-",
    "PhaseEncodingSteps": 96,
    "PhaseResolution": 1,
    "PixelBandwidth": 2480,
    "ProcedureStepDescription": "KFU^AllgemeinePsy",
    "ProtocolName": "MB4_2_5mm_20K_TR1250_4",
    "PulseSequenceDetails": "%CustomerSeq%\\cmrr_mbep2d_bold",
    "ReceiveCoilActiveElements": "HE1-4",
    "ReceiveCoilName": "HeadNeck_20",
    "ReconMatrixPE": 96,
    "RepetitionTime": 1.25,
    "SAR": 0.0703587,
    "ScanOptions": "FS",
    "ScanningSequence": "EP",
    "SequenceName": "epfid2d1_96",
    "SequenceVariant": "SK\\SS",
    "SeriesDescription": "MB4_2_5mm_20K_TR1250_4",
    "SeriesNumber": 11,
    "ShimSetting": [
      -1648,
      -3682,
      -4512,
      241,
      557,
      -139,
      80,
      -569
    ],
    "SliceThickness": 2.5,
    "SliceTiming": [
      0,
      0.6625,
      0.095,
      0.7575,
      0.19,
      0.8525,
      0.285,
      0.945,
      0.3775,
      1.04,
      0.4725,
      1.135,
      0.5675,
      0,
      0.6625,
      0.095,
      0.7575,
      0.19,
      0.8525,
      0.285,
      0.945,
      0.3775,
      1.04,
      0.4725,
      1.135,
      0.5675,
      0,
      0.6625,
      0.095,
      0.7575,
      0.19,
      0.8525,
      0.285,
      0.945,
      0.3775,
      1.04,
      0.4725,
      1.135,
      0.5675,
      0,
      0.6625,
      0.095,
      0.7575,
      0.19,
      0.8525,
      0.285,
      0.945,
      0.3775,
      1.04,
      0.4725,
      1.135,
      0.5675
    ],
    "SoftwareVersions": "syngo MR D13",
    "SpacingBetweenSlices": 2.75,
    "StationName": "FBMTMR1",
    "TaskName": "multar",
    "TotalReadoutTime": 0.0626993,
    "TxRefAmp": 375.704,
    "WipMemBlock": "07133690-1ace-42f2-9977-3c2d78531c0c||Sequence: vd13a/master r/c0cb646; Dec 14 2015 19:21:42 by eja",
    "acq_id": "mb",
    "dataset": "ds003470",
    "modality": "bold",
    "run_id": 4,
    "session_id": "1",
    "subject_id": "06",
    "task_id": "multar"
  },
  "dummy_trs": 1,
  "dvars_nstd": 40.36327247501505,
  "dvars_std": 0.9990219110510496,
  "dvars_vstd": 0.9709730422822818,
  "efc": 0.4033376052826977,
  "fber": 6506.82421875,
  "fd_mean": 0.48815740396347757,
  "fd_num": 229,
  "fd_perc": 68.562874251497,
  "fwhm_avg": 2.16977793939394,
  "fwhm_x": 2.103432,
  "fwhm_y": 2.54812,
  "fwhm_z": 1.8577818181818182,
  "gcor": 0.0151324,
  "gsr_x": -0.008800455369055271,
  "gsr_y": 0.02776391990482807,
  "provenance": {
    "md5sum": "7800ee23bcb0b4d37687a47cb164ff41",
    "settings": {
      "fd_thres": 0.2,
      "testing": false
    },
    "software": "mriqc",
    "version": "22.0.6",
    "webapi_port": null,
    "webapi_url": "https://mriqc.nimh.nih.gov/api/v1"
  },
  "size_t": 334,
  "size_x": 96,
  "size_y": 96,
  "size_z": 52,
  "snr": 4.670818682159015,
  "spacing_tr": 1.25,
  "spacing_x": 2.5,
  "spacing_y": 2.5,
  "spacing_z": 2.75,
  "summary_bg_k": 39.937516492619096,
  "summary_bg_mad": 43.66574143369299,
  "summary_bg_mean": 215.6215362548828,
  "summary_bg_median": 98.01497650146484,
  "summary_bg_n": 357746.0,
  "summary_bg_p05": 58.55988311767578,
  "summary_bg_p95": 763.80615234375,
  "summary_bg_stdv": 409.4813537597656,
  "summary_fg_k": 5.252123369025828,
  "summary_fg_mad": 1248.790491588471,
  "summary_fg_mean": 8030.17431640625,
  "summary_fg_median": 7918.283203125,
  "summary_fg_n": 59600.0,
  "summary_fg_p05": 5906.246850585938,
  "summary_fg_p95": 10566.417871093747,
  "summary_fg_stdv": 1695.25244140625,
  "tsnr": 26.994953725195955
}