{
  "aor": 0.0016297329376854602,
  "aqi": 0.029085521958456977,
  "bids_meta": {
    "AcquisitionMatrixPE": 96,
    "AcquisitionNumber": 1,
    "AcquisitionTime": "11:33:17.952500",
    "BandwidthPerPixelPhaseEncode": 15.783,
    "BaseResolution": 96,
    "BodyPartExamined": "BRAIN",
    "ConsistencyInfo": "N4_VD13A_LATEST_20120616",
    "ConversionSoftware": "dcm2niix",
    "ConversionSoftwareVersion": "v1.0.20201102",
    "DerivedVendorReportedEchoSpacing": 0.000659993,
    "DeviceSerialNumber": "45250",
    "DwellTime": 2.1e-06,
    "EchoTime": 0.04,
    "EchoTrainLength": 96,
    "EffectiveEchoSpacing": 0.000659993,
    "FlipAngle": 60,
    "ImageComments": "Unaliased MB4/PE3",
    "ImageOrientationPatientDICOM": [
      0.998674,
      -0.015033,
      0.0492273,
      0.0162115,
      0.999589,
      -0.0236274
    ],
    "ImageType": [
      "ORIGINAL",
      "PRIMARY",
      "M",
      "MB",
      "ND",
      "NORM",
      "MOSAIC"
    ],
    "ImagingFrequency": 123.22,
    "InPlanePhaseEncodingDirectionDICOM": "COL",
    "InstitutionAddress": "Kopernikusstr. 26,Graz,Graz,AT,8010",
    "InstitutionName": "KFU",
    "InstitutionalDepartmentName": "Department",
    "MRAcquisitionType": "2D",
    "MagneticFieldStrength": 3,
    "Manufacturer": "Siemens",
    "ManufacturersModelName": "Skyra",
    "Modality": "MR",
    "MultibandAccelerationFactor": 4,
    "PartialFourier": 1,
    "PatientPosition": "HFS",
    "PercentPhaseFOV": 100,
    "PercentSampling": 100,
    "PhaseEncodingDirection": "j-",
    "PhaseEncodingSteps": 96,
    "PhaseResolution": 1,
    "PixelBandwidth": 2480,
    "ProcedureStepDescription": "KFU^AllgemeinePsy",
    "ProtocolName": "MB4_2_5mm_20K_TR1250_3",
    "PulseSequenceDetails": "%CustomerSeq%\\cmrr_mbep2d_bold",
    "ReceiveCoilActiveElements": "HE1-4",
    "ReceiveCoilName": "HeadNeck_20",
    "ReconMatrixPE": 96,
    "RepetitionTime": 1.25,
    "SAR": 0.0703587,
    "ScanOptions": "FS",
    "ScanningSequence": "EP",
    "SequenceName": "epfid2d1_96",
    "SequenceVariant": "SK\\SS",
    "SeriesDescription": "MB4_2_5mm_20K_TR1250_3",
    "SeriesNumber": 10,
    "ShimSetting": [
      -1648,
      -3682,
      -4512,
      241,
      557,
      -139,
      80,
      -569
    ],
    "SliceThickness": 2.5,
    "SliceTiming": [
      0,
      0.6625,
      0.095,
      0.7575,
      0.19,
      0.8525,
      0.285,
      0.9475,
      0.38,
      1.0425,
      0.4725,
      1.135,
      0.5675,
      0,
      0.6625,
      0.095,
      0.7575,
      0.19,
      0.8525,
      0.285,
      0.9475,
      0.38,
      1.0425,
      0.4725,
      1.135,
      0.5675,
      0,
      0.6625,
      0.095,
      0.7575,
      0.19,
      0.8525,
      0.285,
      0.9475,
      0.38,
      1.0425,
      0.4725,
      1.135,
      0.5675,
      0,
      0.6625,
      0.095,
      0.7575,
      0.19,
      0.8525,
      0.285,
      0.9475,
      0.38,
      1.0425,
      0.4725,
      1.135,
      0.5675
    ],
    "SoftwareVersions": "syngo MR D13",
    "SpacingBetweenSlices": 2.75,
    "StationName": "FBMTMR1",
    "TaskName": "multar",
    "TotalReadoutTime": 0.0626993,
    "TxRefAmp": 375.704,
    "WipMemBlock": "8ae4e51d-8b57-4dd2-8885-88e78eebc7fb||Sequence: vd13a/master r/c0cb646; Dec 14 2015 19:21:42 by eja",
    "acq_id": "mb",
    "dataset": "ds003470",
    "modality": "bold",
    "run_id": 3,
    "session_id": "1",
    "subject_id": "06",
    "task_id": "multar"
  },
  "dummy_trs": 1,
  "dvars_nstd": 36.8419951257738,
  "dvars_std": 1.017636099047619,
  "dvars_vstd": 0.9623541124702376,
  "efc": 0.40503190663392025,
  "fber": 6575.4794921875,
  "fd_mean": 0.288548610451262,
  "fd_num": 215,
  "fd_perc": 63.798219584569736,
  "fwhm_avg": 2.1263591515151514,
  "fwhm_x": 2.033492,
  "fwhm_y": 2.48048,
  "fwhm_z": 1.8651054545454544,
  "gcor": 0.0082661,
  "gsr_x": -0.00940669234842062,
  "gsr_y": 0.027118658646941185,
  "provenance": {
    "md5sum": "5d20db12c480e3d892458683c855134c",
    "settings": {
      "fd_thres": 0.2,
      "testing": false
    },
    "software": "mriqc",
    "version": "22.0.6",
    "webapi_port": null,
    "webapi_url": "https://mriqc.nimh.nih.gov/api/v1"
  },
  "size_t": 337,
  "size_x": 96,
  "size_y": 96,
  "size_z": 52,
  "snr": 4.751909977596836,
  "spacing_tr": 1.25,
  "spacing_x": 2.5,
  "spacing_y": 2.5,
  "spacing_z": 2.75,
  "summary_bg_k": 40.31654113740335,
  "summary_bg_mad": 42.62151086571675,
  "summary_bg_mean": 216.9053497314453,
  "summary_bg_median": 97.50148010253906,
  "summary_bg_n": 357106.0,
  "summary_bg_p05": 59.21364974975586,
  "summary_bg_p95": 762.7396240234375,
  "summary_bg_stdv": 416.1881408691406,
  "summary_fg_k": 5.471199722495985,
  "summary_fg_mad": 1238.114018190756,
  "summary_fg_mean": 8054.9326171875,
  "summary_fg_median": 7936.759765625,
  "summary_fg_n": 60121.0,
  "summary_fg_p05": 5963.59033203125,
  "summary_fg_p95": 10513.599609375,
  "summary_fg_stdv": 1670.2113037109375,
  "tsnr": 31.129851718666032
}