{
  "aor": 0.0005436190476190477,
  "aqi": 0.011262661492063493,
  "bids_meta": {
    "AcquisitionMatrixPE": 96,
    "AcquisitionNumber": 1,
    "AcquisitionTime": "13:54:35.175000",
    "BandwidthPerPixelPhaseEncode": 15.783,
    "BaseResolution": 96,
    "BodyPartExamined": "BRAIN",
    "ConsistencyInfo": "N4_VD13A_LATEST_20120616",
    "ConversionSoftware": "dcm2niix",
    "ConversionSoftwareVersion": "v1.0.20201102",
    "DerivedVendorReportedEchoSpacing": 0.000659993,
    "DeviceSerialNumber": "45250",
    "DwellTime": 2.1e-06,
    "EchoTime": 0.04,
    "EchoTrainLength": 96,
    "EffectiveEchoSpacing": 0.000659993,
    "FlipAngle": 60,
    "ImageComments": "Unaliased MB4/PE3",
    "ImageOrientationPatientDICOM": [
      0.999844,
      -0.0150004,
      0.00927579,
      0.0162305,
      0.98838,
      -0.151134
    ],
    "ImageType": [
      "ORIGINAL",
      "PRIMARY",
      "M",
      "MB",
      "ND",
      "NORM",
      "MOSAIC"
    ],
    "ImagingFrequency": 123.22,
    "InPlanePhaseEncodingDirectionDICOM": "COL",
    "InstitutionAddress": "Kopernikusstr. 26,Graz,Graz,AT,8010",
    "InstitutionName": "KFU",
    "InstitutionalDepartmentName": "Department",
    "MRAcquisitionType": "2D",
    "MagneticFieldStrength": 3,
    "Manufacturer": "Siemens",
    "ManufacturersModelName": "Skyra",
    "Modality": "MR",
    "MultibandAccelerationFactor": 4,
    "PartialFourier": 1,
    "PatientPosition": "HFS",
    "PercentPhaseFOV": 100,
    "PercentSampling": 100,
    "PhaseEncodingDirection": "j-",
    "PhaseEncodingSteps": 96,
    "PhaseResolution": 1,
    "PixelBandwidth": 2480,
    "ProcedureStepDescription": "KFU^AllgemeinePsy",
    "ProtocolName": "MB4_2_5mm_20K_TR1250_6",
    "PulseSequenceDetails": "%CustomerSeq%\\cmrr_mbep2d_bold",
    "ReceiveCoilActiveElements": "HE1-4",
    "ReceiveCoilName": "HeadNeck_20",
    "ReconMatrixPE": 96,
    "RepetitionTime": 1.25,
    "SAR": 0.0682742,
    "ScanOptions": "FS",
    "ScanningSequence": "EP",
    "SequenceName": "epfid2d1_96",
    "SequenceVariant": "SK\\SS",
    "SeriesDescription": "MB4_2_5mm_20K_TR1250_6",
    "SeriesNumber": 10,
    "ShimSetting": [
      -1637,
      -3647,
      -4480,
      337,
      687,
      -242,
      144,
      -498
    ],
    "SliceThickness": 2.5,
    "SliceTiming": [
      0,
      0.6625,
      0.095,
      0.7575,
      0.19,
      0.85,
      0.2825,
      0.945,
      0.3775,
      1.04,
      0.4725,
      1.135,
      0.5675,
      0,
      0.6625,
      0.095,
      0.7575,
      0.19,
      0.85,
      0.2825,
      0.945,
      0.3775,
      1.04,
      0.4725,
      1.135,
      0.5675,
      0,
      0.6625,
      0.095,
      0.7575,
      0.19,
      0.85,
      0.2825,
      0.945,
      0.3775,
      1.04,
      0.4725,
      1.135,
      0.5675,
      0,
      0.6625,
      0.095,
      0.7575,
      0.19,
      0.85,
      0.2825,
      0.945,
      0.3775,
      1.04,
      0.4725,
      1.135,
      0.5675
    ],
    "SoftwareVersions": "syngo MR D13",
    "SpacingBetweenSlices": 2.75,
    "StationName": "FBMTMR1",
    "TaskName": "multar",
    "TotalReadoutTime": 0.0626993,
    "TxRefAmp": 369.502,
    "WipMemBlock": "711ddcc7-3f78-4018-8532-092ee3e932f7||Sequence: vd13a/master r/bd40f27; Jul 20 2016 19:26:27 by eja",
    "acq_id": "mb",
    "dataset": "ds003470",
    "modality": "bold",
    "run_id": 6,
    "session_id": "1",
    "subject_id": "18",
    "task_id": "multar"
  },
  "dummy_trs": 2,
  "dvars_nstd": 34.92804391254778,
  "dvars_std": 1.137752588152866,
  "dvars_vstd": 1.0028317391082804,
  "efc": 0.43349152637876753,
  "fber": 7098.08203125,
  "fd_mean": 0.2058743276376097,
  "fd_num": 163,
  "fd_perc": 51.74603174603175,
  "fwhm_avg": 1.8925174545454546,
  "fwhm_x": 1.832872,
  "fwhm_y": 2.171844,
  "fwhm_z": 1.6728363636363637,
  "gcor": 0.00517837,
  "gsr_x": -0.006430992856621742,
  "gsr_y": 0.0373392216861248,
  "provenance": {
    "md5sum": "69f30bec459098393224a620e2f82bff",
    "settings": {
      "fd_thres": 0.2,
      "testing": false
    },
    "software": "mriqc",
    "version": "22.0.6",
    "webapi_port": null,
    "webapi_url": "https://mriqc.nimh.nih.gov/api/v1"
  },
  "size_t": 315,
  "size_x": 96,
  "size_y": 96,
  "size_z": 52,
  "snr": 5.009138696422383,
  "spacing_tr": 1.25,
  "spacing_x": 2.5,
  "spacing_y": 2.5,
  "spacing_z": 2.75,
  "summary_bg_k": 48.125675035059565,
  "summary_bg_mad": 52.03227732034625,
  "summary_bg_mean": 285.7603454589844,
  "summary_bg_median": 111.45714569091797,
  "summary_bg_n": 345608.0,
  "summary_bg_p05": 64.01698760986329,
  "summary_bg_p95": 1280.7703735351517,
  "summary_bg_stdv": 579.9607543945312,
  "summary_fg_k": 4.3874173640909255,
  "summary_fg_mad": 1575.3292866531428,
  "summary_fg_mean": 9576.1181640625,
  "summary_fg_median": 9458.830078125,
  "summary_fg_n": 70464.0,
  "summary_fg_p05": 7123.51123046875,
  "summary_fg_p95": 12411.504589843746,
  "summary_fg_stdv": 1888.30126953125,
  "tsnr": 46.34695977286901
}