{
  "aor": 0.0016813731343283584,
  "aqi": 0.017361341701492537,
  "bids_meta": {
    "AcquisitionMatrixPE": 96,
    "AcquisitionNumber": 1,
    "AcquisitionTime": "13:00:1.595000",
    "BandwidthPerPixelPhaseEncode": 15.783,
    "BaseResolution": 96,
    "BodyPartExamined": "BRAIN",
    "ConsistencyInfo": "N4_VD13A_LATEST_20120616",
    "ConversionSoftware": "dcm2niix",
    "ConversionSoftwareVersion": "v1.0.20201102",
    "DerivedVendorReportedEchoSpacing": 0.000659993,
    "DeviceSerialNumber": "45250",
    "DwellTime": 2.1e-06,
    "EchoTime": 0.04,
    "EchoTrainLength": 96,
    "EffectiveEchoSpacing": 0.000659993,
    "FlipAngle": 60,
    "ImageComments": "Unaliased MB4/PE3",
    "ImageOrientationPatientDICOM": [
      0.999844,
      -0.0150004,
      0.00927579,
      0.0162305,
      0.98838,
      -0.151134
    ],
    "ImageType": [
      "ORIGINAL",
      "PRIMARY",
      "M",
      "MB",
      "ND",
      "NORM",
      "MOSAIC"
    ],
    "ImagingFrequency": 123.22,
    "InPlanePhaseEncodingDirectionDICOM": "COL",
    "InstitutionAddress": "Kopernikusstr. 26,Graz,Graz,AT,8010",
    "InstitutionName": "KFU",
    "InstitutionalDepartmentName": "Department",
    "MRAcquisitionType": "2D",
    "MagneticFieldStrength": 3,
    "Manufacturer": "Siemens",
    "ManufacturersModelName": "Skyra",
    "Modality": "MR",
    "MultibandAccelerationFactor": 4,
    "PartialFourier": 1,
    "PatientPosition": "HFS",
    "PercentPhaseFOV": 100,
    "PercentSampling": 100,
    "PhaseEncodingDirection": "j-",
    "PhaseEncodingSteps": 96,
    "PhaseResolution": 1,
    "PixelBandwidth": 2480,
    "ProcedureStepDescription": "KFU^AllgemeinePsy",
    "ProtocolName": "MB4_2_5mm_20K_TR1250_1",
    "PulseSequenceDetails": "%CustomerSeq%\\cmrr_mbep2d_bold",
    "ReceiveCoilActiveElements": "HE1-4",
    "ReceiveCoilName": "HeadNeck_20",
    "ReconMatrixPE": 96,
    "RepetitionTime": 1.25,
    "SAR": 0.0682742,
    "ScanOptions": "FS",
    "ScanningSequence": "EP",
    "SequenceName": "epfid2d1_96",
    "SequenceVariant": "SK\\SS",
    "SeriesDescription": "MB4_2_5mm_20K_TR1250_1",
    "SeriesNumber": 5,
    "ShimSetting": [
      -1637,
      -3647,
      -4480,
      337,
      687,
      -242,
      144,
      -498
    ],
    "SliceThickness": 2.5,
    "SliceTiming": [
      0,
      0.6625,
      0.095,
      0.7575,
      0.19,
      0.8525,
      0.2825,
      0.945,
      0.3775,
      1.04,
      0.4725,
      1.135,
      0.5675,
      0,
      0.6625,
      0.095,
      0.7575,
      0.19,
      0.8525,
      0.2825,
      0.945,
      0.3775,
      1.04,
      0.4725,
      1.135,
      0.5675,
      0,
      0.6625,
      0.095,
      0.7575,
      0.19,
      0.8525,
      0.2825,
      0.945,
      0.3775,
      1.04,
      0.4725,
      1.135,
      0.5675,
      0,
      0.6625,
      0.095,
      0.7575,
      0.19,
      0.8525,
      0.2825,
      0.945,
      0.3775,
      1.04,
      0.4725,
      1.135,
      0.5675
    ],
    "SoftwareVersions": "syngo MR D13",
    "SpacingBetweenSlices": 2.75,
    "StationName": "FBMTMR1",
    "TaskName": "multar",
    "TotalReadoutTime": 0.0626993,
    "TxRefAmp": 369.502,
    "WipMemBlock": "ae34204a-e349-46b0-8a06-c63f534ffe07||Sequence: vd13a/master r/bd40f27; Jul 20 2016 19:26:27 by eja",
    "acq_id": "mb",
    "dataset": "ds003470",
    "modality": "bold",
    "run_id": 1,
    "session_id": "1",
    "subject_id": "18",
    "task_id": "multar"
  },
  "dummy_trs": 1,
  "dvars_nstd": 35.102487392874224,
  "dvars_std": 1.1301056161077856,
  "dvars_vstd": 0.9958679920958079,
  "efc": 0.4401885720434138,
  "fber": 7125.935546875,
  "fd_mean": 0.1741976513339083,
  "fd_num": 134,
  "fd_perc": 40.0,
  "fwhm_avg": 1.9160304242424242,
  "fwhm_x": 1.8545639999999999,
  "fwhm_y": 2.2050799999999997,
  "fwhm_z": 1.6884472727272728,
  "gcor": 0.0123876,
  "gsr_x": -0.009055965580046177,
  "gsr_y": 0.037124793976545334,
  "provenance": {
    "md5sum": "e82d79fd20898d02bd809647f036c26a",
    "settings": {
      "fd_thres": 0.2,
      "testing": false
    },
    "software": "mriqc",
    "version": "22.0.6",
    "webapi_port": null,
    "webapi_url": "https://mriqc.nimh.nih.gov/api/v1"
  },
  "size_t": 335,
  "size_x": 96,
  "size_y": 96,
  "size_z": 52,
  "snr": 5.022351621433445,
  "spacing_tr": 1.25,
  "spacing_x": 2.5,
  "spacing_y": 2.5,
  "spacing_z": 2.75,
  "summary_bg_k": 44.35041985119018,
  "summary_bg_mad": 55.36537234081294,
  "summary_bg_mean": 296.54718017578125,
  "summary_bg_median": 111.23332977294922,
  "summary_bg_n": 342444.0,
  "summary_bg_p05": 62.14573631286621,
  "summary_bg_p95": 1337.7560058593738,
  "summary_bg_stdv": 597.0723876953125,
  "summary_fg_k": 4.095887353810814,
  "summary_fg_mad": 1593.0488445156243,
  "summary_fg_mean": 9557.1083984375,
  "summary_fg_median": 9438.55859375,
  "summary_fg_n": 72373.0,
  "summary_fg_p05": 7095.7884765625,
  "summary_fg_p95": 12395.036914062495,
  "summary_fg_stdv": 1879.297607421875,
  "tsnr": 40.898780822753906
}