{
  "aor": 0.0004734925373134329,
  "aqi": 0.017828070358208953,
  "bids_meta": {
    "AcquisitionMatrixPE": 96,
    "AcquisitionNumber": 1,
    "AcquisitionTime": "13:32:41.815000",
    "BandwidthPerPixelPhaseEncode": 15.783,
    "BaseResolution": 96,
    "BodyPartExamined": "BRAIN",
    "ConsistencyInfo": "N4_VD13A_LATEST_20120616",
    "ConversionSoftware": "dcm2niix",
    "ConversionSoftwareVersion": "v1.0.20201102",
    "DerivedVendorReportedEchoSpacing": 0.000659993,
    "DeviceSerialNumber": "45250",
    "DwellTime": 2.1e-06,
    "EchoTime": 0.04,
    "EchoTrainLength": 96,
    "EffectiveEchoSpacing": 0.000659993,
    "FlipAngle": 60,
    "ImageComments": "Unaliased MB4/PE3",
    "ImageOrientationPatientDICOM": [
      0.999844,
      -0.0150004,
      0.00927579,
      0.0162305,
      0.98838,
      -0.151134
    ],
    "ImageType": [
      "ORIGINAL",
      "PRIMARY",
      "M",
      "MB",
      "ND",
      "NORM",
      "MOSAIC"
    ],
    "ImagingFrequency": 123.22,
    "InPlanePhaseEncodingDirectionDICOM": "COL",
    "InstitutionAddress": "Kopernikusstr. 26,Graz,Graz,AT,8010",
    "InstitutionName": "KFU",
    "InstitutionalDepartmentName": "Department",
    "MRAcquisitionType": "2D",
    "MagneticFieldStrength": 3,
    "Manufacturer": "Siemens",
    "ManufacturersModelName": "Skyra",
    "Modality": "MR",
    "MultibandAccelerationFactor": 4,
    "PartialFourier": 1,
    "PatientPosition": "HFS",
    "PercentPhaseFOV": 100,
    "PercentSampling": 100,
    "PhaseEncodingDirection": "j-",
    "PhaseEncodingSteps": 96,
    "PhaseResolution": 1,
    "PixelBandwidth": 2480,
    "ProcedureStepDescription": "KFU^AllgemeinePsy",
    "ProtocolName": "MB4_2_5mm_20K_TR1250_4",
    "PulseSequenceDetails": "%CustomerSeq%\\cmrr_mbep2d_bold",
    "ReceiveCoilActiveElements": "HE1-4",
    "ReceiveCoilName": "HeadNeck_20",
    "ReconMatrixPE": 96,
    "RepetitionTime": 1.25,
    "SAR": 0.0682742,
    "ScanOptions": "FS",
    "ScanningSequence": "EP",
    "SequenceName": "epfid2d1_96",
    "SequenceVariant": "SK\\SS",
    "SeriesDescription": "MB4_2_5mm_20K_TR1250_4",
    "SeriesNumber": 8,
    "ShimSetting": [
      -1637,
      -3647,
      -4480,
      337,
      687,
      -242,
      144,
      -498
    ],
    "SliceThickness": 2.5,
    "SliceTiming": [
      0,
      0.6625,
      0.095,
      0.7575,
      0.19,
      0.8525,
      0.285,
      0.9475,
      0.38,
      1.0425,
      0.475,
      1.1375,
      0.5675,
      0,
      0.6625,
      0.095,
      0.7575,
      0.19,
      0.8525,
      0.285,
      0.9475,
      0.38,
      1.0425,
      0.475,
      1.1375,
      0.5675,
      0,
      0.6625,
      0.095,
      0.7575,
      0.19,
      0.8525,
      0.285,
      0.9475,
      0.38,
      1.0425,
      0.475,
      1.1375,
      0.5675,
      0,
      0.6625,
      0.095,
      0.7575,
      0.19,
      0.8525,
      0.285,
      0.9475,
      0.38,
      1.0425,
      0.475,
      1.1375,
      0.5675
    ],
    "SoftwareVersions": "syngo MR D13",
    "SpacingBetweenSlices": 2.75,
    "StationName": "FBMTMR1",
    "TaskName": "multar",
    "TotalReadoutTime": 0.0626993,
    "TxRefAmp": 369.502,
    "WipMemBlock": "7ee94c2d-a8c5-49e1-abd7-dea9fe98e723||Sequence: vd13a/master r/bd40f27; Jul 20 2016 19:26:27 by eja",
    "acq_id": "mb",
    "dataset": "ds003470",
    "modality": "bold",
    "run_id": 4,
    "session_id": "1",
    "subject_id": "18",
    "task_id": "multar"
  },
  "dummy_trs": 1,
  "dvars_nstd": 35.18218633796407,
  "dvars_std": 1.1011110802095807,
  "dvars_vstd": 0.978180971047904,
  "efc": 0.43801768018813786,
  "fber": 6991.3095703125,
  "fd_mean": 0.19069601509504525,
  "fd_num": 163,
  "fd_perc": 48.656716417910445,
  "fwhm_avg": 1.9150506666666667,
  "fwhm_x": 1.85104,
  "fwhm_y": 2.203392,
  "fwhm_z": 1.6907199999999998,
  "gcor": 0.00597877,
  "gsr_x": -0.008669275790452957,
  "gsr_y": 0.03745197504758835,
  "provenance": {
    "md5sum": "8cb4aab96efdb3cbfeac20d2d294f3b4",
    "settings": {
      "fd_thres": 0.2,
      "testing": false
    },
    "software": "mriqc",
    "version": "22.0.6",
    "webapi_port": null,
    "webapi_url": "https://mriqc.nimh.nih.gov/api/v1"
  },
  "size_t": 335,
  "size_x": 96,
  "size_y": 96,
  "size_z": 52,
  "snr": 5.014021162407555,
  "spacing_tr": 1.25,
  "spacing_x": 2.5,
  "spacing_y": 2.5,
  "spacing_z": 2.75,
  "summary_bg_k": 44.25293286556089,
  "summary_bg_mad": 55.243532056109615,
  "summary_bg_mean": 294.782470703125,
  "summary_bg_median": 112.29552459716797,
  "summary_bg_n": 343628.0,
  "summary_bg_p05": 62.376121520996094,
  "summary_bg_p95": 1324.2107788085934,
  "summary_bg_stdv": 593.289794921875,
  "summary_fg_k": 4.320721717987573,
  "summary_fg_mad": 1577.8912638266252,
  "summary_fg_mean": 9560.32421875,
  "summary_fg_median": 9444.7880859375,
  "summary_fg_n": 71775.0,
  "summary_fg_p05": 7106.461376953125,
  "summary_fg_p95": 12388.086816406252,
  "summary_fg_stdv": 1883.6622314453125,
  "tsnr": 40.13939533755183
}