{
  "aor": 0.0003366369047619048,
  "aqi": 0.02345155386904762,
  "bids_meta": {
    "AcquisitionMatrixPE": 96,
    "AcquisitionNumber": 1,
    "AcquisitionTime": "13:46:26.620000",
    "BandwidthPerPixelPhaseEncode": 15.783,
    "BaseResolution": 96,
    "BodyPartExamined": "BRAIN",
    "ConsistencyInfo": "N4_VD13A_LATEST_20120616",
    "ConversionSoftware": "dcm2niix",
    "ConversionSoftwareVersion": "v1.0.20201102",
    "DerivedVendorReportedEchoSpacing": 0.000659993,
    "DeviceSerialNumber": "45250",
    "DwellTime": 2.1e-06,
    "EchoTime": 0.04,
    "EchoTrainLength": 96,
    "EffectiveEchoSpacing": 0.000659993,
    "FlipAngle": 60,
    "ImageComments": "Unaliased MB4/PE3",
    "ImageOrientationPatientDICOM": [
      0.999844,
      -0.0150004,
      0.00927579,
      0.0162305,
      0.98838,
      -0.151134
    ],
    "ImageType": [
      "ORIGINAL",
      "PRIMARY",
      "M",
      "MB",
      "ND",
      "NORM",
      "MOSAIC"
    ],
    "ImagingFrequency": 123.22,
    "InPlanePhaseEncodingDirectionDICOM": "COL",
    "InstitutionAddress": "Kopernikusstr. 26,Graz,Graz,AT,8010",
    "InstitutionName": "KFU",
    "InstitutionalDepartmentName": "Department",
    "MRAcquisitionType": "2D",
    "MagneticFieldStrength": 3,
    "Manufacturer": "Siemens",
    "ManufacturersModelName": "Skyra",
    "Modality": "MR",
    "MultibandAccelerationFactor": 4,
    "PartialFourier": 1,
    "PatientPosition": "HFS",
    "PercentPhaseFOV": 100,
    "PercentSampling": 100,
    "PhaseEncodingDirection": "j-",
    "PhaseEncodingSteps": 96,
    "PhaseResolution": 1,
    "PixelBandwidth": 2480,
    "ProcedureStepDescription": "KFU^AllgemeinePsy",
    "ProtocolName": "MB4_2_5mm_20K_TR1250_5",
    "PulseSequenceDetails": "%CustomerSeq%\\cmrr_mbep2d_bold",
    "ReceiveCoilActiveElements": "HE1-4",
    "ReceiveCoilName": "HeadNeck_20",
    "ReconMatrixPE": 96,
    "RepetitionTime": 1.25,
    "SAR": 0.0682742,
    "ScanOptions": "FS",
    "ScanningSequence": "EP",
    "SequenceName": "epfid2d1_96",
    "SequenceVariant": "SK\\SS",
    "SeriesDescription": "MB4_2_5mm_20K_TR1250_5",
    "SeriesNumber": 9,
    "ShimSetting": [
      -1637,
      -3647,
      -4480,
      337,
      687,
      -242,
      144,
      -498
    ],
    "SliceThickness": 2.5,
    "SliceTiming": [
      0,
      0.6625,
      0.095,
      0.7575,
      0.1875,
      0.85,
      0.2825,
      0.945,
      0.3775,
      1.04,
      0.4725,
      1.135,
      0.5675,
      0,
      0.6625,
      0.095,
      0.7575,
      0.1875,
      0.85,
      0.2825,
      0.945,
      0.3775,
      1.04,
      0.4725,
      1.135,
      0.5675,
      0,
      0.6625,
      0.095,
      0.7575,
      0.1875,
      0.85,
      0.2825,
      0.945,
      0.3775,
      1.04,
      0.4725,
      1.135,
      0.5675,
      0,
      0.6625,
      0.095,
      0.7575,
      0.1875,
      0.85,
      0.2825,
      0.945,
      0.3775,
      1.04,
      0.4725,
      1.135,
      0.5675
    ],
    "SoftwareVersions": "syngo MR D13",
    "SpacingBetweenSlices": 2.75,
    "StationName": "FBMTMR1",
    "TaskName": "multar",
    "TotalReadoutTime": 0.0626993,
    "TxRefAmp": 369.502,
    "WipMemBlock": "37acdeeb-debd-4506-8ae8-295aa8a0e77e||Sequence: vd13a/master r/bd40f27; Jul 20 2016 19:26:27 by eja",
    "acq_id": "mb",
    "dataset": "ds003470",
    "modality": "bold",
    "run_id": 5,
    "session_id": "1",
    "subject_id": "18",
    "task_id": "multar"
  },
  "dummy_trs": 1,
  "dvars_nstd": 34.17146951468656,
  "dvars_std": 1.0482546814029852,
  "dvars_vstd": 0.9418498457910448,
  "efc": 0.43359732752936186,
  "fber": 7281.53564453125,
  "fd_mean": 0.1876672597776887,
  "fd_num": 153,
  "fd_perc": 45.535714285714285,
  "fwhm_avg": 1.9225861818181817,
  "fwhm_x": 1.85908,
  "fwhm_y": 2.216024,
  "fwhm_z": 1.6926545454545454,
  "gcor": 0.00409383,
  "gsr_x": -0.006910017225891352,
  "gsr_y": 0.03527802601456642,
  "provenance": {
    "md5sum": "b110fd16dbd91eab8769de13b6f39dd4",
    "settings": {
      "fd_thres": 0.2,
      "testing": false
    },
    "software": "mriqc",
    "version": "22.0.6",
    "webapi_port": null,
    "webapi_url": "https://mriqc.nimh.nih.gov/api/v1"
  },
  "size_t": 336,
  "size_x": 96,
  "size_y": 96,
  "size_z": 52,
  "snr": 5.047693676999821,
  "spacing_tr": 1.25,
  "spacing_x": 2.5,
  "spacing_y": 2.5,
  "spacing_z": 2.75,
  "summary_bg_k": 48.160725124033476,
  "summary_bg_mad": 52.994217764271376,
  "summary_bg_mean": 285.1971740722656,
  "summary_bg_median": 110.4702377319336,
  "summary_bg_n": 345127.0,
  "summary_bg_p05": 62.3601188659668,
  "summary_bg_p95": 1278.3613647460938,
  "summary_bg_stdv": 570.7507934570312,
  "summary_fg_k": 4.306527423478783,
  "summary_fg_mad": 1579.2848230407967,
  "summary_fg_mean": 9628.9560546875,
  "summary_fg_median": 9497.0927734375,
  "summary_fg_n": 70626.0,
  "summary_fg_p05": 7189.2591552734375,
  "summary_fg_p95": 12486.0478515625,
  "summary_fg_stdv": 1881.4583740234375,
  "tsnr": 37.63811203872319
}