{
  "bids_meta": {
    "AcquisitionMatrixPE": 256,
    "AcquisitionNumber": 1,
    "AcquisitionTime": "10:53:32.447500",
    "BaseResolution": 256,
    "BodyPartExamined": "BRAIN",
    "ConsistencyInfo": "N4_VD13A_LATEST_20120616",
    "ConversionSoftware": "dcm2niix",
    "ConversionSoftwareVersion": "v1.0.20201102",
    "DeviceSerialNumber": "45250",
    "DwellTime": 8.5e-06,
    "EchoTime": 0.00207,
    "FlipAngle": 9,
    "ImageOrientationPatientDICOM": [
      0.0661194,
      0.98017,
      -0.186801,
      0.0386168,
      -0.189584,
      -0.981105
    ],
    "ImageType": [
      "ORIGINAL",
      "PRIMARY",
      "M",
      "ND",
      "NORM"
    ],
    "ImagingFrequency": 123.22,
    "InPlanePhaseEncodingDirectionDICOM": "ROW",
    "InstitutionAddress": "Kopernikusstr. 26,Graz,Graz,AT,8010",
    "InstitutionName": "KFU",
    "InstitutionalDepartmentName": "Department",
    "InversionTime": 0.9,
    "MRAcquisitionType": "3D",
    "MagneticFieldStrength": 3,
    "Manufacturer": "Siemens",
    "ManufacturersModelName": "Skyra",
    "Modality": "MR",
    "ParallelReductionFactorInPlane": 2,
    "PartialFourier": 1,
    "PatientPosition": "HFS",
    "PercentPhaseFOV": 100,
    "PercentSampling": 100,
    "PhaseEncodingSteps": 282,
    "PhaseOversampling": 0.1,
    "PhaseResolution": 1,
    "PixelBandwidth": 230,
    "ProcedureStepDescription": "KFU^AllgemeinePsy",
    "ProtocolName": "t1_mprage_sag_p0_iso_no_Pat",
    "PulseSequenceDetails": "%SiemensSeq%\\tfl",
    "ReceiveCoilActiveElements": "HE1-4;NE1,2",
    "ReceiveCoilName": "HeadNeck_20",
    "ReconMatrixPE": 256,
    "RefLinesPE": 24,
    "RepetitionTime": 1.56,
    "SAR": 0.101644,
    "ScanOptions": "IR",
    "ScanningSequence": "GR\\IR",
    "SequenceName": "*tfl3d1_16ns",
    "SequenceVariant": "SK\\SP\\MP\\OSP",
    "SeriesDescription": "t1_mprage_sag_p0_iso_no_Pat",
    "SeriesNumber": 2,
    "ShimSetting": [
      -1661,
      -3542,
      -4866,
      -151,
      630,
      106,
      -188,
      -443
    ],
    "SliceThickness": 1,
    "SoftwareVersions": "syngo MR D13",
    "StationName": "FBMTMR1",
    "TxRefAmp": 375.704,
    "acq_id": "mprage",
    "dataset": "ds003470",
    "modality": "T1w",
    "run_id": 1,
    "session_id": "1",
    "subject_id": "06"
  },
  "cjv": 0.3902465220534571,
  "cnr": 3.5337181107616997,
  "efc": 0.5474053110120317,
  "fber": -1.0,
  "fwhm_avg": 3.657783333333333,
  "fwhm_x": 3.58593,
  "fwhm_y": 3.62938,
  "fwhm_z": 3.75804,
  "icvs_csf": 0.1963341270723619,
  "icvs_gm": 0.45006799576789236,
  "icvs_wm": 0.3535978771597457,
  "inu_med": 0.4851124435663223,
  "inu_range": 0.1476959973573685,
  "provenance": {
    "md5sum": "703091c1d900ec9f8d2463f80c2971f0",
    "settings": {
      "testing": false
    },
    "software": "mriqc",
    "version": "22.0.6",
    "warnings": {
      "large_rot_frame": true,
      "small_air_mask": false
    },
    "webapi_port": null,
    "webapi_url": "https://mriqc.nimh.nih.gov/api/v1"
  },
  "qi_1": 0.0,
  "qi_2": 0.007809072073738791,
  "rpve_csf": 26.854373890187738,
  "rpve_gm": 12.442430724611054,
  "rpve_wm": 17.331357792886237,
  "size_x": 176,
  "size_y": 256,
  "size_z": 256,
  "snr_csf": 2.3286733129165547,
  "snr_gm": 13.916397046142848,
  "snr_total": 12.618259833351345,
  "snr_wm": 21.60970914099463,
  "snrd_csf": 29.07883032485617,
  "snrd_gm": 68.75620763669791,
  "snrd_total": 63.24794870965892,
  "snrd_wm": 91.9088081674227,
  "spacing_x": 1.0,
  "spacing_y": 1.0,
  "spacing_z": 1.0,
  "summary_bg_k": 57.49889076216087,
  "summary_bg_mad": 0.0,
  "summary_bg_mean": 4.036610872395788,
  "summary_bg_median": 0.0,
  "summary_bg_n": 2825714.0,
  "summary_bg_p05": 0.0,
  "summary_bg_p95": 16.282941576093435,
  "summary_bg_stdv": 7.128402805040742,
  "summary_csf_k": 9.54520988763957,
  "summary_csf_mad": 92.53094661605195,
  "summary_csf_mean": 319.8720744949228,
  "summary_csf_median": 316.4007001519203,
  "summary_csf_n": 35262.0,
  "summary_csf_p05": 81.29492065440864,
  "summary_csf_p95": 549.0701292889191,
  "summary_csf_stdv": 135.8697297466517,
  "summary_gm_k": 0.047104514862258196,
  "summary_gm_mad": 53.4596490533859,
  "summary_gm_mean": 747.3034669164068,
  "summary_gm_median": 748.1219840347767,
  "summary_gm_n": 30567.0,
  "summary_gm_p05": 657.014662303403,
  "summary_gm_p95": 833.516064170748,
  "summary_gm_stdv": 53.75743046433155,
  "summary_wm_k": 0.2544896117477533,
  "summary_wm_mad": 44.85071908195101,
  "summary_wm_mean": 1000.061421221173,
  "summary_wm_median": 1000.0406113117933,
  "summary_wm_n": 174040.0,
  "summary_wm_p05": 924.2701150998473,
  "summary_wm_p95": 1076.3795892745256,
  "summary_wm_stdv": 46.277241945431584,
  "tpm_overlap_csf": 0.16019757856247202,
  "tpm_overlap_gm": 0.4676882324662324,
  "tpm_overlap_wm": 0.49532447595749246,
  "wm2max": 0.4481647953705894
}