{
  "bids_meta": {
    "AcquisitionMatrixPE": 256,
    "AcquisitionNumber": 1,
    "AcquisitionTime": "10:58:46.442500",
    "BaseResolution": 256,
    "BodyPartExamined": "BRAIN",
    "ConsistencyInfo": "N4_VD13A_LATEST_20120616",
    "ConversionSoftware": "dcm2niix",
    "ConversionSoftwareVersion": "v1.0.20201102",
    "DeviceSerialNumber": "45250",
    "DwellTime": 8.5e-06,
    "EchoTime": 0.00207,
    "FlipAngle": 9,
    "ImageOrientationPatientDICOM": [
      -0.00933701,
      0.982312,
      -0.18702,
      -0.0126441,
      -0.187129,
      -0.982254
    ],
    "ImageType": [
      "ORIGINAL",
      "PRIMARY",
      "M",
      "ND",
      "NORM"
    ],
    "ImagingFrequency": 123.22,
    "InPlanePhaseEncodingDirectionDICOM": "ROW",
    "InstitutionAddress": "Kopernikusstr. 26,Graz,Graz,AT,8010",
    "InstitutionName": "KFU",
    "InstitutionalDepartmentName": "Department",
    "InversionTime": 0.9,
    "MRAcquisitionType": "3D",
    "MagneticFieldStrength": 3,
    "Manufacturer": "Siemens",
    "ManufacturersModelName": "Skyra",
    "Modality": "MR",
    "ParallelReductionFactorInPlane": 2,
    "PartialFourier": 1,
    "PatientPosition": "HFS",
    "PercentPhaseFOV": 100,
    "PercentSampling": 100,
    "PhaseEncodingSteps": 282,
    "PhaseOversampling": 0.1,
    "PhaseResolution": 1,
    "PixelBandwidth": 230,
    "ProcedureStepDescription": "KFU^AllgemeinePsy",
    "ProtocolName": "t1_mprage_sag_p0_iso_no_Pat",
    "PulseSequenceDetails": "%SiemensSeq%\\tfl",
    "ReceiveCoilActiveElements": "HE1-4;NE1,2",
    "ReceiveCoilName": "HeadNeck_20",
    "ReconMatrixPE": 256,
    "RefLinesPE": 24,
    "RepetitionTime": 1.56,
    "SAR": 0.106045,
    "ScanOptions": "IR",
    "ScanningSequence": "GR\\IR",
    "SequenceName": "*tfl3d1_16ns",
    "SequenceVariant": "SK\\SP\\MP\\OSP",
    "SeriesDescription": "t1_mprage_sag_p0_iso_no_Pat",
    "SeriesNumber": 2,
    "ShimSetting": [
      -1661,
      -3542,
      -4866,
      -151,
      630,
      106,
      -188,
      -443
    ],
    "SliceThickness": 1,
    "SoftwareVersions": "syngo MR D13",
    "StationName": "FBMTMR1",
    "TxRefAmp": 359.948,
    "acq_id": "mprage",
    "dataset": "ds003470",
    "modality": "T1w",
    "run_id": 1,
    "session_id": "1",
    "subject_id": "09"
  },
  "cjv": 0.39848013115316677,
  "cnr": 3.486709927999129,
  "efc": 0.5257357224409621,
  "fber": -1.0,
  "fwhm_avg": 3.98612,
  "fwhm_x": 3.94319,
  "fwhm_y": 3.91045,
  "fwhm_z": 4.10472,
  "icvs_csf": 0.18516740812422855,
  "icvs_gm": 0.43969052347302057,
  "icvs_wm": 0.37514206840275094,
  "inu_med": 0.41127535700798035,
  "inu_range": 0.12911340296268464,
  "provenance": {
    "md5sum": "260875cfd10a3dcd4e19b3df71c644d4",
    "settings": {
      "testing": false
    },
    "software": "mriqc",
    "version": "22.0.6",
    "warnings": {
      "large_rot_frame": true,
      "small_air_mask": false
    },
    "webapi_port": null,
    "webapi_url": "https://mriqc.nimh.nih.gov/api/v1"
  },
  "qi_1": 0.0,
  "qi_2": 0.012415366876665387,
  "rpve_csf": 31.676890881583162,
  "rpve_gm": 14.274174523872132,
  "rpve_wm": 18.72730659990391,
  "size_x": 176,
  "size_y": 256,
  "size_z": 256,
  "snr_csf": 2.6963384109346156,
  "snr_gm": 14.191018088339987,
  "snr_total": 13.819713522736526,
  "snr_wm": 24.57178406893497,
  "snrd_csf": 37.99370962543171,
  "snrd_gm": 87.12782633604064,
  "snrd_total": 79.72773263367795,
  "snrd_wm": 114.06166193956147,
  "spacing_x": 1.0,
  "spacing_y": 1.0,
  "spacing_z": 1.0,
  "summary_bg_k": 18.12450701345169,
  "summary_bg_mad": 0.0,
  "summary_bg_mean": 3.1499643595562428,
  "summary_bg_median": 0.0,
  "summary_bg_n": 2758726.0,
  "summary_bg_p05": 0.0,
  "summary_bg_p95": 13.846395067870617,
  "summary_bg_stdv": 5.743703722853138,
  "summary_csf_k": 7.722375977642297,
  "summary_csf_mad": 91.09972338795849,
  "summary_csf_mean": 345.4747608797419,
  "summary_csf_median": 333.09797993302345,
  "summary_csf_n": 26146.0,
  "summary_csf_p05": 138.5129818227142,
  "summary_csf_p95": 564.0542806684971,
  "summary_csf_stdv": 123.53479391188608,
  "summary_gm_k": -0.09229757293239693,
  "summary_gm_mad": 54.49118468848842,
  "summary_gm_mean": 764.0013054629718,
  "summary_gm_median": 763.8659987300634,
  "summary_gm_n": 34482.0,
  "summary_gm_p05": 675.1804266940802,
  "summary_gm_p95": 852.4358572661877,
  "summary_gm_stdv": 53.826647080149705,
  "summary_wm_k": 0.27382153830539346,
  "summary_wm_mad": 39.603518434216234,
  "summary_wm_mean": 1001.4394553791423,
  "summary_wm_median": 999.9999882727861,
  "summary_wm_n": 187582.0,
  "summary_wm_p05": 937.1224491968751,
  "summary_wm_p95": 1070.565610729158,
  "summary_wm_stdv": 40.69697666082633,
  "tpm_overlap_csf": 0.13851216147723977,
  "tpm_overlap_gm": 0.4648462817318903,
  "tpm_overlap_wm": 0.5029586408510471,
  "wm2max": 0.4660623766557728
}