{
  "bids_meta": {
    "AcquisitionMatrixPE": 256,
    "AcquisitionNumber": 1,
    "AcquisitionTime": "12:39:55.462500",
    "BaseResolution": 256,
    "BodyPartExamined": "BRAIN",
    "ConsistencyInfo": "N4_VD13A_LATEST_20120616",
    "ConversionSoftware": "dcm2niix",
    "ConversionSoftwareVersion": "v1.0.20201102",
    "DeviceSerialNumber": "45250",
    "DwellTime": 8.5e-06,
    "EchoTime": 0.00207,
    "FlipAngle": 9,
    "ImageOrientationPatientDICOM": [
      -0.0682309,
      0.979986,
      -0.187009,
      -0.00490241,
      -0.187773,
      -0.9822
    ],
    "ImageType": [
      "ORIGINAL",
      "PRIMARY",
      "M",
      "ND",
      "NORM"
    ],
    "ImagingFrequency": 123.22,
    "InPlanePhaseEncodingDirectionDICOM": "ROW",
    "InstitutionAddress": "Kopernikusstr. 26,Graz,Graz,AT,8010",
    "InstitutionName": "KFU",
    "InstitutionalDepartmentName": "Department",
    "InversionTime": 0.9,
    "MRAcquisitionType": "3D",
    "MagneticFieldStrength": 3,
    "Manufacturer": "Siemens",
    "ManufacturersModelName": "Skyra",
    "Modality": "MR",
    "ParallelReductionFactorInPlane": 2,
    "PartialFourier": 1,
    "PatientPosition": "HFS",
    "PercentPhaseFOV": 100,
    "PercentSampling": 100,
    "PhaseEncodingSteps": 282,
    "PhaseOversampling": 0.1,
    "PhaseResolution": 1,
    "PixelBandwidth": 230,
    "ProcedureStepDescription": "KFU^AllgemeinePsy",
    "ProtocolName": "t1_mprage_sag_p0_iso_no_Pat",
    "PulseSequenceDetails": "%SiemensSeq%\\tfl",
    "ReceiveCoilActiveElements": "HE1-4;NE1,2",
    "ReceiveCoilName": "HeadNeck_20",
    "ReconMatrixPE": 256,
    "RefLinesPE": 24,
    "RepetitionTime": 1.56,
    "SAR": 0.0884428,
    "ScanOptions": "IR",
    "ScanningSequence": "GR\\IR",
    "SequenceName": "*tfl3d1_16ns",
    "SequenceVariant": "SK\\SP\\MP\\OSP",
    "SeriesDescription": "t1_mprage_sag_p0_iso_no_Pat",
    "SeriesNumber": 2,
    "ShimSetting": [
      -1661,
      -3542,
      -4866,
      -151,
      630,
      106,
      -188,
      -443
    ],
    "SliceThickness": 1,
    "SoftwareVersions": "syngo MR D13",
    "StationName": "FBMTMR1",
    "TxRefAmp": 390.736,
    "acq_id": "mprage",
    "dataset": "ds003470",
    "modality": "T1w",
    "run_id": 1,
    "session_id": "1",
    "subject_id": "14"
  },
  "cjv": 0.5482984869434063,
  "cnr": 2.5372266208915115,
  "efc": 0.5916748554277573,
  "fber": -1.0,
  "fwhm_avg": 3.6934966666666664,
  "fwhm_x": 3.62093,
  "fwhm_y": 3.69402,
  "fwhm_z": 3.76554,
  "icvs_csf": 0.19321259848844127,
  "icvs_gm": 0.4065349250083631,
  "icvs_wm": 0.4002524765031957,
  "inu_med": 0.5384277701377869,
  "inu_range": 0.20756106972694394,
  "provenance": {
    "md5sum": "d16073b6b46de5b056e625022f5e642a",
    "settings": {
      "testing": false
    },
    "software": "mriqc",
    "version": "22.0.6",
    "warnings": {
      "large_rot_frame": true,
      "small_air_mask": false
    },
    "webapi_port": null,
    "webapi_url": "https://mriqc.nimh.nih.gov/api/v1"
  },
  "qi_1": 0.0,
  "qi_2": 0.0025197831499968915,
  "rpve_csf": 27.11752422753307,
  "rpve_gm": 12.48969407108106,
  "rpve_wm": 14.366099218181155,
  "size_x": 176,
  "size_y": 256,
  "size_z": 256,
  "snr_csf": 3.7681086967863933,
  "snr_gm": 13.745348848323111,
  "snr_total": 11.248908254162176,
  "snr_wm": 16.233267217377026,
  "snrd_csf": 21.069557789614702,
  "snrd_gm": 46.19248453686623,
  "snrd_total": 42.0351830418541,
  "snrd_wm": 58.84350679908136,
  "spacing_x": 1.0,
  "spacing_y": 1.0,
  "spacing_z": 1.0,
  "summary_bg_k": 14.719151537522876,
  "summary_bg_mad": 0.0,
  "summary_bg_mean": 6.04986025260584,
  "summary_bg_median": 0.0,
  "summary_bg_n": 2807620.0,
  "summary_bg_p05": 0.0,
  "summary_bg_p95": 27.791870705783367,
  "summary_bg_stdv": 11.134165182262425,
  "summary_csf_k": 5.529105498663542,
  "summary_csf_mad": 76.72522810000085,
  "summary_csf_mean": 367.4534632686558,
  "summary_csf_median": 358.0810602903366,
  "summary_csf_n": 41901.0,
  "summary_csf_p05": 240.2615678459406,
  "summary_csf_p95": 534.133823402226,
  "summary_csf_stdv": 95.02825319994778,
  "summary_gm_k": -0.012301136210424612,
  "summary_gm_mad": 57.2513956955344,
  "summary_gm_mean": 785.2671836533376,
  "summary_gm_median": 785.049881234765,
  "summary_gm_n": 19460.0,
  "summary_gm_p05": 691.0169604826718,
  "summary_gm_p95": 880.1538882818072,
  "summary_gm_stdv": 57.1123889817565,
  "summary_wm_k": 0.29483012667965225,
  "summary_wm_mad": 60.63633222935797,
  "summary_wm_mean": 1005.9325601485931,
  "summary_wm_median": 1000.0563617050648,
  "summary_wm_n": 177430.0,
  "summary_wm_p05": 915.1586795896292,
  "summary_wm_p95": 1115.959173411131,
  "summary_wm_stdv": 61.605191988647455,
  "tpm_overlap_csf": 0.15575221460442049,
  "tpm_overlap_gm": 0.434505573102726,
  "tpm_overlap_wm": 0.4783166340861427,
  "wm2max": 0.3524421794416146
}